{
  "aor": 0.000950654761904762,
  "aqi": 0.04306811666666667,
  "bids_meta": {
    "AcquisitionMatrixPE": 162,
    "AcquisitionNumber": 1,
    "AcquisitionTime": "13:21:37.492500",
    "BandwidthPerPixelPhaseEncode": 18.519,
    "BaseResolution": 200,
    "CoilString": "C:H01-32",
    "ConversionSoftware": "dcm2niix",
    "ConversionSoftwareVersion": "v1.0.20181125  GCC4.3.2",
    "DerivedVendorReportedEchoSpacing": 0.000999974,
    "DeviceSerialNumber": "18912",
    "DwellTime": 2.2e-06,
    "EchoTime": 0.0226,
    "EffectiveEchoSpacing": 0.000333325,
    "FlipAngle": 70,
    "ImageComments": "Unaliased_MB2_PE2",
    "ImageOrientationPatientDICOM": [
      0.986572,
      0.163326,
      -7.35754e-09,
      0.0879953,
      -0.531536,
      -0.842452
    ],
    "ImageType": [
      "ORIGINAL",
      "PRIMARY",
      "M",
      "MB",
      "ND",
      "MOSAIC"
    ],
    "ImagingFrequency": 296.814,
    "InPlanePhaseEncodingDirectionDICOM": "COL",
    "InstitutionAddress": "6th_Street_SE_2021_Minneapolis_0735BC_Chicago_US_55455",
    "InstitutionName": "CMRR_7T_PS",
    "InstitutionalDepartmentName": "CMRR",
    "MRAcquisitionType": "2D",
    "MagneticFieldStrength": 6.98,
    "Manufacturer": "Siemens",
    "ManufacturersModelName": "Investigational_Device_7T",
    "Modality": "MR",
    "MultibandAccelerationFactor": 2,
    "ParallelReductionFactorInPlane": 3,
    "PartialFourier": 0.75,
    "PatientPosition": "HFS",
    "PercentPhaseFOV": 81,
    "PhaseEncodingDirection": "j",
    "PhaseEncodingSteps": 123,
    "PhaseResolution": 1,
    "PixelBandwidth": 1136,
    "ProcedureStepDescription": "Ruyuan_fmri",
    "ProtocolName": "eja_ep2d_bold_p8iso_MB2_2sTR_R3_USED",
    "PulseSequenceDetails": "%CustomerSeq%_eja_ep2d_bold",
    "ReceiveCoilName": "VM_8T_32R_Head",
    "ReconMatrixPE": 162,
    "RepetitionTime": 2.2,
    "SAR": 0.00868838,
    "ScanOptions": "PFP",
    "ScanningSequence": "EP",
    "SequenceName": "epfid2d1_162",
    "SequenceVariant": "SK_SS_OSP",
    "SeriesDescription": "eja_ep2d_bold_p8iso_MB2_2sTR_R3_USED",
    "SeriesNumber": 28,
    "ShimSetting": [
      -367,
      -214,
      890,
      5654,
      135,
      956,
      1039,
      -100
    ],
    "SliceThickness": 0.8,
    "SliceTiming": [
      0,
      1.63,
      1.0525,
      0.4725,
      2.1025,
      1.525,
      0.9475,
      0.3675,
      1.9975,
      1.42,
      0.8425,
      0.2625,
      1.8925,
      1.315,
      0.735,
      0.1575,
      1.7875,
      1.21,
      0.63,
      0.0525,
      1.6825,
      1.105,
      0.525,
      2.155,
      1.5775,
      1,
      0.42,
      2.05,
      1.4725,
      0.895,
      0.315,
      1.945,
      1.3675,
      0.7875,
      0.21,
      1.84,
      1.2625,
      0.6825,
      0.105,
      1.735,
      1.1575,
      0.5775,
      0,
      1.63,
      1.0525,
      0.4725,
      2.1025,
      1.525,
      0.9475,
      0.3675,
      1.9975,
      1.42,
      0.8425,
      0.2625,
      1.8925,
      1.315,
      0.735,
      0.1575,
      1.7875,
      1.21,
      0.63,
      0.0525,
      1.6825,
      1.105,
      0.525,
      2.155,
      1.5775,
      1,
      0.42,
      2.05,
      1.4725,
      0.895,
      0.315,
      1.945,
      1.3675,
      0.7875,
      0.21,
      1.84,
      1.2625,
      0.6825,
      0.105,
      1.735,
      1.1575,
      0.5775
    ],
    "SoftwareVersions": "syngo_MR_B17",
    "SpacingBetweenSlices": 0.8,
    "StationName": "SEPTET",
    "TotalReadoutTime": 0.0536653,
    "TxRefAmp": 80,
    "dataset": "ds002702",
    "modality": "bold",
    "run_id": 7,
    "session_id": "ring7T",
    "subject_id": "02",
    "task_id": "ring"
  },
  "dummy_trs": 0,
  "dvars_nstd": 146.9345740589221,
  "dvars_std": 1.0144557613772456,
  "dvars_vstd": 1.0069644691616766,
  "efc": 0.7158577688375178,
  "fber": 26.524734497070312,
  "fd_mean": 0.12822236119461808,
  "fd_num": 26,
  "fd_perc": 15.476190476190476,
  "fwhm_avg": 2.9274374563777825,
  "fwhm_x": 2.858137457410433,
  "fwhm_y": 3.044862454628014,
  "fwhm_z": 2.879312457094901,
  "gcor": 0.00646178,
  "gsr_x": 0.024137984961271286,
  "gsr_y": -0.012203516438603401,
  "provenance": {
    "md5sum": "02735642ea1bdca047112a6e2e47016d",
    "settings": {
      "fd_thres": 0.2,
      "testing": false
    },
    "software": "mriqc",
    "version": "23.0.1",
    "webapi_port": null,
    "webapi_url": "https://mriqc.nimh.nih.gov/api/v1"
  },
  "size_t": 168,
  "size_x": 200,
  "size_y": 162,
  "size_z": 84,
  "snr": 2.3008341070337663,
  "spacing_tr": 2.200000047683716,
  "spacing_x": 0.800000011920929,
  "spacing_y": 0.800000011920929,
  "spacing_z": 0.800000011920929,
  "summary_bg_k": 62.02941627708033,
  "summary_bg_mad": 27.939979958272968,
  "summary_bg_mean": 201.3015899658203,
  "summary_bg_median": 171.375,
  "summary_bg_n": 1691166.0,
  "summary_bg_p05": 142.39881896972656,
  "summary_bg_p95": 360.81995391845703,
  "summary_bg_stdv": 102.4122314453125,
  "summary_fg_k": 0.8396112495062482,
  "summary_fg_mad": 398.5817343487268,
  "summary_fg_mean": 960.0397338867188,
  "summary_fg_median": 904.6607055664062,
  "summary_fg_n": 776799.0,
  "summary_fg_p05": 417.5357360839844,
  "summary_fg_p95": 1658.513146972656,
  "summary_fg_stdv": 393.1878967285156,
  "tsnr": 9.061770760687068
}