{
  "aor": 0.0008067832167832166,
  "aqi": 0.045334159440559435,
  "bids_meta": {
    "AcquisitionMatrixPE": 162,
    "AcquisitionNumber": 1,
    "AcquisitionTime": "14:42:54.035000",
    "BandwidthPerPixelPhaseEncode": 18.519,
    "BaseResolution": 200,
    "CoilString": "C:H01-32",
    "ConversionSoftware": "dcm2niix",
    "ConversionSoftwareVersion": "v1.0.20181125  GCC4.3.2",
    "DerivedVendorReportedEchoSpacing": 0.000999974,
    "DeviceSerialNumber": "18927",
    "DwellTime": 2.2e-06,
    "EchoTime": 0.0224,
    "EffectiveEchoSpacing": 0.000333325,
    "FlipAngle": 70,
    "ImageComments": "Unaliased_MB2_PE2",
    "ImageOrientationPatientDICOM": [
      1,
      0,
      -1e-16,
      0,
      -0.66523,
      -0.746638
    ],
    "ImageType": [
      "ORIGINAL",
      "PRIMARY",
      "M",
      "MB",
      "ND",
      "MOSAIC"
    ],
    "ImagingFrequency": 297.217,
    "InPlanePhaseEncodingDirectionDICOM": "COL",
    "InstitutionAddress": "Sixth_Street_SE_2021_Minneapolis_EEF940_Chicago_US_55455",
    "InstitutionName": "CMRR_7T_AS",
    "InstitutionalDepartmentName": "Department",
    "MRAcquisitionType": "2D",
    "MagneticFieldStrength": 6.98,
    "Manufacturer": "Siemens",
    "ManufacturersModelName": "Investigational_Device_7T",
    "Modality": "MR",
    "MultibandAccelerationFactor": 2,
    "ParallelReductionFactorInPlane": 3,
    "PartialFourier": 0.75,
    "PatientPosition": "HFS",
    "PercentPhaseFOV": 81,
    "PhaseEncodingDirection": "j",
    "PhaseEncodingSteps": 123,
    "PhaseResolution": 1,
    "PixelBandwidth": 1136,
    "ProcedureStepDescription": "VisionPool_cvnlab_fmri",
    "ProtocolName": "eja_ep2d_bold_p8iso_MB2_2sTR_R3_USED",
    "PulseSequenceDetails": "%CustomerSeq%_eja_ep2d_bold",
    "ReceiveCoilName": "VM_8T_32R_Head",
    "ReconMatrixPE": 162,
    "RepetitionTime": 2.2,
    "SAR": 0.0120051,
    "ScanOptions": "PFP",
    "ScanningSequence": "EP",
    "SequenceName": "epfid2d1_162",
    "SequenceVariant": "SK_SS_OSP",
    "SeriesDescription": "eja_ep2d_bold_p8iso_MB2_2sTR_R3_USED",
    "SeriesNumber": 36,
    "ShimSetting": [
      318,
      213,
      1562,
      2621,
      -267,
      1158,
      -693,
      -5
    ],
    "SliceThickness": 0.8,
    "SliceTiming": [
      0,
      1.63,
      1.0525,
      0.4725,
      2.1025,
      1.525,
      0.9475,
      0.3675,
      1.9975,
      1.42,
      0.8425,
      0.2625,
      1.8925,
      1.315,
      0.7375,
      0.1575,
      1.7875,
      1.21,
      0.6325,
      0.0525,
      1.6825,
      1.105,
      0.525,
      2.155,
      1.5775,
      1,
      0.42,
      2.05,
      1.4725,
      0.895,
      0.315,
      1.945,
      1.3675,
      0.79,
      0.21,
      1.84,
      1.2625,
      0.685,
      0.105,
      1.735,
      1.1575,
      0.58,
      0,
      1.63,
      1.0525,
      0.4725,
      2.1025,
      1.525,
      0.9475,
      0.3675,
      1.9975,
      1.42,
      0.8425,
      0.2625,
      1.8925,
      1.315,
      0.7375,
      0.1575,
      1.7875,
      1.21,
      0.6325,
      0.0525,
      1.6825,
      1.105,
      0.525,
      2.155,
      1.5775,
      1,
      0.42,
      2.05,
      1.4725,
      0.895,
      0.315,
      1.945,
      1.3675,
      0.79,
      0.21,
      1.84,
      1.2625,
      0.685,
      0.105,
      1.735,
      1.1575,
      0.58
    ],
    "SoftwareVersions": "syngo_MR_B17",
    "SpacingBetweenSlices": 0.8,
    "StationName": "7TAS",
    "TotalReadoutTime": 0.0536653,
    "TxRefAmp": 85,
    "dataset": "ds002702",
    "modality": "bold",
    "run_id": 11,
    "session_id": "floc7T",
    "subject_id": "06",
    "task_id": "floc"
  },
  "dummy_trs": 0,
  "dvars_nstd": 163.8317015742254,
  "dvars_std": 1.0383864540140846,
  "dvars_vstd": 1.0121310289436618,
  "efc": 0.717401343606274,
  "fber": 23.10337257385254,
  "fd_mean": 0.14574095880256865,
  "fd_num": 23,
  "fd_perc": 16.083916083916083,
  "fwhm_avg": 3.120566620166601,
  "fwhm_x": 2.968349955768139,
  "fwhm_y": 3.3342374503159906,
  "fwhm_z": 3.0591124544156725,
  "gcor": 0.00185566,
  "gsr_x": 0.013057840056717396,
  "gsr_y": 0.004193820059299469,
  "provenance": {
    "md5sum": "12fc76bbc538746c0cbe832d25f2e4b9",
    "settings": {
      "fd_thres": 0.2,
      "testing": false
    },
    "software": "mriqc",
    "version": "23.0.1",
    "webapi_port": null,
    "webapi_url": "https://mriqc.nimh.nih.gov/api/v1"
  },
  "size_t": 143,
  "size_x": 200,
  "size_y": 162,
  "size_z": 84,
  "snr": 2.099489661746108,
  "spacing_tr": 2.200000047683716,
  "spacing_x": 0.800000011920929,
  "spacing_y": 0.800000011920929,
  "spacing_z": 0.800000011920929,
  "summary_bg_k": 67.9800557529766,
  "summary_bg_mad": 18.548069536192358,
  "summary_bg_mean": 169.5351104736328,
  "summary_bg_median": 151.71328735351562,
  "summary_bg_n": 1626864.0,
  "summary_bg_p05": 131.3007049560547,
  "summary_bg_p95": 264.52447509765625,
  "summary_bg_stdv": 62.7906608581543,
  "summary_fg_k": 0.5589672744167422,
  "summary_fg_mad": 354.4766711104948,
  "summary_fg_mean": 808.1647338867188,
  "summary_fg_median": 752.293701171875,
  "summary_fg_n": 836566.0,
  "summary_fg_p05": 319.6171340942383,
  "summary_fg_p95": 1470.3758239746094,
  "summary_fg_stdv": 358.32196044921875,
  "tsnr": 8.422553508076817
}