{
  "aor": 0.0006569230769230769,
  "aqi": 0.0391580965034965,
  "bids_meta": {
    "AcquisitionMatrixPE": 162,
    "AcquisitionNumber": 1,
    "AcquisitionTime": "11:42:44.937500",
    "BandwidthPerPixelPhaseEncode": 18.519,
    "BaseResolution": 200,
    "CoilString": "C:H01-32",
    "ConversionSoftware": "dcm2niix",
    "ConversionSoftwareVersion": "v1.0.20181125  GCC4.3.2",
    "DerivedVendorReportedEchoSpacing": 0.000999974,
    "DeviceSerialNumber": "18927",
    "DwellTime": 2.2e-06,
    "EchoTime": 0.0224,
    "EffectiveEchoSpacing": 0.000333325,
    "FlipAngle": 70,
    "ImageComments": "Unaliased_MB2_PE2",
    "ImageOrientationPatientDICOM": [
      1,
      0,
      -1e-16,
      0,
      -0.66523,
      -0.746638
    ],
    "ImageType": [
      "ORIGINAL",
      "PRIMARY",
      "M",
      "MB",
      "ND",
      "MOSAIC"
    ],
    "ImagingFrequency": 297.217,
    "InPlanePhaseEncodingDirectionDICOM": "COL",
    "InstitutionAddress": "Sixth_Street_SE_2021_Minneapolis_EEF940_Chicago_US_55455",
    "InstitutionName": "CMRR_7T_AS",
    "InstitutionalDepartmentName": "Department",
    "MRAcquisitionType": "2D",
    "MagneticFieldStrength": 6.98,
    "Manufacturer": "Siemens",
    "ManufacturersModelName": "Investigational_Device_7T",
    "Modality": "MR",
    "MultibandAccelerationFactor": 2,
    "ParallelReductionFactorInPlane": 3,
    "PartialFourier": 0.75,
    "PatientPosition": "HFS",
    "PercentPhaseFOV": 81,
    "PhaseEncodingDirection": "j",
    "PhaseEncodingSteps": 123,
    "PhaseResolution": 1,
    "PixelBandwidth": 1136,
    "ProcedureStepDescription": "VisionPool_cvnlab_fmri",
    "ProtocolName": "eja_ep2d_bold_p8iso_MB2_2sTR_R3_USED",
    "PulseSequenceDetails": "%CustomerSeq%_eja_ep2d_bold",
    "ReceiveCoilName": "VM_8T_32R_Head",
    "ReconMatrixPE": 162,
    "RepetitionTime": 2.2,
    "SAR": 0.00911746,
    "ScanOptions": "PFP",
    "ScanningSequence": "EP",
    "SequenceName": "epfid2d1_162",
    "SequenceVariant": "SK_SS_OSP",
    "SeriesDescription": "eja_ep2d_bold_p8iso_MB2_2sTR_R3_USED",
    "SeriesNumber": 14,
    "ShimSetting": [
      -154,
      270,
      784,
      280,
      -400,
      -1016,
      313,
      -66
    ],
    "SliceThickness": 0.8,
    "SliceTiming": [
      0,
      1.63,
      1.05,
      0.4725,
      2.1025,
      1.525,
      0.945,
      0.3675,
      1.9975,
      1.42,
      0.84,
      0.2625,
      1.8925,
      1.315,
      0.735,
      0.1575,
      1.7875,
      1.21,
      0.63,
      0.0525,
      1.6825,
      1.105,
      0.525,
      2.155,
      1.5775,
      0.9975,
      0.42,
      2.05,
      1.4725,
      0.8925,
      0.315,
      1.945,
      1.3675,
      0.7875,
      0.21,
      1.84,
      1.2625,
      0.6825,
      0.105,
      1.735,
      1.1575,
      0.5775,
      0,
      1.63,
      1.05,
      0.4725,
      2.1025,
      1.525,
      0.945,
      0.3675,
      1.9975,
      1.42,
      0.84,
      0.2625,
      1.8925,
      1.315,
      0.735,
      0.1575,
      1.7875,
      1.21,
      0.63,
      0.0525,
      1.6825,
      1.105,
      0.525,
      2.155,
      1.5775,
      0.9975,
      0.42,
      2.05,
      1.4725,
      0.8925,
      0.315,
      1.945,
      1.3675,
      0.7875,
      0.21,
      1.84,
      1.2625,
      0.6825,
      0.105,
      1.735,
      1.1575,
      0.5775
    ],
    "SoftwareVersions": "syngo_MR_B17",
    "SpacingBetweenSlices": 0.8,
    "StationName": "7TAS",
    "TotalReadoutTime": 0.0536653,
    "TxRefAmp": 85,
    "dataset": "ds002702",
    "modality": "bold",
    "run_id": 3,
    "session_id": "floc7T",
    "subject_id": "07",
    "task_id": "floc"
  },
  "dummy_trs": 0,
  "dvars_nstd": 131.93269133190134,
  "dvars_std": 1.018451415140845,
  "dvars_vstd": 1.0065225034507048,
  "efc": 0.6659542314797628,
  "fber": 49.646507263183594,
  "fd_mean": 0.07932228726225604,
  "fd_num": 2,
  "fd_perc": 1.3986013986013985,
  "fwhm_avg": 2.9837208617735698,
  "fwhm_x": 2.857587457418629,
  "fwhm_y": 3.1581874529393397,
  "fwhm_z": 2.93538767496274,
  "gcor": 0.00139439,
  "gsr_x": 0.028389519080519676,
  "gsr_y": 0.005973474122583866,
  "provenance": {
    "md5sum": "c3cd1831ba9f788a05995adf095e95ac",
    "settings": {
      "fd_thres": 0.2,
      "testing": false
    },
    "software": "mriqc",
    "version": "23.0.1",
    "webapi_port": null,
    "webapi_url": "https://mriqc.nimh.nih.gov/api/v1"
  },
  "size_t": 143,
  "size_x": 200,
  "size_y": 162,
  "size_z": 84,
  "snr": 2.26798865129657,
  "spacing_tr": 2.200000047683716,
  "spacing_x": 0.800000011920929,
  "spacing_y": 0.800000011920929,
  "spacing_z": 0.7999999523162842,
  "summary_bg_k": 30.788627909805065,
  "summary_bg_mad": 26.935667170059805,
  "summary_bg_mean": 154.7813720703125,
  "summary_bg_median": 120.39859771728516,
  "summary_bg_n": 1774468.0,
  "summary_bg_p05": 95.50349426269531,
  "summary_bg_p95": 328.80419921875,
  "summary_bg_stdv": 96.45374298095703,
  "summary_fg_k": 2.03499134253261,
  "summary_fg_mad": 375.585654552587,
  "summary_fg_mean": 917.4896240234375,
  "summary_fg_median": 875.0839233398438,
  "summary_fg_n": 695031.0,
  "summary_fg_p05": 381.50347900390625,
  "summary_fg_p95": 1591.8531494140625,
  "summary_fg_stdv": 385.84112548828125,
  "tsnr": 9.96264383289963
}