{
  "aor": 0.0006467832167832167,
  "aqi": 0.04010066363636364,
  "bids_meta": {
    "AcquisitionMatrixPE": 162,
    "AcquisitionNumber": 1,
    "AcquisitionTime": "12:32:23.015000",
    "BandwidthPerPixelPhaseEncode": 18.519,
    "BaseResolution": 200,
    "CoilString": "C:H01-32",
    "ConversionSoftware": "dcm2niix",
    "ConversionSoftwareVersion": "v1.0.20181125  GCC4.3.2",
    "DerivedVendorReportedEchoSpacing": 0.000999974,
    "DeviceSerialNumber": "18927",
    "DwellTime": 2.2e-06,
    "EchoTime": 0.0224,
    "EffectiveEchoSpacing": 0.000333325,
    "FlipAngle": 70,
    "ImageComments": "Unaliased_MB2_PE2",
    "ImageOrientationPatientDICOM": [
      1,
      0,
      -1e-16,
      0,
      -0.66523,
      -0.746638
    ],
    "ImageType": [
      "ORIGINAL",
      "PRIMARY",
      "M",
      "MB",
      "ND",
      "MOSAIC"
    ],
    "ImagingFrequency": 297.217,
    "InPlanePhaseEncodingDirectionDICOM": "COL",
    "InstitutionAddress": "Sixth_Street_SE_2021_Minneapolis_EEF940_Chicago_US_55455",
    "InstitutionName": "CMRR_7T_AS",
    "InstitutionalDepartmentName": "Department",
    "MRAcquisitionType": "2D",
    "MagneticFieldStrength": 6.98,
    "Manufacturer": "Siemens",
    "ManufacturersModelName": "Investigational_Device_7T",
    "Modality": "MR",
    "MultibandAccelerationFactor": 2,
    "ParallelReductionFactorInPlane": 3,
    "PartialFourier": 0.75,
    "PatientPosition": "HFS",
    "PercentPhaseFOV": 81,
    "PhaseEncodingDirection": "j",
    "PhaseEncodingSteps": 123,
    "PhaseResolution": 1,
    "PixelBandwidth": 1136,
    "ProcedureStepDescription": "VisionPool_cvnlab_fmri",
    "ProtocolName": "eja_ep2d_bold_p8iso_MB2_2sTR_R3_USED",
    "PulseSequenceDetails": "%CustomerSeq%_eja_ep2d_bold",
    "ReceiveCoilName": "VM_8T_32R_Head",
    "ReconMatrixPE": 162,
    "RepetitionTime": 2.2,
    "SAR": 0.00933235,
    "ScanOptions": "PFP",
    "ScanningSequence": "EP",
    "SequenceName": "epfid2d1_162",
    "SequenceVariant": "SK_SS_OSP",
    "SeriesDescription": "eja_ep2d_bold_p8iso_MB2_2sTR_R3_USED",
    "SeriesNumber": 34,
    "ShimSetting": [
      -154,
      270,
      784,
      280,
      -400,
      -1016,
      313,
      -66
    ],
    "SliceThickness": 0.8,
    "SliceTiming": [
      0,
      1.63,
      1.0525,
      0.4725,
      2.1025,
      1.525,
      0.9475,
      0.3675,
      1.9975,
      1.42,
      0.84,
      0.2625,
      1.8925,
      1.315,
      0.735,
      0.1575,
      1.7875,
      1.21,
      0.63,
      0.0525,
      1.6825,
      1.105,
      0.525,
      2.155,
      1.5775,
      1,
      0.42,
      2.05,
      1.4725,
      0.895,
      0.315,
      1.945,
      1.3675,
      0.7875,
      0.21,
      1.84,
      1.2625,
      0.6825,
      0.105,
      1.735,
      1.1575,
      0.5775,
      0,
      1.63,
      1.0525,
      0.4725,
      2.1025,
      1.525,
      0.9475,
      0.3675,
      1.9975,
      1.42,
      0.84,
      0.2625,
      1.8925,
      1.315,
      0.735,
      0.1575,
      1.7875,
      1.21,
      0.63,
      0.0525,
      1.6825,
      1.105,
      0.525,
      2.155,
      1.5775,
      1,
      0.42,
      2.05,
      1.4725,
      0.895,
      0.315,
      1.945,
      1.3675,
      0.7875,
      0.21,
      1.84,
      1.2625,
      0.6825,
      0.105,
      1.735,
      1.1575,
      0.5775
    ],
    "SoftwareVersions": "syngo_MR_B17",
    "SpacingBetweenSlices": 0.8,
    "StationName": "7TAS",
    "TotalReadoutTime": 0.0536653,
    "TxRefAmp": 85,
    "dataset": "ds002702",
    "modality": "bold",
    "run_id": 10,
    "session_id": "floc7T",
    "subject_id": "07",
    "task_id": "floc"
  },
  "dummy_trs": 0,
  "dvars_nstd": 131.15884399415492,
  "dvars_std": 1.0196911244366194,
  "dvars_vstd": 1.0082364494366196,
  "efc": 0.6719005660235078,
  "fber": 47.237457275390625,
  "fd_mean": 0.06233588753914792,
  "fd_num": 0,
  "fd_perc": 0.0,
  "fwhm_avg": 2.955925028535603,
  "fwhm_x": 2.838474957703427,
  "fwhm_y": 3.106749953705818,
  "fwhm_z": 2.922550174197565,
  "gcor": 0.00123852,
  "gsr_x": 0.03026186116039753,
  "gsr_y": -0.003362242830917239,
  "provenance": {
    "md5sum": "590187b598698f21ab6700f850cd0c88",
    "settings": {
      "fd_thres": 0.2,
      "testing": false
    },
    "software": "mriqc",
    "version": "23.0.1",
    "webapi_port": null,
    "webapi_url": "https://mriqc.nimh.nih.gov/api/v1"
  },
  "size_t": 143,
  "size_x": 200,
  "size_y": 162,
  "size_z": 84,
  "snr": 2.2943266159319986,
  "spacing_tr": 2.200000047683716,
  "spacing_x": 0.800000011920929,
  "spacing_y": 0.800000011920929,
  "spacing_z": 0.7999999523162842,
  "summary_bg_k": 31.8496872249399,
  "summary_bg_mad": 28.138335919147252,
  "summary_bg_mean": 162.2870635986328,
  "summary_bg_median": 123.16083526611328,
  "summary_bg_n": 1789927.0,
  "summary_bg_p05": 96.93706512451172,
  "summary_bg_p95": 356.902099609375,
  "summary_bg_stdv": 112.74681091308594,
  "summary_fg_k": 2.105595090434454,
  "summary_fg_mad": 365.15038453703903,
  "summary_fg_mean": 907.3897094726562,
  "summary_fg_median": 866.8846435546875,
  "summary_fg_n": 694102.0,
  "summary_fg_p05": 375.46189727783207,
  "summary_fg_p95": 1563.3699035644524,
  "summary_fg_stdv": 377.8381042480469,
  "tsnr": 9.932711255270988
}