{
  "aor": 0.0005597902097902097,
  "aqi": 0.038759296503496514,
  "bids_meta": {
    "AcquisitionMatrixPE": 162,
    "AcquisitionNumber": 1,
    "AcquisitionTime": "11:36:20.862500",
    "BandwidthPerPixelPhaseEncode": 18.519,
    "BaseResolution": 200,
    "CoilString": "C:H01-32",
    "ConversionSoftware": "dcm2niix",
    "ConversionSoftwareVersion": "v1.0.20181125  GCC4.3.2",
    "DerivedVendorReportedEchoSpacing": 0.000999974,
    "DeviceSerialNumber": "18927",
    "DwellTime": 2.2e-06,
    "EchoTime": 0.0224,
    "EffectiveEchoSpacing": 0.000333325,
    "FlipAngle": 70,
    "ImageComments": "Unaliased_MB2_PE2",
    "ImageOrientationPatientDICOM": [
      1,
      0,
      -1e-16,
      0,
      -0.66523,
      -0.746638
    ],
    "ImageType": [
      "ORIGINAL",
      "PRIMARY",
      "M",
      "MB",
      "ND",
      "MOSAIC"
    ],
    "ImagingFrequency": 297.217,
    "InPlanePhaseEncodingDirectionDICOM": "COL",
    "InstitutionAddress": "Sixth_Street_SE_2021_Minneapolis_EEF940_Chicago_US_55455",
    "InstitutionName": "CMRR_7T_AS",
    "InstitutionalDepartmentName": "Department",
    "MRAcquisitionType": "2D",
    "MagneticFieldStrength": 6.98,
    "Manufacturer": "Siemens",
    "ManufacturersModelName": "Investigational_Device_7T",
    "Modality": "MR",
    "MultibandAccelerationFactor": 2,
    "ParallelReductionFactorInPlane": 3,
    "PartialFourier": 0.75,
    "PatientPosition": "HFS",
    "PercentPhaseFOV": 81,
    "PhaseEncodingDirection": "j",
    "PhaseEncodingSteps": 123,
    "PhaseResolution": 1,
    "PixelBandwidth": 1136,
    "ProcedureStepDescription": "VisionPool_cvnlab_fmri",
    "ProtocolName": "eja_ep2d_bold_p8iso_MB2_2sTR_R3_USED",
    "PulseSequenceDetails": "%CustomerSeq%_eja_ep2d_bold",
    "ReceiveCoilName": "VM_8T_32R_Head",
    "ReconMatrixPE": 162,
    "RepetitionTime": 2.2,
    "SAR": 0.00941481,
    "ScanOptions": "PFP",
    "ScanningSequence": "EP",
    "SequenceName": "epfid2d1_162",
    "SequenceVariant": "SK_SS_OSP",
    "SeriesDescription": "eja_ep2d_bold_p8iso_MB2_2sTR_R3_USED",
    "SeriesNumber": 12,
    "ShimSetting": [
      -154,
      270,
      784,
      280,
      -400,
      -1016,
      313,
      -66
    ],
    "SliceThickness": 0.8,
    "SliceTiming": [
      0,
      1.63,
      1.0525,
      0.475,
      2.105,
      1.525,
      0.9475,
      0.3675,
      1.9975,
      1.42,
      0.8425,
      0.2625,
      1.8925,
      1.315,
      0.7375,
      0.1575,
      1.7875,
      1.21,
      0.6325,
      0.0525,
      1.6825,
      1.105,
      0.5275,
      2.1575,
      1.5775,
      1,
      0.42,
      2.05,
      1.4725,
      0.895,
      0.315,
      1.945,
      1.3675,
      0.79,
      0.21,
      1.84,
      1.2625,
      0.685,
      0.105,
      1.735,
      1.1575,
      0.58,
      0,
      1.63,
      1.0525,
      0.475,
      2.105,
      1.525,
      0.9475,
      0.3675,
      1.9975,
      1.42,
      0.8425,
      0.2625,
      1.8925,
      1.315,
      0.7375,
      0.1575,
      1.7875,
      1.21,
      0.6325,
      0.0525,
      1.6825,
      1.105,
      0.5275,
      2.1575,
      1.5775,
      1,
      0.42,
      2.05,
      1.4725,
      0.895,
      0.315,
      1.945,
      1.3675,
      0.79,
      0.21,
      1.84,
      1.2625,
      0.685,
      0.105,
      1.735,
      1.1575,
      0.58
    ],
    "SoftwareVersions": "syngo_MR_B17",
    "SpacingBetweenSlices": 0.8,
    "StationName": "7TAS",
    "TotalReadoutTime": 0.0536653,
    "TxRefAmp": 85,
    "dataset": "ds002702",
    "modality": "bold",
    "run_id": 2,
    "session_id": "floc7T",
    "subject_id": "07",
    "task_id": "floc"
  },
  "dummy_trs": 0,
  "dvars_nstd": 132.03485128880274,
  "dvars_std": 1.0179117864788736,
  "dvars_vstd": 1.0056080695070426,
  "efc": 0.6641328324294576,
  "fber": 49.041343688964844,
  "fd_mean": 0.08345230823812202,
  "fd_num": 6,
  "fd_perc": 4.195804195804196,
  "fwhm_avg": 3.0049166951396855,
  "fwhm_x": 2.8751624571567405,
  "fwhm_y": 3.190162452462875,
  "fwhm_z": 2.94942517579944,
  "gcor": 0.00120679,
  "gsr_x": 0.02917419746518135,
  "gsr_y": 0.00885793473571539,
  "provenance": {
    "md5sum": "ea9839da69af427300306bb2b39a0abd",
    "settings": {
      "fd_thres": 0.2,
      "testing": false
    },
    "software": "mriqc",
    "version": "23.0.1",
    "webapi_port": null,
    "webapi_url": "https://mriqc.nimh.nih.gov/api/v1"
  },
  "size_t": 143,
  "size_x": 200,
  "size_y": 162,
  "size_z": 84,
  "snr": 2.2285325050356524,
  "spacing_tr": 2.200000047683716,
  "spacing_x": 0.800000011920929,
  "spacing_y": 0.800000011920929,
  "spacing_z": 0.7999999523162842,
  "summary_bg_k": 30.88884239444598,
  "summary_bg_mad": 27.15338817455959,
  "summary_bg_mean": 154.04141235351562,
  "summary_bg_median": 120.38461303710938,
  "summary_bg_n": 1778990.0,
  "summary_bg_p05": 95.31468200683594,
  "summary_bg_p95": 324.18182373046875,
  "summary_bg_stdv": 94.71427154541016,
  "summary_fg_k": 1.932410735186429,
  "summary_fg_mad": 382.0655239167685,
  "summary_fg_mean": 913.7786254882812,
  "summary_fg_median": 869.7971801757812,
  "summary_fg_n": 689640.0,
  "summary_fg_p05": 373.62237548828125,
  "summary_fg_p95": 1597.3426513671875,
  "summary_fg_stdv": 390.3001403808594,
  "tsnr": 9.823276195675135
}