{
  "aor": 0.0009425000000000001,
  "aqi": 0.0316905619047619,
  "bids_meta": {
    "AcquisitionMatrixPE": 106,
    "AcquisitionNumber": 1,
    "AcquisitionTime": "17:27:44.725000",
    "BandwidthPerPixelPhaseEncode": 18.868,
    "BaseResolution": 122,
    "CoilString": "C:H01-32",
    "ConversionSoftware": "dcm2niix",
    "ConversionSoftwareVersion": "v1.0.20181125  GCC4.3.2",
    "DerivedVendorReportedEchoSpacing": 0.000999996,
    "DeviceSerialNumber": "18912",
    "DwellTime": 3.6e-06,
    "EchoTime": 0.039,
    "EffectiveEchoSpacing": 0.000499998,
    "FlipAngle": 90,
    "ImageComments": "Unaliased_MB2_PE4",
    "ImageOrientationPatientDICOM": [
      1,
      0,
      1e-16,
      0,
      -0.593419,
      -0.804894
    ],
    "ImageType": [
      "ORIGINAL",
      "PRIMARY",
      "M",
      "MB",
      "ND",
      "MOSAIC"
    ],
    "ImagingFrequency": 297.278,
    "InPlanePhaseEncodingDirectionDICOM": "COL",
    "InstitutionAddress": "6th_Street_SE_2021_Minneapolis_0735BC_Chicago_US_55455",
    "InstitutionName": "CMRR_7T_PS",
    "InstitutionalDepartmentName": "CMRR",
    "MRAcquisitionType": "2D",
    "MagneticFieldStrength": 6.98,
    "Manufacturer": "Siemens",
    "ManufacturersModelName": "Investigational_Device_7T",
    "Modality": "MR",
    "MultibandAccelerationFactor": 2,
    "ParallelReductionFactorInPlane": 2,
    "PartialFourier": 0.75,
    "PatientPosition": "HFS",
    "PercentPhaseFOV": 86.8852,
    "PhaseEncodingDirection": "j-",
    "PhaseEncodingSteps": 80,
    "PhaseResolution": 1,
    "PixelBandwidth": 1138,
    "ProcedureStepDescription": "Ruyuan_fmri",
    "ProtocolName": "eja_ep2d_se_1p05iso_1p5sTR_R2_MB2",
    "PulseSequenceDetails": "%CustomerSeq%_eja_ep2d_se",
    "ReceiveCoilName": "VM_8T_32R_Head",
    "ReconMatrixPE": 106,
    "RepetitionTime": 2.2,
    "SAR": 0.0173593,
    "ScanOptions": "PFP",
    "ScanningSequence": "EP",
    "SequenceName": "epse2d1_106",
    "SequenceVariant": "SK_SS",
    "SeriesDescription": "eja_ep2d_se_1p05iso_1p5sTR_R2_MB2",
    "SeriesNumber": 14,
    "ShimSetting": [
      -1325,
      -430,
      974,
      1178,
      58,
      1234,
      474,
      -62
    ],
    "SliceThickness": 1.05,
    "SliceTiming": [
      0,
      1.035,
      2.0725,
      0.8975,
      1.9325,
      0.76,
      1.795,
      0.6225,
      1.6575,
      0.485,
      1.52,
      0.345,
      1.38,
      0.2075,
      1.2425,
      0.07,
      1.105,
      2.14,
      0.9675,
      2.0025,
      0.83,
      1.865,
      0.69,
      1.725,
      0.5525,
      1.5875,
      0.415,
      1.45,
      0.2775,
      1.3125,
      0.14,
      1.175,
      0,
      1.035,
      2.0725,
      0.8975,
      1.9325,
      0.76,
      1.795,
      0.6225,
      1.6575,
      0.485,
      1.52,
      0.345,
      1.38,
      0.2075,
      1.2425,
      0.07,
      1.105,
      2.14,
      0.9675,
      2.0025,
      0.83,
      1.865,
      0.69,
      1.725,
      0.5525,
      1.5875,
      0.415,
      1.45,
      0.2775,
      1.3125,
      0.14,
      1.175
    ],
    "SoftwareVersions": "syngo_MR_B17",
    "SpacingBetweenSlices": 1.05,
    "StationName": "SEPTET",
    "TotalReadoutTime": 0.0524998,
    "TxRefAmp": 65,
    "dataset": "ds002702",
    "modality": "bold",
    "run_id": 5,
    "session_id": "ringSE",
    "subject_id": "04",
    "task_id": "ring"
  },
  "dummy_trs": 0,
  "dvars_nstd": 147.43728144305385,
  "dvars_std": 1.0351591320359277,
  "dvars_vstd": 1.0093757810179635,
  "efc": 0.8123404768107506,
  "fber": 8.997543334960938,
  "fd_mean": 0.1280853772074114,
  "fd_num": 14,
  "fd_perc": 8.333333333333334,
  "fwhm_avg": 3.340337555969864,
  "fwhm_x": 3.3112422162800774,
  "fwhm_y": 3.487980194906082,
  "fwhm_z": 3.2217902567234318,
  "gcor": 0.00526583,
  "gsr_x": 0.021020397543907166,
  "gsr_y": 0.008079670369625092,
  "provenance": {
    "md5sum": "792681e283935b05d52b1c12efb6e5ef",
    "settings": {
      "fd_thres": 0.2,
      "testing": false
    },
    "software": "mriqc",
    "version": "23.0.1",
    "webapi_port": null,
    "webapi_url": "https://mriqc.nimh.nih.gov/api/v1"
  },
  "size_t": 168,
  "size_x": 122,
  "size_y": 106,
  "size_z": 64,
  "snr": 1.7830158763138202,
  "spacing_tr": 2.200000047683716,
  "spacing_x": 1.049180269241333,
  "spacing_y": 1.049180269241333,
  "spacing_z": 1.0500000715255737,
  "summary_bg_k": 66.46963245707606,
  "summary_bg_mad": 14.217097889792255,
  "summary_bg_mean": 93.38591766357422,
  "summary_bg_median": 84.60118865966797,
  "summary_bg_n": 207113.0,
  "summary_bg_p05": 70.31547546386719,
  "summary_bg_p95": 146.20237731933594,
  "summary_bg_stdv": 29.10048484802246,
  "summary_fg_k": 10.029618371578328,
  "summary_fg_mad": 138.9939579849002,
  "summary_fg_mean": 307.235595703125,
  "summary_fg_median": 277.83929443359375,
  "summary_fg_n": 452780.0,
  "summary_fg_p05": 120.92857360839844,
  "summary_fg_p95": 579.4107055664062,
  "summary_fg_stdv": 155.82530212402344,
  "tsnr": 9.539843917998951
}