{
  "aor": 0.0005964880952380952,
  "aqi": 0.03484935595238096,
  "bids_meta": {
    "AcquisitionMatrixPE": 106,
    "AcquisitionNumber": 1,
    "AcquisitionTime": "17:12:22.725000",
    "BandwidthPerPixelPhaseEncode": 18.868,
    "BaseResolution": 122,
    "CoilString": "C:H01-32",
    "ConversionSoftware": "dcm2niix",
    "ConversionSoftwareVersion": "v1.0.20181125  GCC4.3.2",
    "DerivedVendorReportedEchoSpacing": 0.000999996,
    "DeviceSerialNumber": "18912",
    "DwellTime": 3.6e-06,
    "EchoTime": 0.039,
    "EffectiveEchoSpacing": 0.000499998,
    "FlipAngle": 90,
    "ImageComments": "Unaliased_MB2_PE4",
    "ImageOrientationPatientDICOM": [
      1,
      0,
      1e-16,
      0,
      -0.593419,
      -0.804894
    ],
    "ImageType": [
      "ORIGINAL",
      "PRIMARY",
      "M",
      "MB",
      "ND",
      "MOSAIC"
    ],
    "ImagingFrequency": 297.278,
    "InPlanePhaseEncodingDirectionDICOM": "COL",
    "InstitutionAddress": "6th_Street_SE_2021_Minneapolis_0735BC_Chicago_US_55455",
    "InstitutionName": "CMRR_7T_PS",
    "InstitutionalDepartmentName": "CMRR",
    "MRAcquisitionType": "2D",
    "MagneticFieldStrength": 6.98,
    "Manufacturer": "Siemens",
    "ManufacturersModelName": "Investigational_Device_7T",
    "Modality": "MR",
    "MultibandAccelerationFactor": 2,
    "ParallelReductionFactorInPlane": 2,
    "PartialFourier": 0.75,
    "PatientPosition": "HFS",
    "PercentPhaseFOV": 86.8852,
    "PhaseEncodingDirection": "j-",
    "PhaseEncodingSteps": 80,
    "PhaseResolution": 1,
    "PixelBandwidth": 1138,
    "ProcedureStepDescription": "Ruyuan_fmri",
    "ProtocolName": "eja_ep2d_se_1p05iso_1p5sTR_R2_MB2",
    "PulseSequenceDetails": "%CustomerSeq%_eja_ep2d_se",
    "ReceiveCoilName": "VM_8T_32R_Head",
    "ReconMatrixPE": 106,
    "RepetitionTime": 2.2,
    "SAR": 0.0173014,
    "ScanOptions": "PFP",
    "ScanningSequence": "EP",
    "SequenceName": "epse2d1_106",
    "SequenceVariant": "SK_SS",
    "SeriesDescription": "eja_ep2d_se_1p05iso_1p5sTR_R2_MB2",
    "SeriesNumber": 10,
    "ShimSetting": [
      -1325,
      -430,
      974,
      1178,
      58,
      1234,
      474,
      -62
    ],
    "SliceThickness": 1.05,
    "SliceTiming": [
      0,
      1.035,
      2.07,
      0.8975,
      1.9325,
      0.76,
      1.795,
      0.6225,
      1.6575,
      0.4825,
      1.5175,
      0.345,
      1.38,
      0.2075,
      1.2425,
      0.07,
      1.105,
      2.14,
      0.9675,
      2.0025,
      0.8275,
      1.8625,
      0.69,
      1.725,
      0.5525,
      1.5875,
      0.415,
      1.45,
      0.2775,
      1.3125,
      0.1375,
      1.1725,
      0,
      1.035,
      2.07,
      0.8975,
      1.9325,
      0.76,
      1.795,
      0.6225,
      1.6575,
      0.4825,
      1.5175,
      0.345,
      1.38,
      0.2075,
      1.2425,
      0.07,
      1.105,
      2.14,
      0.9675,
      2.0025,
      0.8275,
      1.8625,
      0.69,
      1.725,
      0.5525,
      1.5875,
      0.415,
      1.45,
      0.2775,
      1.3125,
      0.1375,
      1.1725
    ],
    "SoftwareVersions": "syngo_MR_B17",
    "SpacingBetweenSlices": 1.05,
    "StationName": "SEPTET",
    "TotalReadoutTime": 0.0524998,
    "TxRefAmp": 65,
    "dataset": "ds002702",
    "modality": "bold",
    "run_id": 3,
    "session_id": "ringSE",
    "subject_id": "04",
    "task_id": "ring"
  },
  "dummy_trs": 0,
  "dvars_nstd": 146.89432155580838,
  "dvars_std": 1.0241597650898204,
  "dvars_vstd": 0.9968471104790416,
  "efc": 0.812802423486527,
  "fber": 9.024298667907715,
  "fd_mean": 0.1310418204660616,
  "fd_num": 21,
  "fd_perc": 12.5,
  "fwhm_avg": 3.372462588234853,
  "fwhm_x": 3.3428764367977775,
  "fwhm_y": 3.509844883627866,
  "fwhm_z": 3.264666444278914,
  "gcor": 0.00216299,
  "gsr_x": 0.022194094955921173,
  "gsr_y": 0.00664150295779109,
  "provenance": {
    "md5sum": "6636b119974beabcf08f6aca65b6db38",
    "settings": {
      "fd_thres": 0.2,
      "testing": false
    },
    "software": "mriqc",
    "version": "23.0.1",
    "webapi_port": null,
    "webapi_url": "https://mriqc.nimh.nih.gov/api/v1"
  },
  "size_t": 168,
  "size_x": 122,
  "size_y": 106,
  "size_z": 64,
  "snr": 1.7803078648830963,
  "spacing_tr": 2.200000047683716,
  "spacing_x": 1.049180269241333,
  "spacing_y": 1.049180269241333,
  "spacing_z": 1.0500000715255737,
  "summary_bg_k": 35.45258110468289,
  "summary_bg_mad": 13.793498871841692,
  "summary_bg_mean": 93.0314712524414,
  "summary_bg_median": 84.3452377319336,
  "summary_bg_n": 206259.0,
  "summary_bg_p05": 70.50595092773438,
  "summary_bg_p95": 145.32142639160156,
  "summary_bg_stdv": 28.298763275146484,
  "summary_fg_k": 10.232001979855093,
  "summary_fg_mad": 137.97908038900815,
  "summary_fg_mean": 305.9974365234375,
  "summary_fg_median": 276.2261962890625,
  "summary_fg_n": 454128.0,
  "summary_fg_p05": 121.8452377319336,
  "summary_fg_p95": 577.482177734375,
  "summary_fg_stdv": 155.15625,
  "tsnr": 9.307913253083825
}