{
  "aor": 0.00047892537313432834,
  "aqi": 0.002695552895522388,
  "bids_meta": {
    "AcquisitionMatrixPE": 80,
    "AcquisitionNumber": 1,
    "AcquisitionTime": "11:02:21.105000",
    "BandwidthPerPixelPhaseEncode": 22.727,
    "BaseResolution": 80,
    "BodyPartExamined": "BRAIN",
    "ConsistencyInfo": "N4_VE11C_LATEST_20160120",
    "ConversionSoftware": "dcm2niix",
    "ConversionSoftwareVersion": "v1.0.20181125  GCC4.3.2",
    "DerivedVendorReportedEchoSpacing": 0.000550007,
    "DeviceSerialNumber": "67010",
    "DwellTime": 2.8e-06,
    "EchoTime": 0.03,
    "EchoTrainLength": 80,
    "EffectiveEchoSpacing": 0.000550007,
    "FlipAngle": 62,
    "ImageComments": "Unaliased_MB2_PE2_LB",
    "ImageOrientationPatientDICOM": [
      0.999964,
      -0.00843682,
      1.83211e-08,
      -0.00550399,
      -0.652356,
      -0.757893
    ],
    "ImageType": [
      "ORIGINAL",
      "PRIMARY",
      "M",
      "MB",
      "ND",
      "MOSAIC"
    ],
    "ImagingFrequency": 123.174,
    "InPlanePhaseEncodingDirectionDICOM": "COL",
    "InstitutionAddress": "6th_SE_2021_Minneapolis_Minneapolis_US_55455",
    "InstitutionName": "CMRR_3T-B",
    "InstitutionalDepartmentName": "Research",
    "MRAcquisitionType": "2D",
    "MagneticFieldStrength": 3,
    "Manufacturer": "Siemens",
    "ManufacturersModelName": "Prisma_fit",
    "Modality": "MR",
    "MultibandAccelerationFactor": 2,
    "PartialFourier": 1,
    "PatientPosition": "HFS",
    "PercentPhaseFOV": 100,
    "PhaseEncodingDirection": "j",
    "PhaseEncodingSteps": 80,
    "PhaseResolution": 1,
    "PixelBandwidth": 2230,
    "ProcedureStepDescription": "Kay_lowresfmri",
    "ProtocolName": "fMRI_2pt4_1100TR_AP",
    "PulseSequenceDetails": "%CustomerSeq%_cmrr_mbep2d_bold",
    "ReceiveCoilActiveElements": "HEA;HEP",
    "ReceiveCoilName": "Head_32",
    "ReconMatrixPE": 80,
    "RepetitionTime": 1.1,
    "SAR": 0.0418565,
    "ScanOptions": "FS",
    "ScanningSequence": "EP",
    "SequenceName": "epfid2d1_80",
    "SequenceVariant": "SK_SS",
    "SeriesDescription": "fMRI_2pt4_1100TR_AP",
    "SeriesNumber": 34,
    "ShimSetting": [
      -1073,
      -11370,
      -3778,
      475,
      36,
      555,
      -67,
      94
    ],
    "SliceThickness": 2.4,
    "SliceTiming": [
      0,
      0.575,
      0.0725,
      0.6475,
      0.145,
      0.72,
      0.215,
      0.7925,
      0.2875,
      0.865,
      0.36,
      0.935,
      0.4325,
      1.0075,
      0.505,
      0,
      0.575,
      0.0725,
      0.6475,
      0.145,
      0.72,
      0.215,
      0.7925,
      0.2875,
      0.865,
      0.36,
      0.935,
      0.4325,
      1.0075,
      0.505
    ],
    "SoftwareVersions": "syngo_MR_E11",
    "SpacingBetweenSlices": 2.4,
    "StationName": "TRIOB",
    "TotalReadoutTime": 0.0434505,
    "TxRefAmp": 246.505,
    "WipMemBlock": "e253066b-cc3d-41a1-a22e-52dc0b815853||Sequence: R016 ve11c/master r/e634e98; Dec 19 2017 11:00:25 by eja",
    "dataset": "ds002702",
    "modality": "bold",
    "run_id": 5,
    "session_id": "ring3T",
    "subject_id": "03",
    "task_id": "ring"
  },
  "dummy_trs": 0,
  "dvars_nstd": 29.45515842814373,
  "dvars_std": 1.1575076907185626,
  "dvars_vstd": 0.9979564562275449,
  "efc": 0.5760831143645639,
  "fber": 194.4161376953125,
  "fd_mean": 0.09126181885596775,
  "fd_num": 1,
  "fd_perc": 0.29850746268656714,
  "fwhm_avg": 3.41331514214482,
  "fwhm_x": 3.2464457043311716,
  "fwhm_y": 3.2517582041200717,
  "fwhm_z": 3.7417415179832174,
  "gcor": 0.00479719,
  "gsr_x": -0.011999774724245071,
  "gsr_y": 0.0432552807033062,
  "provenance": {
    "md5sum": "f855f7ed834eaf0541a394c409fe1e70",
    "settings": {
      "fd_thres": 0.2,
      "testing": false
    },
    "software": "mriqc",
    "version": "23.0.1",
    "webapi_port": null,
    "webapi_url": "https://mriqc.nimh.nih.gov/api/v1"
  },
  "size_t": 335,
  "size_x": 80,
  "size_y": 80,
  "size_z": 30,
  "snr": 2.208927479849895,
  "spacing_tr": 1.100000023841858,
  "spacing_x": 2.4000000953674316,
  "spacing_y": 2.4000000953674316,
  "spacing_z": 2.4000000953674316,
  "summary_bg_k": 14.69834550101,
  "summary_bg_mad": 118.21872745005915,
  "summary_bg_mean": 555.507568359375,
  "summary_bg_median": 313.7164306640625,
  "summary_bg_n": 118263.0,
  "summary_bg_p05": 222.14656982421874,
  "summary_bg_p95": 1784.8176269531232,
  "summary_bg_stdv": 568.5986328125,
  "summary_fg_k": -0.045687031400903244,
  "summary_fg_mad": 2044.977382945708,
  "summary_fg_mean": 4991.5224609375,
  "summary_fg_median": 4534.58349609375,
  "summary_fg_n": 35942.0,
  "summary_fg_p05": 2435.6655883789062,
  "summary_fg_p95": 8903.813720703125,
  "summary_fg_stdv": 2052.8154296875,
  "tsnr": 55.75120832491666
}