{
  "aor": 0.0006343880597014925,
  "aqi": 0.003972439014925373,
  "bids_meta": {
    "AcquisitionMatrixPE": 80,
    "AcquisitionNumber": 1,
    "AcquisitionTime": "10:32:54.397500",
    "BandwidthPerPixelPhaseEncode": 22.727,
    "BaseResolution": 80,
    "BodyPartExamined": "BRAIN",
    "ConsistencyInfo": "N4_VE11C_LATEST_20160120",
    "ConversionSoftware": "dcm2niix",
    "ConversionSoftwareVersion": "v1.0.20181125  GCC4.3.2",
    "DerivedVendorReportedEchoSpacing": 0.000550007,
    "DeviceSerialNumber": "67010",
    "DwellTime": 2.8e-06,
    "EchoTime": 0.03,
    "EchoTrainLength": 80,
    "EffectiveEchoSpacing": 0.000550007,
    "FlipAngle": 62,
    "ImageComments": "Unaliased_MB2_PE2_LB",
    "ImageOrientationPatientDICOM": [
      0.999964,
      -0.00843682,
      1.83211e-08,
      -0.00550399,
      -0.652356,
      -0.757893
    ],
    "ImageType": [
      "ORIGINAL",
      "PRIMARY",
      "M",
      "MB",
      "ND",
      "MOSAIC"
    ],
    "ImagingFrequency": 123.174,
    "InPlanePhaseEncodingDirectionDICOM": "COL",
    "InstitutionAddress": "6th_SE_2021_Minneapolis_Minneapolis_US_55455",
    "InstitutionName": "CMRR_3T-B",
    "InstitutionalDepartmentName": "Research",
    "MRAcquisitionType": "2D",
    "MagneticFieldStrength": 3,
    "Manufacturer": "Siemens",
    "ManufacturersModelName": "Prisma_fit",
    "Modality": "MR",
    "MultibandAccelerationFactor": 2,
    "PartialFourier": 1,
    "PatientPosition": "HFS",
    "PercentPhaseFOV": 100,
    "PhaseEncodingDirection": "j",
    "PhaseEncodingSteps": 80,
    "PhaseResolution": 1,
    "PixelBandwidth": 2230,
    "ProcedureStepDescription": "Kay_lowresfmri",
    "ProtocolName": "fMRI_2pt4_1100TR_AP",
    "PulseSequenceDetails": "%CustomerSeq%_cmrr_mbep2d_bold",
    "ReceiveCoilActiveElements": "HEA;HEP",
    "ReceiveCoilName": "Head_32",
    "ReconMatrixPE": 80,
    "RepetitionTime": 1.1,
    "SAR": 0.0418565,
    "ScanOptions": "FS",
    "ScanningSequence": "EP",
    "SequenceName": "epfid2d1_80",
    "SequenceVariant": "SK_SS",
    "SeriesDescription": "fMRI_2pt4_1100TR_AP",
    "SeriesNumber": 24,
    "ShimSetting": [
      -1073,
      -11370,
      -3778,
      475,
      36,
      555,
      -67,
      94
    ],
    "SliceThickness": 2.4,
    "SliceTiming": [
      0,
      0.575,
      0.0725,
      0.6475,
      0.145,
      0.72,
      0.215,
      0.7925,
      0.2875,
      0.865,
      0.36,
      0.935,
      0.4325,
      1.0075,
      0.505,
      0,
      0.575,
      0.0725,
      0.6475,
      0.145,
      0.72,
      0.215,
      0.7925,
      0.2875,
      0.865,
      0.36,
      0.935,
      0.4325,
      1.0075,
      0.505
    ],
    "SoftwareVersions": "syngo_MR_E11",
    "SpacingBetweenSlices": 2.4,
    "StationName": "TRIOB",
    "TotalReadoutTime": 0.0434505,
    "TxRefAmp": 246.505,
    "WipMemBlock": "e06c8d09-cc69-478a-a340-5a6191f6abfb||Sequence: R016 ve11c/master r/e634e98; Dec 19 2017 11:00:25 by eja",
    "dataset": "ds002702",
    "modality": "bold",
    "run_id": 1,
    "session_id": "ring3T",
    "subject_id": "03",
    "task_id": "ring"
  },
  "dummy_trs": 0,
  "dvars_nstd": 30.652028968712585,
  "dvars_std": 1.170448085928144,
  "dvars_vstd": 0.9859499995808372,
  "efc": 0.5745538879596063,
  "fber": 194.32606506347656,
  "fd_mean": 0.10335483852647882,
  "fd_num": 2,
  "fd_perc": 0.5970149253731343,
  "fwhm_avg": 3.433031808028017,
  "fwhm_x": 3.2589748704999737,
  "fwhm_y": 3.301829035463769,
  "fwhm_z": 3.738291518120308,
  "gcor": 0.00400493,
  "gsr_x": -0.011997129768133163,
  "gsr_y": 0.042600978165864944,
  "provenance": {
    "md5sum": "152d43b2903070974d5c13e799218055",
    "settings": {
      "fd_thres": 0.2,
      "testing": false
    },
    "software": "mriqc",
    "version": "23.0.1",
    "webapi_port": null,
    "webapi_url": "https://mriqc.nimh.nih.gov/api/v1"
  },
  "size_t": 335,
  "size_x": 80,
  "size_y": 80,
  "size_z": 30,
  "snr": 2.180233085448818,
  "spacing_tr": 1.100000023841858,
  "spacing_x": 2.4000000953674316,
  "spacing_y": 2.4000000953674316,
  "spacing_z": 2.4000000953674316,
  "summary_bg_k": 14.471192335815395,
  "summary_bg_mad": 125.02319883347016,
  "summary_bg_mean": 548.7928466796875,
  "summary_bg_median": 313.07464599609375,
  "summary_bg_n": 118140.0,
  "summary_bg_p05": 215.79388732910155,
  "summary_bg_p95": 1751.7814941406236,
  "summary_bg_stdv": 558.0963745117188,
  "summary_fg_k": -0.026120501282311803,
  "summary_fg_mad": 2043.6457194784516,
  "summary_fg_mean": 4997.06640625,
  "summary_fg_median": 4519.17626953125,
  "summary_fg_n": 36166.0,
  "summary_fg_p05": 2429.1194458007812,
  "summary_fg_p95": 8950.023193359375,
  "summary_fg_stdv": 2072.766357421875,
  "tsnr": 50.80320601165295
}