{
  "aor": 0.0013947305389221559,
  "aqi": 0.0029844767365269464,
  "bids_meta": {
    "AcquisitionMatrixPE": 80,
    "AcquisitionNumber": 1,
    "AcquisitionTime": "10:55:26.775000",
    "BandwidthPerPixelPhaseEncode": 22.727,
    "BaseResolution": 80,
    "BodyPartExamined": "BRAIN",
    "ConsistencyInfo": "N4_VE11C_LATEST_20160120",
    "ConversionSoftware": "dcm2niix",
    "ConversionSoftwareVersion": "v1.0.20181125  GCC4.3.2",
    "DerivedVendorReportedEchoSpacing": 0.000550007,
    "DeviceSerialNumber": "67010",
    "DwellTime": 2.8e-06,
    "EchoTime": 0.03,
    "EchoTrainLength": 80,
    "EffectiveEchoSpacing": 0.000550007,
    "FlipAngle": 62,
    "ImageComments": "Unaliased_MB2_PE2_LB",
    "ImageOrientationPatientDICOM": [
      0.999964,
      -0.00843682,
      1.83211e-08,
      -0.00550399,
      -0.652356,
      -0.757893
    ],
    "ImageType": [
      "ORIGINAL",
      "PRIMARY",
      "M",
      "MB",
      "ND",
      "MOSAIC"
    ],
    "ImagingFrequency": 123.174,
    "InPlanePhaseEncodingDirectionDICOM": "COL",
    "InstitutionAddress": "6th_SE_2021_Minneapolis_Minneapolis_US_55455",
    "InstitutionName": "CMRR_3T-B",
    "InstitutionalDepartmentName": "Research",
    "MRAcquisitionType": "2D",
    "MagneticFieldStrength": 3,
    "Manufacturer": "Siemens",
    "ManufacturersModelName": "Prisma_fit",
    "Modality": "MR",
    "MultibandAccelerationFactor": 2,
    "PartialFourier": 1,
    "PatientPosition": "HFS",
    "PercentPhaseFOV": 100,
    "PhaseEncodingDirection": "j",
    "PhaseEncodingSteps": 80,
    "PhaseResolution": 1,
    "PixelBandwidth": 2230,
    "ProcedureStepDescription": "Kay_lowresfmri",
    "ProtocolName": "fMRI_2pt4_1100TR_AP",
    "PulseSequenceDetails": "%CustomerSeq%_cmrr_mbep2d_bold",
    "ReceiveCoilActiveElements": "HEA;HEP",
    "ReceiveCoilName": "Head_32",
    "ReconMatrixPE": 80,
    "RepetitionTime": 1.1,
    "SAR": 0.0418565,
    "ScanOptions": "FS",
    "ScanningSequence": "EP",
    "SequenceName": "epfid2d1_80",
    "SequenceVariant": "SK_SS",
    "SeriesDescription": "fMRI_2pt4_1100TR_AP",
    "SeriesNumber": 32,
    "ShimSetting": [
      -1073,
      -11370,
      -3778,
      475,
      36,
      555,
      -67,
      94
    ],
    "SliceThickness": 2.4,
    "SliceTiming": [
      0,
      0.575,
      0.0725,
      0.6475,
      0.1425,
      0.72,
      0.215,
      0.7925,
      0.2875,
      0.8625,
      0.36,
      0.935,
      0.4325,
      1.0075,
      0.5025,
      0,
      0.575,
      0.0725,
      0.6475,
      0.1425,
      0.72,
      0.215,
      0.7925,
      0.2875,
      0.8625,
      0.36,
      0.935,
      0.4325,
      1.0075,
      0.5025
    ],
    "SoftwareVersions": "syngo_MR_E11",
    "SpacingBetweenSlices": 2.4,
    "StationName": "TRIOB",
    "TotalReadoutTime": 0.0434505,
    "TxRefAmp": 246.505,
    "WipMemBlock": "a337a9df-ef59-4ceb-929a-48a215a96f1b||Sequence: R016 ve11c/master r/e634e98; Dec 19 2017 11:00:25 by eja",
    "dataset": "ds002702",
    "modality": "bold",
    "run_id": 4,
    "session_id": "ring3T",
    "subject_id": "03",
    "task_id": "ring"
  },
  "dummy_trs": 1,
  "dvars_nstd": 29.434615504654637,
  "dvars_std": 1.1797857427927918,
  "dvars_vstd": 1.0174476551351352,
  "efc": 0.5760392376717625,
  "fber": 193.76353454589844,
  "fd_mean": 0.09259174708135598,
  "fd_num": 1,
  "fd_perc": 0.2994011976047904,
  "fwhm_avg": 3.4188706974796177,
  "fwhm_x": 3.254024870696669,
  "fwhm_y": 3.2708457033616027,
  "fwhm_z": 3.7317415183805815,
  "gcor": 0.00579739,
  "gsr_x": -0.011258180253207684,
  "gsr_y": 0.04311826452612877,
  "provenance": {
    "md5sum": "373e93fdb9b096620fb4728d8b154561",
    "settings": {
      "fd_thres": 0.2,
      "testing": false
    },
    "software": "mriqc",
    "version": "23.0.1",
    "webapi_port": null,
    "webapi_url": "https://mriqc.nimh.nih.gov/api/v1"
  },
  "size_t": 334,
  "size_x": 80,
  "size_y": 80,
  "size_z": 30,
  "snr": 2.206923766811449,
  "spacing_tr": 1.100000023841858,
  "spacing_x": 2.4000000953674316,
  "spacing_y": 2.4000000953674316,
  "spacing_z": 2.4000000953674316,
  "summary_bg_k": 14.730336843982297,
  "summary_bg_mad": 120.69892351056673,
  "summary_bg_mean": 553.8432006835938,
  "summary_bg_median": 313.8218688964844,
  "summary_bg_n": 118202.0,
  "summary_bg_p05": 220.92829666137695,
  "summary_bg_p95": 1784.3700317382802,
  "summary_bg_stdv": 566.9346313476562,
  "summary_fg_k": -0.031109591212145737,
  "summary_fg_mad": 2035.0760542381613,
  "summary_fg_mean": 4984.3701171875,
  "summary_fg_median": 4525.14404296875,
  "summary_fg_n": 35961.0,
  "summary_fg_p05": 2431.455078125,
  "summary_fg_p95": 8896.240234375,
  "summary_fg_stdv": 2050.402099609375,
  "tsnr": 54.25880114547908
}