{
  "aor": 0.0019426268656716416,
  "aqi": 0.0037702580298507463,
  "bids_meta": {
    "AcquisitionMatrixPE": 80,
    "AcquisitionNumber": 1,
    "AcquisitionTime": "11:09:8.822500",
    "BandwidthPerPixelPhaseEncode": 22.727,
    "BaseResolution": 80,
    "BodyPartExamined": "BRAIN",
    "ConsistencyInfo": "N4_VE11C_LATEST_20160120",
    "ConversionSoftware": "dcm2niix",
    "ConversionSoftwareVersion": "v1.0.20181125  GCC4.3.2",
    "DerivedVendorReportedEchoSpacing": 0.000550007,
    "DeviceSerialNumber": "67010",
    "DwellTime": 2.8e-06,
    "EchoTime": 0.03,
    "EchoTrainLength": 80,
    "EffectiveEchoSpacing": 0.000550007,
    "FlipAngle": 62,
    "ImageComments": "Unaliased_MB2_PE2_LB",
    "ImageOrientationPatientDICOM": [
      0.999964,
      -0.00843682,
      1.83211e-08,
      -0.00550399,
      -0.652356,
      -0.757893
    ],
    "ImageType": [
      "ORIGINAL",
      "PRIMARY",
      "M",
      "MB",
      "ND",
      "MOSAIC"
    ],
    "ImagingFrequency": 123.174,
    "InPlanePhaseEncodingDirectionDICOM": "COL",
    "InstitutionAddress": "6th_SE_2021_Minneapolis_Minneapolis_US_55455",
    "InstitutionName": "CMRR_3T-B",
    "InstitutionalDepartmentName": "Research",
    "MRAcquisitionType": "2D",
    "MagneticFieldStrength": 3,
    "Manufacturer": "Siemens",
    "ManufacturersModelName": "Prisma_fit",
    "Modality": "MR",
    "MultibandAccelerationFactor": 2,
    "PartialFourier": 1,
    "PatientPosition": "HFS",
    "PercentPhaseFOV": 100,
    "PhaseEncodingDirection": "j",
    "PhaseEncodingSteps": 80,
    "PhaseResolution": 1,
    "PixelBandwidth": 2230,
    "ProcedureStepDescription": "Kay_lowresfmri",
    "ProtocolName": "fMRI_2pt4_1100TR_AP",
    "PulseSequenceDetails": "%CustomerSeq%_cmrr_mbep2d_bold",
    "ReceiveCoilActiveElements": "HEA;HEP",
    "ReceiveCoilName": "Head_32",
    "ReconMatrixPE": 80,
    "RepetitionTime": 1.1,
    "SAR": 0.0418565,
    "ScanOptions": "FS",
    "ScanningSequence": "EP",
    "SequenceName": "epfid2d1_80",
    "SequenceVariant": "SK_SS",
    "SeriesDescription": "fMRI_2pt4_1100TR_AP",
    "SeriesNumber": 36,
    "ShimSetting": [
      -1073,
      -11370,
      -3778,
      475,
      36,
      555,
      -67,
      94
    ],
    "SliceThickness": 2.4,
    "SliceTiming": [
      0,
      0.575,
      0.0725,
      0.6475,
      0.1425,
      0.72,
      0.215,
      0.7925,
      0.2875,
      0.8625,
      0.36,
      0.935,
      0.4325,
      1.0075,
      0.5025,
      0,
      0.575,
      0.0725,
      0.6475,
      0.1425,
      0.72,
      0.215,
      0.7925,
      0.2875,
      0.8625,
      0.36,
      0.935,
      0.4325,
      1.0075,
      0.5025
    ],
    "SoftwareVersions": "syngo_MR_E11",
    "SpacingBetweenSlices": 2.4,
    "StationName": "TRIOB",
    "TotalReadoutTime": 0.0434505,
    "TxRefAmp": 246.505,
    "WipMemBlock": "02f92b60-d291-466f-94a7-abddece186dd||Sequence: R016 ve11c/master r/e634e98; Dec 19 2017 11:00:25 by eja",
    "dataset": "ds002702",
    "modality": "bold",
    "run_id": 6,
    "session_id": "ring3T",
    "subject_id": "03",
    "task_id": "ring"
  },
  "dummy_trs": 0,
  "dvars_nstd": 29.012871639341313,
  "dvars_std": 1.144077303233533,
  "dvars_vstd": 1.0020733833832338,
  "efc": 0.5762913225539957,
  "fber": 193.47970581054688,
  "fd_mean": 0.10387480432966124,
  "fd_num": 4,
  "fd_perc": 1.1940298507462686,
  "fwhm_avg": 3.412409586625248,
  "fwhm_x": 3.263487370320663,
  "fwhm_y": 3.2868415360593186,
  "fwhm_z": 3.686899853495763,
  "gcor": 0.0052976,
  "gsr_x": -0.01088812854140997,
  "gsr_y": 0.04210040718317032,
  "provenance": {
    "md5sum": "039353e9a69ab5ad10e209f6916a2a62",
    "settings": {
      "fd_thres": 0.2,
      "testing": false
    },
    "software": "mriqc",
    "version": "23.0.1",
    "webapi_port": null,
    "webapi_url": "https://mriqc.nimh.nih.gov/api/v1"
  },
  "size_t": 335,
  "size_x": 80,
  "size_y": 80,
  "size_z": 30,
  "snr": 2.2132760900753143,
  "spacing_tr": 1.100000023841858,
  "spacing_x": 2.4000000953674316,
  "spacing_y": 2.4000000953674316,
  "spacing_z": 2.4000000953674316,
  "summary_bg_k": 15.107481164298054,
  "summary_bg_mad": 125.14489772620776,
  "summary_bg_mean": 557.1421508789062,
  "summary_bg_median": 316.1761169433594,
  "summary_bg_n": 118299.0,
  "summary_bg_p05": 218.59970703125,
  "summary_bg_p95": 1783.303540039062,
  "summary_bg_stdv": 570.878662109375,
  "summary_fg_k": -0.09168697094490996,
  "summary_fg_mad": 2062.7333181331305,
  "summary_fg_mean": 4991.0712890625,
  "summary_fg_median": 4543.0361328125,
  "summary_fg_n": 35912.0,
  "summary_fg_p05": 2419.840295410156,
  "summary_fg_p95": 8904.94296875,
  "summary_fg_stdv": 2052.60107421875,
  "tsnr": 49.17200097278692
}