{
  "bids_meta": {
    "AcquisitionMatrixPE": 300,
    "AcquisitionNumber": 1,
    "AcquisitionTime": "12:44:1.907500",
    "BaseResolution": 320,
    "BodyPartExamined": "BRAIN",
    "ConsistencyInfo": "N4_VE11C_LATEST_20160120",
    "ConversionSoftware": "dcm2niix",
    "ConversionSoftwareVersion": "v1.0.20181125  GCC4.3.2",
    "DeviceSerialNumber": "67010",
    "DwellTime": 7.1e-06,
    "EchoTime": 0.00222,
    "FlipAngle": 8,
    "ImageOrientationPatientDICOM": [
      0.0435787,
      0.998631,
      0.0289451,
      -0.0388302,
      0.0306438,
      -0.998776
    ],
    "ImageType": [
      "ORIGINAL",
      "PRIMARY",
      "M",
      "ND",
      "NORM"
    ],
    "ImagingFrequency": 123.174,
    "InPlanePhaseEncodingDirectionDICOM": "ROW",
    "InstitutionAddress": "6th_SE_2021_Minneapolis_Minneapolis_US_55455",
    "InstitutionName": "CMRR_3T-B",
    "InstitutionalDepartmentName": "Research",
    "InversionTime": 1,
    "MRAcquisitionType": "3D",
    "MagneticFieldStrength": 3,
    "Manufacturer": "Siemens",
    "ManufacturersModelName": "Prisma_fit",
    "Modality": "MR",
    "PartialFourier": 1,
    "PatientPosition": "HFS",
    "PercentPhaseFOV": 93.75,
    "PhaseEncodingSteps": 299,
    "PhaseResolution": 1,
    "PixelBandwidth": 220,
    "ProcedureStepDescription": "Kay_New_Exam",
    "ProtocolName": "T1w_MPR",
    "PulseSequenceDetails": "%SiemensSeq%_tfl",
    "ReceiveCoilActiveElements": "HEA;HEP",
    "ReceiveCoilName": "Head_32",
    "ReconMatrixPE": 320,
    "RepetitionTime": 2.4,
    "SAR": 0.0423956,
    "ScanOptions": "IR_WE",
    "ScanningSequence": "GR_IR",
    "SequenceName": "_tfl3d1_16ns",
    "SequenceVariant": "SK_SP_MP",
    "SeriesDescription": "T1w_MPR",
    "SeriesNumber": 24,
    "ShimSetting": [
      -1067,
      -11717,
      -3730,
      300,
      126,
      -200,
      131,
      52
    ],
    "SliceThickness": 0.8,
    "SoftwareVersions": "syngo_MR_E11",
    "StationName": "TRIOB",
    "TxRefAmp": 255.895,
    "dataset": "ds002702",
    "modality": "T1w",
    "run_id": 6,
    "session_id": "anatomicals",
    "subject_id": "02"
  },
  "cjv": 0.3265637626255303,
  "cnr": 4.046036157425765,
  "efc": 0.5631222124347777,
  "fber": 40692.04328790339,
  "fwhm_avg": 4.480087545201064,
  "fwhm_x": 4.5080877687029695,
  "fwhm_y": 4.353324935130403,
  "fwhm_z": 4.578849931769819,
  "icvs_csf": 0.214760565257788,
  "icvs_gm": 0.45989639798051957,
  "icvs_wm": 0.32534303676169246,
  "inu_med": 0.4680325835943222,
  "inu_range": 0.1877127185463906,
  "provenance": {
    "md5sum": "3e2cd78940d2318b7901f69776b15176",
    "settings": {
      "testing": false
    },
    "software": "mriqc",
    "version": "23.0.1",
    "warnings": {
      "large_rot_frame": true,
      "small_air_mask": false
    },
    "webapi_port": null,
    "webapi_url": "https://mriqc.nimh.nih.gov/api/v1"
  },
  "qi_1": 1.4670563410654126e-05,
  "qi_2": 0.0015998196988280633,
  "rpve_csf": 22.334454178959934,
  "rpve_gm": 11.124534469846298,
  "rpve_wm": 16.98484605784213,
  "size_x": 208,
  "size_y": 300,
  "size_z": 320,
  "snr_csf": 2.9097343592286578,
  "snr_gm": 14.365717893076706,
  "snr_total": 13.675342850932738,
  "snr_wm": 23.750576300492853,
  "snrd_csf": 30.15094617523929,
  "snrd_gm": 81.17477870550022,
  "snrd_total": 74.0943951795857,
  "snrd_wm": 110.9574606580176,
  "spacing_x": 0.7999999523162842,
  "spacing_y": 0.800000011920929,
  "spacing_z": 0.800000011920929,
  "summary_bg_k": 19.256378108234074,
  "summary_bg_mad": 0.0,
  "summary_bg_mean": 3.392189569493458,
  "summary_bg_median": 0.0,
  "summary_bg_n": 7337527.0,
  "summary_bg_p05": 0.0,
  "summary_bg_p95": 14.910955246537924,
  "summary_bg_stdv": 5.904538721752017,
  "summary_csf_k": 1.9306642185985474,
  "summary_csf_mad": 69.6260814999004,
  "summary_csf_mean": 284.9594164887968,
  "summary_csf_median": 271.74101330526173,
  "summary_csf_n": 116483.0,
  "summary_csf_p05": 155.72288311459124,
  "summary_csf_p95": 459.5397885199636,
  "summary_csf_stdv": 93.38991581834304,
  "summary_gm_k": 0.3651649863156021,
  "summary_gm_mad": 48.25351850784236,
  "summary_gm_mean": 730.9142874798041,
  "summary_gm_median": 731.6027991976589,
  "summary_gm_n": 151754.0,
  "summary_gm_p05": 646.1001123022288,
  "summary_gm_p95": 814.1827407125384,
  "summary_gm_stdv": 50.92682413434606,
  "summary_wm_k": 0.6073049378399236,
  "summary_wm_mad": 39.40336785305544,
  "summary_wm_mean": 998.5362488450429,
  "summary_wm_median": 1000.0247626639903,
  "summary_wm_n": 397050.0,
  "summary_wm_p05": 928.1945795826614,
  "summary_wm_p95": 1065.7369956690818,
  "summary_wm_stdv": 42.10523107702523,
  "tpm_overlap_csf": 0.1439427760747542,
  "tpm_overlap_gm": 0.45669676815720855,
  "tpm_overlap_wm": 0.4904032812313001,
  "wm2max": 0.8756967790912049
}