{
  "bids_meta": {
    "AcquisitionMatrixPE": 300,
    "AcquisitionNumber": 1,
    "AcquisitionTime": "12:08:42.885000",
    "BaseResolution": 320,
    "BodyPartExamined": "BRAIN",
    "ConsistencyInfo": "N4_VE11C_LATEST_20160120",
    "ConversionSoftware": "dcm2niix",
    "ConversionSoftwareVersion": "v1.0.20181125  GCC4.3.2",
    "DeviceSerialNumber": "67010",
    "DwellTime": 7.1e-06,
    "EchoTime": 0.00222,
    "FlipAngle": 8,
    "ImageOrientationPatientDICOM": [
      0.0435787,
      0.998631,
      0.0289451,
      -0.0388302,
      0.0306438,
      -0.998776
    ],
    "ImageType": [
      "ORIGINAL",
      "PRIMARY",
      "M",
      "ND",
      "NORM"
    ],
    "ImagingFrequency": 123.174,
    "InPlanePhaseEncodingDirectionDICOM": "ROW",
    "InstitutionAddress": "6th_SE_2021_Minneapolis_Minneapolis_US_55455",
    "InstitutionName": "CMRR_3T-B",
    "InstitutionalDepartmentName": "Research",
    "InversionTime": 1,
    "MRAcquisitionType": "3D",
    "MagneticFieldStrength": 3,
    "Manufacturer": "Siemens",
    "ManufacturersModelName": "Prisma_fit",
    "Modality": "MR",
    "PartialFourier": 1,
    "PatientPosition": "HFS",
    "PercentPhaseFOV": 93.75,
    "PhaseEncodingSteps": 299,
    "PhaseResolution": 1,
    "PixelBandwidth": 220,
    "ProcedureStepDescription": "Kay_New_Exam",
    "ProtocolName": "T1w_MPR",
    "PulseSequenceDetails": "%SiemensSeq%_tfl",
    "ReceiveCoilActiveElements": "HEA;HEP",
    "ReceiveCoilName": "Head_32",
    "ReconMatrixPE": 320,
    "RepetitionTime": 2.4,
    "SAR": 0.0423956,
    "ScanOptions": "IR_WE",
    "ScanningSequence": "GR_IR",
    "SequenceName": "_tfl3d1_16ns",
    "SequenceVariant": "SK_SP_MP",
    "SeriesDescription": "T1w_MPR",
    "SeriesNumber": 14,
    "ShimSetting": [
      -1067,
      -11717,
      -3730,
      300,
      126,
      -200,
      131,
      52
    ],
    "SliceThickness": 0.8,
    "SoftwareVersions": "syngo_MR_E11",
    "StationName": "TRIOB",
    "TxRefAmp": 255.895,
    "dataset": "ds002702",
    "modality": "T1w",
    "run_id": 1,
    "session_id": "anatomicals",
    "subject_id": "02"
  },
  "cjv": 0.33041458500124843,
  "cnr": 3.9911274627032207,
  "efc": 0.565197995732834,
  "fber": 33686.12958124426,
  "fwhm_avg": 4.450737544832509,
  "fwhm_x": 4.475637766768799,
  "fwhm_y": 4.338974935344235,
  "fwhm_z": 4.5375999323844916,
  "icvs_csf": 0.21653451585888905,
  "icvs_gm": 0.4581340474226236,
  "icvs_wm": 0.32533143671848735,
  "inu_med": 0.46073226630687714,
  "inu_range": 0.17920152097940445,
  "provenance": {
    "md5sum": "d215bbe9e20530610015dabe9d242d3a",
    "settings": {
      "testing": false
    },
    "software": "mriqc",
    "version": "23.0.1",
    "warnings": {
      "large_rot_frame": true,
      "small_air_mask": false
    },
    "webapi_port": null,
    "webapi_url": "https://mriqc.nimh.nih.gov/api/v1"
  },
  "qi_1": 1.5892732531536148e-05,
  "qi_2": 0.0015461328678956748,
  "rpve_csf": 22.16087494804214,
  "rpve_gm": 11.142255068456263,
  "rpve_wm": 16.970899679211758,
  "size_x": 208,
  "size_y": 300,
  "size_z": 320,
  "snr_csf": 2.9043268485105065,
  "snr_gm": 14.401655420818525,
  "snr_total": 13.76277243032186,
  "snr_wm": 23.98233502163655,
  "snrd_csf": 32.137139727576454,
  "snrd_gm": 85.49519408448539,
  "snrd_total": 77.94031310880206,
  "snrd_wm": 116.18860551434435,
  "spacing_x": 0.7999999523162842,
  "spacing_y": 0.800000011920929,
  "spacing_z": 0.800000011920929,
  "summary_bg_k": 19.8730928425509,
  "summary_bg_mad": 0.0,
  "summary_bg_mean": 3.4705449889041975,
  "summary_bg_median": 0.0,
  "summary_bg_n": 7187835.0,
  "summary_bg_p05": 0.0,
  "summary_bg_p95": 14.406641397625208,
  "summary_bg_stdv": 5.638712657588816,
  "summary_csf_k": 1.9728627217144359,
  "summary_csf_mad": 69.66918952426009,
  "summary_csf_mean": 290.0094385700594,
  "summary_csf_median": 276.6020886041224,
  "summary_csf_n": 117901.0,
  "summary_csf_p05": 154.45764496549964,
  "summary_csf_p95": 469.04334554076195,
  "summary_csf_stdv": 95.2375300722757,
  "summary_gm_k": 0.3789707067760566,
  "summary_gm_mad": 48.4707698479985,
  "summary_gm_mean": 734.9625867729819,
  "summary_gm_median": 735.8510884866118,
  "summary_gm_n": 147991.0,
  "summary_gm_p05": 649.5197647064924,
  "summary_gm_p95": 817.6650755573064,
  "summary_gm_stdv": 51.094723547135025,
  "summary_wm_k": 0.660586654785059,
  "summary_wm_mad": 38.816840583666846,
  "summary_wm_mean": 998.7344626148116,
  "summary_wm_median": 1000.0271097458899,
  "summary_wm_n": 396630.0,
  "summary_wm_p05": 929.6489029936492,
  "summary_wm_p95": 1065.6031026989222,
  "summary_wm_stdv": 41.69843546043287,
  "tpm_overlap_csf": 0.14738852634190483,
  "tpm_overlap_gm": 0.4587199722704648,
  "tpm_overlap_wm": 0.4902432488198548,
  "wm2max": 0.8550583431925209
}