{
  "bids_meta": {
    "AcquisitionMatrixPE": 300,
    "AcquisitionNumber": 1,
    "AcquisitionTime": "12:23:36.377500",
    "BaseResolution": 320,
    "BodyPartExamined": "BRAIN",
    "ConsistencyInfo": "N4_VE11C_LATEST_20160120",
    "ConversionSoftware": "dcm2niix",
    "ConversionSoftwareVersion": "v1.0.20181125  GCC4.3.2",
    "DeviceSerialNumber": "67010",
    "DwellTime": 7.1e-06,
    "EchoTime": 0.00222,
    "FlipAngle": 8,
    "ImageOrientationPatientDICOM": [
      0.0435787,
      0.998631,
      0.0289451,
      -0.0388302,
      0.0306438,
      -0.998776
    ],
    "ImageType": [
      "ORIGINAL",
      "PRIMARY",
      "M",
      "ND",
      "NORM"
    ],
    "ImagingFrequency": 123.174,
    "InPlanePhaseEncodingDirectionDICOM": "ROW",
    "InstitutionAddress": "6th_SE_2021_Minneapolis_Minneapolis_US_55455",
    "InstitutionName": "CMRR_3T-B",
    "InstitutionalDepartmentName": "Research",
    "InversionTime": 1,
    "MRAcquisitionType": "3D",
    "MagneticFieldStrength": 3,
    "Manufacturer": "Siemens",
    "ManufacturersModelName": "Prisma_fit",
    "Modality": "MR",
    "PartialFourier": 1,
    "PatientPosition": "HFS",
    "PercentPhaseFOV": 93.75,
    "PhaseEncodingSteps": 299,
    "PhaseResolution": 1,
    "PixelBandwidth": 220,
    "ProcedureStepDescription": "Kay_New_Exam",
    "ProtocolName": "T1w_MPR",
    "PulseSequenceDetails": "%SiemensSeq%_tfl",
    "ReceiveCoilActiveElements": "HEA;HEP",
    "ReceiveCoilName": "Head_32",
    "ReconMatrixPE": 320,
    "RepetitionTime": 2.4,
    "SAR": 0.0423956,
    "ScanOptions": "IR_WE",
    "ScanningSequence": "GR_IR",
    "SequenceName": "_tfl3d1_16ns",
    "SequenceVariant": "SK_SP_MP",
    "SeriesDescription": "T1w_MPR",
    "SeriesNumber": 18,
    "ShimSetting": [
      -1067,
      -11717,
      -3730,
      300,
      126,
      -200,
      131,
      52
    ],
    "SliceThickness": 0.8,
    "SoftwareVersions": "syngo_MR_E11",
    "StationName": "TRIOB",
    "TxRefAmp": 255.895,
    "dataset": "ds002702",
    "modality": "T1w",
    "run_id": 3,
    "session_id": "anatomicals",
    "subject_id": "02"
  },
  "cjv": 0.32569487897309174,
  "cnr": 4.051656330493201,
  "efc": 0.5634939735890109,
  "fber": 37334.82716049383,
  "fwhm_avg": 4.488383378217375,
  "fwhm_x": 4.5003002682387985,
  "fwhm_y": 4.390912434570306,
  "fwhm_z": 4.573937431843021,
  "icvs_csf": 0.21573454314433604,
  "icvs_gm": 0.45811301354913164,
  "icvs_wm": 0.3261524433065323,
  "inu_med": 0.46339336037635803,
  "inu_range": 0.18387554585933685,
  "provenance": {
    "md5sum": "faa8a41e8103cfc0e29c2dc16d3f287a",
    "settings": {
      "testing": false
    },
    "software": "mriqc",
    "version": "23.0.1",
    "warnings": {
      "large_rot_frame": true,
      "small_air_mask": false
    },
    "webapi_port": null,
    "webapi_url": "https://mriqc.nimh.nih.gov/api/v1"
  },
  "qi_1": 6.085820781980956e-05,
  "qi_2": 0.0013247681395134729,
  "rpve_csf": 22.294251814048124,
  "rpve_gm": 11.171787541548968,
  "rpve_wm": 16.99414969111466,
  "size_x": 208,
  "size_y": 300,
  "size_z": 320,
  "snr_csf": 2.9010511056216552,
  "snr_gm": 14.401024137835224,
  "snr_total": 13.707501779591757,
  "snr_wm": 23.82043009531839,
  "snrd_csf": 27.98592667829333,
  "snrd_gm": 75.42970687507405,
  "snrd_total": 68.83373336129084,
  "snrd_wm": 103.08556653050515,
  "spacing_x": 0.7999999523162842,
  "spacing_y": 0.800000011920929,
  "spacing_z": 0.800000011920929,
  "summary_bg_k": 35.407381663797,
  "summary_bg_mad": 0.0,
  "summary_bg_mean": 3.520650770544566,
  "summary_bg_median": 0.0,
  "summary_bg_n": 7291127.0,
  "summary_bg_p05": 0.0,
  "summary_bg_p95": 15.358983762562275,
  "summary_bg_stdv": 6.355433444081014,
  "summary_csf_k": 1.9454226770429166,
  "summary_csf_mad": 69.81900930722495,
  "summary_csf_mean": 284.66147101651893,
  "summary_csf_median": 271.4895621351898,
  "summary_csf_n": 116621.0,
  "summary_csf_p05": 153.43364457041025,
  "summary_csf_p95": 459.441871907562,
  "summary_csf_stdv": 93.58276992235459,
  "summary_gm_k": 0.357241313652251,
  "summary_gm_mad": 48.12841603433362,
  "summary_gm_mean": 730.9655805024915,
  "summary_gm_median": 731.738431494683,
  "summary_gm_n": 150708.0,
  "summary_gm_p05": 646.1186050623655,
  "summary_gm_p95": 813.5575602501631,
  "summary_gm_stdv": 50.8113865248438,
  "summary_wm_k": 0.6439859751494716,
  "summary_wm_mad": 39.2514828443603,
  "summary_wm_mean": 998.6590360807088,
  "summary_wm_median": 1000.0260359980166,
  "summary_wm_n": 397080.0,
  "summary_wm_p05": 928.9321637004614,
  "summary_wm_p95": 1065.9134731218219,
  "summary_wm_stdv": 41.98181026835781,
  "tpm_overlap_csf": 0.14385784552120606,
  "tpm_overlap_gm": 0.45508787260018174,
  "tpm_overlap_wm": 0.4899228622932229,
  "wm2max": 0.8758350242812522
}