{
  "bids_meta": {
    "AcquisitionMatrixPE": 300,
    "AcquisitionNumber": 1,
    "AcquisitionTime": "11:55:33.180000",
    "BaseResolution": 320,
    "BodyPartExamined": "BRAIN",
    "ConsistencyInfo": "N4_VE11C_LATEST_20160120",
    "ConversionSoftware": "dcm2niix",
    "ConversionSoftwareVersion": "v1.0.20181125  GCC4.3.2",
    "DeviceSerialNumber": "67010",
    "DwellTime": 2.1e-06,
    "EchoTime": 0.563,
    "EchoTrainLength": 314,
    "FlipAngle": 120,
    "ImageOrientationPatientDICOM": [
      0.0435787,
      0.998631,
      0.0289451,
      -0.0388302,
      0.0306438,
      -0.998776
    ],
    "ImageType": [
      "ORIGINAL",
      "PRIMARY",
      "M",
      "ND",
      "NORM"
    ],
    "ImagingFrequency": 123.174,
    "InPlanePhaseEncodingDirectionDICOM": "ROW",
    "InstitutionAddress": "6th_SE_2021_Minneapolis_Minneapolis_US_55455",
    "InstitutionName": "CMRR_3T-B",
    "InstitutionalDepartmentName": "Research",
    "MRAcquisitionType": "3D",
    "MagneticFieldStrength": 3,
    "Manufacturer": "Siemens",
    "ManufacturersModelName": "Prisma_fit",
    "Modality": "MR",
    "PartialFourier": 1,
    "PatientPosition": "HFS",
    "PercentPhaseFOV": 93.75,
    "PhaseEncodingSteps": 297,
    "PhaseResolution": 1,
    "PixelBandwidth": 745,
    "ProcedureStepDescription": "Kay_New_Exam",
    "ProtocolName": "T2w_SPC",
    "PulseSequenceDetails": "%SiemensSeq%_tse_vfl",
    "ReceiveCoilActiveElements": "HEA;HEP",
    "ReceiveCoilName": "Head_32",
    "ReconMatrixPE": 320,
    "RepetitionTime": 3.2,
    "SAR": 0.142642,
    "ScanOptions": "PFP",
    "ScanningSequence": "SE",
    "SequenceName": "_spc_314ns",
    "SequenceVariant": "SK_SP",
    "SeriesDescription": "T2w_SPC",
    "SeriesNumber": 10,
    "ShimSetting": [
      -1067,
      -11717,
      -3730,
      300,
      126,
      -200,
      131,
      52
    ],
    "SliceThickness": 0.8,
    "SoftwareVersions": "syngo_MR_E11",
    "StationName": "TRIOB",
    "TxRefAmp": 255.895,
    "dataset": "ds002702",
    "modality": "T2w",
    "run_id": 1,
    "session_id": "anatomicals",
    "subject_id": "02"
  },
  "cjv": 1.0898093867704959,
  "cnr": 0.6844524995771898,
  "efc": 0.5721214711183914,
  "fber": 7336.83723725139,
  "fwhm_avg": 2.7408791910371466,
  "fwhm_x": 2.6258126565106306,
  "fwhm_y": 3.0078624551793567,
  "fwhm_z": 2.588962461421453,
  "icvs_csf": 0.19089947286054856,
  "icvs_gm": 0.6332022074813255,
  "icvs_wm": 0.17589831965812594,
  "inu_med": 0.8404342234134674,
  "inu_range": 0.16571866571903227,
  "provenance": {
    "md5sum": "d5ff51bd0031eb691e4fd8346ab3d1f6",
    "settings": {
      "testing": false
    },
    "software": "mriqc",
    "version": "23.0.1",
    "warnings": {
      "large_rot_frame": true,
      "small_air_mask": false
    },
    "webapi_port": null,
    "webapi_url": "https://mriqc.nimh.nih.gov/api/v1"
  },
  "qi_1": 0.0,
  "qi_2": 0.0035634818233167206,
  "rpve_csf": 24.85564303804758,
  "rpve_gm": 8.746890064375357,
  "rpve_wm": 23.15357848406411,
  "size_x": 208,
  "size_y": 300,
  "size_z": 320,
  "snr_csf": 6.786737568563682,
  "snr_gm": 6.851303242234426,
  "snr_total": 4.810117861093995,
  "snr_wm": 0.7923127724838781,
  "snrd_csf": 137.81460605788976,
  "snrd_gm": 67.88118282835141,
  "snrd_total": 80.5739787641774,
  "snrd_wm": 36.02614740629102,
  "spacing_x": 0.7999999523162842,
  "spacing_y": 0.800000011920929,
  "spacing_z": 0.800000011920929,
  "summary_bg_k": 50.4568586010695,
  "summary_bg_mad": 0.0,
  "summary_bg_mean": 9.588433211554904,
  "summary_bg_median": 0.0,
  "summary_bg_n": 5258015.0,
  "summary_bg_p05": 0.0,
  "summary_bg_p95": 45.770484276115894,
  "summary_bg_stdv": 18.175613566097468,
  "summary_csf_k": 5.129499334963061,
  "summary_csf_mad": 305.75109312881784,
  "summary_csf_mean": 3660.792292956705,
  "summary_csf_median": 3823.425203472376,
  "summary_csf_n": 78037.0,
  "summary_csf_p05": 2421.8131878867744,
  "summary_csf_p95": 4203.12057787925,
  "summary_csf_stdv": 563.3635700883246,
  "summary_gm_k": -0.5158150057453428,
  "summary_gm_mad": 280.5367684892954,
  "summary_gm_mean": 1841.621102895236,
  "summary_gm_median": 1883.2446914836764,
  "summary_gm_n": 504838.0,
  "summary_gm_p05": 1355.8119542598724,
  "summary_gm_p95": 2240.979106552899,
  "summary_gm_stdv": 274.87366413393823,
  "summary_wm_k": 1.8473846304206356,
  "summary_wm_mad": 682.5956189912457,
  "summary_wm_mean": 1193.4315315171764,
  "summary_wm_median": 999.4824490472674,
  "summary_wm_n": 91956.0,
  "summary_wm_p05": 83.85093565285206,
  "summary_wm_p95": 4378.826738236472,
  "summary_wm_stdv": 1261.4677551267878,
  "tpm_overlap_csf": 0.1174905743837511,
  "tpm_overlap_gm": 0.44184849768740986,
  "tpm_overlap_wm": 0.18355724121392472,
  "wm2max": 0.22680291284942447
}