{
  "bids_meta": {
    "AcquisitionMatrixPE": 300,
    "AcquisitionNumber": 1,
    "AcquisitionTime": "12:01:34.727500",
    "BaseResolution": 320,
    "BodyPartExamined": "BRAIN",
    "ConsistencyInfo": "N4_VE11C_LATEST_20160120",
    "ConversionSoftware": "dcm2niix",
    "ConversionSoftwareVersion": "v1.0.20181125  GCC4.3.2",
    "DeviceSerialNumber": "67010",
    "DwellTime": 2.1e-06,
    "EchoTime": 0.563,
    "EchoTrainLength": 314,
    "FlipAngle": 120,
    "ImageOrientationPatientDICOM": [
      0.0435787,
      0.998631,
      0.0289451,
      -0.0388302,
      0.0306438,
      -0.998776
    ],
    "ImageType": [
      "ORIGINAL",
      "PRIMARY",
      "M",
      "ND",
      "NORM"
    ],
    "ImagingFrequency": 123.174,
    "InPlanePhaseEncodingDirectionDICOM": "ROW",
    "InstitutionAddress": "6th_SE_2021_Minneapolis_Minneapolis_US_55455",
    "InstitutionName": "CMRR_3T-B",
    "InstitutionalDepartmentName": "Research",
    "MRAcquisitionType": "3D",
    "MagneticFieldStrength": 3,
    "Manufacturer": "Siemens",
    "ManufacturersModelName": "Prisma_fit",
    "Modality": "MR",
    "PartialFourier": 1,
    "PatientPosition": "HFS",
    "PercentPhaseFOV": 93.75,
    "PhaseEncodingSteps": 297,
    "PhaseResolution": 1,
    "PixelBandwidth": 745,
    "ProcedureStepDescription": "Kay_New_Exam",
    "ProtocolName": "T2w_SPC",
    "PulseSequenceDetails": "%SiemensSeq%_tse_vfl",
    "ReceiveCoilActiveElements": "HEA;HEP",
    "ReceiveCoilName": "Head_32",
    "ReconMatrixPE": 320,
    "RepetitionTime": 3.2,
    "SAR": 0.142642,
    "ScanOptions": "PFP",
    "ScanningSequence": "SE",
    "SequenceName": "_spc_314ns",
    "SequenceVariant": "SK_SP",
    "SeriesDescription": "T2w_SPC",
    "SeriesNumber": 12,
    "ShimSetting": [
      -1067,
      -11717,
      -3730,
      300,
      126,
      -200,
      131,
      52
    ],
    "SliceThickness": 0.8,
    "SoftwareVersions": "syngo_MR_E11",
    "StationName": "TRIOB",
    "TxRefAmp": 255.895,
    "dataset": "ds002702",
    "modality": "T2w",
    "run_id": 2,
    "session_id": "anatomicals",
    "subject_id": "02"
  },
  "cjv": 2.080000140998961,
  "cnr": 0.44216038426082127,
  "efc": 0.5770172222420709,
  "fber": 6522.75049139751,
  "fwhm_avg": 2.8150833588497126,
  "fwhm_x": 2.716475161914537,
  "fwhm_y": 3.0738374541962528,
  "fwhm_z": 2.6549374604383487,
  "icvs_csf": 0.15212050814730005,
  "icvs_gm": 0.6229021917582026,
  "icvs_wm": 0.22497730009449737,
  "inu_med": 0.9052517414093018,
  "inu_range": 0.18150762915611263,
  "provenance": {
    "md5sum": "85ad4ca1ef849dccae3d386511880944",
    "settings": {
      "testing": false
    },
    "software": "mriqc",
    "version": "23.0.1",
    "warnings": {
      "large_rot_frame": true,
      "small_air_mask": false
    },
    "webapi_port": null,
    "webapi_url": "https://mriqc.nimh.nih.gov/api/v1"
  },
  "qi_1": 0.0,
  "qi_2": 0.005446799477740504,
  "rpve_csf": 29.774620345891247,
  "rpve_gm": 9.04468793581504,
  "rpve_wm": 20.870582540617896,
  "size_x": 208,
  "size_y": 300,
  "size_z": 320,
  "snr_csf": 6.180032419255312,
  "snr_gm": 6.699139205149043,
  "snr_total": 4.535885311202905,
  "snr_wm": 0.7284843092043597,
  "snrd_csf": 129.4407836283084,
  "snrd_gm": 67.06249987150517,
  "snrd_total": 79.33154641713317,
  "snrd_wm": 41.49135575158594,
  "spacing_x": 0.7999999523162842,
  "spacing_y": 0.800000011920929,
  "spacing_z": 0.800000011920929,
  "summary_bg_k": 88.15704734344119,
  "summary_bg_mad": 0.0,
  "summary_bg_mean": 8.12629201797453,
  "summary_bg_median": 0.0,
  "summary_bg_n": 5258509.0,
  "summary_bg_p05": 0.0,
  "summary_bg_p95": 37.520555198192596,
  "summary_bg_stdv": 15.79924632766164,
  "summary_csf_k": 1.0202909137793457,
  "summary_csf_mad": 311.5768350206,
  "summary_csf_mean": 2935.0153409985683,
  "summary_csf_median": 3121.589374959469,
  "summary_csf_n": 25126.0,
  "summary_csf_p05": 1981.743098795414,
  "summary_csf_p95": 3481.659175246954,
  "summary_csf_stdv": 505.0988480103024,
  "summary_gm_k": -0.5838633768793557,
  "summary_gm_mad": 254.05801974052758,
  "summary_gm_mean": 1583.9748369311767,
  "summary_gm_median": 1617.276882827282,
  "summary_gm_n": 568540.0,
  "summary_gm_p05": 1164.7481115460396,
  "summary_gm_p95": 1938.2487879395485,
  "summary_gm_stdv": 241.4154133827468,
  "summary_wm_k": -1.202926458326359,
  "summary_wm_mad": 1028.6215123572124,
  "summary_wm_mean": 1589.4412577430721,
  "summary_wm_median": 1000.6040726602077,
  "summary_wm_n": 136502.0,
  "summary_wm_p05": 99.13749557733536,
  "summary_wm_p95": 3888.579328894615,
  "summary_wm_stdv": 1373.5373498760125,
  "tpm_overlap_csf": 0.10057578049244655,
  "tpm_overlap_gm": 0.43487543240003007,
  "tpm_overlap_wm": 0.1908761014168327,
  "wm2max": 0.2538354135095098
}