{
  "bids_meta": {
    "AcquisitionMatrixPE": 300,
    "AcquisitionNumber": 1,
    "AcquisitionTime": "12:50:43.045000",
    "BaseResolution": 320,
    "BodyPartExamined": "BRAIN",
    "ConsistencyInfo": "N4_VE11C_LATEST_20160120",
    "ConversionSoftware": "dcm2niix",
    "ConversionSoftwareVersion": "v1.0.20181125  GCC4.3.2",
    "DeviceSerialNumber": "67010",
    "DwellTime": 7.1e-06,
    "EchoTime": 0.00222,
    "FlipAngle": 8,
    "ImageOrientationPatientDICOM": [
      0.0435787,
      0.998631,
      0.0289451,
      -0.0388302,
      0.0306438,
      -0.998776
    ],
    "ImageType": [
      "ORIGINAL",
      "PRIMARY",
      "M",
      "ND",
      "NORM"
    ],
    "ImagingFrequency": 123.174,
    "InPlanePhaseEncodingDirectionDICOM": "ROW",
    "InstitutionAddress": "6th_SE_2021_Minneapolis_Minneapolis_US_55455",
    "InstitutionName": "CMRR_3T-B",
    "InstitutionalDepartmentName": "Research",
    "InversionTime": 1,
    "MRAcquisitionType": "3D",
    "MagneticFieldStrength": 3,
    "Manufacturer": "Siemens",
    "ManufacturersModelName": "Prisma_fit",
    "Modality": "MR",
    "PartialFourier": 1,
    "PatientPosition": "HFS",
    "PercentPhaseFOV": 93.75,
    "PhaseEncodingSteps": 299,
    "PhaseResolution": 1,
    "PixelBandwidth": 220,
    "ProcedureStepDescription": "Kay_New_Exam",
    "ProtocolName": "T1w_MPR",
    "PulseSequenceDetails": "%SiemensSeq%_tfl",
    "ReceiveCoilActiveElements": "HEA;HEP",
    "ReceiveCoilName": "Head_32",
    "ReconMatrixPE": 320,
    "RepetitionTime": 2.4,
    "SAR": 0.0423956,
    "ScanOptions": "IR_WE",
    "ScanningSequence": "GR_IR",
    "SequenceName": "_tfl3d1_16ns",
    "SequenceVariant": "SK_SP_MP",
    "SeriesDescription": "T1w_MPR",
    "SeriesNumber": 26,
    "ShimSetting": [
      -1067,
      -11717,
      -3730,
      300,
      126,
      -200,
      131,
      52
    ],
    "SliceThickness": 0.8,
    "SoftwareVersions": "syngo_MR_E11",
    "StationName": "TRIOB",
    "TxRefAmp": 255.895,
    "dataset": "ds002702",
    "modality": "T1w",
    "run_id": 7,
    "session_id": "anatomicals",
    "subject_id": "02"
  },
  "cjv": 0.3346760644181064,
  "cnr": 3.9714787924614208,
  "efc": 0.5635714674073292,
  "fber": 38501.69479556529,
  "fwhm_avg": 4.475287545197463,
  "fwhm_x": 4.505062768522666,
  "fwhm_y": 4.347999935209752,
  "fwhm_z": 4.572799931859971,
  "icvs_csf": 0.2136500590052106,
  "icvs_gm": 0.45981845582753256,
  "icvs_wm": 0.32653148516725683,
  "inu_med": 0.47380658984184265,
  "inu_range": 0.1929205983877182,
  "provenance": {
    "md5sum": "5ae6cd77549d7dde889c8e9d25abff3f",
    "settings": {
      "testing": false
    },
    "software": "mriqc",
    "version": "23.0.1",
    "warnings": {
      "large_rot_frame": true,
      "small_air_mask": false
    },
    "webapi_port": null,
    "webapi_url": "https://mriqc.nimh.nih.gov/api/v1"
  },
  "qi_1": 1.3766904232348979e-05,
  "qi_2": 0.0015911275644429643,
  "rpve_csf": 22.48441097483696,
  "rpve_gm": 11.136472602352473,
  "rpve_wm": 16.938049332621464,
  "size_x": 208,
  "size_y": 300,
  "size_z": 320,
  "snr_csf": 2.9237198942967915,
  "snr_gm": 14.158282372286667,
  "snr_total": 13.502667864842621,
  "snr_wm": 23.426001327944405,
  "snrd_csf": 29.008337983165323,
  "snrd_gm": 77.78978388525127,
  "snrd_total": 70.99882766110738,
  "snrd_wm": 106.19836111490555,
  "spacing_x": 0.7999999523162842,
  "spacing_y": 0.800000011920929,
  "spacing_z": 0.800000011920929,
  "summary_bg_k": 489.26047651820267,
  "summary_bg_mad": 0.0,
  "summary_bg_mean": 3.4569993692310743,
  "summary_bg_median": 0.0,
  "summary_bg_n": 7334732.0,
  "summary_bg_p05": 0.0,
  "summary_bg_p95": 15.1286700963974,
  "summary_bg_stdv": 6.169145396231421,
  "summary_csf_k": 1.8145983467618638,
  "summary_csf_mad": 70.888776208665,
  "summary_csf_mean": 285.22263253163413,
  "summary_csf_median": 273.15938287228346,
  "summary_csf_n": 114861.0,
  "summary_csf_p05": 153.56111251562834,
  "summary_csf_p95": 459.78890603780746,
  "summary_csf_stdv": 93.42830491929193,
  "summary_gm_k": 0.3193602342837023,
  "summary_gm_mad": 49.40618074617807,
  "summary_gm_mean": 731.7773621835929,
  "summary_gm_median": 732.513850748539,
  "summary_gm_n": 150605.0,
  "summary_gm_p05": 645.5751080662012,
  "summary_gm_p95": 816.3859711140394,
  "summary_gm_stdv": 51.7373082114932,
  "summary_wm_k": 0.5759863376547916,
  "summary_wm_mad": 40.12357776856026,
  "summary_wm_mean": 999.0551652429403,
  "summary_wm_median": 1000.025537520647,
  "summary_wm_n": 397578.0,
  "summary_wm_p05": 928.3687960505486,
  "summary_wm_p95": 1067.6445596069098,
  "summary_wm_stdv": 42.688646084894266,
  "tpm_overlap_csf": 0.14463442672884486,
  "tpm_overlap_gm": 0.45667623428409704,
  "tpm_overlap_wm": 0.4908876541093212,
  "wm2max": 0.8728781423568512
}