{
  "bids_meta": {
    "AcquisitionMatrixPE": 300,
    "AcquisitionNumber": 1,
    "AcquisitionTime": "12:15:37.012500",
    "BaseResolution": 320,
    "BodyPartExamined": "BRAIN",
    "ConsistencyInfo": "N4_VE11C_LATEST_20160120",
    "ConversionSoftware": "dcm2niix",
    "ConversionSoftwareVersion": "v1.0.20181125  GCC4.3.2",
    "DeviceSerialNumber": "67010",
    "DwellTime": 7.1e-06,
    "EchoTime": 0.00222,
    "FlipAngle": 8,
    "ImageOrientationPatientDICOM": [
      0.0435787,
      0.998631,
      0.0289451,
      -0.0388302,
      0.0306438,
      -0.998776
    ],
    "ImageType": [
      "ORIGINAL",
      "PRIMARY",
      "M",
      "ND",
      "NORM"
    ],
    "ImagingFrequency": 123.174,
    "InPlanePhaseEncodingDirectionDICOM": "ROW",
    "InstitutionAddress": "6th_SE_2021_Minneapolis_Minneapolis_US_55455",
    "InstitutionName": "CMRR_3T-B",
    "InstitutionalDepartmentName": "Research",
    "InversionTime": 1,
    "MRAcquisitionType": "3D",
    "MagneticFieldStrength": 3,
    "Manufacturer": "Siemens",
    "ManufacturersModelName": "Prisma_fit",
    "Modality": "MR",
    "PartialFourier": 1,
    "PatientPosition": "HFS",
    "PercentPhaseFOV": 93.75,
    "PhaseEncodingSteps": 299,
    "PhaseResolution": 1,
    "PixelBandwidth": 220,
    "ProcedureStepDescription": "Kay_New_Exam",
    "ProtocolName": "T1w_MPR",
    "PulseSequenceDetails": "%SiemensSeq%_tfl",
    "ReceiveCoilActiveElements": "HEA;HEP",
    "ReceiveCoilName": "Head_32",
    "ReconMatrixPE": 320,
    "RepetitionTime": 2.4,
    "SAR": 0.0423956,
    "ScanOptions": "IR_WE",
    "ScanningSequence": "GR_IR",
    "SequenceName": "_tfl3d1_16ns",
    "SequenceVariant": "SK_SP_MP",
    "SeriesDescription": "T1w_MPR",
    "SeriesNumber": 16,
    "ShimSetting": [
      -1067,
      -11717,
      -3730,
      300,
      126,
      -200,
      131,
      52
    ],
    "SliceThickness": 0.8,
    "SoftwareVersions": "syngo_MR_E11",
    "StationName": "TRIOB",
    "TxRefAmp": 255.895,
    "dataset": "ds002702",
    "modality": "T1w",
    "run_id": 2,
    "session_id": "anatomicals",
    "subject_id": "02"
  },
  "cjv": 0.36754164969477177,
  "cnr": 3.6863137284311662,
  "efc": 0.571944990573556,
  "fber": 30859.69991939984,
  "fwhm_avg": 4.52726671039978,
  "fwhm_x": 4.477287766867147,
  "fwhm_y": 4.499199932956697,
  "fwhm_z": 4.605312431375497,
  "icvs_csf": 0.21830037692984636,
  "icvs_gm": 0.4444358621855503,
  "icvs_wm": 0.33726376088460336,
  "inu_med": 0.4744531810283661,
  "inu_range": 0.18423238396644592,
  "provenance": {
    "md5sum": "60877b4cec2babca94dbb477e32388e8",
    "settings": {
      "testing": false
    },
    "software": "mriqc",
    "version": "23.0.1",
    "warnings": {
      "large_rot_frame": true,
      "small_air_mask": false
    },
    "webapi_port": null,
    "webapi_url": "https://mriqc.nimh.nih.gov/api/v1"
  },
  "qi_1": 0.00010089899283498135,
  "qi_2": 0.0009688445074168192,
  "rpve_csf": 21.908255501973596,
  "rpve_gm": 11.264103694458598,
  "rpve_wm": 16.262470987206466,
  "size_x": 208,
  "size_y": 300,
  "size_z": 320,
  "snr_csf": 3.0666556834994756,
  "snr_gm": 13.855481415597588,
  "snr_total": 13.002436125046332,
  "snr_wm": 22.085171276041933,
  "snrd_csf": 24.27963763099448,
  "snrd_gm": 62.33498831499595,
  "snrd_total": 56.94089745084992,
  "snrd_wm": 84.20806640655933,
  "spacing_x": 0.7999999523162842,
  "spacing_y": 0.800000011920929,
  "spacing_z": 0.800000011920929,
  "summary_bg_k": 26.121394241174976,
  "summary_bg_mad": 0.0,
  "summary_bg_mean": 4.250731560489174,
  "summary_bg_median": 0.0,
  "summary_bg_n": 7196740.0,
  "summary_bg_p05": 0.0,
  "summary_bg_p95": 18.560361843556166,
  "summary_bg_stdv": 7.780390696281731,
  "summary_csf_k": 1.5082066557587348,
  "summary_csf_mad": 75.63361189671674,
  "summary_csf_mean": 297.88265444460404,
  "summary_csf_median": 288.3446359159425,
  "summary_csf_n": 120580.0,
  "summary_csf_p05": 160.56057948432863,
  "summary_csf_p95": 468.9046777635813,
  "summary_csf_stdv": 94.02537161506496,
  "summary_gm_k": 0.18291333331190485,
  "summary_gm_mad": 52.52278769732452,
  "summary_gm_mean": 739.0278960898625,
  "summary_gm_median": 740.2894468065351,
  "summary_gm_n": 118201.0,
  "summary_gm_p05": 649.666462674737,
  "summary_gm_p95": 824.7794418074191,
  "summary_gm_stdv": 53.429129823016986,
  "summary_wm_k": 0.519026600036645,
  "summary_wm_mad": 42.951436864099094,
  "summary_wm_mean": 999.7319825165275,
  "summary_wm_median": 1000.0538153909147,
  "summary_wm_n": 400661.0,
  "summary_wm_p05": 926.1620559934527,
  "summary_wm_p95": 1074.053171088919,
  "summary_wm_stdv": 45.28163059663727,
  "tpm_overlap_csf": 0.14395288092343422,
  "tpm_overlap_gm": 0.4527830381339904,
  "tpm_overlap_wm": 0.4916773071931012,
  "wm2max": 0.852686864980161
}