{
  "bids_meta": {
    "AcquisitionMatrixPE": 300,
    "AcquisitionNumber": 1,
    "AcquisitionTime": "12:30:18.285000",
    "BaseResolution": 320,
    "BodyPartExamined": "BRAIN",
    "ConsistencyInfo": "N4_VE11C_LATEST_20160120",
    "ConversionSoftware": "dcm2niix",
    "ConversionSoftwareVersion": "v1.0.20181125  GCC4.3.2",
    "DeviceSerialNumber": "67010",
    "DwellTime": 7.1e-06,
    "EchoTime": 0.00222,
    "FlipAngle": 8,
    "ImageOrientationPatientDICOM": [
      0.0435787,
      0.998631,
      0.0289451,
      -0.0388302,
      0.0306438,
      -0.998776
    ],
    "ImageType": [
      "ORIGINAL",
      "PRIMARY",
      "M",
      "ND",
      "NORM"
    ],
    "ImagingFrequency": 123.174,
    "InPlanePhaseEncodingDirectionDICOM": "ROW",
    "InstitutionAddress": "6th_SE_2021_Minneapolis_Minneapolis_US_55455",
    "InstitutionName": "CMRR_3T-B",
    "InstitutionalDepartmentName": "Research",
    "InversionTime": 1,
    "MRAcquisitionType": "3D",
    "MagneticFieldStrength": 3,
    "Manufacturer": "Siemens",
    "ManufacturersModelName": "Prisma_fit",
    "Modality": "MR",
    "PartialFourier": 1,
    "PatientPosition": "HFS",
    "PercentPhaseFOV": 93.75,
    "PhaseEncodingSteps": 299,
    "PhaseResolution": 1,
    "PixelBandwidth": 220,
    "ProcedureStepDescription": "Kay_New_Exam",
    "ProtocolName": "T1w_MPR",
    "PulseSequenceDetails": "%SiemensSeq%_tfl",
    "ReceiveCoilActiveElements": "HEA;HEP",
    "ReceiveCoilName": "Head_32",
    "ReconMatrixPE": 320,
    "RepetitionTime": 2.4,
    "SAR": 0.0423956,
    "ScanOptions": "IR_WE",
    "ScanningSequence": "GR_IR",
    "SequenceName": "_tfl3d1_16ns",
    "SequenceVariant": "SK_SP_MP",
    "SeriesDescription": "T1w_MPR",
    "SeriesNumber": 20,
    "ShimSetting": [
      -1067,
      -11717,
      -3730,
      300,
      126,
      -200,
      131,
      52
    ],
    "SliceThickness": 0.8,
    "SoftwareVersions": "syngo_MR_E11",
    "StationName": "TRIOB",
    "TxRefAmp": 255.895,
    "dataset": "ds002702",
    "modality": "T1w",
    "run_id": 4,
    "session_id": "anatomicals",
    "subject_id": "02"
  },
  "cjv": 0.3287151008477089,
  "cnr": 4.0196026756957535,
  "efc": 0.5630727961830775,
  "fber": 38705.38504155124,
  "fwhm_avg": 4.474687545042491,
  "fwhm_x": 4.498462768129276,
  "fwhm_y": 4.356712435079926,
  "fwhm_z": 4.568887431918272,
  "icvs_csf": 0.21389077667581816,
  "icvs_gm": 0.4593112786433514,
  "icvs_wm": 0.3267979446808304,
  "inu_med": 0.46869631111621857,
  "inu_range": 0.190561506152153,
  "provenance": {
    "md5sum": "2d8d82b9ec6d9b68aed5e27e66929170",
    "settings": {
      "testing": false
    },
    "software": "mriqc",
    "version": "23.0.1",
    "warnings": {
      "large_rot_frame": true,
      "small_air_mask": false
    },
    "webapi_port": null,
    "webapi_url": "https://mriqc.nimh.nih.gov/api/v1"
  },
  "qi_1": 1.3829311591220161e-05,
  "qi_2": 0.0014760374178467734,
  "rpve_csf": 22.498959249071266,
  "rpve_gm": 11.172228662693488,
  "rpve_wm": 16.977482903908278,
  "size_x": 208,
  "size_y": 300,
  "size_z": 320,
  "snr_csf": 2.9223378149320287,
  "snr_gm": 14.352265829657917,
  "snr_total": 13.620455406929343,
  "snr_wm": 23.586762576198083,
  "snrd_csf": 29.039914143203795,
  "snrd_gm": 78.08976327089117,
  "snrd_total": 71.25917639941731,
  "snrd_wm": 106.64785178415698,
  "spacing_x": 0.7999999523162842,
  "spacing_y": 0.800000011920929,
  "spacing_z": 0.800000011920929,
  "summary_bg_k": 29.446879459766905,
  "summary_bg_mad": 0.0,
  "summary_bg_mean": 3.4020384627241174,
  "summary_bg_median": 0.0,
  "summary_bg_n": 7300104.0,
  "summary_bg_p05": 0.0,
  "summary_bg_p95": 14.882929921150208,
  "summary_bg_stdv": 6.143150614141454,
  "summary_csf_k": 1.92387342537715,
  "summary_csf_mad": 69.78203280621322,
  "summary_csf_mean": 285.69279170807897,
  "summary_csf_median": 272.30446423590183,
  "summary_csf_n": 114677.0,
  "summary_csf_p05": 156.5312154456973,
  "summary_csf_p95": 459.21811804920435,
  "summary_csf_stdv": 93.17994503401445,
  "summary_gm_k": 0.33568908342517245,
  "summary_gm_mad": 48.66223066949369,
  "summary_gm_mean": 731.3149405108456,
  "summary_gm_median": 732.2401521205902,
  "summary_gm_n": 151751.0,
  "summary_gm_p05": 645.8925819173455,
  "summary_gm_p95": 814.0431133657694,
  "summary_gm_stdv": 51.01896440396945,
  "summary_wm_k": 0.652254157447004,
  "summary_wm_mad": 39.36321331078882,
  "summary_wm_mean": 999.011691792631,
  "summary_wm_median": 1000.026584059,
  "summary_wm_n": 398135.0,
  "summary_wm_p05": 928.6150970980525,
  "summary_wm_p95": 1067.1326520070434,
  "summary_wm_stdv": 42.39773580366417,
  "tpm_overlap_csf": 0.14453720029052947,
  "tpm_overlap_gm": 0.45590371252947326,
  "tpm_overlap_wm": 0.4910225448767581,
  "wm2max": 0.870897550445548
}