{
  "bids_meta": {
    "AcquisitionMatrixPE": 300,
    "AcquisitionNumber": 1,
    "AcquisitionTime": "12:57:25.730000",
    "BaseResolution": 320,
    "BodyPartExamined": "BRAIN",
    "ConsistencyInfo": "N4_VE11C_LATEST_20160120",
    "ConversionSoftware": "dcm2niix",
    "ConversionSoftwareVersion": "v1.0.20181125  GCC4.3.2",
    "DeviceSerialNumber": "67010",
    "DwellTime": 7.1e-06,
    "EchoTime": 0.00222,
    "FlipAngle": 8,
    "ImageOrientationPatientDICOM": [
      0.0435787,
      0.998631,
      0.0289451,
      -0.0388302,
      0.0306438,
      -0.998776
    ],
    "ImageType": [
      "ORIGINAL",
      "PRIMARY",
      "M",
      "ND",
      "NORM"
    ],
    "ImagingFrequency": 123.174,
    "InPlanePhaseEncodingDirectionDICOM": "ROW",
    "InstitutionAddress": "6th_SE_2021_Minneapolis_Minneapolis_US_55455",
    "InstitutionName": "CMRR_3T-B",
    "InstitutionalDepartmentName": "Research",
    "InversionTime": 1,
    "MRAcquisitionType": "3D",
    "MagneticFieldStrength": 3,
    "Manufacturer": "Siemens",
    "ManufacturersModelName": "Prisma_fit",
    "Modality": "MR",
    "PartialFourier": 1,
    "PatientPosition": "HFS",
    "PercentPhaseFOV": 93.75,
    "PhaseEncodingSteps": 299,
    "PhaseResolution": 1,
    "PixelBandwidth": 220,
    "ProcedureStepDescription": "Kay_New_Exam",
    "ProtocolName": "T1w_MPR",
    "PulseSequenceDetails": "%SiemensSeq%_tfl",
    "ReceiveCoilActiveElements": "HEA;HEP",
    "ReceiveCoilName": "Head_32",
    "ReconMatrixPE": 320,
    "RepetitionTime": 2.4,
    "SAR": 0.0423956,
    "ScanOptions": "IR_WE",
    "ScanningSequence": "GR_IR",
    "SequenceName": "_tfl3d1_16ns",
    "SequenceVariant": "SK_SP_MP",
    "SeriesDescription": "T1w_MPR",
    "SeriesNumber": 28,
    "ShimSetting": [
      -1067,
      -11717,
      -3730,
      300,
      126,
      -200,
      131,
      52
    ],
    "SliceThickness": 0.8,
    "SoftwareVersions": "syngo_MR_E11",
    "StationName": "TRIOB",
    "TxRefAmp": 255.895,
    "dataset": "ds002702",
    "modality": "T1w",
    "run_id": 8,
    "session_id": "anatomicals",
    "subject_id": "02"
  },
  "cjv": 0.3394551591096713,
  "cnr": 3.9304955148602643,
  "efc": 0.565154926385546,
  "fber": 31662.90721536351,
  "fwhm_avg": 4.478841711686061,
  "fwhm_x": 4.500025268222408,
  "fwhm_y": 4.359049935045094,
  "fwhm_z": 4.577449931790681,
  "icvs_csf": 0.21389222148559303,
  "icvs_gm": 0.45692771827747036,
  "icvs_wm": 0.3291800602369366,
  "inu_med": 0.46666017174720764,
  "inu_range": 0.18305241167545322,
  "provenance": {
    "md5sum": "27a4a12c94f9d947a69897b4fea7a55c",
    "settings": {
      "testing": false
    },
    "software": "mriqc",
    "version": "23.0.1",
    "warnings": {
      "large_rot_frame": true,
      "small_air_mask": false
    },
    "webapi_port": null,
    "webapi_url": "https://mriqc.nimh.nih.gov/api/v1"
  },
  "qi_1": 1.3895663565985701e-05,
  "qi_2": 0.0014352416550880078,
  "rpve_csf": 22.407064868626794,
  "rpve_gm": 11.147164642084885,
  "rpve_wm": 16.76856178861032,
  "size_x": 208,
  "size_y": 300,
  "size_z": 320,
  "snr_csf": 2.8602988556612434,
  "snr_gm": 13.844216806731353,
  "snr_total": 13.3419311360785,
  "snr_wm": 23.321277745842902,
  "snrd_csf": 28.776860234039464,
  "snrd_gm": 76.96779945867073,
  "snrd_total": 70.32431066921602,
  "snrd_wm": 105.22827231493787,
  "spacing_x": 0.7999999523162842,
  "spacing_y": 0.800000011920929,
  "spacing_z": 0.800000011920929,
  "summary_bg_k": 19.627521228789018,
  "summary_bg_mad": 0.0,
  "summary_bg_mean": 3.848241355953994,
  "summary_bg_median": 0.0,
  "summary_bg_n": 7335276.0,
  "summary_bg_p05": 0.0,
  "summary_bg_p95": 15.491002704948187,
  "summary_bg_stdv": 6.226167705590835,
  "summary_csf_k": 1.604906513412609,
  "summary_csf_mad": 75.11126037354104,
  "summary_csf_mean": 285.76221613365783,
  "summary_csf_median": 273.48435815423727,
  "summary_csf_n": 115797.0,
  "summary_csf_p05": 148.95652488991618,
  "summary_csf_p95": 463.0991883836686,
  "summary_csf_stdv": 95.61349742596677,
  "summary_gm_k": 0.23553532095918994,
  "summary_gm_mad": 51.00510244543785,
  "summary_gm_mean": 731.0192029401844,
  "summary_gm_median": 731.4727549254894,
  "summary_gm_n": 151494.0,
  "summary_gm_p05": 643.1864323094487,
  "summary_gm_p95": 817.5035875476897,
  "summary_gm_stdv": 52.83580508279355,
  "summary_wm_k": 0.5880013446733603,
  "summary_wm_mad": 40.16468081618413,
  "summary_wm_mean": 998.8260711481596,
  "summary_wm_median": 1000.0495634227991,
  "summary_wm_n": 399656.0,
  "summary_wm_p05": 927.4029571376741,
  "summary_wm_p95": 1067.5655496120453,
  "summary_wm_stdv": 42.881368816181,
  "tpm_overlap_csf": 0.14472408152742589,
  "tpm_overlap_gm": 0.45696196227116653,
  "tpm_overlap_wm": 0.4913927092226396,
  "wm2max": 0.8766539923954373
}