{
  "bids_meta": {
    "AcquisitionMatrixPE": 300,
    "AcquisitionNumber": 1,
    "AcquisitionTime": "12:37:20.665000",
    "BaseResolution": 320,
    "BodyPartExamined": "BRAIN",
    "ConsistencyInfo": "N4_VE11C_LATEST_20160120",
    "ConversionSoftware": "dcm2niix",
    "ConversionSoftwareVersion": "v1.0.20181125  GCC4.3.2",
    "DeviceSerialNumber": "67010",
    "DwellTime": 7.1e-06,
    "EchoTime": 0.00222,
    "FlipAngle": 8,
    "ImageOrientationPatientDICOM": [
      0.0435787,
      0.998631,
      0.0289451,
      -0.0388302,
      0.0306438,
      -0.998776
    ],
    "ImageType": [
      "ORIGINAL",
      "PRIMARY",
      "M",
      "ND",
      "NORM"
    ],
    "ImagingFrequency": 123.174,
    "InPlanePhaseEncodingDirectionDICOM": "ROW",
    "InstitutionAddress": "6th_SE_2021_Minneapolis_Minneapolis_US_55455",
    "InstitutionName": "CMRR_3T-B",
    "InstitutionalDepartmentName": "Research",
    "InversionTime": 1,
    "MRAcquisitionType": "3D",
    "MagneticFieldStrength": 3,
    "Manufacturer": "Siemens",
    "ManufacturersModelName": "Prisma_fit",
    "Modality": "MR",
    "PartialFourier": 1,
    "PatientPosition": "HFS",
    "PercentPhaseFOV": 93.75,
    "PhaseEncodingSteps": 299,
    "PhaseResolution": 1,
    "PixelBandwidth": 220,
    "ProcedureStepDescription": "Kay_New_Exam",
    "ProtocolName": "T1w_MPR",
    "PulseSequenceDetails": "%SiemensSeq%_tfl",
    "ReceiveCoilActiveElements": "HEA;HEP",
    "ReceiveCoilName": "Head_32",
    "ReconMatrixPE": 320,
    "RepetitionTime": 2.4,
    "SAR": 0.0423956,
    "ScanOptions": "IR_WE",
    "ScanningSequence": "GR_IR",
    "SequenceName": "_tfl3d1_16ns",
    "SequenceVariant": "SK_SP_MP",
    "SeriesDescription": "T1w_MPR",
    "SeriesNumber": 22,
    "ShimSetting": [
      -1067,
      -11717,
      -3730,
      300,
      126,
      -200,
      131,
      52
    ],
    "SliceThickness": 0.8,
    "SoftwareVersions": "syngo_MR_E11",
    "StationName": "TRIOB",
    "TxRefAmp": 255.895,
    "dataset": "ds002702",
    "modality": "T1w",
    "run_id": 5,
    "session_id": "anatomicals",
    "subject_id": "02"
  },
  "cjv": 0.3326305276488975,
  "cnr": 3.9890917940265034,
  "efc": 0.5623957601294831,
  "fber": 41123.57063711911,
  "fwhm_avg": 4.490954211829981,
  "fwhm_x": 4.513087769000993,
  "fwhm_y": 4.379787434736081,
  "fwhm_z": 4.579987431752869,
  "icvs_csf": 0.21494730693864447,
  "icvs_gm": 0.45883581878502544,
  "icvs_wm": 0.32621687427633006,
  "inu_med": 0.4662817567586899,
  "inu_range": 0.18742160201072688,
  "provenance": {
    "md5sum": "6b4f64e1f1f36a12e7c2a6060cb17571",
    "settings": {
      "testing": false
    },
    "software": "mriqc",
    "version": "23.0.1",
    "warnings": {
      "large_rot_frame": true,
      "small_air_mask": false
    },
    "webapi_port": null,
    "webapi_url": "https://mriqc.nimh.nih.gov/api/v1"
  },
  "qi_1": 1.1667287841713794e-05,
  "qi_2": 0.0015364164745971464,
  "rpve_csf": 22.309896767821527,
  "rpve_gm": 11.15286471280392,
  "rpve_wm": 16.991455759928364,
  "size_x": 208,
  "size_y": 300,
  "size_z": 320,
  "snr_csf": 2.9466774535550635,
  "snr_gm": 14.208576936094603,
  "snr_total": 13.656912694467074,
  "snr_wm": 23.815483693751556,
  "snrd_csf": 30.531409495210177,
  "snrd_gm": 81.92159306282291,
  "snrd_total": 74.71210995027695,
  "snrd_wm": 111.6833272927978,
  "spacing_x": 0.7999999523162842,
  "spacing_y": 0.800000011920929,
  "spacing_z": 0.800000011920929,
  "summary_bg_k": 21.407695969996215,
  "summary_bg_mad": 0.0,
  "summary_bg_mean": 3.3397009359004386,
  "summary_bg_median": 0.0,
  "summary_bg_n": 7348735.0,
  "summary_bg_p05": 0.0,
  "summary_bg_p95": 14.683570774272084,
  "summary_bg_stdv": 5.866168945929369,
  "summary_csf_k": 1.8479264201536134,
  "summary_csf_mad": 70.22792620554728,
  "summary_csf_mean": 286.12546505102495,
  "summary_csf_median": 273.38185797072947,
  "summary_csf_n": 115892.0,
  "summary_csf_p05": 155.99300993662328,
  "summary_csf_p95": 458.1222650501877,
  "summary_csf_stdv": 92.77590873414321,
  "summary_gm_k": 0.3039923175154011,
  "summary_gm_mad": 49.41117934983131,
  "summary_gm_mean": 732.677805806615,
  "summary_gm_median": 733.5356503259391,
  "summary_gm_n": 151825.0,
  "summary_gm_p05": 646.642855849117,
  "summary_gm_p95": 816.8797009028494,
  "summary_gm_stdv": 51.626087390289925,
  "summary_wm_k": 0.5972299941549815,
  "summary_wm_mad": 39.23156138192625,
  "summary_wm_mean": 999.0836979946624,
  "summary_wm_median": 1000.0257447808981,
  "summary_wm_n": 397725.0,
  "summary_wm_p05": 929.1022978536785,
  "summary_wm_p95": 1066.6546972785145,
  "summary_wm_stdv": 41.99051761690976,
  "tpm_overlap_csf": 0.13928395316696704,
  "tpm_overlap_gm": 0.4525740429694074,
  "tpm_overlap_wm": 0.4905254430428469,
  "wm2max": 0.8753826661783671
}