{
  "aor": 0.0006561538461538462,
  "aqi": 0.0340617916083916,
  "bids_meta": {
    "AcquisitionMatrixPE": 162,
    "AcquisitionNumber": 1,
    "AcquisitionTime": "13:26:44.825000",
    "BandwidthPerPixelPhaseEncode": 18.519,
    "BaseResolution": 200,
    "CoilString": "C:H01-32",
    "ConversionSoftware": "dcm2niix",
    "ConversionSoftwareVersion": "v1.0.20181125  GCC4.3.2",
    "DerivedVendorReportedEchoSpacing": 0.000999974,
    "DeviceSerialNumber": "18912",
    "DwellTime": 2.2e-06,
    "EchoTime": 0.0224,
    "EffectiveEchoSpacing": 0.000333325,
    "FlipAngle": 70,
    "ImageComments": "Unaliased_MB2_PE2_SENSE1",
    "ImageOrientationPatientDICOM": [
      1,
      0,
      -1e-16,
      0,
      -0.681998,
      -0.731354
    ],
    "ImageType": [
      "ORIGINAL",
      "PRIMARY",
      "M",
      "MB",
      "ND",
      "MOSAIC"
    ],
    "ImagingFrequency": 297.3,
    "InPlanePhaseEncodingDirectionDICOM": "COL",
    "InstitutionAddress": "6th_Street_SE_2021_Minneapolis_667926_Chicago_US_55455",
    "InstitutionName": "CMRR_7T_PS",
    "InstitutionalDepartmentName": "CMRR",
    "MRAcquisitionType": "2D",
    "MagneticFieldStrength": 6.98,
    "Manufacturer": "Siemens",
    "ManufacturersModelName": "Investigational_Device_7T",
    "Modality": "MR",
    "MultibandAccelerationFactor": 2,
    "ParallelReductionFactorInPlane": 3,
    "PartialFourier": 0.75,
    "PatientPosition": "HFS",
    "PercentPhaseFOV": 81,
    "PhaseEncodingDirection": "j",
    "PhaseEncodingSteps": 123,
    "PhaseResolution": 1,
    "PixelBandwidth": 1136,
    "ProcedureStepDescription": "Luca_fmri",
    "ProtocolName": "eja_ep2d_bold_p8iso_MB2_2sTR_R3_USED",
    "PulseSequenceDetails": "%CustomerSeq%_eja_ep2d_bold",
    "ReceiveCoilName": "VM_8T_32R_Head",
    "ReconMatrixPE": 162,
    "RepetitionTime": 2.2,
    "SAR": 0.0105746,
    "ScanOptions": "PFP",
    "ScanningSequence": "EP",
    "SequenceName": "epfid2d1_162",
    "SequenceVariant": "SK_SS_OSP",
    "SeriesDescription": "eja_ep2d_bold_p8iso_MB2_2sTR_R3_USED",
    "SeriesNumber": 26,
    "ShimSetting": [
      -774,
      -206,
      681,
      4184,
      216,
      723,
      -382,
      180
    ],
    "SliceThickness": 0.8,
    "SliceTiming": [
      0,
      1.63,
      1.05,
      0.4725,
      2.1025,
      1.525,
      0.945,
      0.3675,
      1.9975,
      1.4175,
      0.84,
      0.2625,
      1.8925,
      1.3125,
      0.735,
      0.1575,
      1.7875,
      1.2075,
      0.63,
      0.0525,
      1.6825,
      1.1025,
      0.525,
      2.155,
      1.5775,
      0.9975,
      0.42,
      2.05,
      1.47,
      0.8925,
      0.315,
      1.945,
      1.365,
      0.7875,
      0.21,
      1.84,
      1.26,
      0.6825,
      0.105,
      1.735,
      1.155,
      0.5775,
      0,
      1.63,
      1.05,
      0.4725,
      2.1025,
      1.525,
      0.945,
      0.3675,
      1.9975,
      1.4175,
      0.84,
      0.2625,
      1.8925,
      1.3125,
      0.735,
      0.1575,
      1.7875,
      1.2075,
      0.63,
      0.0525,
      1.6825,
      1.1025,
      0.525,
      2.155,
      1.5775,
      0.9975,
      0.42,
      2.05,
      1.47,
      0.8925,
      0.315,
      1.945,
      1.365,
      0.7875,
      0.21,
      1.84,
      1.26,
      0.6825,
      0.105,
      1.735,
      1.155,
      0.5775
    ],
    "SoftwareVersions": "syngo_MR_B17",
    "SpacingBetweenSlices": 0.8,
    "StationName": "SEPTET",
    "TotalReadoutTime": 0.0536653,
    "TxRefAmp": 85,
    "dataset": "ds002702",
    "modality": "bold",
    "run_id": 4,
    "session_id": "floc7T",
    "subject_id": "11",
    "task_id": "floc"
  },
  "dummy_trs": 0,
  "dvars_nstd": 132.34187881070426,
  "dvars_std": 1.0317088438028172,
  "dvars_vstd": 1.0147598796478878,
  "efc": 0.5915641233054194,
  "fber": 383.0998229980469,
  "fd_mean": 0.1248023772731579,
  "fd_num": 14,
  "fd_perc": 9.79020979020979,
  "fwhm_avg": 3.007966621844471,
  "fwhm_x": 2.9077499566711493,
  "fwhm_y": 3.2153374520877382,
  "fwhm_z": 2.900812456774526,
  "gcor": 0.0019328,
  "gsr_x": 0.011872516013681889,
  "gsr_y": 0.013260980136692524,
  "provenance": {
    "md5sum": "6c7143239b1a1af6e8f81113a53ec892",
    "settings": {
      "fd_thres": 0.2,
      "testing": false
    },
    "software": "mriqc",
    "version": "23.0.1",
    "webapi_port": null,
    "webapi_url": "https://mriqc.nimh.nih.gov/api/v1"
  },
  "size_t": 143,
  "size_x": 200,
  "size_y": 162,
  "size_z": 84,
  "snr": 2.382543806311818,
  "spacing_tr": 2.200000047683716,
  "spacing_x": 0.800000011920929,
  "spacing_y": 0.800000011920929,
  "spacing_z": 0.800000011920929,
  "summary_bg_k": 65.2477002180709,
  "summary_bg_mad": 19.74038273771021,
  "summary_bg_mean": 90.0758056640625,
  "summary_bg_median": 50.818180084228516,
  "summary_bg_n": 1677973.0,
  "summary_bg_p05": 31.993005752563477,
  "summary_bg_p95": 294.41259765625,
  "summary_bg_stdv": 114.50098419189453,
  "summary_fg_k": 1.0738327970765615,
  "summary_fg_mad": 425.7556865707812,
  "summary_fg_mean": 1069.7069091796875,
  "summary_fg_median": 1022.5384521484375,
  "summary_fg_n": 792041.0,
  "summary_fg_p05": 474.03497314453125,
  "summary_fg_p95": 1827.9510498046875,
  "summary_fg_stdv": 429.17901611328125,
  "tsnr": 10.635559301823378
}