{
  "aor": 0.00045434523809523807,
  "aqi": 0.032336848214285716,
  "bids_meta": {
    "AcquisitionMatrixPE": 162,
    "AcquisitionNumber": 1,
    "AcquisitionTime": "16:22:28.540000",
    "BandwidthPerPixelPhaseEncode": 18.519,
    "BaseResolution": 200,
    "CoilString": "C:H01-32",
    "ConversionSoftware": "dcm2niix",
    "ConversionSoftwareVersion": "v1.0.20181125  GCC4.3.2",
    "DerivedVendorReportedEchoSpacing": 0.000999974,
    "DeviceSerialNumber": "18912",
    "DwellTime": 2.2e-06,
    "EchoTime": 0.0226,
    "EffectiveEchoSpacing": 0.000333325,
    "FlipAngle": 70,
    "ImageComments": "Unaliased_MB2_PE2",
    "ImageOrientationPatientDICOM": [
      1,
      0,
      1e-16,
      0,
      -0.512043,
      -0.85896
    ],
    "ImageType": [
      "ORIGINAL",
      "PRIMARY",
      "M",
      "MB",
      "ND",
      "MOSAIC"
    ],
    "ImagingFrequency": 297.28,
    "InPlanePhaseEncodingDirectionDICOM": "COL",
    "InstitutionAddress": "6th_Street_SE_2021_Minneapolis_0735BC_Chicago_US_55455",
    "InstitutionName": "CMRR_7T_PS",
    "InstitutionalDepartmentName": "CMRR",
    "MRAcquisitionType": "2D",
    "MagneticFieldStrength": 6.98,
    "Manufacturer": "Siemens",
    "ManufacturersModelName": "Investigational_Device_7T",
    "Modality": "MR",
    "MultibandAccelerationFactor": 2,
    "ParallelReductionFactorInPlane": 3,
    "PartialFourier": 0.75,
    "PatientPosition": "HFS",
    "PercentPhaseFOV": 81,
    "PhaseEncodingDirection": "j",
    "PhaseEncodingSteps": 123,
    "PhaseResolution": 1,
    "PixelBandwidth": 1136,
    "ProcedureStepDescription": "Ruyuan_fmri",
    "ProtocolName": "eja_ep2d_bold_p8iso_MB2_2pt2sTR_R3_USED",
    "PulseSequenceDetails": "%CustomerSeq%_eja_ep2d_bold",
    "ReceiveCoilName": "VM_8T_32R_Head",
    "ReconMatrixPE": 162,
    "RepetitionTime": 2.2,
    "SAR": 0.011294,
    "ScanOptions": "PFP",
    "ScanningSequence": "EP",
    "SequenceName": "epfid2d1_162",
    "SequenceVariant": "SK_SS_OSP",
    "SeriesDescription": "eja_ep2d_bold_p8iso_MB2_2pt2sTR_R3_USED",
    "SeriesNumber": 18,
    "ShimSetting": [
      -1290,
      -574,
      990,
      1583,
      217,
      -18,
      704,
      -197
    ],
    "SliceThickness": 0.8,
    "SliceTiming": [
      0,
      1.63,
      1.0525,
      0.475,
      2.105,
      1.525,
      0.9475,
      0.3675,
      1.9975,
      1.42,
      0.8425,
      0.2625,
      1.8925,
      1.315,
      0.7375,
      0.1575,
      1.7875,
      1.21,
      0.6325,
      0.0525,
      1.6825,
      1.105,
      0.5275,
      2.1575,
      1.5775,
      1,
      0.42,
      2.05,
      1.4725,
      0.895,
      0.315,
      1.945,
      1.3675,
      0.79,
      0.21,
      1.84,
      1.2625,
      0.685,
      0.105,
      1.735,
      1.1575,
      0.58,
      0,
      1.63,
      1.0525,
      0.475,
      2.105,
      1.525,
      0.9475,
      0.3675,
      1.9975,
      1.42,
      0.8425,
      0.2625,
      1.8925,
      1.315,
      0.7375,
      0.1575,
      1.7875,
      1.21,
      0.6325,
      0.0525,
      1.6825,
      1.105,
      0.5275,
      2.1575,
      1.5775,
      1,
      0.42,
      2.05,
      1.4725,
      0.895,
      0.315,
      1.945,
      1.3675,
      0.79,
      0.21,
      1.84,
      1.2625,
      0.685,
      0.105,
      1.735,
      1.1575,
      0.58
    ],
    "SoftwareVersions": "syngo_MR_B17",
    "SpacingBetweenSlices": 0.8,
    "StationName": "SEPTET",
    "TotalReadoutTime": 0.0536653,
    "TxRefAmp": 80,
    "dataset": "ds002702",
    "modality": "bold",
    "run_id": 5,
    "session_id": "ring7T",
    "subject_id": "05",
    "task_id": "ring"
  },
  "dummy_trs": 0,
  "dvars_nstd": 130.78700996413178,
  "dvars_std": 1.0234625664670665,
  "dvars_vstd": 1.0010380137125743,
  "efc": 0.7029295510905872,
  "fber": 41.696041107177734,
  "fd_mean": 0.13160544483482928,
  "fd_num": 25,
  "fd_perc": 14.880952380952381,
  "fwhm_avg": 3.061220787717589,
  "fwhm_x": 2.979912455595844,
  "fwhm_y": 3.216162452075445,
  "fwhm_z": 2.987587455481478,
  "gcor": 0.00239697,
  "gsr_x": 0.03175259381532669,
  "gsr_y": -0.02396649867296219,
  "provenance": {
    "md5sum": "5ec044d18bbf7b2dcc07734eee1d78a5",
    "settings": {
      "fd_thres": 0.2,
      "testing": false
    },
    "software": "mriqc",
    "version": "23.0.1",
    "webapi_port": null,
    "webapi_url": "https://mriqc.nimh.nih.gov/api/v1"
  },
  "size_t": 168,
  "size_x": 200,
  "size_y": 162,
  "size_z": 84,
  "snr": 2.431842961706581,
  "spacing_tr": 2.200000047683716,
  "spacing_x": 0.800000011920929,
  "spacing_y": 0.800000011920929,
  "spacing_z": 0.800000011920929,
  "summary_bg_k": 27.842023411961346,
  "summary_bg_mad": 21.833079976955766,
  "summary_bg_mean": 138.5186309814453,
  "summary_bg_median": 104.08333587646484,
  "summary_bg_n": 1623480.0,
  "summary_bg_p05": 83.43452453613281,
  "summary_bg_p95": 317.33988952636497,
  "summary_bg_stdv": 106.86428833007812,
  "summary_fg_k": 0.4271931119335224,
  "summary_fg_mad": 293.12282869885473,
  "summary_fg_mean": 726.1559448242188,
  "summary_fg_median": 691.232177734375,
  "summary_fg_n": 846364.0,
  "summary_fg_p05": 325.8035888671875,
  "summary_fg_p95": 1228.7738037109375,
  "summary_fg_stdv": 284.241943359375,
  "tsnr": 11.0714526794618
}