{
  "bids_meta": {
    "AcquisitionMatrixPE": 300,
    "AcquisitionNumber": 1,
    "AcquisitionTime": "17:56:49.352500",
    "BaseResolution": 320,
    "BodyPartExamined": "BRAIN",
    "ConsistencyInfo": "N4_VE11C_LATEST_20160120",
    "ConversionSoftware": "dcm2niix",
    "ConversionSoftwareVersion": "v1.0.20181125  GCC4.3.2",
    "DeviceSerialNumber": "67010",
    "DwellTime": 7.1e-06,
    "EchoTime": 0.00222,
    "FlipAngle": 8,
    "ImageOrientationPatientDICOM": [
      -0.00600232,
      0.968359,
      0.249489,
      0.0412862,
      0.249521,
      -0.967489
    ],
    "ImageType": [
      "ORIGINAL",
      "PRIMARY",
      "M",
      "ND",
      "NORM"
    ],
    "ImagingFrequency": 123.174,
    "InPlanePhaseEncodingDirectionDICOM": "ROW",
    "InstitutionAddress": "6th_SE_2021_Minneapolis_Minneapolis_US_55455",
    "InstitutionName": "CMRR_3T-B",
    "InstitutionalDepartmentName": "Research",
    "InversionTime": 1,
    "MRAcquisitionType": "3D",
    "MagneticFieldStrength": 3,
    "Manufacturer": "Siemens",
    "ManufacturersModelName": "Prisma_fit",
    "Modality": "MR",
    "PartialFourier": 1,
    "PatientPosition": "HFS",
    "PercentPhaseFOV": 93.75,
    "PhaseEncodingSteps": 299,
    "PhaseResolution": 1,
    "PixelBandwidth": 220,
    "ProcedureStepDescription": "Kay_New_Exam",
    "ProtocolName": "T1w_MPR",
    "PulseSequenceDetails": "%SiemensSeq%_tfl",
    "ReceiveCoilActiveElements": "HEA;HEP",
    "ReceiveCoilName": "Head_32",
    "ReconMatrixPE": 320,
    "RepetitionTime": 2.4,
    "SAR": 0.0482844,
    "ScanOptions": "IR_WE",
    "ScanningSequence": "GR_IR",
    "SequenceName": "_tfl3d1_16ns",
    "SequenceVariant": "SK_SP_MP",
    "SeriesDescription": "T1w_MPR",
    "SeriesNumber": 20,
    "ShimSetting": [
      -1037,
      -11563,
      -3586,
      928,
      44,
      -64,
      -227,
      106
    ],
    "SliceThickness": 0.8,
    "SoftwareVersions": "syngo_MR_E11",
    "StationName": "TRIOB",
    "TxRefAmp": 245.162,
    "dataset": "ds002702",
    "modality": "T1w",
    "run_id": 2,
    "session_id": "anatomicals",
    "subject_id": "06"
  },
  "cjv": 0.34251405919076083,
  "cnr": 3.93826355585949,
  "efc": 0.5242177893463248,
  "fber": 44974.05226610453,
  "fwhm_avg": 4.508841708397871,
  "fwhm_x": 4.385625261403636,
  "fwhm_y": 4.621462431134844,
  "fwhm_z": 4.519437432655134,
  "icvs_csf": 0.19560724880057265,
  "icvs_gm": 0.4530444656858305,
  "icvs_wm": 0.35134828551359687,
  "inu_med": 0.4233875721693039,
  "inu_range": 0.1279285430908203,
  "provenance": {
    "md5sum": "adee74d1d84b9eda50758b243042a9cf",
    "settings": {
      "testing": false
    },
    "software": "mriqc",
    "version": "23.0.1",
    "warnings": {
      "large_rot_frame": true,
      "small_air_mask": false
    },
    "webapi_port": null,
    "webapi_url": "https://mriqc.nimh.nih.gov/api/v1"
  },
  "qi_1": 1.982291341889469e-06,
  "qi_2": 0.0018260221055393798,
  "rpve_csf": 26.08303033649081,
  "rpve_gm": 12.23768268538908,
  "rpve_wm": 17.502569772068938,
  "size_x": 208,
  "size_y": 300,
  "size_z": 320,
  "snr_csf": 2.3306841286089073,
  "snr_gm": 14.144838461858747,
  "snr_total": 14.175553547598502,
  "snr_wm": 26.051138052327854,
  "snrd_csf": 36.76879946813299,
  "snrd_gm": 95.60828540946252,
  "snrd_total": 87.01870817522168,
  "snrd_wm": 128.6790396480695,
  "spacing_x": 0.7999999523162842,
  "spacing_y": 0.800000011920929,
  "spacing_z": 0.800000011920929,
  "summary_bg_k": 12.75704317606173,
  "summary_bg_mad": 0.0,
  "summary_bg_mean": 3.126620838179901,
  "summary_bg_median": 0.0,
  "summary_bg_n": 6714212.0,
  "summary_bg_p05": 0.0,
  "summary_bg_p95": 13.341557249426842,
  "summary_bg_stdv": 5.091360272659134,
  "summary_csf_k": 0.4664610062753134,
  "summary_csf_mad": 103.33811381875257,
  "summary_csf_mean": 302.7008000792916,
  "summary_csf_median": 285.74691451340914,
  "summary_csf_n": 86908.0,
  "summary_csf_p05": 111.3014844506979,
  "summary_csf_p95": 531.2863962203264,
  "summary_csf_stdv": 122.60145724557742,
  "summary_gm_k": 0.21277631296212274,
  "summary_gm_mad": 51.14406813055273,
  "summary_gm_mean": 742.8033876254299,
  "summary_gm_median": 743.0150821581483,
  "summary_gm_n": 145577.0,
  "summary_gm_p05": 656.0893538463861,
  "summary_gm_p95": 829.0087290730323,
  "summary_gm_stdv": 52.52888056596577,
  "summary_wm_k": 0.43856665120627936,
  "summary_wm_mad": 36.88469549282909,
  "summary_wm_mean": 999.9506327175002,
  "summary_wm_median": 1000.0228202678263,
  "summary_wm_n": 406610.0,
  "summary_wm_p05": 937.1861416849308,
  "summary_wm_p95": 1062.5956375729293,
  "summary_wm_stdv": 38.3868677272663,
  "tpm_overlap_csf": 0.1360451951305708,
  "tpm_overlap_gm": 0.4687968260026595,
  "tpm_overlap_wm": 0.5167519223793131,
  "wm2max": 0.8536271450858034
}