{
  "bids_meta": {
    "AcquisitionMatrixPE": 300,
    "AcquisitionNumber": 1,
    "AcquisitionTime": "18:17:28.592500",
    "BaseResolution": 320,
    "BodyPartExamined": "BRAIN",
    "ConsistencyInfo": "N4_VE11C_LATEST_20160120",
    "ConversionSoftware": "dcm2niix",
    "ConversionSoftwareVersion": "v1.0.20181125  GCC4.3.2",
    "DeviceSerialNumber": "67010",
    "DwellTime": 7.1e-06,
    "EchoTime": 0.00222,
    "FlipAngle": 8,
    "ImageOrientationPatientDICOM": [
      -0.00600232,
      0.968359,
      0.249489,
      0.0412862,
      0.249521,
      -0.967489
    ],
    "ImageType": [
      "ORIGINAL",
      "PRIMARY",
      "M",
      "ND",
      "NORM"
    ],
    "ImagingFrequency": 123.174,
    "InPlanePhaseEncodingDirectionDICOM": "ROW",
    "InstitutionAddress": "6th_SE_2021_Minneapolis_Minneapolis_US_55455",
    "InstitutionName": "CMRR_3T-B",
    "InstitutionalDepartmentName": "Research",
    "InversionTime": 1,
    "MRAcquisitionType": "3D",
    "MagneticFieldStrength": 3,
    "Manufacturer": "Siemens",
    "ManufacturersModelName": "Prisma_fit",
    "Modality": "MR",
    "PartialFourier": 1,
    "PatientPosition": "HFS",
    "PercentPhaseFOV": 93.75,
    "PhaseEncodingSteps": 299,
    "PhaseResolution": 1,
    "PixelBandwidth": 220,
    "ProcedureStepDescription": "Kay_New_Exam",
    "ProtocolName": "T1w_MPR",
    "PulseSequenceDetails": "%SiemensSeq%_tfl",
    "ReceiveCoilActiveElements": "HEA;HEP",
    "ReceiveCoilName": "Head_32",
    "ReconMatrixPE": 320,
    "RepetitionTime": 2.4,
    "SAR": 0.0482844,
    "ScanOptions": "IR_WE",
    "ScanningSequence": "GR_IR",
    "SequenceName": "_tfl3d1_16ns",
    "SequenceVariant": "SK_SP_MP",
    "SeriesDescription": "T1w_MPR",
    "SeriesNumber": 26,
    "ShimSetting": [
      -1037,
      -11563,
      -3586,
      928,
      44,
      -64,
      -227,
      106
    ],
    "SliceThickness": 0.8,
    "SoftwareVersions": "syngo_MR_E11",
    "StationName": "TRIOB",
    "TxRefAmp": 245.162,
    "dataset": "ds002702",
    "modality": "T1w",
    "run_id": 5,
    "session_id": "anatomicals",
    "subject_id": "06"
  },
  "cjv": 0.33097185075152463,
  "cnr": 4.050158337561783,
  "efc": 0.5209384696778583,
  "fber": 48584.109177640414,
  "fwhm_avg": 4.444483374673444,
  "fwhm_x": 4.331262758163378,
  "fwhm_y": 4.554612432130986,
  "fwhm_z": 4.447574933725969,
  "icvs_csf": 0.19148344446264812,
  "icvs_gm": 0.45709272169947557,
  "icvs_wm": 0.3514238338378763,
  "inu_med": 0.41056084632873535,
  "inu_range": 0.12442218363285062,
  "provenance": {
    "md5sum": "3de76ed2f2aba98a9a9857c715fbd233",
    "settings": {
      "testing": false
    },
    "software": "mriqc",
    "version": "23.0.1",
    "warnings": {
      "large_rot_frame": true,
      "small_air_mask": false
    },
    "webapi_port": null,
    "webapi_url": "https://mriqc.nimh.nih.gov/api/v1"
  },
  "qi_1": 0.0,
  "qi_2": 0.002004086529368353,
  "rpve_csf": 26.536604870664352,
  "rpve_gm": 12.225447037523871,
  "rpve_wm": 17.601156812909466,
  "size_x": 208,
  "size_y": 300,
  "size_z": 320,
  "snr_csf": 2.404747291265529,
  "snr_gm": 14.339655765360824,
  "snr_total": 14.61072494817231,
  "snr_wm": 27.08777178789057,
  "snrd_csf": 38.06331960305391,
  "snrd_gm": 98.49932911757708,
  "snrd_total": 89.78092096126717,
  "snrd_wm": 132.78011416317054,
  "spacing_x": 0.7999999523162842,
  "spacing_y": 0.800000011920929,
  "spacing_z": 0.800000011920929,
  "summary_bg_k": 11.67170280716582,
  "summary_bg_mad": 0.0,
  "summary_bg_mean": 3.092392087612921,
  "summary_bg_median": 0.0,
  "summary_bg_n": 6794466.0,
  "summary_bg_p05": 0.0,
  "summary_bg_p95": 12.852560682222247,
  "summary_bg_stdv": 4.934111058488188,
  "summary_csf_k": 0.6416770719238714,
  "summary_csf_mad": 98.63269336006123,
  "summary_csf_mean": 302.03664574681176,
  "summary_csf_median": 286.6710599139333,
  "summary_csf_n": 78905.0,
  "summary_csf_p05": 110.3952423222363,
  "summary_csf_p95": 520.6584123708308,
  "summary_csf_stdv": 119.20971670958765,
  "summary_gm_k": 0.22025050732774698,
  "summary_gm_mad": 49.82332082172536,
  "summary_gm_mean": 741.8855962148785,
  "summary_gm_median": 741.8403695058078,
  "summary_gm_n": 150061.0,
  "summary_gm_p05": 657.2021304443479,
  "summary_gm_p95": 827.9407347366214,
  "summary_gm_stdv": 51.73331283848908,
  "summary_wm_k": 0.4493758414819635,
  "summary_wm_mad": 35.62804485427238,
  "summary_wm_mean": 1000.1842092485074,
  "summary_wm_median": 1000.0235517974943,
  "summary_wm_n": 406382.0,
  "summary_wm_p05": 940.1707095745951,
  "summary_wm_p95": 1060.678205145523,
  "summary_wm_stdv": 36.917850948720655,
  "tpm_overlap_csf": 0.1348782130250291,
  "tpm_overlap_gm": 0.4651084124781213,
  "tpm_overlap_wm": 0.5174807386794931,
  "wm2max": 0.857238158772515
}