{
  "bids_meta": {
    "AcquisitionMatrixPE": 300,
    "AcquisitionNumber": 1,
    "AcquisitionTime": "17:50:5.642500",
    "BaseResolution": 320,
    "BodyPartExamined": "BRAIN",
    "ConsistencyInfo": "N4_VE11C_LATEST_20160120",
    "ConversionSoftware": "dcm2niix",
    "ConversionSoftwareVersion": "v1.0.20181125  GCC4.3.2",
    "DeviceSerialNumber": "67010",
    "DwellTime": 7.1e-06,
    "EchoTime": 0.00222,
    "FlipAngle": 8,
    "ImageOrientationPatientDICOM": [
      -0.00600232,
      0.968359,
      0.249489,
      0.0412862,
      0.249521,
      -0.967489
    ],
    "ImageType": [
      "ORIGINAL",
      "PRIMARY",
      "M",
      "ND",
      "NORM"
    ],
    "ImagingFrequency": 123.174,
    "InPlanePhaseEncodingDirectionDICOM": "ROW",
    "InstitutionAddress": "6th_SE_2021_Minneapolis_Minneapolis_US_55455",
    "InstitutionName": "CMRR_3T-B",
    "InstitutionalDepartmentName": "Research",
    "InversionTime": 1,
    "MRAcquisitionType": "3D",
    "MagneticFieldStrength": 3,
    "Manufacturer": "Siemens",
    "ManufacturersModelName": "Prisma_fit",
    "Modality": "MR",
    "PartialFourier": 1,
    "PatientPosition": "HFS",
    "PercentPhaseFOV": 93.75,
    "PhaseEncodingSteps": 299,
    "PhaseResolution": 1,
    "PixelBandwidth": 220,
    "ProcedureStepDescription": "Kay_New_Exam",
    "ProtocolName": "T1w_MPR",
    "PulseSequenceDetails": "%SiemensSeq%_tfl",
    "ReceiveCoilActiveElements": "HEA;HEP",
    "ReceiveCoilName": "Head_32",
    "ReconMatrixPE": 320,
    "RepetitionTime": 2.4,
    "SAR": 0.0482844,
    "ScanOptions": "IR_WE",
    "ScanningSequence": "GR_IR",
    "SequenceName": "_tfl3d1_16ns",
    "SequenceVariant": "SK_SP_MP",
    "SeriesDescription": "T1w_MPR",
    "SeriesNumber": 18,
    "ShimSetting": [
      -1037,
      -11563,
      -3586,
      928,
      44,
      -64,
      -227,
      106
    ],
    "SliceThickness": 0.8,
    "SoftwareVersions": "syngo_MR_E11",
    "StationName": "TRIOB",
    "TxRefAmp": 245.162,
    "dataset": "ds002702",
    "modality": "T1w",
    "run_id": 1,
    "session_id": "anatomicals",
    "subject_id": "06"
  },
  "cjv": 0.3246102205555706,
  "cnr": 4.073144880384572,
  "efc": 0.5213557495359215,
  "fber": 48534.6389590875,
  "fwhm_avg": 4.457175042358916,
  "fwhm_x": 4.379900261062399,
  "fwhm_y": 4.531324932477997,
  "fwhm_z": 4.460299933536351,
  "icvs_csf": 0.19468781365318116,
  "icvs_gm": 0.45627552850381053,
  "icvs_wm": 0.3490366578430083,
  "inu_med": 0.40737558901309967,
  "inu_range": 0.12110079377889632,
  "provenance": {
    "md5sum": "42e3334d81441c5e88ce80ef4b381fdf",
    "settings": {
      "testing": false
    },
    "software": "mriqc",
    "version": "23.0.1",
    "warnings": {
      "large_rot_frame": true,
      "small_air_mask": false
    },
    "webapi_port": null,
    "webapi_url": "https://mriqc.nimh.nih.gov/api/v1"
  },
  "qi_1": 9.930986735748502e-07,
  "qi_2": 0.002031760085369019,
  "rpve_csf": 26.18411625228107,
  "rpve_gm": 12.179699298742579,
  "rpve_wm": 17.596795436343754,
  "size_x": 208,
  "size_y": 300,
  "size_z": 320,
  "snr_csf": 2.211004232830342,
  "snr_gm": 14.136157650196209,
  "snr_total": 14.506112931079164,
  "snr_wm": 27.171176910210942,
  "snrd_csf": 37.17069038691509,
  "snrd_gm": 99.7388414898463,
  "snrd_total": 90.63244768589944,
  "snrd_wm": 134.98781118093692,
  "spacing_x": 0.7999999523162842,
  "spacing_y": 0.800000011920929,
  "spacing_z": 0.800000011920929,
  "summary_bg_k": 11.947160066531106,
  "summary_bg_mad": 0.0,
  "summary_bg_mean": 3.0037931300608265,
  "summary_bg_median": 0.0,
  "summary_bg_n": 6701159.0,
  "summary_bg_p05": 0.0,
  "summary_bg_p95": 12.915423156693578,
  "summary_bg_stdv": 4.853410897380023,
  "summary_csf_k": 0.4573303460572369,
  "summary_csf_mad": 104.45521963401667,
  "summary_csf_mean": 289.94938358843564,
  "summary_csf_median": 275.36957767419517,
  "summary_csf_n": 87221.0,
  "summary_csf_p05": 88.85902245901525,
  "summary_csf_p95": 519.1908994894475,
  "summary_csf_stdv": 124.54431113563642,
  "summary_gm_k": 0.30197005734895566,
  "summary_gm_mad": 49.74540527672375,
  "summary_gm_mean": 738.9163984004914,
  "summary_gm_median": 738.8897642977536,
  "summary_gm_n": 148756.0,
  "summary_gm_p05": 652.5591580122709,
  "summary_gm_p95": 825.7442766372114,
  "summary_gm_stdv": 52.26931525628735,
  "summary_wm_k": 0.5612402639466971,
  "summary_wm_mad": 35.021035486736274,
  "summary_wm_mean": 999.7645887385682,
  "summary_wm_median": 1000.0227644182742,
  "summary_wm_n": 405649.0,
  "summary_wm_p05": 939.1357695367187,
  "summary_wm_p95": 1059.0646988488734,
  "summary_wm_stdv": 36.80449820415903,
  "tpm_overlap_csf": 0.13030999348426434,
  "tpm_overlap_gm": 0.46455729282931046,
  "tpm_overlap_wm": 0.515146189620054,
  "wm2max": 0.8525322355134379
}