{
  "bids_meta": {
    "AcquisitionMatrixPE": 300,
    "AcquisitionNumber": 1,
    "AcquisitionTime": "18:37:54.992500",
    "BaseResolution": 320,
    "BodyPartExamined": "BRAIN",
    "ConsistencyInfo": "N4_VE11C_LATEST_20160120",
    "ConversionSoftware": "dcm2niix",
    "ConversionSoftwareVersion": "v1.0.20181125  GCC4.3.2",
    "DeviceSerialNumber": "67010",
    "DwellTime": 7.1e-06,
    "EchoTime": 0.00222,
    "FlipAngle": 8,
    "ImageOrientationPatientDICOM": [
      -0.00600232,
      0.968359,
      0.249489,
      0.0412862,
      0.249521,
      -0.967489
    ],
    "ImageType": [
      "ORIGINAL",
      "PRIMARY",
      "M",
      "ND",
      "NORM"
    ],
    "ImagingFrequency": 123.174,
    "InPlanePhaseEncodingDirectionDICOM": "ROW",
    "InstitutionAddress": "6th_SE_2021_Minneapolis_Minneapolis_US_55455",
    "InstitutionName": "CMRR_3T-B",
    "InstitutionalDepartmentName": "Research",
    "InversionTime": 1,
    "MRAcquisitionType": "3D",
    "MagneticFieldStrength": 3,
    "Manufacturer": "Siemens",
    "ManufacturersModelName": "Prisma_fit",
    "Modality": "MR",
    "PartialFourier": 1,
    "PatientPosition": "HFS",
    "PercentPhaseFOV": 93.75,
    "PhaseEncodingSteps": 299,
    "PhaseResolution": 1,
    "PixelBandwidth": 220,
    "ProcedureStepDescription": "Kay_New_Exam",
    "ProtocolName": "T1w_MPR",
    "PulseSequenceDetails": "%SiemensSeq%_tfl",
    "ReceiveCoilActiveElements": "HEA;HEP",
    "ReceiveCoilName": "Head_32",
    "ReconMatrixPE": 320,
    "RepetitionTime": 2.4,
    "SAR": 0.0482844,
    "ScanOptions": "IR_WE",
    "ScanningSequence": "GR_IR",
    "SequenceName": "_tfl3d1_16ns",
    "SequenceVariant": "SK_SP_MP",
    "SeriesDescription": "T1w_MPR",
    "SeriesNumber": 32,
    "ShimSetting": [
      -1037,
      -11563,
      -3586,
      928,
      44,
      -64,
      -227,
      106
    ],
    "SliceThickness": 0.8,
    "SoftwareVersions": "syngo_MR_E11",
    "StationName": "TRIOB",
    "TxRefAmp": 245.162,
    "dataset": "ds002702",
    "modality": "T1w",
    "run_id": 8,
    "session_id": "anatomicals",
    "subject_id": "06"
  },
  "cjv": 0.33401492775710023,
  "cnr": 3.9960609333444936,
  "efc": 0.5210517255641962,
  "fber": 47279.291032033325,
  "fwhm_avg": 4.406416708173547,
  "fwhm_x": 4.315137757202253,
  "fwhm_y": 4.478437433266082,
  "fwhm_z": 4.425674934052305,
  "icvs_csf": 0.19126773209307474,
  "icvs_gm": 0.4566263719746311,
  "icvs_wm": 0.3521058959322942,
  "inu_med": 0.4068973660469055,
  "inu_range": 0.12523272335529329,
  "provenance": {
    "md5sum": "0e9ccb0578ce37666e04e5c184659712",
    "settings": {
      "testing": false
    },
    "software": "mriqc",
    "version": "23.0.1",
    "warnings": {
      "large_rot_frame": true,
      "small_air_mask": false
    },
    "webapi_port": null,
    "webapi_url": "https://mriqc.nimh.nih.gov/api/v1"
  },
  "qi_1": 0.0,
  "qi_2": 0.0018421011355370866,
  "rpve_csf": 26.62047464648348,
  "rpve_gm": 12.240299009633016,
  "rpve_wm": 17.568881501874156,
  "size_x": 208,
  "size_y": 300,
  "size_z": 320,
  "snr_csf": 2.3800389696631603,
  "snr_gm": 14.127434006884156,
  "snr_total": 14.361094924054717,
  "snr_wm": 26.575811795616833,
  "snrd_csf": 36.832335356255186,
  "snrd_gm": 95.74833678463906,
  "snrd_total": 87.25337763329769,
  "snrd_wm": 129.17946075899883,
  "spacing_x": 0.7999999523162842,
  "spacing_y": 0.800000011920929,
  "spacing_z": 0.800000011920929,
  "summary_bg_k": 11.924855605982152,
  "summary_bg_mad": 0.0,
  "summary_bg_mean": 3.176992637523354,
  "summary_bg_median": 0.0,
  "summary_bg_n": 6807841.0,
  "summary_bg_p05": 0.0,
  "summary_bg_p95": 13.118133395910263,
  "summary_bg_stdv": 5.071640172723494,
  "summary_csf_k": 0.6587159831347322,
  "summary_csf_mad": 98.5298898521286,
  "summary_csf_mean": 301.3477668355746,
  "summary_csf_median": 285.13199945539236,
  "summary_csf_n": 79145.0,
  "summary_csf_p05": 111.26988148316741,
  "summary_csf_p95": 523.0106083996594,
  "summary_csf_stdv": 119.80064266064538,
  "summary_gm_k": 0.22281086453456878,
  "summary_gm_mad": 50.60206186625005,
  "summary_gm_mean": 741.227028428555,
  "summary_gm_median": 741.2213873453438,
  "summary_gm_n": 142526.0,
  "summary_gm_p05": 655.2273378875107,
  "summary_gm_p95": 828.3866987135261,
  "summary_gm_stdv": 52.46662533884339,
  "summary_wm_k": 0.6047433319971018,
  "summary_wm_mad": 35.84168005900484,
  "summary_wm_mean": 999.8537244614944,
  "summary_wm_median": 1000.0234190560877,
  "summary_wm_n": 407243.0,
  "summary_wm_p05": 938.4618930481374,
  "summary_wm_p95": 1060.8821879178286,
  "summary_wm_stdv": 37.62903646929527,
  "tpm_overlap_csf": 0.1380772536131482,
  "tpm_overlap_gm": 0.4680426245493877,
  "tpm_overlap_wm": 0.5191137159293319,
  "wm2max": 0.8609111172191012
}