{
  "bids_meta": {
    "AcquisitionMatrixPE": 300,
    "AcquisitionNumber": 1,
    "AcquisitionTime": "17:37:20.725000",
    "BaseResolution": 320,
    "BodyPartExamined": "BRAIN",
    "ConsistencyInfo": "N4_VE11C_LATEST_20160120",
    "ConversionSoftware": "dcm2niix",
    "ConversionSoftwareVersion": "v1.0.20181125  GCC4.3.2",
    "DeviceSerialNumber": "67010",
    "DwellTime": 2.1e-06,
    "EchoTime": 0.563,
    "EchoTrainLength": 314,
    "FlipAngle": 120,
    "ImageOrientationPatientDICOM": [
      -0.00600232,
      0.968359,
      0.249489,
      0.0412862,
      0.249521,
      -0.967489
    ],
    "ImageType": [
      "ORIGINAL",
      "PRIMARY",
      "M",
      "ND",
      "NORM"
    ],
    "ImagingFrequency": 123.174,
    "InPlanePhaseEncodingDirectionDICOM": "ROW",
    "InstitutionAddress": "6th_SE_2021_Minneapolis_Minneapolis_US_55455",
    "InstitutionName": "CMRR_3T-B",
    "InstitutionalDepartmentName": "Research",
    "MRAcquisitionType": "3D",
    "MagneticFieldStrength": 3,
    "Manufacturer": "Siemens",
    "ManufacturersModelName": "Prisma_fit",
    "Modality": "MR",
    "PartialFourier": 1,
    "PatientPosition": "HFS",
    "PercentPhaseFOV": 93.75,
    "PhaseEncodingSteps": 297,
    "PhaseResolution": 1,
    "PixelBandwidth": 745,
    "ProcedureStepDescription": "Kay_New_Exam",
    "ProtocolName": "T2w_SPC",
    "PulseSequenceDetails": "%SiemensSeq%_tse_vfl",
    "ReceiveCoilActiveElements": "HEA;HEP",
    "ReceiveCoilName": "Head_32",
    "ReconMatrixPE": 320,
    "RepetitionTime": 3.2,
    "SAR": 0.162455,
    "ScanOptions": "PFP",
    "ScanningSequence": "SE",
    "SequenceName": "_spc_314ns",
    "SequenceVariant": "SK_SP",
    "SeriesDescription": "T2w_SPC",
    "SeriesNumber": 14,
    "ShimSetting": [
      -1037,
      -11563,
      -3586,
      928,
      44,
      -64,
      -227,
      106
    ],
    "SliceThickness": 0.8,
    "SoftwareVersions": "syngo_MR_E11",
    "StationName": "TRIOB",
    "TxRefAmp": 245.162,
    "dataset": "ds002702",
    "modality": "T2w",
    "run_id": 1,
    "session_id": "anatomicals",
    "subject_id": "06"
  },
  "cjv": 0.7369255645864448,
  "cnr": 1.1567501324408485,
  "efc": 0.5239217099145286,
  "fber": 8771.826787296304,
  "fwhm_avg": 2.640550022204162,
  "fwhm_x": 2.4783876477234155,
  "fwhm_y": 3.005812455209904,
  "fwhm_z": 2.437449963679165,
  "icvs_csf": 0.36806442978454057,
  "icvs_gm": 0.4684375563963001,
  "icvs_wm": 0.16349801381915935,
  "inu_med": 0.8163260221481323,
  "inu_range": 0.16077429056167603,
  "provenance": {
    "md5sum": "55b92cfcf76405be6c4f8ea92cc6aa8d",
    "settings": {
      "testing": false
    },
    "software": "mriqc",
    "version": "23.0.1",
    "warnings": {
      "large_rot_frame": true,
      "small_air_mask": false
    },
    "webapi_port": null,
    "webapi_url": "https://mriqc.nimh.nih.gov/api/v1"
  },
  "qi_1": 0.0,
  "qi_2": 0.003394009855348891,
  "rpve_csf": 14.039937815901139,
  "rpve_gm": 12.1806518906113,
  "rpve_wm": 38.57467914479897,
  "size_x": 208,
  "size_y": 300,
  "size_z": 320,
  "snr_csf": 10.001985845407106,
  "snr_gm": 9.636805499556894,
  "snr_total": 7.179778816090511,
  "snr_wm": 1.9005451033075351,
  "snrd_csf": 117.30590503450308,
  "snrd_gm": 68.06215423221136,
  "snrd_total": 120.02889383208829,
  "snrd_wm": 174.71862222955042,
  "spacing_x": 0.7999999523162842,
  "spacing_y": 0.800000011920929,
  "spacing_z": 0.800000011920929,
  "summary_bg_k": 8.699737866216468,
  "summary_bg_mad": 0.0,
  "summary_bg_mean": 2.128239356017862,
  "summary_bg_median": 0.0,
  "summary_bg_n": 4966535.0,
  "summary_bg_p05": 0.0,
  "summary_bg_p95": 9.418474078178406,
  "summary_bg_stdv": 3.7542015911941204,
  "summary_csf_k": 1.7629272995521292,
  "summary_csf_mad": 58.801902830544655,
  "summary_csf_mean": 675.8121069433089,
  "summary_csf_median": 672.211184322834,
  "summary_csf_n": 101973.0,
  "summary_csf_p05": 574.1380826830864,
  "summary_csf_p95": 789.5748762190342,
  "summary_csf_stdv": 67.20744246984596,
  "summary_gm_k": 1.1733268295791932,
  "summary_gm_mad": 36.991393120522375,
  "summary_gm_mean": 390.6678205768577,
  "summary_gm_median": 390.02419605851173,
  "summary_gm_n": 429739.0,
  "summary_gm_p05": 326.0822619497776,
  "summary_gm_p95": 457.0141730397935,
  "summary_gm_stdv": 40.47230612719464,
  "summary_wm_k": -1.756141818322401,
  "summary_wm_mad": 413.4068419045046,
  "summary_wm_mean": 732.8702805450245,
  "summary_wm_median": 1001.2097169160843,
  "summary_wm_n": 96277.0,
  "summary_wm_p05": 26.846971523761752,
  "summary_wm_p95": 1285.0168555378914,
  "summary_wm_stdv": 526.7986092670659,
  "tpm_overlap_csf": 0.11719068572510465,
  "tpm_overlap_gm": 0.29300809613633366,
  "tpm_overlap_wm": 0.028881871193069612,
  "wm2max": 0.7772206664095384
}