{
  "bids_meta": {
    "AcquisitionMatrixPE": 300,
    "AcquisitionNumber": 1,
    "AcquisitionTime": "18:03:38.130000",
    "BaseResolution": 320,
    "BodyPartExamined": "BRAIN",
    "ConsistencyInfo": "N4_VE11C_LATEST_20160120",
    "ConversionSoftware": "dcm2niix",
    "ConversionSoftwareVersion": "v1.0.20181125  GCC4.3.2",
    "DeviceSerialNumber": "67010",
    "DwellTime": 7.1e-06,
    "EchoTime": 0.00222,
    "FlipAngle": 8,
    "ImageOrientationPatientDICOM": [
      -0.00600232,
      0.968359,
      0.249489,
      0.0412862,
      0.249521,
      -0.967489
    ],
    "ImageType": [
      "ORIGINAL",
      "PRIMARY",
      "M",
      "ND",
      "NORM"
    ],
    "ImagingFrequency": 123.174,
    "InPlanePhaseEncodingDirectionDICOM": "ROW",
    "InstitutionAddress": "6th_SE_2021_Minneapolis_Minneapolis_US_55455",
    "InstitutionName": "CMRR_3T-B",
    "InstitutionalDepartmentName": "Research",
    "InversionTime": 1,
    "MRAcquisitionType": "3D",
    "MagneticFieldStrength": 3,
    "Manufacturer": "Siemens",
    "ManufacturersModelName": "Prisma_fit",
    "Modality": "MR",
    "PartialFourier": 1,
    "PatientPosition": "HFS",
    "PercentPhaseFOV": 93.75,
    "PhaseEncodingSteps": 299,
    "PhaseResolution": 1,
    "PixelBandwidth": 220,
    "ProcedureStepDescription": "Kay_New_Exam",
    "ProtocolName": "T1w_MPR",
    "PulseSequenceDetails": "%SiemensSeq%_tfl",
    "ReceiveCoilActiveElements": "HEA;HEP",
    "ReceiveCoilName": "Head_32",
    "ReconMatrixPE": 320,
    "RepetitionTime": 2.4,
    "SAR": 0.0482844,
    "ScanOptions": "IR_WE",
    "ScanningSequence": "GR_IR",
    "SequenceName": "_tfl3d1_16ns",
    "SequenceVariant": "SK_SP_MP",
    "SeriesDescription": "T1w_MPR",
    "SeriesNumber": 22,
    "ShimSetting": [
      -1037,
      -11563,
      -3586,
      928,
      44,
      -64,
      -227,
      106
    ],
    "SliceThickness": 0.8,
    "SoftwareVersions": "syngo_MR_E11",
    "StationName": "TRIOB",
    "TxRefAmp": 245.162,
    "dataset": "ds002702",
    "modality": "T1w",
    "run_id": 3,
    "session_id": "anatomicals",
    "subject_id": "06"
  },
  "cjv": 0.341235869537268,
  "cnr": 3.97612676933006,
  "efc": 0.5250399737070014,
  "fber": 42158.66672405877,
  "fwhm_avg": 4.638095874945887,
  "fwhm_x": 4.458400265741364,
  "fwhm_y": 4.857849927612396,
  "fwhm_z": 4.598037431483903,
  "icvs_csf": 0.19456185405661194,
  "icvs_gm": 0.44806265317132543,
  "icvs_wm": 0.35737549277206265,
  "inu_med": 0.418716698884964,
  "inu_range": 0.12719442248344415,
  "provenance": {
    "md5sum": "b25bf561c134f113063aa1906ecd7f3c",
    "settings": {
      "testing": false
    },
    "software": "mriqc",
    "version": "23.0.1",
    "warnings": {
      "large_rot_frame": true,
      "small_air_mask": false
    },
    "webapi_port": null,
    "webapi_url": "https://mriqc.nimh.nih.gov/api/v1"
  },
  "qi_1": 9.7644984318913e-07,
  "qi_2": 0.001520022415126784,
  "rpve_csf": 26.17379110187659,
  "rpve_gm": 12.20931758814835,
  "rpve_wm": 17.071863417406014,
  "size_x": 208,
  "size_y": 300,
  "size_z": 320,
  "snr_csf": 2.2890659852350645,
  "snr_gm": 13.851733577794025,
  "snr_total": 13.939331998943246,
  "snr_wm": 25.677196433800646,
  "snrd_csf": 33.04342487784061,
  "snrd_gm": 86.15223851853307,
  "snrd_total": 78.70217861898628,
  "snrd_wm": 116.91087246058517,
  "spacing_x": 0.7999999523162842,
  "spacing_y": 0.800000011920929,
  "spacing_z": 0.800000011920929,
  "summary_bg_k": 13.280373078490495,
  "summary_bg_mad": 0.0,
  "summary_bg_mean": 3.4527850712139765,
  "summary_bg_median": 0.0,
  "summary_bg_n": 6818296.0,
  "summary_bg_p05": 0.0,
  "summary_bg_p95": 14.086102019995451,
  "summary_bg_stdv": 5.603979052795248,
  "summary_csf_k": 0.23865456446160582,
  "summary_csf_mad": 111.53847916497693,
  "summary_csf_mean": 296.1440675330161,
  "summary_csf_median": 282.6505455169827,
  "summary_csf_n": 89508.0,
  "summary_csf_p05": 102.5511255341582,
  "summary_csf_p95": 522.1369263231754,
  "summary_csf_stdv": 123.47785884003352,
  "summary_gm_k": 0.13957632382963103,
  "summary_gm_mad": 52.71385077935394,
  "summary_gm_mean": 737.3059357453666,
  "summary_gm_median": 736.938658894971,
  "summary_gm_n": 145889.0,
  "summary_gm_p05": 651.1991375964135,
  "summary_gm_p95": 825.1828793630006,
  "summary_gm_stdv": 53.20172591171533,
  "summary_wm_k": 0.49199731827200344,
  "summary_wm_mad": 37.067574051214486,
  "summary_wm_mean": 999.7492618416604,
  "summary_wm_median": 1000.0453040208668,
  "summary_wm_n": 413372.0,
  "summary_wm_p05": 936.1369762066752,
  "summary_wm_p95": 1063.5233489759266,
  "summary_wm_stdv": 38.94677898264018,
  "tpm_overlap_csf": 0.1311519095895847,
  "tpm_overlap_gm": 0.46652937084409757,
  "tpm_overlap_wm": 0.517907773156486,
  "wm2max": 0.8680413587041987
}