{
  "bids_meta": {
    "AcquisitionMatrixPE": 300,
    "AcquisitionNumber": 1,
    "AcquisitionTime": "18:10:20.462500",
    "BaseResolution": 320,
    "BodyPartExamined": "BRAIN",
    "ConsistencyInfo": "N4_VE11C_LATEST_20160120",
    "ConversionSoftware": "dcm2niix",
    "ConversionSoftwareVersion": "v1.0.20181125  GCC4.3.2",
    "DeviceSerialNumber": "67010",
    "DwellTime": 7.1e-06,
    "EchoTime": 0.00222,
    "FlipAngle": 8,
    "ImageOrientationPatientDICOM": [
      -0.00600232,
      0.968359,
      0.249489,
      0.0412862,
      0.249521,
      -0.967489
    ],
    "ImageType": [
      "ORIGINAL",
      "PRIMARY",
      "M",
      "ND",
      "NORM"
    ],
    "ImagingFrequency": 123.174,
    "InPlanePhaseEncodingDirectionDICOM": "ROW",
    "InstitutionAddress": "6th_SE_2021_Minneapolis_Minneapolis_US_55455",
    "InstitutionName": "CMRR_3T-B",
    "InstitutionalDepartmentName": "Research",
    "InversionTime": 1,
    "MRAcquisitionType": "3D",
    "MagneticFieldStrength": 3,
    "Manufacturer": "Siemens",
    "ManufacturersModelName": "Prisma_fit",
    "Modality": "MR",
    "PartialFourier": 1,
    "PatientPosition": "HFS",
    "PercentPhaseFOV": 93.75,
    "PhaseEncodingSteps": 299,
    "PhaseResolution": 1,
    "PixelBandwidth": 220,
    "ProcedureStepDescription": "Kay_New_Exam",
    "ProtocolName": "T1w_MPR",
    "PulseSequenceDetails": "%SiemensSeq%_tfl",
    "ReceiveCoilActiveElements": "HEA;HEP",
    "ReceiveCoilName": "Head_32",
    "ReconMatrixPE": 320,
    "RepetitionTime": 2.4,
    "SAR": 0.0482844,
    "ScanOptions": "IR_WE",
    "ScanningSequence": "GR_IR",
    "SequenceName": "_tfl3d1_16ns",
    "SequenceVariant": "SK_SP_MP",
    "SeriesDescription": "T1w_MPR",
    "SeriesNumber": 24,
    "ShimSetting": [
      -1037,
      -11563,
      -3586,
      928,
      44,
      -64,
      -227,
      106
    ],
    "SliceThickness": 0.8,
    "SoftwareVersions": "syngo_MR_E11",
    "StationName": "TRIOB",
    "TxRefAmp": 245.162,
    "dataset": "ds002702",
    "modality": "T1w",
    "run_id": 4,
    "session_id": "anatomicals",
    "subject_id": "06"
  },
  "cjv": 0.36436264265006585,
  "cnr": 3.717793561104276,
  "efc": 0.5278229278799978,
  "fber": 38890.761536351165,
  "fwhm_avg": 4.512762542125402,
  "fwhm_x": 4.4038502624899305,
  "fwhm_y": 4.603324931405113,
  "fwhm_z": 4.531112432481163,
  "icvs_csf": 0.1927975878007084,
  "icvs_gm": 0.4459660204134778,
  "icvs_wm": 0.3612363917858138,
  "inu_med": 0.4442761242389679,
  "inu_range": 0.14148933440446854,
  "provenance": {
    "md5sum": "010375471b06ce26afae7729e1973ba0",
    "settings": {
      "testing": false
    },
    "software": "mriqc",
    "version": "23.0.1",
    "warnings": {
      "large_rot_frame": true,
      "small_air_mask": false
    },
    "webapi_port": null,
    "webapi_url": "https://mriqc.nimh.nih.gov/api/v1"
  },
  "qi_1": 0.0,
  "qi_2": 0.001253683442986916,
  "rpve_csf": 26.227589160834537,
  "rpve_gm": 12.256668933561723,
  "rpve_wm": 16.83874912945253,
  "size_x": 208,
  "size_y": 300,
  "size_z": 320,
  "snr_csf": 2.472891763473994,
  "snr_gm": 13.729070274097158,
  "snr_total": 13.16692588525533,
  "snr_wm": 23.298815618194837,
  "snrd_csf": 28.89797808845947,
  "snrd_gm": 72.4790802898442,
  "snrd_total": 66.34512219745021,
  "snrd_wm": 97.65830821404694,
  "spacing_x": 0.7999999523162842,
  "spacing_y": 0.800000011920929,
  "spacing_z": 0.800000011920929,
  "summary_bg_k": 24.782210532996096,
  "summary_bg_mad": 0.0,
  "summary_bg_mean": 3.827349461118882,
  "summary_bg_median": 0.0,
  "summary_bg_n": 6807941.0,
  "summary_bg_p05": 0.0,
  "summary_bg_p95": 15.43823517858982,
  "summary_bg_stdv": 6.708769106268064,
  "summary_csf_k": 0.3874098978076006,
  "summary_csf_mad": 106.4327420239865,
  "summary_csf_mean": 304.21897171834917,
  "summary_csf_median": 295.92289885506034,
  "summary_csf_n": 82837.0,
  "summary_csf_p05": 107.5717514231801,
  "summary_csf_p95": 517.7750166244804,
  "summary_csf_stdv": 119.66601896804983,
  "summary_gm_k": 0.11023964637608508,
  "summary_gm_mad": 53.47647057705676,
  "summary_gm_mean": 741.9731151791887,
  "summary_gm_median": 742.2048518434167,
  "summary_gm_n": 121246.0,
  "summary_gm_p05": 652.7800441347063,
  "summary_gm_p95": 829.9688797071576,
  "summary_gm_stdv": 54.06060106618375,
  "summary_wm_k": 0.5925971196562054,
  "summary_wm_mad": 40.47149232388148,
  "summary_wm_mean": 1001.0007309684896,
  "summary_wm_median": 1000.0467705912888,
  "summary_wm_n": 413378.0,
  "summary_wm_p05": 932.9372300952673,
  "summary_wm_p95": 1073.4251702204347,
  "summary_wm_stdv": 42.92259217701634,
  "tpm_overlap_csf": 0.1343865663810267,
  "tpm_overlap_gm": 0.4620267687387911,
  "tpm_overlap_wm": 0.5156204787125738,
  "wm2max": 0.8469462464891543
}