{
  "aor": 0.0006504895104895104,
  "aqi": 0.030700898601398602,
  "bids_meta": {
    "AcquisitionMatrixPE": 162,
    "AcquisitionNumber": 1,
    "AcquisitionTime": "12:34:59.190000",
    "BandwidthPerPixelPhaseEncode": 18.519,
    "BaseResolution": 200,
    "CoilString": "C:H01-32",
    "ConversionSoftware": "dcm2niix",
    "ConversionSoftwareVersion": "v1.0.20181125  GCC4.3.2",
    "DerivedVendorReportedEchoSpacing": 0.000999974,
    "DeviceSerialNumber": "18912",
    "DwellTime": 2.2e-06,
    "EchoTime": 0.0224,
    "EffectiveEchoSpacing": 0.000333325,
    "FlipAngle": 70,
    "ImageComments": "Unaliased_MB2_PE2_SENSE1",
    "ImageOrientationPatientDICOM": [
      1,
      0,
      -1e-16,
      0,
      -0.66523,
      -0.746638
    ],
    "ImageType": [
      "ORIGINAL",
      "PRIMARY",
      "M",
      "MB",
      "ND",
      "MOSAIC"
    ],
    "ImagingFrequency": 297.286,
    "InPlanePhaseEncodingDirectionDICOM": "COL",
    "InstitutionAddress": "6th_Street_SE_2021_Minneapolis_667926_Chicago_US_55455",
    "InstitutionName": "CMRR_7T_PS",
    "InstitutionalDepartmentName": "CMRR",
    "MRAcquisitionType": "2D",
    "MagneticFieldStrength": 6.98,
    "Manufacturer": "Siemens",
    "ManufacturersModelName": "Investigational_Device_7T",
    "Modality": "MR",
    "MultibandAccelerationFactor": 2,
    "ParallelReductionFactorInPlane": 3,
    "PartialFourier": 0.75,
    "PatientPosition": "HFS",
    "PercentPhaseFOV": 81,
    "PhaseEncodingDirection": "j",
    "PhaseEncodingSteps": 123,
    "PhaseResolution": 1,
    "PixelBandwidth": 1136,
    "ProcedureStepDescription": "Luca_fmri",
    "ProtocolName": "eja_ep2d_bold_p8iso_MB2_2sTR_R3_USED",
    "PulseSequenceDetails": "%CustomerSeq%_eja_ep2d_bold",
    "ReceiveCoilName": "VM_8T_32R_Head",
    "ReconMatrixPE": 162,
    "RepetitionTime": 2.2,
    "SAR": 0.00978009,
    "ScanOptions": "PFP",
    "ScanningSequence": "EP",
    "SequenceName": "epfid2d1_162",
    "SequenceVariant": "SK_SS_OSP",
    "SeriesDescription": "eja_ep2d_bold_p8iso_MB2_2sTR_R3_USED",
    "SeriesNumber": 30,
    "ShimSetting": [
      -1101,
      -446,
      982,
      2398,
      -245,
      1430,
      617,
      107
    ],
    "SliceThickness": 0.8,
    "SliceTiming": [
      0,
      1.63,
      1.05,
      0.4725,
      2.1025,
      1.525,
      0.945,
      0.3675,
      1.9975,
      1.42,
      0.84,
      0.2625,
      1.8925,
      1.315,
      0.735,
      0.1575,
      1.7875,
      1.21,
      0.63,
      0.0525,
      1.6825,
      1.1025,
      0.525,
      2.155,
      1.5775,
      0.9975,
      0.42,
      2.05,
      1.4725,
      0.8925,
      0.315,
      1.945,
      1.3675,
      0.7875,
      0.21,
      1.84,
      1.2625,
      0.6825,
      0.105,
      1.735,
      1.155,
      0.5775,
      0,
      1.63,
      1.05,
      0.4725,
      2.1025,
      1.525,
      0.945,
      0.3675,
      1.9975,
      1.42,
      0.84,
      0.2625,
      1.8925,
      1.315,
      0.735,
      0.1575,
      1.7875,
      1.21,
      0.63,
      0.0525,
      1.6825,
      1.1025,
      0.525,
      2.155,
      1.5775,
      0.9975,
      0.42,
      2.05,
      1.4725,
      0.8925,
      0.315,
      1.945,
      1.3675,
      0.7875,
      0.21,
      1.84,
      1.2625,
      0.6825,
      0.105,
      1.735,
      1.155,
      0.5775
    ],
    "SoftwareVersions": "syngo_MR_B17",
    "SpacingBetweenSlices": 0.8,
    "StationName": "SEPTET",
    "TotalReadoutTime": 0.0536653,
    "TxRefAmp": 70,
    "dataset": "ds002702",
    "modality": "bold",
    "run_id": 5,
    "session_id": "floc7T",
    "subject_id": "09",
    "task_id": "floc"
  },
  "dummy_trs": 0,
  "dvars_nstd": 113.62874581838027,
  "dvars_std": 1.0272327052112673,
  "dvars_vstd": 1.013622731971831,
  "efc": 0.5618186672422697,
  "fber": 574.0708618164062,
  "fd_mean": 0.09990382995267731,
  "fd_num": 5,
  "fd_perc": 3.4965034965034967,
  "fwhm_avg": 3.02705828822665,
  "fwhm_x": 3.063987454343029,
  "fwhm_y": 3.1460749531198298,
  "fwhm_z": 2.8711124572170905,
  "gcor": 0.00170771,
  "gsr_x": -0.0033835512585937977,
  "gsr_y": 0.006125419866293669,
  "provenance": {
    "md5sum": "5d17acdbda8e0344504ed93084c81b1a",
    "settings": {
      "fd_thres": 0.2,
      "testing": false
    },
    "software": "mriqc",
    "version": "23.0.1",
    "webapi_port": null,
    "webapi_url": "https://mriqc.nimh.nih.gov/api/v1"
  },
  "size_t": 143,
  "size_x": 200,
  "size_y": 162,
  "size_z": 84,
  "snr": 2.691987618460773,
  "spacing_tr": 2.200000047683716,
  "spacing_x": 0.800000011920929,
  "spacing_y": 0.800000011920929,
  "spacing_z": 0.800000011920929,
  "summary_bg_k": 46.6629974806115,
  "summary_bg_mad": 5.173556062459671,
  "summary_bg_mean": 25.907533645629883,
  "summary_bg_median": 14.909090995788574,
  "summary_bg_n": 1773418.0,
  "summary_bg_p05": 9.846153259277344,
  "summary_bg_p95": 83.32866668701172,
  "summary_bg_stdv": 35.35285949707031,
  "summary_fg_k": -0.10516479031398696,
  "summary_fg_mad": 143.065956106881,
  "summary_fg_mean": 376.8477783203125,
  "summary_fg_median": 367.9510498046875,
  "summary_fg_n": 704013.0,
  "summary_fg_p05": 168.3188751220703,
  "summary_fg_p95": 609.489501953125,
  "summary_fg_stdv": 136.68368530273438,
  "tsnr": 12.229005820816383
}