{
  "bids_meta": {
    "AcquisitionMatrixPE": 300,
    "AcquisitionNumber": 1,
    "AcquisitionTime": "13:47:37.935000",
    "BaseResolution": 320,
    "BodyPartExamined": "BRAIN",
    "ConsistencyInfo": "N4_VE11C_LATEST_20160120",
    "ConversionSoftware": "dcm2niix",
    "ConversionSoftwareVersion": "v1.0.20181125  GCC4.3.2",
    "DeviceSerialNumber": "67010",
    "DwellTime": 7.1e-06,
    "EchoTime": 0.00222,
    "FlipAngle": 8,
    "ImageOrientationPatientDICOM": [
      0.0254338,
      0.981031,
      0.192176,
      -0.0560928,
      0.193336,
      -0.979528
    ],
    "ImageType": [
      "ORIGINAL",
      "PRIMARY",
      "M",
      "ND",
      "NORM"
    ],
    "ImagingFrequency": 123.174,
    "InPlanePhaseEncodingDirectionDICOM": "ROW",
    "InstitutionAddress": "6th_SE_2021_Minneapolis_Minneapolis_US_55455",
    "InstitutionName": "CMRR_3T-B",
    "InstitutionalDepartmentName": "Research",
    "InversionTime": 1,
    "MRAcquisitionType": "3D",
    "MagneticFieldStrength": 3,
    "Manufacturer": "Siemens",
    "ManufacturersModelName": "Prisma_fit",
    "Modality": "MR",
    "PartialFourier": 1,
    "PatientPosition": "HFS",
    "PercentPhaseFOV": 93.75,
    "PhaseEncodingSteps": 299,
    "PhaseResolution": 1,
    "PixelBandwidth": 220,
    "ProcedureStepDescription": "Kay_New_Exam",
    "ProtocolName": "T1w_MPR",
    "PulseSequenceDetails": "%SiemensSeq%_tfl",
    "ReceiveCoilActiveElements": "HEA;HEP",
    "ReceiveCoilName": "Head_32",
    "ReconMatrixPE": 320,
    "RepetitionTime": 2.4,
    "SAR": 0.0448342,
    "ScanOptions": "IR_WE",
    "ScanningSequence": "GR_IR",
    "SequenceName": "_tfl3d1_16ns",
    "SequenceVariant": "SK_SP_MP",
    "SeriesDescription": "T1w_MPR",
    "SeriesNumber": 16,
    "ShimSetting": [
      -1075,
      -11721,
      -3613,
      673,
      91,
      -312,
      238,
      51
    ],
    "SliceThickness": 0.8,
    "SoftwareVersions": "syngo_MR_E11",
    "StationName": "TRIOB",
    "TxRefAmp": 238.64,
    "dataset": "ds002702",
    "modality": "T1w",
    "run_id": 2,
    "session_id": "anatomicals",
    "subject_id": "05"
  },
  "cjv": 0.33724366212259993,
  "cnr": 3.9818353704681284,
  "efc": 0.5330019439208764,
  "fber": 39018.404792899404,
  "fwhm_avg": 4.7397500473211265,
  "fwhm_x": 4.749250283077376,
  "fwhm_y": 4.726949929562957,
  "fwhm_z": 4.743049929323048,
  "icvs_csf": 0.21671619024228952,
  "icvs_gm": 0.45258323154442975,
  "icvs_wm": 0.3307005782132807,
  "inu_med": 0.4831980913877487,
  "inu_range": 0.19650532603263854,
  "provenance": {
    "md5sum": "96b99c5d52e5c60a62f2f230610c7620",
    "settings": {
      "testing": false
    },
    "software": "mriqc",
    "version": "23.0.1",
    "warnings": {
      "large_rot_frame": true,
      "small_air_mask": false
    },
    "webapi_port": null,
    "webapi_url": "https://mriqc.nimh.nih.gov/api/v1"
  },
  "qi_1": 0.0,
  "qi_2": 0.002170122958578109,
  "rpve_csf": 19.994934854356885,
  "rpve_gm": 10.168387434295143,
  "rpve_wm": 15.275728759948146,
  "size_x": 208,
  "size_y": 300,
  "size_z": 320,
  "snr_csf": 2.12017283086647,
  "snr_gm": 14.510137771625836,
  "snr_total": 14.031441025653004,
  "snr_wm": 25.46401247446671,
  "snrd_csf": 39.08821760063681,
  "snrd_gm": 110.68333991014529,
  "snrd_total": 99.60990123073573,
  "snrd_wm": 149.05814618142506,
  "spacing_x": 0.7999999523162842,
  "spacing_y": 0.800000011920929,
  "spacing_z": 0.800000011920929,
  "summary_bg_k": 17.740158152399204,
  "summary_bg_mad": 0.0,
  "summary_bg_mean": 2.5096476600497692,
  "summary_bg_median": 0.0,
  "summary_bg_n": 6833437.0,
  "summary_bg_p05": 0.0,
  "summary_bg_p95": 10.77559171244502,
  "summary_bg_stdv": 4.395393557573167,
  "summary_csf_k": 0.5269901866517679,
  "summary_csf_mad": 100.36962222427465,
  "summary_csf_mean": 267.99657762227923,
  "summary_csf_median": 262.2478308621794,
  "summary_csf_n": 162456.0,
  "summary_csf_p05": 55.30635095201433,
  "summary_csf_p95": 493.3717433363199,
  "summary_csf_stdv": 123.69134247362868,
  "summary_gm_k": 0.36875503195124537,
  "summary_gm_mad": 48.63366111107737,
  "summary_gm_mean": 741.3826414068182,
  "summary_gm_median": 742.588626081124,
  "summary_gm_n": 188039.0,
  "summary_gm_p05": 655.7824640069157,
  "summary_gm_p95": 824.3077064864337,
  "summary_gm_stdv": 51.17709171379971,
  "summary_wm_k": 0.3597301162910602,
  "summary_wm_mad": 38.19358565484151,
  "summary_wm_mean": 1000.2179175710993,
  "summary_wm_median": 1000.0500894617289,
  "summary_wm_n": 458551.0,
  "summary_wm_p05": 936.1984436865896,
  "summary_wm_p95": 1064.1523303929716,
  "summary_wm_stdv": 39.27303287406228,
  "tpm_overlap_csf": 0.13990626008010207,
  "tpm_overlap_gm": 0.46047493287609137,
  "tpm_overlap_wm": 0.492985576411213,
  "wm2max": 0.8478944460969702
}