{
  "bids_meta": {
    "AcquisitionMatrixPE": 300,
    "AcquisitionNumber": 1,
    "AcquisitionTime": "14:08:22.387500",
    "BaseResolution": 320,
    "BodyPartExamined": "BRAIN",
    "ConsistencyInfo": "N4_VE11C_LATEST_20160120",
    "ConversionSoftware": "dcm2niix",
    "ConversionSoftwareVersion": "v1.0.20181125  GCC4.3.2",
    "DeviceSerialNumber": "67010",
    "DwellTime": 7.1e-06,
    "EchoTime": 0.00222,
    "FlipAngle": 8,
    "ImageOrientationPatientDICOM": [
      0.0254338,
      0.981031,
      0.192176,
      -0.0560928,
      0.193336,
      -0.979528
    ],
    "ImageType": [
      "ORIGINAL",
      "PRIMARY",
      "M",
      "ND",
      "NORM"
    ],
    "ImagingFrequency": 123.174,
    "InPlanePhaseEncodingDirectionDICOM": "ROW",
    "InstitutionAddress": "6th_SE_2021_Minneapolis_Minneapolis_US_55455",
    "InstitutionName": "CMRR_3T-B",
    "InstitutionalDepartmentName": "Research",
    "InversionTime": 1,
    "MRAcquisitionType": "3D",
    "MagneticFieldStrength": 3,
    "Manufacturer": "Siemens",
    "ManufacturersModelName": "Prisma_fit",
    "Modality": "MR",
    "PartialFourier": 1,
    "PatientPosition": "HFS",
    "PercentPhaseFOV": 93.75,
    "PhaseEncodingSteps": 299,
    "PhaseResolution": 1,
    "PixelBandwidth": 220,
    "ProcedureStepDescription": "Kay_New_Exam",
    "ProtocolName": "T1w_MPR",
    "PulseSequenceDetails": "%SiemensSeq%_tfl",
    "ReceiveCoilActiveElements": "HEA;HEP",
    "ReceiveCoilName": "Head_32",
    "ReconMatrixPE": 320,
    "RepetitionTime": 2.4,
    "SAR": 0.0448342,
    "ScanOptions": "IR_WE",
    "ScanningSequence": "GR_IR",
    "SequenceName": "_tfl3d1_16ns",
    "SequenceVariant": "SK_SP_MP",
    "SeriesDescription": "T1w_MPR",
    "SeriesNumber": 22,
    "ShimSetting": [
      -1075,
      -11721,
      -3613,
      673,
      91,
      -312,
      238,
      51
    ],
    "SliceThickness": 0.8,
    "SoftwareVersions": "syngo_MR_E11",
    "StationName": "TRIOB",
    "TxRefAmp": 238.64,
    "dataset": "ds002702",
    "modality": "T1w",
    "run_id": 5,
    "session_id": "anatomicals",
    "subject_id": "05"
  },
  "cjv": 0.34431698068797223,
  "cnr": 3.9305212264951077,
  "efc": 0.5326878318062428,
  "fber": 38563.89591715976,
  "fwhm_avg": 4.7872625469210925,
  "fwhm_x": 4.761650283816474,
  "fwhm_y": 4.826099928085507,
  "fwhm_z": 4.774037428861299,
  "icvs_csf": 0.2180687401519354,
  "icvs_gm": 0.45060269575176126,
  "icvs_wm": 0.33132856409630335,
  "inu_med": 0.48782214522361755,
  "inu_range": 0.20116897821426394,
  "provenance": {
    "md5sum": "6a8f8b2dcb52eb4ac678eaa54bf36098",
    "settings": {
      "testing": false
    },
    "software": "mriqc",
    "version": "23.0.1",
    "warnings": {
      "large_rot_frame": true,
      "small_air_mask": false
    },
    "webapi_port": null,
    "webapi_url": "https://mriqc.nimh.nih.gov/api/v1"
  },
  "qi_1": 0.0,
  "qi_2": 0.0022120600539064037,
  "rpve_csf": 19.895970634184348,
  "rpve_gm": 10.191080993975998,
  "rpve_wm": 15.23075776240952,
  "size_x": 208,
  "size_y": 300,
  "size_z": 320,
  "snr_csf": 2.1557217580737005,
  "snr_gm": 14.31298320530557,
  "snr_total": 13.913181433137462,
  "snr_wm": 25.270839336033116,
  "snrd_csf": 40.054218969120384,
  "snrd_gm": 112.71690299086957,
  "snrd_total": 101.49873668744982,
  "snrd_wm": 151.72508810235948,
  "spacing_x": 0.7999999523162842,
  "spacing_y": 0.800000011920929,
  "spacing_z": 0.800000011920929,
  "summary_bg_k": 15.795704420746318,
  "summary_bg_mad": 0.0,
  "summary_bg_mean": 2.498064664865786,
  "summary_bg_median": 0.0,
  "summary_bg_n": 6892264.0,
  "summary_bg_p05": 0.0,
  "summary_bg_p95": 10.761442249640822,
  "summary_bg_stdv": 4.318027371977157,
  "summary_csf_k": 0.5834483335711074,
  "summary_csf_mad": 102.44352724652288,
  "summary_csf_mean": 269.895958154484,
  "summary_csf_median": 263.99878540076315,
  "summary_csf_n": 167407.0,
  "summary_csf_p05": 60.556645358912675,
  "summary_csf_p95": 494.30636992398604,
  "summary_csf_stdv": 122.46385504853895,
  "summary_gm_k": 0.29062494746505685,
  "summary_gm_mad": 50.014770666012275,
  "summary_gm_mean": 741.9090214293966,
  "summary_gm_median": 742.921126652509,
  "summary_gm_n": 187498.0,
  "summary_gm_p05": 655.6084320880473,
  "summary_gm_p95": 825.7562471367419,
  "summary_gm_stdv": 51.90526215599441,
  "summary_wm_k": 0.44150480318688956,
  "summary_wm_mad": 38.51061904223117,
  "summary_wm_mean": 1000.2501581605499,
  "summary_wm_median": 1000.0254656001925,
  "summary_wm_n": 459515.0,
  "summary_wm_p05": 936.0928311478347,
  "summary_wm_p95": 1064.4923560507596,
  "summary_wm_stdv": 39.57226604825182,
  "tpm_overlap_csf": 0.14888918016149125,
  "tpm_overlap_gm": 0.4698948712007642,
  "tpm_overlap_wm": 0.49603111924929405,
  "wm2max": 0.8497373484078774
}