{
  "bids_meta": {
    "AcquisitionMatrixPE": 300,
    "AcquisitionNumber": 1,
    "AcquisitionTime": "14:28:41.502500",
    "BaseResolution": 320,
    "BodyPartExamined": "BRAIN",
    "ConsistencyInfo": "N4_VE11C_LATEST_20160120",
    "ConversionSoftware": "dcm2niix",
    "ConversionSoftwareVersion": "v1.0.20181125  GCC4.3.2",
    "DeviceSerialNumber": "67010",
    "DwellTime": 7.1e-06,
    "EchoTime": 0.00222,
    "FlipAngle": 8,
    "ImageOrientationPatientDICOM": [
      0.0254338,
      0.981031,
      0.192176,
      -0.0560928,
      0.193336,
      -0.979528
    ],
    "ImageType": [
      "ORIGINAL",
      "PRIMARY",
      "M",
      "ND",
      "NORM"
    ],
    "ImagingFrequency": 123.174,
    "InPlanePhaseEncodingDirectionDICOM": "ROW",
    "InstitutionAddress": "6th_SE_2021_Minneapolis_Minneapolis_US_55455",
    "InstitutionName": "CMRR_3T-B",
    "InstitutionalDepartmentName": "Research",
    "InversionTime": 1,
    "MRAcquisitionType": "3D",
    "MagneticFieldStrength": 3,
    "Manufacturer": "Siemens",
    "ManufacturersModelName": "Prisma_fit",
    "Modality": "MR",
    "PartialFourier": 1,
    "PatientPosition": "HFS",
    "PercentPhaseFOV": 93.75,
    "PhaseEncodingSteps": 299,
    "PhaseResolution": 1,
    "PixelBandwidth": 220,
    "ProcedureStepDescription": "Kay_New_Exam",
    "ProtocolName": "T1w_MPR",
    "PulseSequenceDetails": "%SiemensSeq%_tfl",
    "ReceiveCoilActiveElements": "HEA;HEP",
    "ReceiveCoilName": "Head_32",
    "ReconMatrixPE": 320,
    "RepetitionTime": 2.4,
    "SAR": 0.0448342,
    "ScanOptions": "IR_WE",
    "ScanningSequence": "GR_IR",
    "SequenceName": "_tfl3d1_16ns",
    "SequenceVariant": "SK_SP_MP",
    "SeriesDescription": "T1w_MPR",
    "SeriesNumber": 28,
    "ShimSetting": [
      -1075,
      -11721,
      -3613,
      673,
      91,
      -312,
      238,
      51
    ],
    "SliceThickness": 0.8,
    "SoftwareVersions": "syngo_MR_E11",
    "StationName": "TRIOB",
    "TxRefAmp": 238.64,
    "dataset": "ds002702",
    "modality": "T1w",
    "run_id": 8,
    "session_id": "anatomicals",
    "subject_id": "05"
  },
  "cjv": 0.3485622072460865,
  "cnr": 3.8784891309808907,
  "efc": 0.5323458556489842,
  "fber": 39801.796526651044,
  "fwhm_avg": 4.79767088053581,
  "fwhm_x": 4.779225284864025,
  "fwhm_y": 4.819874928178267,
  "fwhm_z": 4.793912428565138,
  "icvs_csf": 0.21819538513148592,
  "icvs_gm": 0.4512933758890951,
  "icvs_wm": 0.330511238979419,
  "inu_med": 0.4878252446651459,
  "inu_range": 0.19994772076606743,
  "provenance": {
    "md5sum": "461b8cbe089fb1ac3dae95d4317a364f",
    "settings": {
      "testing": false
    },
    "software": "mriqc",
    "version": "23.0.1",
    "warnings": {
      "large_rot_frame": true,
      "small_air_mask": false
    },
    "webapi_port": null,
    "webapi_url": "https://mriqc.nimh.nih.gov/api/v1"
  },
  "qi_1": 0.0,
  "qi_2": 0.0018947916262310675,
  "rpve_csf": 19.86638903731655,
  "rpve_gm": 10.160489203236628,
  "rpve_wm": 15.21296641024834,
  "size_x": 208,
  "size_y": 300,
  "size_z": 320,
  "snr_csf": 2.139282524170932,
  "snr_gm": 14.280126180256817,
  "snr_total": 13.751926181484743,
  "snr_wm": 24.83636984002648,
  "snrd_csf": 37.48271395272629,
  "snrd_gm": 105.78535033610541,
  "snrd_total": 95.15111157416841,
  "snrd_wm": 142.1852704336735,
  "spacing_x": 0.7999999523162842,
  "spacing_y": 0.800000011920929,
  "spacing_z": 0.800000011920929,
  "summary_bg_k": 17.92737202581104,
  "summary_bg_mad": 0.0,
  "summary_bg_mean": 2.6417028643651617,
  "summary_bg_median": 0.0,
  "summary_bg_n": 7057074.0,
  "summary_bg_p05": 0.0,
  "summary_bg_p95": 11.245938612148166,
  "summary_bg_stdv": 4.607859033738576,
  "summary_csf_k": 0.3618560585605355,
  "summary_csf_mad": 103.72796104734122,
  "summary_csf_mean": 269.76255121251495,
  "summary_csf_median": 263.63221780397,
  "summary_csf_n": 168824.0,
  "summary_csf_p05": 58.97136658243835,
  "summary_csf_p95": 493.9581794925034,
  "summary_csf_stdv": 123.23357669407247,
  "summary_gm_k": 0.3001761679080759,
  "summary_gm_mad": 50.20794631246488,
  "summary_gm_mean": 742.8946518286634,
  "summary_gm_median": 744.0343448836356,
  "summary_gm_n": 186261.0,
  "summary_gm_p05": 656.2500204574317,
  "summary_gm_p95": 827.2492134403437,
  "summary_gm_stdv": 52.102645186703626,
  "summary_wm_k": 0.4488105462638323,
  "summary_wm_mad": 39.02971538682615,
  "summary_wm_mean": 1000.0242901982949,
  "summary_wm_median": 1000.0508029051125,
  "summary_wm_n": 456920.0,
  "summary_wm_p05": 934.4029535800219,
  "summary_wm_p95": 1065.3940218389034,
  "summary_wm_stdv": 40.2655345771897,
  "tpm_overlap_csf": 0.134589239750115,
  "tpm_overlap_gm": 0.45605425801677385,
  "tpm_overlap_wm": 0.49135929722281135,
  "wm2max": 0.8558889347556868
}