{
  "bids_meta": {
    "AcquisitionMatrixPE": 300,
    "AcquisitionNumber": 1,
    "AcquisitionTime": "14:21:44.702500",
    "BaseResolution": 320,
    "BodyPartExamined": "BRAIN",
    "ConsistencyInfo": "N4_VE11C_LATEST_20160120",
    "ConversionSoftware": "dcm2niix",
    "ConversionSoftwareVersion": "v1.0.20181125  GCC4.3.2",
    "DeviceSerialNumber": "67010",
    "DwellTime": 7.1e-06,
    "EchoTime": 0.00222,
    "FlipAngle": 8,
    "ImageOrientationPatientDICOM": [
      0.0254338,
      0.981031,
      0.192176,
      -0.0560928,
      0.193336,
      -0.979528
    ],
    "ImageType": [
      "ORIGINAL",
      "PRIMARY",
      "M",
      "ND",
      "NORM"
    ],
    "ImagingFrequency": 123.174,
    "InPlanePhaseEncodingDirectionDICOM": "ROW",
    "InstitutionAddress": "6th_SE_2021_Minneapolis_Minneapolis_US_55455",
    "InstitutionName": "CMRR_3T-B",
    "InstitutionalDepartmentName": "Research",
    "InversionTime": 1,
    "MRAcquisitionType": "3D",
    "MagneticFieldStrength": 3,
    "Manufacturer": "Siemens",
    "ManufacturersModelName": "Prisma_fit",
    "Modality": "MR",
    "PartialFourier": 1,
    "PatientPosition": "HFS",
    "PercentPhaseFOV": 93.75,
    "PhaseEncodingSteps": 299,
    "PhaseResolution": 1,
    "PixelBandwidth": 220,
    "ProcedureStepDescription": "Kay_New_Exam",
    "ProtocolName": "T1w_MPR",
    "PulseSequenceDetails": "%SiemensSeq%_tfl",
    "ReceiveCoilActiveElements": "HEA;HEP",
    "ReceiveCoilName": "Head_32",
    "ReconMatrixPE": 320,
    "RepetitionTime": 2.4,
    "SAR": 0.0448342,
    "ScanOptions": "IR_WE",
    "ScanningSequence": "GR_IR",
    "SequenceName": "_tfl3d1_16ns",
    "SequenceVariant": "SK_SP_MP",
    "SeriesDescription": "T1w_MPR",
    "SeriesNumber": 26,
    "ShimSetting": [
      -1075,
      -11721,
      -3613,
      673,
      91,
      -312,
      238,
      51
    ],
    "SliceThickness": 0.8,
    "SoftwareVersions": "syngo_MR_E11",
    "StationName": "TRIOB",
    "TxRefAmp": 238.64,
    "dataset": "ds002702",
    "modality": "T1w",
    "run_id": 7,
    "session_id": "anatomicals",
    "subject_id": "05"
  },
  "cjv": 0.34415483138552894,
  "cnr": 3.9226675346171063,
  "efc": 0.5325663321940067,
  "fber": 38166.95041322314,
  "fwhm_avg": 4.762966713870322,
  "fwhm_x": 4.758450283625739,
  "fwhm_y": 4.764187429008075,
  "fwhm_z": 4.766262428977155,
  "icvs_csf": 0.2169260494587239,
  "icvs_gm": 0.4517445908948111,
  "icvs_wm": 0.331329359646465,
  "inu_med": 0.49303001165390015,
  "inu_range": 0.20548349618911743,
  "provenance": {
    "md5sum": "b3e1f34e6d32bce3059e2174e94e453a",
    "settings": {
      "testing": false
    },
    "software": "mriqc",
    "version": "23.0.1",
    "warnings": {
      "large_rot_frame": true,
      "small_air_mask": false
    },
    "webapi_port": null,
    "webapi_url": "https://mriqc.nimh.nih.gov/api/v1"
  },
  "qi_1": 0.0,
  "qi_2": 0.0019511433408353684,
  "rpve_csf": 19.966131135054315,
  "rpve_gm": 10.162554495694595,
  "rpve_wm": 15.18769661332706,
  "size_x": 208,
  "size_y": 300,
  "size_z": 320,
  "snr_csf": 2.117659891961556,
  "snr_gm": 14.288267826165345,
  "snr_total": 13.74057294028398,
  "snr_wm": 24.81579110272504,
  "snrd_csf": 37.91588845299687,
  "snrd_gm": 107.5631415209861,
  "snrd_total": 96.83842089303035,
  "snrd_wm": 145.0362327051081,
  "spacing_x": 0.7999999523162842,
  "spacing_y": 0.800000011920929,
  "spacing_z": 0.800000011920929,
  "summary_bg_k": 15.48473474965656,
  "summary_bg_mad": 0.0,
  "summary_bg_mean": 2.625969905959874,
  "summary_bg_median": 0.0,
  "summary_bg_n": 7001450.0,
  "summary_bg_p05": 0.0,
  "summary_bg_p95": 11.178117735311389,
  "summary_bg_stdv": 4.517281136481321,
  "summary_csf_k": 0.46927688016052604,
  "summary_csf_mad": 101.68082269096435,
  "summary_csf_mean": 267.565840835529,
  "summary_csf_median": 261.4367445949465,
  "summary_csf_n": 166029.0,
  "summary_csf_p05": 57.42978773266077,
  "summary_csf_p95": 494.1585953235626,
  "summary_csf_stdv": 123.45512056190812,
  "summary_gm_k": 0.3243888925751186,
  "summary_gm_mad": 49.9051572736374,
  "summary_gm_mean": 740.3952246250926,
  "summary_gm_median": 741.6668500993401,
  "summary_gm_n": 186980.0,
  "summary_gm_p05": 653.7306417301297,
  "summary_gm_p95": 824.4051075577736,
  "summary_gm_stdv": 51.907262366678026,
  "summary_wm_k": 0.41535606341731635,
  "summary_wm_mad": 39.018799877364174,
  "summary_wm_mean": 1000.1313962212193,
  "summary_wm_median": 1000.0504293534905,
  "summary_wm_n": 459329.0,
  "summary_wm_p05": 934.5461547691375,
  "summary_wm_p95": 1066.0593593660742,
  "summary_wm_stdv": 40.298910343575976,
  "tpm_overlap_csf": 0.14132369103587514,
  "tpm_overlap_gm": 0.46325946675510804,
  "tpm_overlap_wm": 0.49334319653519687,
  "wm2max": 0.8490178016751998
}