{
  "bids_meta": {
    "AcquisitionMatrixPE": 300,
    "AcquisitionNumber": 1,
    "AcquisitionTime": "13:09:27.872500",
    "BaseResolution": 320,
    "BodyPartExamined": "BRAIN",
    "ConsistencyInfo": "N4_VE11C_LATEST_20160120",
    "ConversionSoftware": "dcm2niix",
    "ConversionSoftwareVersion": "v1.0.20181125  GCC4.3.2",
    "DeviceSerialNumber": "67010",
    "DwellTime": 2.1e-06,
    "EchoTime": 0.563,
    "EchoTrainLength": 314,
    "FlipAngle": 120,
    "ImageOrientationPatientDICOM": [
      0.0254338,
      0.981031,
      0.192176,
      -0.0560928,
      0.193336,
      -0.979528
    ],
    "ImageType": [
      "ORIGINAL",
      "PRIMARY",
      "M",
      "ND",
      "NORM"
    ],
    "ImagingFrequency": 123.174,
    "InPlanePhaseEncodingDirectionDICOM": "ROW",
    "InstitutionAddress": "6th_SE_2021_Minneapolis_Minneapolis_US_55455",
    "InstitutionName": "CMRR_3T-B",
    "InstitutionalDepartmentName": "Research",
    "MRAcquisitionType": "3D",
    "MagneticFieldStrength": 3,
    "Manufacturer": "Siemens",
    "ManufacturersModelName": "Prisma_fit",
    "Modality": "MR",
    "PartialFourier": 1,
    "PatientPosition": "HFS",
    "PercentPhaseFOV": 93.75,
    "PhaseEncodingSteps": 297,
    "PhaseResolution": 1,
    "PixelBandwidth": 745,
    "ProcedureStepDescription": "Kay_New_Exam",
    "ProtocolName": "T2w_SPC",
    "PulseSequenceDetails": "%SiemensSeq%_tse_vfl",
    "ReceiveCoilActiveElements": "HEA;HEP",
    "ReceiveCoilName": "Head_32",
    "ReconMatrixPE": 320,
    "RepetitionTime": 3.2,
    "SAR": 0.150847,
    "ScanOptions": "PFP",
    "ScanningSequence": "SE",
    "SequenceName": "_spc_314ns",
    "SequenceVariant": "SK_SP",
    "SeriesDescription": "T2w_SPC",
    "SeriesNumber": 10,
    "ShimSetting": [
      -1075,
      -11721,
      -3613,
      673,
      91,
      -312,
      238,
      51
    ],
    "SliceThickness": 0.8,
    "SoftwareVersions": "syngo_MR_E11",
    "StationName": "TRIOB",
    "TxRefAmp": 238.64,
    "dataset": "ds002702",
    "modality": "T2w",
    "run_id": 1,
    "session_id": "anatomicals",
    "subject_id": "05"
  },
  "cjv": 2.6906913699910255,
  "cnr": 0.26250917801434165,
  "efc": 0.5442037950916395,
  "fber": 5689.267032555269,
  "fwhm_avg": 2.8592416926044386,
  "fwhm_x": 2.759937664505104,
  "fwhm_y": 3.1685499527849266,
  "fwhm_z": 2.6492374605232856,
  "icvs_csf": 0.2824018406839965,
  "icvs_gm": 0.5766309117830059,
  "icvs_wm": 0.14096724753299775,
  "inu_med": 0.9403575658798218,
  "inu_range": 0.21725363731384284,
  "provenance": {
    "md5sum": "313c0f20a808ae01b291b9f081589029",
    "settings": {
      "testing": false
    },
    "software": "mriqc",
    "version": "23.0.1",
    "warnings": {
      "large_rot_frame": true,
      "small_air_mask": false
    },
    "webapi_port": null,
    "webapi_url": "https://mriqc.nimh.nih.gov/api/v1"
  },
  "qi_1": 0.0,
  "qi_2": 0.007142284684316492,
  "rpve_csf": 13.04058490617418,
  "rpve_gm": 8.497065880943751,
  "rpve_wm": 36.2852472385446,
  "size_x": 208,
  "size_y": 300,
  "size_z": 320,
  "snr_csf": 5.245729905051798,
  "snr_gm": 8.507259487437846,
  "snr_total": 4.735191927239057,
  "snr_wm": 0.4525863892275261,
  "snrd_csf": 114.61992555752798,
  "snrd_gm": 66.3653298629697,
  "snrd_total": 74.31111085336609,
  "snrd_wm": 41.94807713960058,
  "spacing_x": 0.7999999523162842,
  "spacing_y": 0.800000011920929,
  "spacing_z": 0.800000011920929,
  "summary_bg_k": 14.004266420656492,
  "summary_bg_mad": 0.0,
  "summary_bg_mean": 9.414174771283333,
  "summary_bg_median": 0.0,
  "summary_bg_n": 4747699.0,
  "summary_bg_p05": 0.0,
  "summary_bg_p95": 40.766941264271736,
  "summary_bg_stdv": 15.982654921301574,
  "summary_csf_k": 0.08543473771451593,
  "summary_csf_mad": 378.9301795891003,
  "summary_csf_mean": 2955.471769741915,
  "summary_csf_median": 2796.2584849372506,
  "summary_csf_n": 70479.0,
  "summary_csf_p05": 2342.3306937366724,
  "summary_csf_p95": 4017.41452621892,
  "summary_csf_stdv": 533.0504425408003,
  "summary_gm_k": 0.7714541403771484,
  "summary_gm_mad": 174.14781013890916,
  "summary_gm_mean": 1638.0272598043211,
  "summary_gm_median": 1619.0432495251298,
  "summary_gm_n": 630170.0,
  "summary_gm_p05": 1361.9695240184665,
  "summary_gm_p95": 1990.4133309051394,
  "summary_gm_stdv": 190.31298707968665,
  "summary_wm_k": -1.785691114125426,
  "summary_wm_mad": 1428.6468132869466,
  "summary_wm_mean": 2427.3335221007055,
  "summary_wm_median": 1023.3619159832597,
  "summary_wm_n": 113892.0,
  "summary_wm_p05": 79.20700231939554,
  "summary_wm_p95": 5524.2416507776825,
  "summary_wm_stdv": 2261.1316814771617,
  "tpm_overlap_csf": 0.12220235292563177,
  "tpm_overlap_gm": 0.37216110327447754,
  "tpm_overlap_wm": 0.029776981471450338,
  "wm2max": 0.1857922573886007
}