{
  "bids_meta": {
    "AcquisitionMatrixPE": 300,
    "AcquisitionNumber": 1,
    "AcquisitionTime": "14:15:4.220000",
    "BaseResolution": 320,
    "BodyPartExamined": "BRAIN",
    "ConsistencyInfo": "N4_VE11C_LATEST_20160120",
    "ConversionSoftware": "dcm2niix",
    "ConversionSoftwareVersion": "v1.0.20181125  GCC4.3.2",
    "DeviceSerialNumber": "67010",
    "DwellTime": 7.1e-06,
    "EchoTime": 0.00222,
    "FlipAngle": 8,
    "ImageOrientationPatientDICOM": [
      0.0254338,
      0.981031,
      0.192176,
      -0.0560928,
      0.193336,
      -0.979528
    ],
    "ImageType": [
      "ORIGINAL",
      "PRIMARY",
      "M",
      "ND",
      "NORM"
    ],
    "ImagingFrequency": 123.174,
    "InPlanePhaseEncodingDirectionDICOM": "ROW",
    "InstitutionAddress": "6th_SE_2021_Minneapolis_Minneapolis_US_55455",
    "InstitutionName": "CMRR_3T-B",
    "InstitutionalDepartmentName": "Research",
    "InversionTime": 1,
    "MRAcquisitionType": "3D",
    "MagneticFieldStrength": 3,
    "Manufacturer": "Siemens",
    "ManufacturersModelName": "Prisma_fit",
    "Modality": "MR",
    "PartialFourier": 1,
    "PatientPosition": "HFS",
    "PercentPhaseFOV": 93.75,
    "PhaseEncodingSteps": 299,
    "PhaseResolution": 1,
    "PixelBandwidth": 220,
    "ProcedureStepDescription": "Kay_New_Exam",
    "ProtocolName": "T1w_MPR",
    "PulseSequenceDetails": "%SiemensSeq%_tfl",
    "ReceiveCoilActiveElements": "HEA;HEP",
    "ReceiveCoilName": "Head_32",
    "ReconMatrixPE": 320,
    "RepetitionTime": 2.4,
    "SAR": 0.0448342,
    "ScanOptions": "IR_WE",
    "ScanningSequence": "GR_IR",
    "SequenceName": "_tfl3d1_16ns",
    "SequenceVariant": "SK_SP_MP",
    "SeriesDescription": "T1w_MPR",
    "SeriesNumber": 24,
    "ShimSetting": [
      -1075,
      -11721,
      -3613,
      673,
      91,
      -312,
      238,
      51
    ],
    "SliceThickness": 0.8,
    "SoftwareVersions": "syngo_MR_E11",
    "StationName": "TRIOB",
    "TxRefAmp": 238.64,
    "dataset": "ds002702",
    "modality": "T1w",
    "run_id": 6,
    "session_id": "anatomicals",
    "subject_id": "05"
  },
  "cjv": 0.345169667277734,
  "cnr": 3.930179982285918,
  "efc": 0.5324666271643667,
  "fber": 39525.657082185484,
  "fwhm_avg": 4.801708380451743,
  "fwhm_x": 4.778262784806656,
  "fwhm_y": 4.8338249279703955,
  "fwhm_z": 4.7930374285781765,
  "icvs_csf": 0.2181420157812626,
  "icvs_gm": 0.44991015800322337,
  "icvs_wm": 0.33194782621551405,
  "inu_med": 0.4856330007314682,
  "inu_range": 0.19944851845502848,
  "provenance": {
    "md5sum": "59a9b37a581d76a5398564bf10b739e4",
    "settings": {
      "testing": false
    },
    "software": "mriqc",
    "version": "23.0.1",
    "warnings": {
      "large_rot_frame": true,
      "small_air_mask": false
    },
    "webapi_port": null,
    "webapi_url": "https://mriqc.nimh.nih.gov/api/v1"
  },
  "qi_1": 0.0,
  "qi_2": 0.0021623277893760406,
  "rpve_csf": 19.90186049080802,
  "rpve_gm": 10.183387418231867,
  "rpve_wm": 15.156285182828332,
  "size_x": 208,
  "size_y": 300,
  "size_z": 320,
  "snr_csf": 2.1345375910877773,
  "snr_gm": 14.216851705530031,
  "snr_total": 13.753801015036116,
  "snr_wm": 24.910013748490535,
  "snrd_csf": 38.922095723224565,
  "snrd_gm": 109.12960367303877,
  "snrd_total": 98.45000682933274,
  "snrd_wm": 147.29832109173486,
  "spacing_x": 0.7999999523162842,
  "spacing_y": 0.800000011920929,
  "spacing_z": 0.800000011920929,
  "summary_bg_k": 17.75646894302755,
  "summary_bg_mad": 0.0,
  "summary_bg_mean": 2.5563075425787973,
  "summary_bg_median": 0.0,
  "summary_bg_n": 6973244.0,
  "summary_bg_p05": 0.0,
  "summary_bg_p95": 10.878243647515774,
  "summary_bg_stdv": 4.447795120580162,
  "summary_csf_k": 0.4591345405210623,
  "summary_csf_mad": 105.0546495167749,
  "summary_csf_mean": 271.2369079619074,
  "summary_csf_median": 264.2465102542192,
  "summary_csf_n": 168851.0,
  "summary_csf_p05": 60.279441863298416,
  "summary_csf_p95": 495.84581451583654,
  "summary_csf_stdv": 123.79530296025719,
  "summary_gm_k": 0.28525825323896115,
  "summary_gm_mad": 50.60378892216481,
  "summary_gm_mean": 739.583136199226,
  "summary_gm_median": 740.8932227361947,
  "summary_gm_n": 187173.0,
  "summary_gm_p05": 652.3453174494207,
  "summary_gm_p95": 823.1786528956145,
  "summary_gm_stdv": 52.11359440982519,
  "summary_wm_k": 0.42756934189081974,
  "summary_wm_mad": 38.8406274621879,
  "summary_wm_mean": 1000.167052705913,
  "summary_wm_median": 1000.0249624680728,
  "summary_wm_n": 459555.0,
  "summary_wm_p05": 934.7804506830871,
  "summary_wm_p95": 1065.793426355347,
  "summary_wm_stdv": 40.14545654322922,
  "tpm_overlap_csf": 0.14517573098884404,
  "tpm_overlap_gm": 0.4668788571615412,
  "tpm_overlap_wm": 0.49529885695709935,
  "wm2max": 0.851338147833475
}