{
  "aor": 0.0006427380952380952,
  "aqi": 0.03181317857142857,
  "bids_meta": {
    "AcquisitionMatrixPE": 106,
    "AcquisitionNumber": 1,
    "AcquisitionTime": "16:58:26.162500",
    "BandwidthPerPixelPhaseEncode": 18.868,
    "BaseResolution": 122,
    "CoilString": "C:H01-32",
    "ConversionSoftware": "dcm2niix",
    "ConversionSoftwareVersion": "v1.0.20181125  GCC4.3.2",
    "DerivedVendorReportedEchoSpacing": 0.000999996,
    "DeviceSerialNumber": "18912",
    "DwellTime": 3.6e-06,
    "EchoTime": 0.039,
    "EffectiveEchoSpacing": 0.000499998,
    "FlipAngle": 90,
    "ImageComments": "Unaliased_MB2_PE4",
    "ImageOrientationPatientDICOM": [
      1,
      0,
      1e-16,
      0,
      -0.593419,
      -0.804894
    ],
    "ImageType": [
      "ORIGINAL",
      "PRIMARY",
      "M",
      "MB",
      "ND",
      "MOSAIC"
    ],
    "ImagingFrequency": 297.278,
    "InPlanePhaseEncodingDirectionDICOM": "COL",
    "InstitutionAddress": "6th_Street_SE_2021_Minneapolis_0735BC_Chicago_US_55455",
    "InstitutionName": "CMRR_7T_PS",
    "InstitutionalDepartmentName": "CMRR",
    "MRAcquisitionType": "2D",
    "MagneticFieldStrength": 6.98,
    "Manufacturer": "Siemens",
    "ManufacturersModelName": "Investigational_Device_7T",
    "Modality": "MR",
    "MultibandAccelerationFactor": 2,
    "ParallelReductionFactorInPlane": 2,
    "PartialFourier": 0.75,
    "PatientPosition": "HFS",
    "PercentPhaseFOV": 86.8852,
    "PhaseEncodingDirection": "j-",
    "PhaseEncodingSteps": 80,
    "PhaseResolution": 1,
    "PixelBandwidth": 1138,
    "ProcedureStepDescription": "Ruyuan_fmri",
    "ProtocolName": "eja_ep2d_se_1p05iso_1p5sTR_R2_MB2",
    "PulseSequenceDetails": "%CustomerSeq%_eja_ep2d_se",
    "ReceiveCoilName": "VM_8T_32R_Head",
    "ReconMatrixPE": 106,
    "RepetitionTime": 2.2,
    "SAR": 0.0175137,
    "ScanOptions": "PFP",
    "ScanningSequence": "EP",
    "SequenceName": "epse2d1_106",
    "SequenceVariant": "SK_SS",
    "SeriesDescription": "eja_ep2d_se_1p05iso_1p5sTR_R2_MB2",
    "SeriesNumber": 8,
    "ShimSetting": [
      -1325,
      -430,
      974,
      1178,
      58,
      1234,
      474,
      -62
    ],
    "SliceThickness": 1.05,
    "SliceTiming": [
      0,
      1.035,
      2.07,
      0.8975,
      1.9325,
      0.76,
      1.795,
      0.6225,
      1.6575,
      0.485,
      1.52,
      0.345,
      1.38,
      0.2075,
      1.2425,
      0.07,
      1.105,
      2.14,
      0.9675,
      2.0025,
      0.83,
      1.865,
      0.69,
      1.725,
      0.5525,
      1.5875,
      0.415,
      1.45,
      0.2775,
      1.3125,
      0.14,
      1.175,
      0,
      1.035,
      2.07,
      0.8975,
      1.9325,
      0.76,
      1.795,
      0.6225,
      1.6575,
      0.485,
      1.52,
      0.345,
      1.38,
      0.2075,
      1.2425,
      0.07,
      1.105,
      2.14,
      0.9675,
      2.0025,
      0.83,
      1.865,
      0.69,
      1.725,
      0.5525,
      1.5875,
      0.415,
      1.45,
      0.2775,
      1.3125,
      0.14,
      1.175
    ],
    "SoftwareVersions": "syngo_MR_B17",
    "SpacingBetweenSlices": 1.05,
    "StationName": "SEPTET",
    "TotalReadoutTime": 0.0524998,
    "TxRefAmp": 65,
    "dataset": "ds002702",
    "modality": "bold",
    "run_id": 1,
    "session_id": "ringSE",
    "subject_id": "04",
    "task_id": "ring"
  },
  "dummy_trs": 0,
  "dvars_nstd": 141.54101690389214,
  "dvars_std": 1.022687361676647,
  "dvars_vstd": 1.000996157964072,
  "efc": 0.8157682093749354,
  "fber": 8.734382629394531,
  "fd_mean": 0.10303535349602302,
  "fd_num": 8,
  "fd_perc": 4.761904761904762,
  "fwhm_avg": 3.3289447513164894,
  "fwhm_x": 3.309021434905982,
  "fwhm_y": 3.481251132030066,
  "fwhm_z": 3.1965616870134204,
  "gcor": 0.00629462,
  "gsr_x": 0.010539603419601917,
  "gsr_y": 0.008317031897604465,
  "provenance": {
    "md5sum": "71a431fb817953c50a5462268996dab3",
    "settings": {
      "fd_thres": 0.2,
      "testing": false
    },
    "software": "mriqc",
    "version": "23.0.1",
    "webapi_port": null,
    "webapi_url": "https://mriqc.nimh.nih.gov/api/v1"
  },
  "size_t": 168,
  "size_x": 122,
  "size_y": 106,
  "size_z": 64,
  "snr": 1.7798255449904186,
  "spacing_tr": 2.200000047683716,
  "spacing_x": 1.049180269241333,
  "spacing_y": 1.049180269241333,
  "spacing_z": 1.0500000715255737,
  "summary_bg_k": 28.441823827076554,
  "summary_bg_mad": 14.481851517770329,
  "summary_bg_mean": 94.1344985961914,
  "summary_bg_median": 85.94642639160156,
  "summary_bg_n": 202557.0,
  "summary_bg_p05": 70.66071319580078,
  "summary_bg_p95": 145.13214111328114,
  "summary_bg_stdv": 27.617137908935547,
  "summary_fg_k": 10.975200387976498,
  "summary_fg_mad": 138.6762672049552,
  "summary_fg_mean": 306.1268005371094,
  "summary_fg_median": 277.21429443359375,
  "summary_fg_n": 460582.0,
  "summary_fg_p05": 120.4464340209961,
  "summary_fg_p95": 577.8092132568356,
  "summary_fg_stdv": 155.7534637451172,
  "tsnr": 9.516839525196701
}