{
  "aor": 0.0005901190476190477,
  "aqi": 0.03239340952380952,
  "bids_meta": {
    "AcquisitionMatrixPE": 106,
    "AcquisitionNumber": 1,
    "AcquisitionTime": "17:58:11.710000",
    "BandwidthPerPixelPhaseEncode": 18.868,
    "BaseResolution": 122,
    "CoilString": "C:H01-32",
    "ConversionSoftware": "dcm2niix",
    "ConversionSoftwareVersion": "v1.0.20181125  GCC4.3.2",
    "DerivedVendorReportedEchoSpacing": 0.000999996,
    "DeviceSerialNumber": "18912",
    "DwellTime": 3.6e-06,
    "EchoTime": 0.039,
    "EffectiveEchoSpacing": 0.000499998,
    "FlipAngle": 90,
    "ImageComments": "Unaliased_MB2_PE4",
    "ImageOrientationPatientDICOM": [
      1,
      0,
      1e-16,
      0,
      -0.593419,
      -0.804894
    ],
    "ImageType": [
      "ORIGINAL",
      "PRIMARY",
      "M",
      "MB",
      "ND",
      "MOSAIC"
    ],
    "ImagingFrequency": 297.278,
    "InPlanePhaseEncodingDirectionDICOM": "COL",
    "InstitutionAddress": "6th_Street_SE_2021_Minneapolis_0735BC_Chicago_US_55455",
    "InstitutionName": "CMRR_7T_PS",
    "InstitutionalDepartmentName": "CMRR",
    "MRAcquisitionType": "2D",
    "MagneticFieldStrength": 6.98,
    "Manufacturer": "Siemens",
    "ManufacturersModelName": "Investigational_Device_7T",
    "Modality": "MR",
    "MultibandAccelerationFactor": 2,
    "ParallelReductionFactorInPlane": 2,
    "PartialFourier": 0.75,
    "PatientPosition": "HFS",
    "PercentPhaseFOV": 86.8852,
    "PhaseEncodingDirection": "j-",
    "PhaseEncodingSteps": 80,
    "PhaseResolution": 1,
    "PixelBandwidth": 1138,
    "ProcedureStepDescription": "Ruyuan_fmri",
    "ProtocolName": "eja_ep2d_se_1p05iso_1p5sTR_R2_MB2",
    "PulseSequenceDetails": "%CustomerSeq%_eja_ep2d_se",
    "ReceiveCoilName": "VM_8T_32R_Head",
    "ReconMatrixPE": 106,
    "RepetitionTime": 2.2,
    "SAR": 0.0173342,
    "ScanOptions": "PFP",
    "ScanningSequence": "EP",
    "SequenceName": "epse2d1_106",
    "SequenceVariant": "SK_SS",
    "SeriesDescription": "eja_ep2d_se_1p05iso_1p5sTR_R2_MB2",
    "SeriesNumber": 20,
    "ShimSetting": [
      -1325,
      -430,
      974,
      1178,
      58,
      1234,
      474,
      -62
    ],
    "SliceThickness": 1.05,
    "SliceTiming": [
      0,
      1.035,
      2.07,
      0.8975,
      1.9325,
      0.76,
      1.795,
      0.62,
      1.655,
      0.4825,
      1.5175,
      0.345,
      1.38,
      0.2075,
      1.2425,
      0.07,
      1.105,
      2.14,
      0.965,
      2,
      0.8275,
      1.8625,
      0.69,
      1.725,
      0.5525,
      1.5875,
      0.415,
      1.45,
      0.275,
      1.31,
      0.1375,
      1.1725,
      0,
      1.035,
      2.07,
      0.8975,
      1.9325,
      0.76,
      1.795,
      0.62,
      1.655,
      0.4825,
      1.5175,
      0.345,
      1.38,
      0.2075,
      1.2425,
      0.07,
      1.105,
      2.14,
      0.965,
      2,
      0.8275,
      1.8625,
      0.69,
      1.725,
      0.5525,
      1.5875,
      0.415,
      1.45,
      0.275,
      1.31,
      0.1375,
      1.1725
    ],
    "SoftwareVersions": "syngo_MR_B17",
    "SpacingBetweenSlices": 1.05,
    "StationName": "SEPTET",
    "TotalReadoutTime": 0.0524998,
    "TxRefAmp": 65,
    "dataset": "ds002702",
    "modality": "bold",
    "run_id": 9,
    "session_id": "ringSE",
    "subject_id": "04",
    "task_id": "ring"
  },
  "dummy_trs": 0,
  "dvars_nstd": 146.29628886167663,
  "dvars_std": 1.0261319995808384,
  "dvars_vstd": 1.002018773772455,
  "efc": 0.8129541474458628,
  "fber": 8.817158699035645,
  "fd_mean": 0.1171011407432747,
  "fd_num": 12,
  "fd_perc": 7.142857142857143,
  "fwhm_avg": 3.356280668532134,
  "fwhm_x": 3.317113466608159,
  "fwhm_y": 3.507490664746314,
  "fwhm_z": 3.244237874241928,
  "gcor": 0.00355303,
  "gsr_x": 0.02177705615758896,
  "gsr_y": 0.004331385251134634,
  "provenance": {
    "md5sum": "93801d2934301fdfca1c902462de1797",
    "settings": {
      "fd_thres": 0.2,
      "testing": false
    },
    "software": "mriqc",
    "version": "23.0.1",
    "webapi_port": null,
    "webapi_url": "https://mriqc.nimh.nih.gov/api/v1"
  },
  "size_t": 168,
  "size_x": 122,
  "size_y": 106,
  "size_z": 64,
  "snr": 1.7839538439658043,
  "spacing_tr": 2.200000047683716,
  "spacing_x": 1.049180269241333,
  "spacing_y": 1.049180269241333,
  "spacing_z": 1.0500000715255737,
  "summary_bg_k": 31.58356123460601,
  "summary_bg_mad": 14.146492397788533,
  "summary_bg_mean": 93.68531036376953,
  "summary_bg_median": 85.58928680419922,
  "summary_bg_n": 208382.0,
  "summary_bg_p05": 70.71428680419922,
  "summary_bg_p95": 143.90476989746094,
  "summary_bg_stdv": 27.360246658325195,
  "summary_fg_k": 9.270356220276252,
  "summary_fg_mad": 139.1175006288708,
  "summary_fg_mean": 307.5762023925781,
  "summary_fg_median": 277.91070556640625,
  "summary_fg_n": 451662.0,
  "summary_fg_p05": 120.82738494873047,
  "summary_fg_p95": 579.0833740234375,
  "summary_fg_stdv": 155.7834014892578,
  "tsnr": 9.509985593613237
}