{
  "aor": 0.0008841666666666667,
  "aqi": 0.031208956547619047,
  "bids_meta": {
    "AcquisitionMatrixPE": 106,
    "AcquisitionNumber": 1,
    "AcquisitionTime": "17:05:27.757500",
    "BandwidthPerPixelPhaseEncode": 18.868,
    "BaseResolution": 122,
    "CoilString": "C:H01-32",
    "ConversionSoftware": "dcm2niix",
    "ConversionSoftwareVersion": "v1.0.20181125  GCC4.3.2",
    "DerivedVendorReportedEchoSpacing": 0.000999996,
    "DeviceSerialNumber": "18912",
    "DwellTime": 3.6e-06,
    "EchoTime": 0.039,
    "EffectiveEchoSpacing": 0.000499998,
    "FlipAngle": 90,
    "ImageComments": "Unaliased_MB2_PE4",
    "ImageOrientationPatientDICOM": [
      1,
      0,
      1e-16,
      0,
      -0.593419,
      -0.804894
    ],
    "ImageType": [
      "ORIGINAL",
      "PRIMARY",
      "M",
      "MB",
      "ND",
      "MOSAIC"
    ],
    "ImagingFrequency": 297.278,
    "InPlanePhaseEncodingDirectionDICOM": "COL",
    "InstitutionAddress": "6th_Street_SE_2021_Minneapolis_0735BC_Chicago_US_55455",
    "InstitutionName": "CMRR_7T_PS",
    "InstitutionalDepartmentName": "CMRR",
    "MRAcquisitionType": "2D",
    "MagneticFieldStrength": 6.98,
    "Manufacturer": "Siemens",
    "ManufacturersModelName": "Investigational_Device_7T",
    "Modality": "MR",
    "MultibandAccelerationFactor": 2,
    "ParallelReductionFactorInPlane": 2,
    "PartialFourier": 0.75,
    "PatientPosition": "HFS",
    "PercentPhaseFOV": 86.8852,
    "PhaseEncodingDirection": "j-",
    "PhaseEncodingSteps": 80,
    "PhaseResolution": 1,
    "PixelBandwidth": 1138,
    "ProcedureStepDescription": "Ruyuan_fmri",
    "ProtocolName": "eja_ep2d_se_1p05iso_1p5sTR_R2_MB2",
    "PulseSequenceDetails": "%CustomerSeq%_eja_ep2d_se",
    "ReceiveCoilName": "VM_8T_32R_Head",
    "ReconMatrixPE": 106,
    "RepetitionTime": 2.2,
    "SAR": 0.0173051,
    "ScanOptions": "PFP",
    "ScanningSequence": "EP",
    "SequenceName": "epse2d1_106",
    "SequenceVariant": "SK_SS",
    "SeriesDescription": "eja_ep2d_se_1p05iso_1p5sTR_R2_MB2",
    "SeriesNumber": 9,
    "ShimSetting": [
      -1325,
      -430,
      974,
      1178,
      58,
      1234,
      474,
      -62
    ],
    "SliceThickness": 1.05,
    "SliceTiming": [
      0,
      1.035,
      2.07,
      0.8975,
      1.9325,
      0.76,
      1.795,
      0.6225,
      1.6575,
      0.485,
      1.52,
      0.345,
      1.38,
      0.2075,
      1.2425,
      0.07,
      1.105,
      2.14,
      0.9675,
      2.0025,
      0.83,
      1.865,
      0.69,
      1.725,
      0.5525,
      1.5875,
      0.415,
      1.45,
      0.2775,
      1.3125,
      0.14,
      1.175,
      0,
      1.035,
      2.07,
      0.8975,
      1.9325,
      0.76,
      1.795,
      0.6225,
      1.6575,
      0.485,
      1.52,
      0.345,
      1.38,
      0.2075,
      1.2425,
      0.07,
      1.105,
      2.14,
      0.9675,
      2.0025,
      0.83,
      1.865,
      0.69,
      1.725,
      0.5525,
      1.5875,
      0.415,
      1.45,
      0.2775,
      1.3125,
      0.14,
      1.175
    ],
    "SoftwareVersions": "syngo_MR_B17",
    "SpacingBetweenSlices": 1.05,
    "StationName": "SEPTET",
    "TotalReadoutTime": 0.0524998,
    "TxRefAmp": 65,
    "dataset": "ds002702",
    "modality": "bold",
    "run_id": 2,
    "session_id": "ringSE",
    "subject_id": "04",
    "task_id": "ring"
  },
  "dummy_trs": 0,
  "dvars_nstd": 145.44782188550906,
  "dvars_std": 1.0327698904191618,
  "dvars_vstd": 1.008402221317365,
  "efc": 0.8132041847495657,
  "fber": 8.907194137573242,
  "fd_mean": 0.09873093758003856,
  "fd_num": 7,
  "fd_perc": 4.166666666666667,
  "fwhm_avg": 3.35376713211598,
  "fwhm_x": 3.3299139360734413,
  "fwhm_y": 3.4975686329418774,
  "fwhm_z": 3.233818827332622,
  "gcor": 0.00193732,
  "gsr_x": 0.018043620511889458,
  "gsr_y": 0.005226236768066883,
  "provenance": {
    "md5sum": "f5acced3d445a42050ca1e393e6528b8",
    "settings": {
      "fd_thres": 0.2,
      "testing": false
    },
    "software": "mriqc",
    "version": "23.0.1",
    "webapi_port": null,
    "webapi_url": "https://mriqc.nimh.nih.gov/api/v1"
  },
  "size_t": 168,
  "size_x": 122,
  "size_y": 106,
  "size_z": 64,
  "snr": 1.7730540516900997,
  "spacing_tr": 2.200000047683716,
  "spacing_x": 1.049180269241333,
  "spacing_y": 1.049180269241333,
  "spacing_z": 1.0500000715255737,
  "summary_bg_k": 29.653285412256217,
  "summary_bg_mad": 14.234754918471815,
  "summary_bg_mean": 92.77164459228516,
  "summary_bg_median": 84.35714721679688,
  "summary_bg_n": 204806.0,
  "summary_bg_p05": 69.34077453613281,
  "summary_bg_p95": 145.14285278320312,
  "summary_bg_stdv": 28.433881759643555,
  "summary_fg_k": 9.875198518604194,
  "summary_fg_mad": 138.25265687564738,
  "summary_fg_mean": 304.6687316894531,
  "summary_fg_median": 275.21429443359375,
  "summary_fg_n": 456753.0,
  "summary_fg_p05": 119.38095092773438,
  "summary_fg_p95": 576.9249999999998,
  "summary_fg_stdv": 155.22030639648438,
  "tsnr": 9.66036131279543
}