{
  "aor": 0.0008726060606060604,
  "aqi": 0.03198454181818182,
  "bids_meta": {
    "AcquisitionMatrixPE": 106,
    "AcquisitionNumber": 1,
    "AcquisitionTime": "17:20:30.722500",
    "BandwidthPerPixelPhaseEncode": 18.868,
    "BaseResolution": 122,
    "CoilString": "C:H01-32",
    "ConversionSoftware": "dcm2niix",
    "ConversionSoftwareVersion": "v1.0.20181125  GCC4.3.2",
    "DerivedVendorReportedEchoSpacing": 0.000999996,
    "DeviceSerialNumber": "18912",
    "DwellTime": 3.6e-06,
    "EchoTime": 0.039,
    "EffectiveEchoSpacing": 0.000499998,
    "FlipAngle": 90,
    "ImageComments": "Unaliased_MB2_PE4",
    "ImageOrientationPatientDICOM": [
      1,
      0,
      1e-16,
      0,
      -0.593419,
      -0.804894
    ],
    "ImageType": [
      "ORIGINAL",
      "PRIMARY",
      "M",
      "MB",
      "ND",
      "MOSAIC"
    ],
    "ImagingFrequency": 297.278,
    "InPlanePhaseEncodingDirectionDICOM": "COL",
    "InstitutionAddress": "6th_Street_SE_2021_Minneapolis_0735BC_Chicago_US_55455",
    "InstitutionName": "CMRR_7T_PS",
    "InstitutionalDepartmentName": "CMRR",
    "MRAcquisitionType": "2D",
    "MagneticFieldStrength": 6.98,
    "Manufacturer": "Siemens",
    "ManufacturersModelName": "Investigational_Device_7T",
    "Modality": "MR",
    "MultibandAccelerationFactor": 2,
    "ParallelReductionFactorInPlane": 2,
    "PartialFourier": 0.75,
    "PatientPosition": "HFS",
    "PercentPhaseFOV": 86.8852,
    "PhaseEncodingDirection": "j-",
    "PhaseEncodingSteps": 80,
    "PhaseResolution": 1,
    "PixelBandwidth": 1138,
    "ProcedureStepDescription": "Ruyuan_fmri",
    "ProtocolName": "eja_ep2d_se_1p05iso_1p5sTR_R2_MB2",
    "PulseSequenceDetails": "%CustomerSeq%_eja_ep2d_se",
    "ReceiveCoilName": "VM_8T_32R_Head",
    "ReconMatrixPE": 106,
    "RepetitionTime": 2.2,
    "SAR": 0.0174024,
    "ScanOptions": "PFP",
    "ScanningSequence": "EP",
    "SequenceName": "epse2d1_106",
    "SequenceVariant": "SK_SS",
    "SeriesDescription": "eja_ep2d_se_1p05iso_1p5sTR_R2_MB2",
    "SeriesNumber": 13,
    "ShimSetting": [
      -1325,
      -430,
      974,
      1178,
      58,
      1234,
      474,
      -62
    ],
    "SliceThickness": 1.05,
    "SliceTiming": [
      0,
      1.035,
      2.07,
      0.8975,
      1.9325,
      0.7575,
      1.7925,
      0.62,
      1.655,
      0.4825,
      1.5175,
      0.345,
      1.38,
      0.205,
      1.2425,
      0.0675,
      1.1025,
      2.1375,
      0.965,
      2,
      0.8275,
      1.8625,
      0.69,
      1.725,
      0.5525,
      1.5875,
      0.4125,
      1.4475,
      0.275,
      1.31,
      0.1375,
      1.1725,
      0,
      1.035,
      2.07,
      0.8975,
      1.9325,
      0.7575,
      1.7925,
      0.62,
      1.655,
      0.4825,
      1.5175,
      0.345,
      1.38,
      0.205,
      1.2425,
      0.0675,
      1.1025,
      2.1375,
      0.965,
      2,
      0.8275,
      1.8625,
      0.69,
      1.725,
      0.5525,
      1.5875,
      0.4125,
      1.4475,
      0.275,
      1.31,
      0.1375,
      1.1725
    ],
    "SoftwareVersions": "syngo_MR_B17",
    "SpacingBetweenSlices": 1.05,
    "StationName": "SEPTET",
    "TotalReadoutTime": 0.0524998,
    "TxRefAmp": 65,
    "dataset": "ds002702",
    "modality": "bold",
    "run_id": 4,
    "session_id": "ringSE",
    "subject_id": "04",
    "task_id": "ring"
  },
  "dummy_trs": 3,
  "dvars_nstd": 147.9460254757927,
  "dvars_std": 1.0407827651829271,
  "dvars_vstd": 1.0147565342682925,
  "efc": 0.8152281949713804,
  "fber": 8.847869873046875,
  "fd_mean": 0.1447921132281522,
  "fd_num": 23,
  "fd_perc": 13.93939393939394,
  "fwhm_avg": 3.357148757968383,
  "fwhm_x": 3.319372372984385,
  "fwhm_y": 3.4863026948123443,
  "fwhm_z": 3.26577120610842,
  "gcor": 0.00442785,
  "gsr_x": 0.015968739986419678,
  "gsr_y": 0.005534483585506678,
  "provenance": {
    "md5sum": "2f933f2f2ece17c03542f17d552e281b",
    "settings": {
      "fd_thres": 0.2,
      "testing": false
    },
    "software": "mriqc",
    "version": "23.0.1",
    "webapi_port": null,
    "webapi_url": "https://mriqc.nimh.nih.gov/api/v1"
  },
  "size_t": 165,
  "size_x": 122,
  "size_y": 106,
  "size_z": 64,
  "snr": 1.7867777068409592,
  "spacing_tr": 2.200000047683716,
  "spacing_x": 1.049180269241333,
  "spacing_y": 1.049180269241333,
  "spacing_z": 1.0500000715255737,
  "summary_bg_k": 65.79942088581096,
  "summary_bg_mad": 13.487187317298146,
  "summary_bg_mean": 93.33370971679688,
  "summary_bg_median": 84.78181457519531,
  "summary_bg_n": 203389.0,
  "summary_bg_p05": 71.1515121459961,
  "summary_bg_p95": 144.46060180664062,
  "summary_bg_stdv": 28.3093204498291,
  "summary_fg_k": 10.14609690144148,
  "summary_fg_mad": 137.36082422400665,
  "summary_fg_mean": 304.9388122558594,
  "summary_fg_median": 275.38787841796875,
  "summary_fg_n": 457665.0,
  "summary_fg_p05": 121.67272186279297,
  "summary_fg_p95": 574.1575317382812,
  "summary_fg_stdv": 154.12525939941406,
  "tsnr": 9.535609751474112
}