{
  "aor": 0.0005364880952380953,
  "aqi": 0.03237764464285714,
  "bids_meta": {
    "AcquisitionMatrixPE": 106,
    "AcquisitionNumber": 1,
    "AcquisitionTime": "17:43:16.715000",
    "BandwidthPerPixelPhaseEncode": 18.868,
    "BaseResolution": 122,
    "CoilString": "C:H01-32",
    "ConversionSoftware": "dcm2niix",
    "ConversionSoftwareVersion": "v1.0.20181125  GCC4.3.2",
    "DerivedVendorReportedEchoSpacing": 0.000999996,
    "DeviceSerialNumber": "18912",
    "DwellTime": 3.6e-06,
    "EchoTime": 0.039,
    "EffectiveEchoSpacing": 0.000499998,
    "FlipAngle": 90,
    "ImageComments": "Unaliased_MB2_PE4",
    "ImageOrientationPatientDICOM": [
      1,
      0,
      1e-16,
      0,
      -0.593419,
      -0.804894
    ],
    "ImageType": [
      "ORIGINAL",
      "PRIMARY",
      "M",
      "MB",
      "ND",
      "MOSAIC"
    ],
    "ImagingFrequency": 297.278,
    "InPlanePhaseEncodingDirectionDICOM": "COL",
    "InstitutionAddress": "6th_Street_SE_2021_Minneapolis_0735BC_Chicago_US_55455",
    "InstitutionName": "CMRR_7T_PS",
    "InstitutionalDepartmentName": "CMRR",
    "MRAcquisitionType": "2D",
    "MagneticFieldStrength": 6.98,
    "Manufacturer": "Siemens",
    "ManufacturersModelName": "Investigational_Device_7T",
    "Modality": "MR",
    "MultibandAccelerationFactor": 2,
    "ParallelReductionFactorInPlane": 2,
    "PartialFourier": 0.75,
    "PatientPosition": "HFS",
    "PercentPhaseFOV": 86.8852,
    "PhaseEncodingDirection": "j-",
    "PhaseEncodingSteps": 80,
    "PhaseResolution": 1,
    "PixelBandwidth": 1138,
    "ProcedureStepDescription": "Ruyuan_fmri",
    "ProtocolName": "eja_ep2d_se_1p05iso_1p5sTR_R2_MB2",
    "PulseSequenceDetails": "%CustomerSeq%_eja_ep2d_se",
    "ReceiveCoilName": "VM_8T_32R_Head",
    "ReconMatrixPE": 106,
    "RepetitionTime": 2.2,
    "SAR": 0.0174068,
    "ScanOptions": "PFP",
    "ScanningSequence": "EP",
    "SequenceName": "epse2d1_106",
    "SequenceVariant": "SK_SS",
    "SeriesDescription": "eja_ep2d_se_1p05iso_1p5sTR_R2_MB2",
    "SeriesNumber": 18,
    "ShimSetting": [
      -1325,
      -430,
      974,
      1178,
      58,
      1234,
      474,
      -62
    ],
    "SliceThickness": 1.05,
    "SliceTiming": [
      0,
      1.035,
      2.07,
      0.8975,
      1.9325,
      0.7575,
      1.7925,
      0.62,
      1.655,
      0.4825,
      1.5175,
      0.345,
      1.38,
      0.2075,
      1.2425,
      0.0675,
      1.1025,
      2.1375,
      0.965,
      2,
      0.8275,
      1.8625,
      0.69,
      1.725,
      0.5525,
      1.5875,
      0.4125,
      1.4475,
      0.275,
      1.31,
      0.1375,
      1.1725,
      0,
      1.035,
      2.07,
      0.8975,
      1.9325,
      0.7575,
      1.7925,
      0.62,
      1.655,
      0.4825,
      1.5175,
      0.345,
      1.38,
      0.2075,
      1.2425,
      0.0675,
      1.1025,
      2.1375,
      0.965,
      2,
      0.8275,
      1.8625,
      0.69,
      1.725,
      0.5525,
      1.5875,
      0.4125,
      1.4475,
      0.275,
      1.31,
      0.1375,
      1.1725
    ],
    "SoftwareVersions": "syngo_MR_B17",
    "SpacingBetweenSlices": 1.05,
    "StationName": "SEPTET",
    "TotalReadoutTime": 0.0524998,
    "TxRefAmp": 65,
    "dataset": "ds002702",
    "modality": "bold",
    "run_id": 7,
    "session_id": "ringSE",
    "subject_id": "04",
    "task_id": "ring"
  },
  "dummy_trs": 0,
  "dvars_nstd": 149.25032016053902,
  "dvars_std": 1.0322601658083839,
  "dvars_vstd": 1.0014083325149699,
  "efc": 0.8129471363179391,
  "fber": 8.876851081848145,
  "fd_mean": 0.14871999554230306,
  "fd_num": 34,
  "fd_perc": 20.238095238095237,
  "fwhm_avg": 3.335648295317503,
  "fwhm_x": 3.3098887787044484,
  "fwhm_y": 3.487903944901821,
  "fwhm_z": 3.2091521623462387,
  "gcor": 0.0019425,
  "gsr_x": 0.018957024440169334,
  "gsr_y": 0.006736955605447292,
  "provenance": {
    "md5sum": "ae503feaf13baab29d95476138773d0c",
    "settings": {
      "fd_thres": 0.2,
      "testing": false
    },
    "software": "mriqc",
    "version": "23.0.1",
    "webapi_port": null,
    "webapi_url": "https://mriqc.nimh.nih.gov/api/v1"
  },
  "size_t": 168,
  "size_x": 122,
  "size_y": 106,
  "size_z": 64,
  "snr": 1.783320387354211,
  "spacing_tr": 2.200000047683716,
  "spacing_x": 1.049180269241333,
  "spacing_y": 1.049180269241333,
  "spacing_z": 1.0500000715255737,
  "summary_bg_k": 29.557005813181895,
  "summary_bg_mad": 13.722893379837968,
  "summary_bg_mean": 93.24923706054688,
  "summary_bg_median": 84.89286041259766,
  "summary_bg_n": 208561.0,
  "summary_bg_p05": 70.70238494873047,
  "summary_bg_p95": 144.07737731933594,
  "summary_bg_stdv": 27.383331298828125,
  "summary_fg_k": 9.953178095586368,
  "summary_fg_mad": 137.45398456238257,
  "summary_fg_mean": 306.72100830078125,
  "summary_fg_median": 276.5595397949219,
  "summary_fg_n": 451796.0,
  "summary_fg_p05": 123.01786041259766,
  "summary_fg_p95": 577.6279754638672,
  "summary_fg_stdv": 155.08106994628906,
  "tsnr": 9.504307841532864
}