{
  "aor": 0.0011972023809523808,
  "aqi": 0.032915925,
  "bids_meta": {
    "AcquisitionMatrixPE": 106,
    "AcquisitionNumber": 1,
    "AcquisitionTime": "17:50:47.727500",
    "BandwidthPerPixelPhaseEncode": 18.868,
    "BaseResolution": 122,
    "CoilString": "C:H01-32",
    "ConversionSoftware": "dcm2niix",
    "ConversionSoftwareVersion": "v1.0.20181125  GCC4.3.2",
    "DerivedVendorReportedEchoSpacing": 0.000999996,
    "DeviceSerialNumber": "18912",
    "DwellTime": 3.6e-06,
    "EchoTime": 0.039,
    "EffectiveEchoSpacing": 0.000499998,
    "FlipAngle": 90,
    "ImageComments": "Unaliased_MB2_PE4",
    "ImageOrientationPatientDICOM": [
      1,
      0,
      1e-16,
      0,
      -0.593419,
      -0.804894
    ],
    "ImageType": [
      "ORIGINAL",
      "PRIMARY",
      "M",
      "MB",
      "ND",
      "MOSAIC"
    ],
    "ImagingFrequency": 297.278,
    "InPlanePhaseEncodingDirectionDICOM": "COL",
    "InstitutionAddress": "6th_Street_SE_2021_Minneapolis_0735BC_Chicago_US_55455",
    "InstitutionName": "CMRR_7T_PS",
    "InstitutionalDepartmentName": "CMRR",
    "MRAcquisitionType": "2D",
    "MagneticFieldStrength": 6.98,
    "Manufacturer": "Siemens",
    "ManufacturersModelName": "Investigational_Device_7T",
    "Modality": "MR",
    "MultibandAccelerationFactor": 2,
    "ParallelReductionFactorInPlane": 2,
    "PartialFourier": 0.75,
    "PatientPosition": "HFS",
    "PercentPhaseFOV": 86.8852,
    "PhaseEncodingDirection": "j-",
    "PhaseEncodingSteps": 80,
    "PhaseResolution": 1,
    "PixelBandwidth": 1138,
    "ProcedureStepDescription": "Ruyuan_fmri",
    "ProtocolName": "eja_ep2d_se_1p05iso_1p5sTR_R2_MB2",
    "PulseSequenceDetails": "%CustomerSeq%_eja_ep2d_se",
    "ReceiveCoilName": "VM_8T_32R_Head",
    "ReconMatrixPE": 106,
    "RepetitionTime": 2.2,
    "SAR": 0.017298,
    "ScanOptions": "PFP",
    "ScanningSequence": "EP",
    "SequenceName": "epse2d1_106",
    "SequenceVariant": "SK_SS",
    "SeriesDescription": "eja_ep2d_se_1p05iso_1p5sTR_R2_MB2",
    "SeriesNumber": 19,
    "ShimSetting": [
      -1325,
      -430,
      974,
      1178,
      58,
      1234,
      474,
      -62
    ],
    "SliceThickness": 1.05,
    "SliceTiming": [
      0,
      1.035,
      2.07,
      0.8975,
      1.9325,
      0.76,
      1.795,
      0.62,
      1.6575,
      0.4825,
      1.5175,
      0.345,
      1.38,
      0.2075,
      1.2425,
      0.07,
      1.105,
      2.14,
      0.9675,
      2.0025,
      0.8275,
      1.8625,
      0.69,
      1.725,
      0.5525,
      1.5875,
      0.415,
      1.45,
      0.275,
      1.3125,
      0.1375,
      1.1725,
      0,
      1.035,
      2.07,
      0.8975,
      1.9325,
      0.76,
      1.795,
      0.62,
      1.6575,
      0.4825,
      1.5175,
      0.345,
      1.38,
      0.2075,
      1.2425,
      0.07,
      1.105,
      2.14,
      0.9675,
      2.0025,
      0.8275,
      1.8625,
      0.69,
      1.725,
      0.5525,
      1.5875,
      0.415,
      1.45,
      0.275,
      1.3125,
      0.1375,
      1.1725
    ],
    "SoftwareVersions": "syngo_MR_B17",
    "SpacingBetweenSlices": 1.05,
    "StationName": "SEPTET",
    "TotalReadoutTime": 0.0524998,
    "TxRefAmp": 65,
    "dataset": "ds002702",
    "modality": "bold",
    "run_id": 8,
    "session_id": "ringSE",
    "subject_id": "04",
    "task_id": "ring"
  },
  "dummy_trs": 0,
  "dvars_nstd": 149.34920095089814,
  "dvars_std": 1.0377592884431135,
  "dvars_vstd": 1.0111305397005987,
  "efc": 0.812435639086388,
  "fber": 8.885895729064941,
  "fd_mean": 0.15002562778134054,
  "fd_num": 33,
  "fd_perc": 19.642857142857142,
  "fwhm_avg": 3.337457903342548,
  "fwhm_x": 3.3129673726264786,
  "fwhm_y": 3.4851494134978998,
  "fwhm_z": 3.214256923903266,
  "gcor": 0.0124117,
  "gsr_x": 0.018811624497175217,
  "gsr_y": 0.0005041593103669584,
  "provenance": {
    "md5sum": "4357b5b7f5d4af5ffdedcedd5d0dbe03",
    "settings": {
      "fd_thres": 0.2,
      "testing": false
    },
    "software": "mriqc",
    "version": "23.0.1",
    "webapi_port": null,
    "webapi_url": "https://mriqc.nimh.nih.gov/api/v1"
  },
  "size_t": 168,
  "size_x": 122,
  "size_y": 106,
  "size_z": 64,
  "snr": 1.7855050085830302,
  "spacing_tr": 2.200000047683716,
  "spacing_x": 1.049180269241333,
  "spacing_y": 1.049180269241333,
  "spacing_z": 1.0500000715255737,
  "summary_bg_k": 47.465481182512825,
  "summary_bg_mad": 14.155326567806942,
  "summary_bg_mean": 93.25132751464844,
  "summary_bg_median": 85.0297622680664,
  "summary_bg_n": 207693.0,
  "summary_bg_p05": 70.1547622680664,
  "summary_bg_p95": 143.97024536132812,
  "summary_bg_stdv": 28.084665298461914,
  "summary_fg_k": 10.11529143661042,
  "summary_fg_mad": 137.9525891903102,
  "summary_fg_mean": 308.26849365234375,
  "summary_fg_median": 277.7797546386719,
  "summary_fg_n": 449801.0,
  "summary_fg_p05": 124.43452453613281,
  "summary_fg_p95": 579.7440795898438,
  "summary_fg_stdv": 155.57472229003906,
  "tsnr": 9.29886867821915
}