{
  "aor": 0.0008889285714285715,
  "aqi": 0.03273998392857143,
  "bids_meta": {
    "AcquisitionMatrixPE": 106,
    "AcquisitionNumber": 1,
    "AcquisitionTime": "17:34:58.725000",
    "BandwidthPerPixelPhaseEncode": 18.868,
    "BaseResolution": 122,
    "CoilString": "C:H01-32",
    "ConversionSoftware": "dcm2niix",
    "ConversionSoftwareVersion": "v1.0.20181125  GCC4.3.2",
    "DerivedVendorReportedEchoSpacing": 0.000999996,
    "DeviceSerialNumber": "18912",
    "DwellTime": 3.6e-06,
    "EchoTime": 0.039,
    "EffectiveEchoSpacing": 0.000499998,
    "FlipAngle": 90,
    "ImageComments": "Unaliased_MB2_PE4",
    "ImageOrientationPatientDICOM": [
      1,
      0,
      1e-16,
      0,
      -0.593419,
      -0.804894
    ],
    "ImageType": [
      "ORIGINAL",
      "PRIMARY",
      "M",
      "MB",
      "ND",
      "MOSAIC"
    ],
    "ImagingFrequency": 297.278,
    "InPlanePhaseEncodingDirectionDICOM": "COL",
    "InstitutionAddress": "6th_Street_SE_2021_Minneapolis_0735BC_Chicago_US_55455",
    "InstitutionName": "CMRR_7T_PS",
    "InstitutionalDepartmentName": "CMRR",
    "MRAcquisitionType": "2D",
    "MagneticFieldStrength": 6.98,
    "Manufacturer": "Siemens",
    "ManufacturersModelName": "Investigational_Device_7T",
    "Modality": "MR",
    "MultibandAccelerationFactor": 2,
    "ParallelReductionFactorInPlane": 2,
    "PartialFourier": 0.75,
    "PatientPosition": "HFS",
    "PercentPhaseFOV": 86.8852,
    "PhaseEncodingDirection": "j-",
    "PhaseEncodingSteps": 80,
    "PhaseResolution": 1,
    "PixelBandwidth": 1138,
    "ProcedureStepDescription": "Ruyuan_fmri",
    "ProtocolName": "eja_ep2d_se_1p05iso_1p5sTR_R2_MB2",
    "PulseSequenceDetails": "%CustomerSeq%_eja_ep2d_se",
    "ReceiveCoilName": "VM_8T_32R_Head",
    "ReconMatrixPE": 106,
    "RepetitionTime": 2.2,
    "SAR": 0.0173469,
    "ScanOptions": "PFP",
    "ScanningSequence": "EP",
    "SequenceName": "epse2d1_106",
    "SequenceVariant": "SK_SS",
    "SeriesDescription": "eja_ep2d_se_1p05iso_1p5sTR_R2_MB2",
    "SeriesNumber": 15,
    "ShimSetting": [
      -1325,
      -430,
      974,
      1178,
      58,
      1234,
      474,
      -62
    ],
    "SliceThickness": 1.05,
    "SliceTiming": [
      0,
      1.035,
      2.07,
      0.895,
      1.93,
      0.7575,
      1.7925,
      0.62,
      1.655,
      0.4825,
      1.5175,
      0.345,
      1.38,
      0.205,
      1.24,
      0.0675,
      1.1025,
      2.1375,
      0.965,
      2,
      0.8275,
      1.8625,
      0.69,
      1.725,
      0.55,
      1.585,
      0.4125,
      1.4475,
      0.275,
      1.31,
      0.1375,
      1.1725,
      0,
      1.035,
      2.07,
      0.895,
      1.93,
      0.7575,
      1.7925,
      0.62,
      1.655,
      0.4825,
      1.5175,
      0.345,
      1.38,
      0.205,
      1.24,
      0.0675,
      1.1025,
      2.1375,
      0.965,
      2,
      0.8275,
      1.8625,
      0.69,
      1.725,
      0.55,
      1.585,
      0.4125,
      1.4475,
      0.275,
      1.31,
      0.1375,
      1.1725
    ],
    "SoftwareVersions": "syngo_MR_B17",
    "SpacingBetweenSlices": 1.05,
    "StationName": "SEPTET",
    "TotalReadoutTime": 0.0524998,
    "TxRefAmp": 65,
    "dataset": "ds002702",
    "modality": "bold",
    "run_id": 6,
    "session_id": "ringSE",
    "subject_id": "04",
    "task_id": "ring"
  },
  "dummy_trs": 0,
  "dvars_nstd": 147.3711725105988,
  "dvars_std": 1.034667716227545,
  "dvars_vstd": 1.0079083705389225,
  "efc": 0.8128985310827833,
  "fber": 9.005316734313965,
  "fd_mean": 0.1639676908169178,
  "fd_num": 37,
  "fd_perc": 22.023809523809526,
  "fwhm_avg": 3.3366791061106675,
  "fwhm_x": 3.3181809666678106,
  "fwhm_y": 3.4760184754876686,
  "fwhm_z": 3.2158378761765247,
  "gcor": 0.00328503,
  "gsr_x": 0.02266201190650463,
  "gsr_y": -0.0032523467671126127,
  "provenance": {
    "md5sum": "20521a825088d0257e8eb5bafba6872f",
    "settings": {
      "fd_thres": 0.2,
      "testing": false
    },
    "software": "mriqc",
    "version": "23.0.1",
    "webapi_port": null,
    "webapi_url": "https://mriqc.nimh.nih.gov/api/v1"
  },
  "size_t": 168,
  "size_x": 122,
  "size_y": 106,
  "size_z": 64,
  "snr": 1.7922602392965137,
  "spacing_tr": 2.200000047683716,
  "spacing_x": 1.049180269241333,
  "spacing_y": 1.049180269241333,
  "spacing_z": 1.0500000715255737,
  "summary_bg_k": 43.005710256265814,
  "summary_bg_mad": 14.031772612479056,
  "summary_bg_mean": 93.27034759521484,
  "summary_bg_median": 84.76190948486328,
  "summary_bg_n": 205358.0,
  "summary_bg_p05": 70.13095092773438,
  "summary_bg_p95": 145.20834350585938,
  "summary_bg_stdv": 28.456926345825195,
  "summary_fg_k": 10.476928992551747,
  "summary_fg_mad": 137.65252150497298,
  "summary_fg_mean": 307.60430908203125,
  "summary_fg_median": 278.04168701171875,
  "summary_fg_n": 452677.0,
  "summary_fg_p05": 123.9702377319336,
  "summary_fg_p95": 578.2214599609372,
  "summary_fg_stdv": 155.13449096679688,
  "tsnr": 9.432756402064115
}