{
  "bids_meta": {
    "AcquisitionMatrixPE": 300,
    "AcquisitionNumber": 1,
    "AcquisitionTime": "18:24:37.007500",
    "BaseResolution": 320,
    "BodyPartExamined": "BRAIN",
    "ConsistencyInfo": "N4_VE11C_LATEST_20160120",
    "ConversionSoftware": "dcm2niix",
    "ConversionSoftwareVersion": "v1.0.20181125  GCC4.3.2",
    "DeviceSerialNumber": "67010",
    "DwellTime": 7.1e-06,
    "EchoTime": 0.00222,
    "FlipAngle": 8,
    "ImageOrientationPatientDICOM": [
      -0.00600232,
      0.968359,
      0.249489,
      0.0412862,
      0.249521,
      -0.967489
    ],
    "ImageType": [
      "ORIGINAL",
      "PRIMARY",
      "M",
      "ND",
      "NORM"
    ],
    "ImagingFrequency": 123.174,
    "InPlanePhaseEncodingDirectionDICOM": "ROW",
    "InstitutionAddress": "6th_SE_2021_Minneapolis_Minneapolis_US_55455",
    "InstitutionName": "CMRR_3T-B",
    "InstitutionalDepartmentName": "Research",
    "InversionTime": 1,
    "MRAcquisitionType": "3D",
    "MagneticFieldStrength": 3,
    "Manufacturer": "Siemens",
    "ManufacturersModelName": "Prisma_fit",
    "Modality": "MR",
    "PartialFourier": 1,
    "PatientPosition": "HFS",
    "PercentPhaseFOV": 93.75,
    "PhaseEncodingSteps": 299,
    "PhaseResolution": 1,
    "PixelBandwidth": 220,
    "ProcedureStepDescription": "Kay_New_Exam",
    "ProtocolName": "T1w_MPR",
    "PulseSequenceDetails": "%SiemensSeq%_tfl",
    "ReceiveCoilActiveElements": "HEA;HEP",
    "ReceiveCoilName": "Head_32",
    "ReconMatrixPE": 320,
    "RepetitionTime": 2.4,
    "SAR": 0.0482844,
    "ScanOptions": "IR_WE",
    "ScanningSequence": "GR_IR",
    "SequenceName": "_tfl3d1_16ns",
    "SequenceVariant": "SK_SP_MP",
    "SeriesDescription": "T1w_MPR",
    "SeriesNumber": 28,
    "ShimSetting": [
      -1037,
      -11563,
      -3586,
      928,
      44,
      -64,
      -227,
      106
    ],
    "SliceThickness": 0.8,
    "SoftwareVersions": "syngo_MR_E11",
    "StationName": "TRIOB",
    "TxRefAmp": 245.162,
    "dataset": "ds002702",
    "modality": "T1w",
    "run_id": 6,
    "session_id": "anatomicals",
    "subject_id": "06"
  },
  "cjv": 0.3277634710936542,
  "cnr": 4.018414734805603,
  "efc": 0.5207121032745021,
  "fber": 48061.86249685059,
  "fwhm_avg": 4.421420874983264,
  "fwhm_x": 4.329900258082167,
  "fwhm_y": 4.498149932972343,
  "fwhm_z": 4.4362124338952835,
  "icvs_csf": 0.19229459705716087,
  "icvs_gm": 0.4572436885649117,
  "icvs_wm": 0.3504617143779274,
  "inu_med": 0.4108377695083618,
  "inu_range": 0.1274003684520721,
  "provenance": {
    "md5sum": "e5af3ee5bd8ef9921b3b0807308b737d",
    "settings": {
      "testing": false
    },
    "software": "mriqc",
    "version": "23.0.1",
    "warnings": {
      "large_rot_frame": true,
      "small_air_mask": false
    },
    "webapi_port": null,
    "webapi_url": "https://mriqc.nimh.nih.gov/api/v1"
  },
  "qi_1": 0.0,
  "qi_2": 0.0018082091563278563,
  "rpve_csf": 26.48440181834198,
  "rpve_gm": 12.220544168021375,
  "rpve_wm": 17.65108346959364,
  "size_x": 208,
  "size_y": 300,
  "size_z": 320,
  "snr_csf": 2.378425499211209,
  "snr_gm": 14.156035911197684,
  "snr_total": 14.455469704143118,
  "snr_wm": 26.83194770202046,
  "snrd_csf": 37.54518713158224,
  "snrd_gm": 97.26769786097758,
  "snrd_total": 88.69226573266332,
  "snrd_wm": 131.26391220543013,
  "spacing_x": 0.7999999523162842,
  "spacing_y": 0.800000011920929,
  "spacing_z": 0.800000011920929,
  "summary_bg_k": 11.636129980928086,
  "summary_bg_mad": 0.0,
  "summary_bg_mean": 3.1243177120424264,
  "summary_bg_median": 0.0,
  "summary_bg_n": 6819720.0,
  "summary_bg_p05": 0.0,
  "summary_bg_p95": 12.981066282838583,
  "summary_bg_stdv": 4.991214874127758,
  "summary_csf_k": 0.6407835908327306,
  "summary_csf_mad": 99.38549992294517,
  "summary_csf_mean": 303.08889866980536,
  "summary_csf_median": 286.0413441583514,
  "summary_csf_n": 79340.0,
  "summary_csf_p05": 114.74507082235068,
  "summary_csf_p95": 526.3192784529181,
  "summary_csf_stdv": 120.26424271747648,
  "summary_gm_k": 0.27446583950846115,
  "summary_gm_mad": 49.760636231911754,
  "summary_gm_mean": 741.2805901189822,
  "summary_gm_median": 741.0425986647606,
  "summary_gm_n": 145541.0,
  "summary_gm_p05": 655.2118799798191,
  "summary_gm_p95": 828.613283906132,
  "summary_gm_stdv": 52.34799187344888,
  "summary_wm_k": 0.6843785847571127,
  "summary_wm_mad": 35.131144952270574,
  "summary_wm_mean": 999.829998818515,
  "summary_wm_median": 1000.0457783080637,
  "summary_wm_n": 405602.0,
  "summary_wm_p05": 939.1927374266088,
  "summary_wm_p95": 1060.440933253616,
  "summary_wm_stdv": 37.27066542545581,
  "tpm_overlap_csf": 0.132046631642936,
  "tpm_overlap_gm": 0.4625319580963853,
  "tpm_overlap_wm": 0.5166058895556485,
  "wm2max": 0.8608450508371094
}