{
  "bids_meta": {
    "AcquisitionMatrixPE": 300,
    "AcquisitionNumber": 1,
    "AcquisitionTime": "17:43:23.415000",
    "BaseResolution": 320,
    "BodyPartExamined": "BRAIN",
    "ConsistencyInfo": "N4_VE11C_LATEST_20160120",
    "ConversionSoftware": "dcm2niix",
    "ConversionSoftwareVersion": "v1.0.20181125  GCC4.3.2",
    "DeviceSerialNumber": "67010",
    "DwellTime": 2.1e-06,
    "EchoTime": 0.563,
    "EchoTrainLength": 314,
    "FlipAngle": 120,
    "ImageOrientationPatientDICOM": [
      -0.00600232,
      0.968359,
      0.249489,
      0.0412862,
      0.249521,
      -0.967489
    ],
    "ImageType": [
      "ORIGINAL",
      "PRIMARY",
      "M",
      "ND",
      "NORM"
    ],
    "ImagingFrequency": 123.174,
    "InPlanePhaseEncodingDirectionDICOM": "ROW",
    "InstitutionAddress": "6th_SE_2021_Minneapolis_Minneapolis_US_55455",
    "InstitutionName": "CMRR_3T-B",
    "InstitutionalDepartmentName": "Research",
    "MRAcquisitionType": "3D",
    "MagneticFieldStrength": 3,
    "Manufacturer": "Siemens",
    "ManufacturersModelName": "Prisma_fit",
    "Modality": "MR",
    "PartialFourier": 1,
    "PatientPosition": "HFS",
    "PercentPhaseFOV": 93.75,
    "PhaseEncodingSteps": 297,
    "PhaseResolution": 1,
    "PixelBandwidth": 745,
    "ProcedureStepDescription": "Kay_New_Exam",
    "ProtocolName": "T2w_SPC",
    "PulseSequenceDetails": "%SiemensSeq%_tse_vfl",
    "ReceiveCoilActiveElements": "HEA;HEP",
    "ReceiveCoilName": "Head_32",
    "ReconMatrixPE": 320,
    "RepetitionTime": 3.2,
    "SAR": 0.162455,
    "ScanOptions": "PFP",
    "ScanningSequence": "SE",
    "SequenceName": "_spc_314ns",
    "SequenceVariant": "SK_SP",
    "SeriesDescription": "T2w_SPC",
    "SeriesNumber": 16,
    "ShimSetting": [
      -1037,
      -11563,
      -3586,
      928,
      44,
      -64,
      -227,
      106
    ],
    "SliceThickness": 0.8,
    "SoftwareVersions": "syngo_MR_E11",
    "StationName": "TRIOB",
    "TxRefAmp": 245.162,
    "dataset": "ds002702",
    "modality": "T2w",
    "run_id": 2,
    "session_id": "anatomicals",
    "subject_id": "06"
  },
  "cjv": 0.8113079041102829,
  "cnr": 1.107508700119969,
  "efc": 0.5244486910769861,
  "fber": 8750.838843190337,
  "fwhm_avg": 2.633241688840343,
  "fwhm_x": 2.4727751473888846,
  "fwhm_y": 2.9922499554120012,
  "fwhm_z": 2.4346999637201434,
  "icvs_csf": 0.3709249144705517,
  "icvs_gm": 0.4653417671034758,
  "icvs_wm": 0.1637333184259725,
  "inu_med": 0.7974050045013428,
  "inu_range": 0.14022181928157795,
  "provenance": {
    "md5sum": "02b9da56b516930462c11316142871d9",
    "settings": {
      "testing": false
    },
    "software": "mriqc",
    "version": "23.0.1",
    "warnings": {
      "large_rot_frame": true,
      "small_air_mask": false
    },
    "webapi_port": null,
    "webapi_url": "https://mriqc.nimh.nih.gov/api/v1"
  },
  "qi_1": 0.0,
  "qi_2": 0.005252627963619524,
  "rpve_csf": 13.977858762690554,
  "rpve_gm": 12.291998608431955,
  "rpve_wm": 38.48571781633386,
  "size_x": 208,
  "size_y": 300,
  "size_z": 320,
  "snr_csf": 10.271061150202929,
  "snr_gm": 9.72521249360671,
  "snr_total": 7.286271795504166,
  "snr_wm": 1.8625417427028592,
  "snrd_csf": 112.06099431906267,
  "snrd_gm": 65.25767867322992,
  "snrd_total": 113.00384065054278,
  "snrd_wm": 161.69284895933578,
  "spacing_x": 0.7999999523162842,
  "spacing_y": 0.800000011920929,
  "spacing_z": 0.800000011920929,
  "summary_bg_k": 9.188275988084897,
  "summary_bg_mad": 0.0,
  "summary_bg_mean": 2.298379091216068,
  "summary_bg_median": 0.0,
  "summary_bg_n": 4951417.0,
  "summary_bg_p05": 0.0,
  "summary_bg_p95": 9.800918579101562,
  "summary_bg_stdv": 4.058736368079521,
  "summary_csf_k": 1.7837006734621186,
  "summary_csf_mad": 60.134422249413525,
  "summary_csf_mean": 696.9190661341275,
  "summary_csf_median": 694.2463173866272,
  "summary_csf_n": 101991.0,
  "summary_csf_p05": 594.9792011976242,
  "summary_csf_p95": 810.4681476354599,
  "summary_csf_stdv": 67.59213130534616,
  "summary_gm_k": 1.1676307483339707,
  "summary_gm_mad": 38.143517025517966,
  "summary_gm_mean": 405.11566142992075,
  "summary_gm_median": 404.28789138793945,
  "summary_gm_n": 422295.0,
  "summary_gm_p05": 339.1599123477936,
  "summary_gm_p95": 473.50687885284424,
  "summary_gm_stdv": 41.5710621206441,
  "summary_wm_k": -1.7796160847454177,
  "summary_wm_mad": 446.5645768769824,
  "summary_wm_mean": 739.4995880236918,
  "summary_wm_median": 1001.7282607555389,
  "summary_wm_n": 95897.0,
  "summary_wm_p05": 30.29971480369568,
  "summary_wm_p95": 1305.184826850891,
  "summary_wm_stdv": 537.8258187920053,
  "tpm_overlap_csf": 0.11613780758305418,
  "tpm_overlap_gm": 0.29297972478969336,
  "tpm_overlap_wm": 0.02961115296975999,
  "wm2max": 0.7649220694609178
}