{
  "bids_meta": {
    "AcquisitionMatrixPE": 300,
    "AcquisitionNumber": 1,
    "AcquisitionTime": "18:31:15.980000",
    "BaseResolution": 320,
    "BodyPartExamined": "BRAIN",
    "ConsistencyInfo": "N4_VE11C_LATEST_20160120",
    "ConversionSoftware": "dcm2niix",
    "ConversionSoftwareVersion": "v1.0.20181125  GCC4.3.2",
    "DeviceSerialNumber": "67010",
    "DwellTime": 7.1e-06,
    "EchoTime": 0.00222,
    "FlipAngle": 8,
    "ImageOrientationPatientDICOM": [
      -0.00600232,
      0.968359,
      0.249489,
      0.0412862,
      0.249521,
      -0.967489
    ],
    "ImageType": [
      "ORIGINAL",
      "PRIMARY",
      "M",
      "ND",
      "NORM"
    ],
    "ImagingFrequency": 123.174,
    "InPlanePhaseEncodingDirectionDICOM": "ROW",
    "InstitutionAddress": "6th_SE_2021_Minneapolis_Minneapolis_US_55455",
    "InstitutionName": "CMRR_3T-B",
    "InstitutionalDepartmentName": "Research",
    "InversionTime": 1,
    "MRAcquisitionType": "3D",
    "MagneticFieldStrength": 3,
    "Manufacturer": "Siemens",
    "ManufacturersModelName": "Prisma_fit",
    "Modality": "MR",
    "PartialFourier": 1,
    "PatientPosition": "HFS",
    "PercentPhaseFOV": 93.75,
    "PhaseEncodingSteps": 299,
    "PhaseResolution": 1,
    "PixelBandwidth": 220,
    "ProcedureStepDescription": "Kay_New_Exam",
    "ProtocolName": "T1w_MPR",
    "PulseSequenceDetails": "%SiemensSeq%_tfl",
    "ReceiveCoilActiveElements": "HEA;HEP",
    "ReceiveCoilName": "Head_32",
    "ReconMatrixPE": 320,
    "RepetitionTime": 2.4,
    "SAR": 0.0482844,
    "ScanOptions": "IR_WE",
    "ScanningSequence": "GR_IR",
    "SequenceName": "_tfl3d1_16ns",
    "SequenceVariant": "SK_SP_MP",
    "SeriesDescription": "T1w_MPR",
    "SeriesNumber": 30,
    "ShimSetting": [
      -1037,
      -11563,
      -3586,
      928,
      44,
      -64,
      -227,
      106
    ],
    "SliceThickness": 0.8,
    "SoftwareVersions": "syngo_MR_E11",
    "StationName": "TRIOB",
    "TxRefAmp": 245.162,
    "dataset": "ds002702",
    "modality": "T1w",
    "run_id": 7,
    "session_id": "anatomicals",
    "subject_id": "06"
  },
  "cjv": 0.3243351621868348,
  "cnr": 4.079754449284551,
  "efc": 0.5200427974506513,
  "fber": 49461.065002441406,
  "fwhm_avg": 4.424325041647323,
  "fwhm_x": 4.33153775817977,
  "fwhm_y": 4.502612432905846,
  "fwhm_z": 4.438824933856354,
  "icvs_csf": 0.19196679229297986,
  "icvs_gm": 0.4564493549942744,
  "icvs_wm": 0.3515838527127457,
  "inu_med": 0.4028981328010559,
  "inu_range": 0.12191020399332048,
  "provenance": {
    "md5sum": "96708709beaf36e38dff465e24125d01",
    "settings": {
      "testing": false
    },
    "software": "mriqc",
    "version": "23.0.1",
    "warnings": {
      "large_rot_frame": true,
      "small_air_mask": false
    },
    "webapi_port": null,
    "webapi_url": "https://mriqc.nimh.nih.gov/api/v1"
  },
  "qi_1": 0.0,
  "qi_2": 0.0017806113286765377,
  "rpve_csf": 26.533184290611914,
  "rpve_gm": 12.219988559692561,
  "rpve_wm": 17.58078633575266,
  "size_x": 208,
  "size_y": 300,
  "size_z": 320,
  "snr_csf": 2.3663321311665597,
  "snr_gm": 14.08745694901705,
  "snr_total": 14.640262158857665,
  "snr_wm": 27.466997396389385,
  "snrd_csf": 37.5883779148778,
  "snrd_gm": 97.58447050626975,
  "snrd_total": 89.08816259888317,
  "snrd_wm": 132.09163937550196,
  "spacing_x": 0.7999999523162842,
  "spacing_y": 0.800000011920929,
  "spacing_z": 0.800000011920929,
  "summary_bg_k": 12.57045587334876,
  "summary_bg_mad": 0.0,
  "summary_bg_mean": 3.0849355412159483,
  "summary_bg_median": 0.0,
  "summary_bg_n": 6833496.0,
  "summary_bg_p05": 0.0,
  "summary_bg_p95": 12.8196487929672,
  "summary_bg_stdv": 4.959822477738107,
  "summary_csf_k": 0.5923310750358382,
  "summary_csf_mad": 100.02513383791958,
  "summary_csf_mean": 299.5794691959102,
  "summary_csf_median": 284.5692617353052,
  "summary_csf_n": 79954.0,
  "summary_csf_p05": 105.02682496234775,
  "summary_csf_p95": 520.8908435124904,
  "summary_csf_stdv": 120.25677984954254,
  "summary_gm_k": 0.26893644565694963,
  "summary_gm_mad": 50.19564120718227,
  "summary_gm_mean": 739.0302646824082,
  "summary_gm_median": 738.7799705453217,
  "summary_gm_n": 147993.0,
  "summary_gm_p05": 653.6898323222995,
  "summary_gm_p95": 826.7303946811704,
  "summary_gm_stdv": 52.44221701748098,
  "summary_wm_k": 0.5447464295039244,
  "summary_wm_mad": 34.53446800560451,
  "summary_wm_mean": 999.5428153288317,
  "summary_wm_median": 1000.0224107466638,
  "summary_wm_n": 407114.0,
  "summary_wm_p05": 939.5388138145208,
  "summary_wm_p95": 1058.3057877458632,
  "summary_wm_stdv": 36.40809980535468,
  "tpm_overlap_csf": 0.13265181914109603,
  "tpm_overlap_gm": 0.46326333067749575,
  "tpm_overlap_wm": 0.5159810224745889,
  "wm2max": 0.8652796310460849
}