{
  "aor": 0.000332125748502994,
  "aqi": 0.003315820748502994,
  "bids_meta": {
    "AcquisitionMatrixPE": 80,
    "AcquisitionNumber": 1,
    "AcquisitionTime": "15:14:14.920000",
    "BandwidthPerPixelPhaseEncode": 22.727,
    "BaseResolution": 80,
    "BodyPartExamined": "BRAIN",
    "ConsistencyInfo": "N4_VE11C_LATEST_20160120",
    "ConversionSoftware": "dcm2niix",
    "ConversionSoftwareVersion": "v1.0.20181125  GCC4.3.2",
    "DerivedVendorReportedEchoSpacing": 0.000550007,
    "DeviceSerialNumber": "67010",
    "DwellTime": 2.8e-06,
    "EchoTime": 0.03,
    "EchoTrainLength": 80,
    "EffectiveEchoSpacing": 0.000550007,
    "FlipAngle": 62,
    "ImageComments": "Unaliased_MB2_PE2_LB",
    "ImageOrientationPatientDICOM": [
      0.99968,
      0.0252859,
      -2.16931e-08,
      0.00804794,
      -0.318177,
      -0.947997
    ],
    "ImageType": [
      "ORIGINAL",
      "PRIMARY",
      "M",
      "MB",
      "ND",
      "MOSAIC"
    ],
    "ImagingFrequency": 123.174,
    "InPlanePhaseEncodingDirectionDICOM": "COL",
    "InstitutionAddress": "6th_SE_2021_Minneapolis_Minneapolis_US_55455",
    "InstitutionName": "CMRR_3T-B",
    "InstitutionalDepartmentName": "Research",
    "MRAcquisitionType": "2D",
    "MagneticFieldStrength": 3,
    "Manufacturer": "Siemens",
    "ManufacturersModelName": "Prisma_fit",
    "Modality": "MR",
    "MultibandAccelerationFactor": 2,
    "PartialFourier": 1,
    "PatientPosition": "HFS",
    "PercentPhaseFOV": 100,
    "PhaseEncodingDirection": "j",
    "PhaseEncodingSteps": 80,
    "PhaseResolution": 1,
    "PixelBandwidth": 2230,
    "ProcedureStepDescription": "Kay_vision_pool",
    "ProtocolName": "fMRI_2pt4_1100TR_AP",
    "PulseSequenceDetails": "%CustomerSeq%_cmrr_mbep2d_bold",
    "ReceiveCoilActiveElements": "HEA;HEP",
    "ReceiveCoilName": "Head_32",
    "ReconMatrixPE": 80,
    "RepetitionTime": 1.1,
    "SAR": 0.0411449,
    "ScanOptions": "FS",
    "ScanningSequence": "EP",
    "SequenceName": "epfid2d1_80",
    "SequenceVariant": "SK_SS",
    "SeriesDescription": "fMRI_2pt4_1100TR_AP",
    "SeriesNumber": 24,
    "ShimSetting": [
      -1066,
      -11667,
      -3682,
      557,
      41,
      -36,
      14,
      66
    ],
    "SliceThickness": 2.4,
    "SliceTiming": [
      0,
      0.575,
      0.07,
      0.6475,
      0.1425,
      0.72,
      0.215,
      0.79,
      0.2875,
      0.8625,
      0.36,
      0.935,
      0.43,
      1.0075,
      0.5025,
      0,
      0.575,
      0.07,
      0.6475,
      0.1425,
      0.72,
      0.215,
      0.79,
      0.2875,
      0.8625,
      0.36,
      0.935,
      0.43,
      1.0075,
      0.5025
    ],
    "SoftwareVersions": "syngo_MR_E11",
    "SpacingBetweenSlices": 2.4,
    "StationName": "TRIOB",
    "TotalReadoutTime": 0.0434505,
    "TxRefAmp": 250.578,
    "WipMemBlock": "ce19ef7c-e1c0-44ef-afb2-4ff834b9f811||Sequence: R016 ve11c/master r/e634e98; Dec 19 2017 11:00:25 by eja",
    "dataset": "ds002702",
    "modality": "bold",
    "run_id": 2,
    "session_id": "ring3T",
    "subject_id": "01",
    "task_id": "ring"
  },
  "dummy_trs": 2,
  "dvars_nstd": 23.186145679489492,
  "dvars_std": 1.0657643459459456,
  "dvars_vstd": 0.9886706276576579,
  "efc": 0.5801059842103053,
  "fber": 242.41973876953125,
  "fd_mean": 0.07496505788026865,
  "fd_num": 0,
  "fd_perc": 0.0,
  "fwhm_avg": 3.114505431796229,
  "fwhm_x": 2.9576832158055617,
  "fwhm_y": 3.0958457103154777,
  "fwhm_z": 3.2899873692676476,
  "gcor": 0.0103089,
  "gsr_x": -0.00821946281939745,
  "gsr_y": 0.11947241425514221,
  "provenance": {
    "md5sum": "dc302ca3b28c6f0dba493cdbd02059f4",
    "settings": {
      "fd_thres": 0.2,
      "testing": false
    },
    "software": "mriqc",
    "version": "23.0.1",
    "webapi_port": null,
    "webapi_url": "https://mriqc.nimh.nih.gov/api/v1"
  },
  "size_t": 334,
  "size_x": 80,
  "size_y": 80,
  "size_z": 30,
  "snr": 2.272721957133757,
  "spacing_tr": 1.100000023841858,
  "spacing_x": 2.4000000953674316,
  "spacing_y": 2.4000000953674316,
  "spacing_z": 2.4000000953674316,
  "summary_bg_k": 13.362841948808693,
  "summary_bg_mad": 124.4520092260187,
  "summary_bg_mean": 697.6339111328125,
  "summary_bg_median": 317.36077880859375,
  "summary_bg_n": 118774.0,
  "summary_bg_p05": 223.82126541137697,
  "summary_bg_p95": 2565.429248046875,
  "summary_bg_stdv": 884.7611694335938,
  "summary_fg_k": 0.30462282765460413,
  "summary_fg_mad": 2074.7508660473404,
  "summary_fg_mean": 5411.51171875,
  "summary_fg_median": 4940.7158203125,
  "summary_fg_n": 36946.0,
  "summary_fg_p05": 2664.9425048828125,
  "summary_fg_p95": 9522.41796875,
  "summary_fg_stdv": 2173.890625,
  "tsnr": 58.050700343213975
}