{
  "bids_meta": {
    "AcquisitionMatrixPE": 300,
    "AcquisitionNumber": 1,
    "AcquisitionTime": "13:36:54.990000",
    "BaseResolution": 320,
    "BodyPartExamined": "HEAD",
    "ConsistencyInfo": "N4_VE11B_LATEST_20150530",
    "ConversionSoftware": "dcm2niix",
    "ConversionSoftwareVersion": "v1.0.20181125  GCC4.3.2",
    "DeviceSerialNumber": "67055",
    "DwellTime": 7.1e-06,
    "EchoTime": 0.00222,
    "FlipAngle": 8,
    "ImageOrientationPatientDICOM": [
      -0.0100777,
      0.999574,
      -0.0273971,
      0.00933411,
      -0.0273033,
      -0.999584
    ],
    "ImageType": [
      "ORIGINAL",
      "PRIMARY",
      "M",
      "ND",
      "NORM"
    ],
    "ImagingFrequency": 123.235,
    "InPlanePhaseEncodingDirectionDICOM": "ROW",
    "InstitutionAddress": "6th_SE_2021_Minneapolis_Minnesota_US_55455",
    "InstitutionName": "CMRR_3T-A",
    "InstitutionalDepartmentName": "Research",
    "InversionTime": 1,
    "MRAcquisitionType": "3D",
    "MagneticFieldStrength": 3,
    "Manufacturer": "Siemens",
    "ManufacturersModelName": "Prisma_fit",
    "Modality": "MR",
    "PartialFourier": 1,
    "PatientPosition": "HFS",
    "PercentPhaseFOV": 93.75,
    "PhaseEncodingSteps": 299,
    "PhaseResolution": 1,
    "PixelBandwidth": 220,
    "ProcedureStepDescription": "VisionPool_VisionPool",
    "ProtocolName": "T1w_MPR",
    "PulseSequenceDetails": "%SiemensSeq%_tfl",
    "ReceiveCoilActiveElements": "HEA;HEP",
    "ReceiveCoilName": "Head_32",
    "ReconMatrixPE": 320,
    "RepetitionTime": 2.4,
    "SAR": 0.0527445,
    "ScanOptions": "IR_WE",
    "ScanningSequence": "GR_IR",
    "SequenceName": "_tfl3d1_16ns",
    "SequenceVariant": "SK_SP_MP",
    "SeriesDescription": "T1w_MPR",
    "SeriesNumber": 34,
    "ShimSetting": [
      5245,
      -10086,
      -11178,
      92,
      -91,
      51,
      107,
      -9
    ],
    "SliceThickness": 0.8,
    "SoftwareVersions": "syngo_MR_E11",
    "StationName": "TRIO",
    "TxRefAmp": 304.05,
    "dataset": "ds002702",
    "modality": "T1w",
    "run_id": 6,
    "session_id": "anatomicals",
    "subject_id": "10"
  },
  "cjv": 0.37163134753015087,
  "cnr": 3.608690737729974,
  "efc": 0.6398356588271046,
  "fber": 13297.061086228312,
  "fwhm_avg": 4.326104207721545,
  "fwhm_x": 4.24875025324525,
  "fwhm_y": 4.3386374353492645,
  "fwhm_z": 4.39092493457012,
  "icvs_csf": 0.18173146966782408,
  "icvs_gm": 0.4555810064365087,
  "icvs_wm": 0.3626875238956672,
  "inu_med": 0.4698927104473114,
  "inu_range": 0.1666268199682236,
  "provenance": {
    "md5sum": "afe6c76fd81de2f5bd775f26b1e1c4b0",
    "settings": {
      "testing": false
    },
    "software": "mriqc",
    "version": "23.0.1",
    "warnings": {
      "large_rot_frame": true,
      "small_air_mask": false
    },
    "webapi_port": null,
    "webapi_url": "https://mriqc.nimh.nih.gov/api/v1"
  },
  "qi_1": 0.0,
  "qi_2": 0.0012091153497359353,
  "rpve_csf": 24.956622288657123,
  "rpve_gm": 10.943502793451371,
  "rpve_wm": 15.103600596288743,
  "size_x": 208,
  "size_y": 300,
  "size_z": 320,
  "snr_csf": 2.495987273701329,
  "snr_gm": 14.08620772554579,
  "snr_total": 13.199767958014675,
  "snr_wm": 23.017108874796907,
  "snrd_csf": 28.024773225133696,
  "snrd_gm": 66.57947026799528,
  "snrd_total": 61.10639482055087,
  "snrd_wm": 88.71494096852363,
  "spacing_x": 0.7999999523162842,
  "spacing_y": 0.800000011920929,
  "spacing_z": 0.800000011920929,
  "summary_bg_k": 10.769749402252103,
  "summary_bg_mad": 0.0,
  "summary_bg_mean": 4.562286154123734,
  "summary_bg_median": 0.0,
  "summary_bg_n": 5188157.0,
  "summary_bg_p05": 0.0,
  "summary_bg_p95": 19.568414449691772,
  "summary_bg_stdv": 7.385179080270591,
  "summary_csf_k": 0.8563429135986662,
  "summary_csf_mad": 103.14451058035081,
  "summary_csf_mean": 320.991974144463,
  "summary_csf_median": 315.9158443212509,
  "summary_csf_n": 81896.0,
  "summary_csf_p05": 89.16834253072739,
  "summary_csf_p95": 540.4799072295427,
  "summary_csf_stdv": 126.56872047449644,
  "summary_gm_k": 0.23801902480990078,
  "summary_gm_mad": 51.527758089752474,
  "summary_gm_mean": 749.7736242328175,
  "summary_gm_median": 750.532730281353,
  "summary_gm_n": 134189.0,
  "summary_gm_p05": 661.4544264674187,
  "summary_gm_p95": 836.6997822523117,
  "summary_gm_stdv": 53.28119166978913,
  "summary_wm_k": 0.4903833431763305,
  "summary_wm_mad": 41.20440759163281,
  "summary_wm_mean": 1000.6329297183196,
  "summary_wm_median": 1000.0600274205208,
  "summary_wm_n": 459237.0,
  "summary_wm_p05": 930.6101638674736,
  "summary_wm_p95": 1072.7212718725204,
  "summary_wm_stdv": 43.44850363405813,
  "tpm_overlap_csf": 0.12930078161156508,
  "tpm_overlap_gm": 0.45425901090853144,
  "tpm_overlap_wm": 0.4927518634959899,
  "wm2max": 0.8327751570431765
}