{
  "bids_meta": {
    "AcquisitionMatrixPE": 300,
    "AcquisitionNumber": 1,
    "AcquisitionTime": "13:43:34.030000",
    "BaseResolution": 320,
    "BodyPartExamined": "HEAD",
    "ConsistencyInfo": "N4_VE11B_LATEST_20150530",
    "ConversionSoftware": "dcm2niix",
    "ConversionSoftwareVersion": "v1.0.20181125  GCC4.3.2",
    "DeviceSerialNumber": "67055",
    "DwellTime": 7.1e-06,
    "EchoTime": 0.00222,
    "FlipAngle": 8,
    "ImageOrientationPatientDICOM": [
      -0.0100777,
      0.999574,
      -0.0273971,
      0.00933411,
      -0.0273033,
      -0.999584
    ],
    "ImageType": [
      "ORIGINAL",
      "PRIMARY",
      "M",
      "ND",
      "NORM"
    ],
    "ImagingFrequency": 123.235,
    "InPlanePhaseEncodingDirectionDICOM": "ROW",
    "InstitutionAddress": "6th_SE_2021_Minneapolis_Minnesota_US_55455",
    "InstitutionName": "CMRR_3T-A",
    "InstitutionalDepartmentName": "Research",
    "InversionTime": 1,
    "MRAcquisitionType": "3D",
    "MagneticFieldStrength": 3,
    "Manufacturer": "Siemens",
    "ManufacturersModelName": "Prisma_fit",
    "Modality": "MR",
    "PartialFourier": 1,
    "PatientPosition": "HFS",
    "PercentPhaseFOV": 93.75,
    "PhaseEncodingSteps": 299,
    "PhaseResolution": 1,
    "PixelBandwidth": 220,
    "ProcedureStepDescription": "VisionPool_VisionPool",
    "ProtocolName": "T1w_MPR",
    "PulseSequenceDetails": "%SiemensSeq%_tfl",
    "ReceiveCoilActiveElements": "HEA;HEP",
    "ReceiveCoilName": "Head_32",
    "ReconMatrixPE": 320,
    "RepetitionTime": 2.4,
    "SAR": 0.0527445,
    "ScanOptions": "IR_WE",
    "ScanningSequence": "GR_IR",
    "SequenceName": "_tfl3d1_16ns",
    "SequenceVariant": "SK_SP_MP",
    "SeriesDescription": "T1w_MPR",
    "SeriesNumber": 36,
    "ShimSetting": [
      5245,
      -10086,
      -11178,
      92,
      -91,
      51,
      107,
      -9
    ],
    "SliceThickness": 0.8,
    "SoftwareVersions": "syngo_MR_E11",
    "StationName": "TRIO",
    "TxRefAmp": 304.05,
    "dataset": "ds002702",
    "modality": "T1w",
    "run_id": 7,
    "session_id": "anatomicals",
    "subject_id": "10"
  },
  "cjv": 0.3717054462437072,
  "cnr": 3.615784420072602,
  "efc": 0.6389135715211065,
  "fber": 14026.021814599362,
  "fwhm_avg": 4.31092920760308,
  "fwhm_x": 4.234875252418235,
  "fwhm_y": 4.33487493540533,
  "fwhm_z": 4.363037434985676,
  "icvs_csf": 0.18158018757704503,
  "icvs_gm": 0.4557591303869205,
  "icvs_wm": 0.36266068203603447,
  "inu_med": 0.4654332399368286,
  "inu_range": 0.15715084671974183,
  "provenance": {
    "md5sum": "6c3489f5c2754b17472c98831cc76fa9",
    "settings": {
      "testing": false
    },
    "software": "mriqc",
    "version": "23.0.1",
    "warnings": {
      "large_rot_frame": true,
      "small_air_mask": false
    },
    "webapi_port": null,
    "webapi_url": "https://mriqc.nimh.nih.gov/api/v1"
  },
  "qi_1": 0.0,
  "qi_2": 0.0013466378847587271,
  "rpve_csf": 24.951192664243724,
  "rpve_gm": 10.946890667330987,
  "rpve_wm": 15.144492212514079,
  "size_x": 208,
  "size_y": 300,
  "size_z": 320,
  "snr_csf": 2.521632598188643,
  "snr_gm": 13.851102048651532,
  "snr_total": 13.190493881611681,
  "snr_wm": 23.19874699799487,
  "snrd_csf": 28.259549614603223,
  "snrd_gm": 67.994189072712,
  "snrd_total": 62.358028115093816,
  "snrd_wm": 90.82034565796623,
  "spacing_x": 0.7999999523162842,
  "spacing_y": 0.800000011920929,
  "spacing_z": 0.800000011920929,
  "summary_bg_k": 23.648816253155747,
  "summary_bg_mad": 0.0,
  "summary_bg_mean": 4.454710376315868,
  "summary_bg_median": 0.0,
  "summary_bg_n": 5173283.0,
  "summary_bg_p05": 0.0,
  "summary_bg_p95": 19.118842229247093,
  "summary_bg_stdv": 7.213776703582189,
  "summary_csf_k": 0.8300690193767086,
  "summary_csf_mad": 97.71531978247933,
  "summary_csf_mean": 315.9455436129586,
  "summary_csf_median": 311.1689117923379,
  "summary_csf_n": 81416.0,
  "summary_csf_p05": 91.43228630721569,
  "summary_csf_p95": 532.7914094701409,
  "summary_csf_stdv": 123.39902372322614,
  "summary_gm_k": 0.2183501678958084,
  "summary_gm_mad": 52.54548523083496,
  "summary_gm_mean": 748.3684624098967,
  "summary_gm_median": 748.6912604942918,
  "summary_gm_n": 136430.0,
  "summary_gm_p05": 659.339936606586,
  "summary_gm_p95": 837.2297084368765,
  "summary_gm_stdv": 54.05263162408162,
  "summary_wm_k": 0.5317708236696421,
  "summary_wm_mad": 40.87942337224592,
  "summary_wm_mean": 1000.5820925428278,
  "summary_wm_median": 1000.0325027257204,
  "summary_wm_n": 460905.0,
  "summary_wm_p05": 931.2306827306747,
  "summary_wm_p95": 1072.15085657686,
  "summary_wm_stdv": 43.10713065468819,
  "tpm_overlap_csf": 0.13024762832164408,
  "tpm_overlap_gm": 0.4547566603095636,
  "tpm_overlap_wm": 0.4949741164952469,
  "wm2max": 0.8255314469409878
}