{
  "bids_meta": {
    "AcquisitionMatrixPE": 300,
    "AcquisitionNumber": 1,
    "AcquisitionTime": "13:16:42.985000",
    "BaseResolution": 320,
    "BodyPartExamined": "HEAD",
    "ConsistencyInfo": "N4_VE11B_LATEST_20150530",
    "ConversionSoftware": "dcm2niix",
    "ConversionSoftwareVersion": "v1.0.20181125  GCC4.3.2",
    "DeviceSerialNumber": "67055",
    "DwellTime": 7.1e-06,
    "EchoTime": 0.00222,
    "FlipAngle": 8,
    "ImageOrientationPatientDICOM": [
      -0.0100777,
      0.999574,
      -0.0273971,
      0.00933411,
      -0.0273033,
      -0.999584
    ],
    "ImageType": [
      "ORIGINAL",
      "PRIMARY",
      "M",
      "ND",
      "NORM"
    ],
    "ImagingFrequency": 123.235,
    "InPlanePhaseEncodingDirectionDICOM": "ROW",
    "InstitutionAddress": "6th_SE_2021_Minneapolis_Minnesota_US_55455",
    "InstitutionName": "CMRR_3T-A",
    "InstitutionalDepartmentName": "Research",
    "InversionTime": 1,
    "MRAcquisitionType": "3D",
    "MagneticFieldStrength": 3,
    "Manufacturer": "Siemens",
    "ManufacturersModelName": "Prisma_fit",
    "Modality": "MR",
    "PartialFourier": 1,
    "PatientPosition": "HFS",
    "PercentPhaseFOV": 93.75,
    "PhaseEncodingSteps": 299,
    "PhaseResolution": 1,
    "PixelBandwidth": 220,
    "ProcedureStepDescription": "VisionPool_VisionPool",
    "ProtocolName": "T1w_MPR",
    "PulseSequenceDetails": "%SiemensSeq%_tfl",
    "ReceiveCoilActiveElements": "HEA;HEP",
    "ReceiveCoilName": "Head_32",
    "ReconMatrixPE": 320,
    "RepetitionTime": 2.4,
    "SAR": 0.0527445,
    "ScanOptions": "IR_WE",
    "ScanningSequence": "GR_IR",
    "SequenceName": "_tfl3d1_16ns",
    "SequenceVariant": "SK_SP_MP",
    "SeriesDescription": "T1w_MPR",
    "SeriesNumber": 28,
    "ShimSetting": [
      5245,
      -10086,
      -11178,
      92,
      -91,
      51,
      107,
      -9
    ],
    "SliceThickness": 0.8,
    "SoftwareVersions": "syngo_MR_E11",
    "StationName": "TRIO",
    "TxRefAmp": 304.05,
    "dataset": "ds002702",
    "modality": "T1w",
    "run_id": 3,
    "session_id": "anatomicals",
    "subject_id": "10"
  },
  "cjv": 0.37740009979007383,
  "cnr": 3.5752940600800303,
  "efc": 0.6416004030960224,
  "fber": 13925.552674861498,
  "fwhm_avg": 4.34078337424367,
  "fwhm_x": 4.251737753423319,
  "fwhm_y": 4.376024934792147,
  "fwhm_z": 4.394587434515544,
  "icvs_csf": 0.18110157775194324,
  "icvs_gm": 0.45274583605159585,
  "icvs_wm": 0.36615258619646085,
  "inu_med": 0.4622405469417572,
  "inu_range": 0.15476152151823042,
  "provenance": {
    "md5sum": "39291242c0b59e047b5fbdeab10a32ba",
    "settings": {
      "testing": false
    },
    "software": "mriqc",
    "version": "23.0.1",
    "warnings": {
      "large_rot_frame": true,
      "small_air_mask": false
    },
    "webapi_port": null,
    "webapi_url": "https://mriqc.nimh.nih.gov/api/v1"
  },
  "qi_1": 1.2716394429855914e-06,
  "qi_2": 0.0011138258404446721,
  "rpve_csf": 24.937743621210824,
  "rpve_gm": 10.944256070045986,
  "rpve_wm": 14.911588197309579,
  "size_x": 208,
  "size_y": 300,
  "size_z": 320,
  "snr_csf": 2.588002842171853,
  "snr_gm": 14.22530727222661,
  "snr_total": 13.224277988609849,
  "snr_wm": 22.859523851431085,
  "snrd_csf": 26.91486179092737,
  "snrd_gm": 63.240008360578706,
  "snrd_total": 58.04929777818183,
  "snrd_wm": 83.99302318303943,
  "spacing_x": 0.7999999523162842,
  "spacing_y": 0.800000011920929,
  "spacing_z": 0.800000011920929,
  "summary_bg_k": 15.52821486157156,
  "summary_bg_mad": 0.0,
  "summary_bg_mean": 4.69230611320998,
  "summary_bg_median": 0.0,
  "summary_bg_n": 5172996.0,
  "summary_bg_p05": 0.0,
  "summary_bg_p95": 19.84937459230423,
  "summary_bg_stdv": 7.800388546245481,
  "summary_csf_k": 0.6156752255729074,
  "summary_csf_mad": 99.21549857432213,
  "summary_csf_mean": 323.5892202973824,
  "summary_csf_median": 320.4620894789696,
  "summary_csf_n": 80690.0,
  "summary_csf_p05": 95.00255331397057,
  "summary_csf_p95": 536.3016996458174,
  "summary_csf_stdv": 123.82525184671556,
  "summary_gm_k": 0.21239337751770426,
  "summary_gm_mad": 51.66586764099178,
  "summary_gm_mean": 752.4109769649548,
  "summary_gm_median": 752.9678352177143,
  "summary_gm_n": 127133.0,
  "summary_gm_p05": 664.7625757753849,
  "summary_gm_p95": 838.5562960803509,
  "summary_gm_stdv": 52.93136095154324,
  "summary_wm_k": 0.518983479077082,
  "summary_wm_mad": 41.58818466706206,
  "summary_wm_mean": 1001.1780960540545,
  "summary_wm_median": 1000.063827931881,
  "summary_wm_n": 460536.0,
  "summary_wm_p05": 931.4526456594467,
  "summary_wm_p95": 1074.6106752753258,
  "summary_wm_stdv": 43.74818778685679,
  "tpm_overlap_csf": 0.1295295978817873,
  "tpm_overlap_gm": 0.4526696422071161,
  "tpm_overlap_wm": 0.49079143845183426,
  "wm2max": 0.8492682926829268
}