{
  "bids_meta": {
    "AcquisitionMatrixPE": 300,
    "AcquisitionNumber": 1,
    "AcquisitionTime": "13:30:2.037500",
    "BaseResolution": 320,
    "BodyPartExamined": "HEAD",
    "ConsistencyInfo": "N4_VE11B_LATEST_20150530",
    "ConversionSoftware": "dcm2niix",
    "ConversionSoftwareVersion": "v1.0.20181125  GCC4.3.2",
    "DeviceSerialNumber": "67055",
    "DwellTime": 7.1e-06,
    "EchoTime": 0.00222,
    "FlipAngle": 8,
    "ImageOrientationPatientDICOM": [
      -0.0100777,
      0.999574,
      -0.0273971,
      0.00933411,
      -0.0273033,
      -0.999584
    ],
    "ImageType": [
      "ORIGINAL",
      "PRIMARY",
      "M",
      "ND",
      "NORM"
    ],
    "ImagingFrequency": 123.235,
    "InPlanePhaseEncodingDirectionDICOM": "ROW",
    "InstitutionAddress": "6th_SE_2021_Minneapolis_Minnesota_US_55455",
    "InstitutionName": "CMRR_3T-A",
    "InstitutionalDepartmentName": "Research",
    "InversionTime": 1,
    "MRAcquisitionType": "3D",
    "MagneticFieldStrength": 3,
    "Manufacturer": "Siemens",
    "ManufacturersModelName": "Prisma_fit",
    "Modality": "MR",
    "PartialFourier": 1,
    "PatientPosition": "HFS",
    "PercentPhaseFOV": 93.75,
    "PhaseEncodingSteps": 299,
    "PhaseResolution": 1,
    "PixelBandwidth": 220,
    "ProcedureStepDescription": "VisionPool_VisionPool",
    "ProtocolName": "T1w_MPR",
    "PulseSequenceDetails": "%SiemensSeq%_tfl",
    "ReceiveCoilActiveElements": "HEA;HEP",
    "ReceiveCoilName": "Head_32",
    "ReconMatrixPE": 320,
    "RepetitionTime": 2.4,
    "SAR": 0.0527445,
    "ScanOptions": "IR_WE",
    "ScanningSequence": "GR_IR",
    "SequenceName": "_tfl3d1_16ns",
    "SequenceVariant": "SK_SP_MP",
    "SeriesDescription": "T1w_MPR",
    "SeriesNumber": 32,
    "ShimSetting": [
      5245,
      -10086,
      -11178,
      92,
      -91,
      51,
      107,
      -9
    ],
    "SliceThickness": 0.8,
    "SoftwareVersions": "syngo_MR_E11",
    "StationName": "TRIO",
    "TxRefAmp": 304.05,
    "dataset": "ds002702",
    "modality": "T1w",
    "run_id": 5,
    "session_id": "anatomicals",
    "subject_id": "10"
  },
  "cjv": 0.3610631114130948,
  "cnr": 3.6778438258757116,
  "efc": 0.6379697654588534,
  "fber": 13988.291730297562,
  "fwhm_avg": 4.325262541424427,
  "fwhm_x": 4.263125254102066,
  "fwhm_y": 4.319799935629964,
  "fwhm_z": 4.392862434541248,
  "icvs_csf": 0.1819453846054251,
  "icvs_gm": 0.45742027978969463,
  "icvs_wm": 0.3606343356048803,
  "inu_med": 0.4611752927303314,
  "inu_range": 0.15979532003402708,
  "provenance": {
    "md5sum": "c0831710d4fa667e5ab655cfa8d47bae",
    "settings": {
      "testing": false
    },
    "software": "mriqc",
    "version": "23.0.1",
    "warnings": {
      "large_rot_frame": true,
      "small_air_mask": false
    },
    "webapi_port": null,
    "webapi_url": "https://mriqc.nimh.nih.gov/api/v1"
  },
  "qi_1": 0.0,
  "qi_2": 0.0012661980812623205,
  "rpve_csf": 24.9340621075537,
  "rpve_gm": 10.922641984650667,
  "rpve_wm": 15.204834546061287,
  "size_x": 208,
  "size_y": 300,
  "size_z": 320,
  "snr_csf": 2.4887587799382676,
  "snr_gm": 14.217835784211465,
  "snr_total": 13.308816929460209,
  "snr_wm": 23.219856224230895,
  "snrd_csf": 28.667446597509045,
  "snrd_gm": 68.75227003982548,
  "snrd_total": 63.091888585665096,
  "snrd_wm": 91.85594911966078,
  "spacing_x": 0.7999999523162842,
  "spacing_y": 0.800000011920929,
  "spacing_z": 0.800000011920929,
  "summary_bg_k": 10.520556944586776,
  "summary_bg_mad": 0.0,
  "summary_bg_mean": 4.411591828297693,
  "summary_bg_median": 0.0,
  "summary_bg_n": 5218424.0,
  "summary_bg_p05": 0.0,
  "summary_bg_p95": 18.900455117225647,
  "summary_bg_stdv": 7.132447136243428,
  "summary_csf_k": 0.8913000859722295,
  "summary_csf_mad": 100.75328506079488,
  "summary_csf_mean": 316.38256474669356,
  "summary_csf_median": 312.10149121284485,
  "summary_csf_n": 81924.0,
  "summary_csf_p05": 86.53708378672601,
  "summary_csf_p95": 533.1164517402649,
  "summary_csf_stdv": 125.40371083751806,
  "summary_gm_k": 0.3377703302912489,
  "summary_gm_mad": 50.207836164809706,
  "summary_gm_mean": 747.7401811474026,
  "summary_gm_median": 748.5035659074783,
  "summary_gm_n": 139276.0,
  "summary_gm_p05": 660.0845693349838,
  "summary_gm_p95": 833.4824194014072,
  "summary_gm_stdv": 52.64520494817912,
  "summary_wm_k": 0.5826626783141551,
  "summary_wm_mad": 40.60998852139267,
  "summary_wm_mean": 1000.7495211170226,
  "summary_wm_median": 1000.0325142145157,
  "summary_wm_n": 460942.0,
  "summary_wm_p05": 931.554961681366,
  "summary_wm_p95": 1072.3487133979797,
  "summary_wm_stdv": 43.0679423587434,
  "tpm_overlap_csf": 0.12692083966026615,
  "tpm_overlap_gm": 0.4536461218288412,
  "tpm_overlap_wm": 0.49380284488366544,
  "wm2max": 0.8429813140238706
}