{
  "bids_meta": {
    "AcquisitionMatrixPE": 300,
    "AcquisitionNumber": 1,
    "AcquisitionTime": "12:37:26.827500",
    "BaseResolution": 320,
    "BodyPartExamined": "HEAD",
    "ConsistencyInfo": "N4_VE11B_LATEST_20150530",
    "ConversionSoftware": "dcm2niix",
    "ConversionSoftwareVersion": "v1.0.20181125  GCC4.3.2",
    "DeviceSerialNumber": "67055",
    "DwellTime": 2.1e-06,
    "EchoTime": 0.563,
    "EchoTrainLength": 314,
    "FlipAngle": 120,
    "ImageOrientationPatientDICOM": [
      -0.0100777,
      0.999574,
      -0.0273971,
      0.00933411,
      -0.0273033,
      -0.999584
    ],
    "ImageType": [
      "ORIGINAL",
      "PRIMARY",
      "M",
      "ND",
      "NORM"
    ],
    "ImagingFrequency": 123.235,
    "InPlanePhaseEncodingDirectionDICOM": "ROW",
    "InstitutionAddress": "6th_SE_2021_Minneapolis_Minnesota_US_55455",
    "InstitutionName": "CMRR_3T-A",
    "InstitutionalDepartmentName": "Research",
    "MRAcquisitionType": "3D",
    "MagneticFieldStrength": 3,
    "Manufacturer": "Siemens",
    "ManufacturersModelName": "Prisma_fit",
    "Modality": "MR",
    "PartialFourier": 1,
    "PatientPosition": "HFS",
    "PercentPhaseFOV": 93.75,
    "PhaseEncodingSteps": 297,
    "PhaseResolution": 1,
    "PixelBandwidth": 745,
    "ProcedureStepDescription": "VisionPool_VisionPool",
    "ProtocolName": "T2w_SPC",
    "PulseSequenceDetails": "%SiemensSeq%_tse_vfl",
    "ReceiveCoilActiveElements": "HEA;HEP",
    "ReceiveCoilName": "Head_32",
    "ReconMatrixPE": 320,
    "RepetitionTime": 3.2,
    "SAR": 0.177461,
    "ScanOptions": "PFP",
    "ScanningSequence": "SE",
    "SequenceName": "_spc_314ns",
    "SequenceVariant": "SK_SP",
    "SeriesDescription": "T2w_SPC",
    "SeriesNumber": 15,
    "ShimSetting": [
      5245,
      -10086,
      -11178,
      92,
      -91,
      51,
      107,
      -9
    ],
    "SliceThickness": 0.8,
    "SoftwareVersions": "syngo_MR_E11",
    "StationName": "TRIO",
    "TxRefAmp": 304.05,
    "dataset": "ds002702",
    "modality": "T2w",
    "run_id": 1,
    "session_id": "anatomicals",
    "subject_id": "10"
  },
  "cjv": 4.373694889088166,
  "cnr": 0.19417659771734672,
  "efc": 0.6156339514745587,
  "fber": 6248.18388429752,
  "fwhm_avg": 2.641454191047205,
  "fwhm_x": 2.566562652979055,
  "fwhm_y": 2.9524124560056264,
  "fwhm_z": 2.4053874641569335,
  "icvs_csf": 0.3692500081188421,
  "icvs_gm": 0.48065273871806063,
  "icvs_wm": 0.15009725316309722,
  "inu_med": 0.9815366864204407,
  "inu_range": 0.27552491426467907,
  "provenance": {
    "md5sum": "50592fb069341a8685697baf05fbe7d9",
    "settings": {
      "testing": false
    },
    "software": "mriqc",
    "version": "23.0.1",
    "warnings": {
      "large_rot_frame": true,
      "small_air_mask": false
    },
    "webapi_port": null,
    "webapi_url": "https://mriqc.nimh.nih.gov/api/v1"
  },
  "qi_1": 0.0,
  "qi_2": 0.0029235194993314545,
  "rpve_csf": 12.215375954076329,
  "rpve_gm": 10.64268070733376,
  "rpve_wm": 35.832578925022126,
  "size_x": 208,
  "size_y": 300,
  "size_z": 320,
  "snr_csf": 10.058242685659607,
  "snr_gm": 9.79273326677259,
  "snr_total": 6.805386494650435,
  "snr_wm": 0.5651835315191074,
  "snrd_csf": 67.91525657036746,
  "snrd_gm": 42.16158163418315,
  "snrd_total": 47.14420866817998,
  "snrd_wm": 31.355787799989322,
  "spacing_x": 0.7999999523162842,
  "spacing_y": 0.800000011920929,
  "spacing_z": 0.800000011920929,
  "summary_bg_k": 33.911588804596235,
  "summary_bg_mad": 0.0,
  "summary_bg_mean": 12.85777851445045,
  "summary_bg_median": 0.0,
  "summary_bg_n": 5301590.0,
  "summary_bg_p05": 0.0,
  "summary_bg_p95": 52.16416601091623,
  "summary_bg_stdv": 21.124225590916804,
  "summary_csf_k": 1.092494172753394,
  "summary_csf_mad": 199.8023157048561,
  "summary_csf_mean": 2198.443162505444,
  "summary_csf_median": 2189.8603113144636,
  "summary_csf_n": 98318.0,
  "summary_csf_p05": 1862.9073898047209,
  "summary_csf_p95": 2566.735633023083,
  "summary_csf_stdv": 217.71687591002296,
  "summary_gm_k": 0.48186875227969805,
  "summary_gm_mad": 133.45720895449122,
  "summary_gm_mean": 1360.8277214805416,
  "summary_gm_median": 1359.458521477878,
  "summary_gm_n": 424027.0,
  "summary_gm_p05": 1135.9717143699527,
  "summary_gm_p95": 1588.549743115902,
  "summary_gm_stdv": 138.82303146729154,
  "summary_wm_k": -1.651969476324021,
  "summary_wm_mad": 1390.4349250938708,
  "summary_wm_mean": 1963.2803928459364,
  "summary_wm_median": 1011.0363812297583,
  "summary_wm_n": 91955.0,
  "summary_wm_p05": 76.4787028953433,
  "summary_wm_p95": 4657.553006326408,
  "summary_wm_stdv": 1788.8541108857826,
  "tpm_overlap_csf": 0.11542536408105289,
  "tpm_overlap_gm": 0.3134048384456695,
  "tpm_overlap_wm": 0.028133867882580238,
  "wm2max": 0.2182393448725107
}