{
  "bids_meta": {
    "AcquisitionMatrixPE": 300,
    "AcquisitionNumber": 1,
    "AcquisitionTime": "13:09:2.960000",
    "BaseResolution": 320,
    "BodyPartExamined": "HEAD",
    "ConsistencyInfo": "N4_VE11B_LATEST_20150530",
    "ConversionSoftware": "dcm2niix",
    "ConversionSoftwareVersion": "v1.0.20181125  GCC4.3.2",
    "DeviceSerialNumber": "67055",
    "DwellTime": 7.1e-06,
    "EchoTime": 0.00222,
    "FlipAngle": 8,
    "ImageOrientationPatientDICOM": [
      -0.0100777,
      0.999574,
      -0.0273971,
      0.00933411,
      -0.0273033,
      -0.999584
    ],
    "ImageType": [
      "ORIGINAL",
      "PRIMARY",
      "M",
      "ND",
      "NORM"
    ],
    "ImagingFrequency": 123.235,
    "InPlanePhaseEncodingDirectionDICOM": "ROW",
    "InstitutionAddress": "6th_SE_2021_Minneapolis_Minnesota_US_55455",
    "InstitutionName": "CMRR_3T-A",
    "InstitutionalDepartmentName": "Research",
    "InversionTime": 1,
    "MRAcquisitionType": "3D",
    "MagneticFieldStrength": 3,
    "Manufacturer": "Siemens",
    "ManufacturersModelName": "Prisma_fit",
    "Modality": "MR",
    "PartialFourier": 1,
    "PatientPosition": "HFS",
    "PercentPhaseFOV": 93.75,
    "PhaseEncodingSteps": 299,
    "PhaseResolution": 1,
    "PixelBandwidth": 220,
    "ProcedureStepDescription": "VisionPool_VisionPool",
    "ProtocolName": "T1w_MPR",
    "PulseSequenceDetails": "%SiemensSeq%_tfl",
    "ReceiveCoilActiveElements": "HEA;HEP",
    "ReceiveCoilName": "Head_32",
    "ReconMatrixPE": 320,
    "RepetitionTime": 2.4,
    "SAR": 0.0527445,
    "ScanOptions": "IR_WE",
    "ScanningSequence": "GR_IR",
    "SequenceName": "_tfl3d1_16ns",
    "SequenceVariant": "SK_SP_MP",
    "SeriesDescription": "T1w_MPR",
    "SeriesNumber": 26,
    "ShimSetting": [
      5245,
      -10086,
      -11178,
      92,
      -91,
      51,
      107,
      -9
    ],
    "SliceThickness": 0.8,
    "SoftwareVersions": "syngo_MR_E11",
    "StationName": "TRIO",
    "TxRefAmp": 304.05,
    "dataset": "ds002702",
    "modality": "T1w",
    "run_id": 2,
    "session_id": "anatomicals",
    "subject_id": "10"
  },
  "cjv": 0.380386641278163,
  "cnr": 3.535881246216944,
  "efc": 0.6421784522665136,
  "fber": 14039.324226489865,
  "fwhm_avg": 4.243408373902494,
  "fwhm_x": 4.179575249122098,
  "fwhm_y": 4.232124936936424,
  "fwhm_z": 4.318524935648964,
  "icvs_csf": 0.18190025482979727,
  "icvs_gm": 0.4539557003350185,
  "icvs_wm": 0.36414404483518426,
  "inu_med": 0.45749467611312866,
  "inu_range": 0.15039291977882385,
  "provenance": {
    "md5sum": "01256a7105542b1e24ab6a5dce8e32cb",
    "settings": {
      "testing": false
    },
    "software": "mriqc",
    "version": "23.0.1",
    "warnings": {
      "large_rot_frame": true,
      "small_air_mask": false
    },
    "webapi_port": null,
    "webapi_url": "https://mriqc.nimh.nih.gov/api/v1"
  },
  "qi_1": 0.0,
  "qi_2": 0.0012322558109564197,
  "rpve_csf": 24.888592739830543,
  "rpve_gm": 10.937509412404758,
  "rpve_wm": 14.99132883470766,
  "size_x": 208,
  "size_y": 300,
  "size_z": 320,
  "snr_csf": 2.5365494592834446,
  "snr_gm": 14.17377762425817,
  "snr_total": 13.084390182283434,
  "snr_wm": 22.542843463308685,
  "snrd_csf": 27.724691134455533,
  "snrd_gm": 65.80574846354992,
  "snrd_total": 60.27990111971675,
  "snrd_wm": 87.30926376114478,
  "spacing_x": 0.7999999523162842,
  "spacing_y": 0.800000011920929,
  "spacing_z": 0.800000011920929,
  "summary_bg_k": 12.797437694382479,
  "summary_bg_mad": 0.0,
  "summary_bg_mean": 4.620904155298917,
  "summary_bg_median": 0.0,
  "summary_bg_n": 5168613.0,
  "summary_bg_p05": 0.0,
  "summary_bg_p95": 19.649734845384955,
  "summary_bg_stdv": 7.503855537694547,
  "summary_csf_k": 0.6920642267595816,
  "summary_csf_mad": 104.1283556940539,
  "summary_csf_mean": 323.52252353555104,
  "summary_csf_median": 317.55536266975105,
  "summary_csf_n": 82057.0,
  "summary_csf_p05": 100.2648032233119,
  "summary_csf_p95": 541.6827058173715,
  "summary_csf_stdv": 125.19110421186662,
  "summary_gm_k": 0.2180969353892439,
  "summary_gm_mad": 51.75188200732756,
  "summary_gm_mean": 752.7062300885859,
  "summary_gm_median": 753.7313298732042,
  "summary_gm_n": 122299.0,
  "summary_gm_p05": 663.9684523176402,
  "summary_gm_p95": 838.7397539746016,
  "summary_gm_stdv": 53.17765442194548,
  "summary_wm_k": 0.5470094566747425,
  "summary_wm_mad": 41.936869902489576,
  "summary_wm_mean": 1000.948779813746,
  "summary_wm_median": 1000.0300736855716,
  "summary_wm_n": 453033.0,
  "summary_wm_p05": 930.2178457509726,
  "summary_wm_p95": 1075.0782187152654,
  "summary_wm_stdv": 44.36126132921451,
  "tpm_overlap_csf": 0.13009617236765,
  "tpm_overlap_gm": 0.45314564434658106,
  "tpm_overlap_wm": 0.49244293439579945,
  "wm2max": 0.8466790547160484
}