{
  "bids_meta": {
    "AcquisitionMatrixPE": 300,
    "AcquisitionNumber": 1,
    "AcquisitionTime": "12:43:26.582500",
    "BaseResolution": 320,
    "BodyPartExamined": "HEAD",
    "ConsistencyInfo": "N4_VE11B_LATEST_20150530",
    "ConversionSoftware": "dcm2niix",
    "ConversionSoftwareVersion": "v1.0.20181125  GCC4.3.2",
    "DeviceSerialNumber": "67055",
    "DwellTime": 2.1e-06,
    "EchoTime": 0.563,
    "EchoTrainLength": 314,
    "FlipAngle": 120,
    "ImageOrientationPatientDICOM": [
      -0.0100777,
      0.999574,
      -0.0273971,
      0.00933411,
      -0.0273033,
      -0.999584
    ],
    "ImageType": [
      "ORIGINAL",
      "PRIMARY",
      "M",
      "ND",
      "NORM"
    ],
    "ImagingFrequency": 123.235,
    "InPlanePhaseEncodingDirectionDICOM": "ROW",
    "InstitutionAddress": "6th_SE_2021_Minneapolis_Minnesota_US_55455",
    "InstitutionName": "CMRR_3T-A",
    "InstitutionalDepartmentName": "Research",
    "MRAcquisitionType": "3D",
    "MagneticFieldStrength": 3,
    "Manufacturer": "Siemens",
    "ManufacturersModelName": "Prisma_fit",
    "Modality": "MR",
    "PartialFourier": 1,
    "PatientPosition": "HFS",
    "PercentPhaseFOV": 93.75,
    "PhaseEncodingSteps": 297,
    "PhaseResolution": 1,
    "PixelBandwidth": 745,
    "ProcedureStepDescription": "VisionPool_VisionPool",
    "ProtocolName": "T2w_SPC",
    "PulseSequenceDetails": "%SiemensSeq%_tse_vfl",
    "ReceiveCoilActiveElements": "HEA;HEP",
    "ReceiveCoilName": "Head_32",
    "ReconMatrixPE": 320,
    "RepetitionTime": 3.2,
    "SAR": 0.177461,
    "ScanOptions": "PFP",
    "ScanningSequence": "SE",
    "SequenceName": "_spc_314ns",
    "SequenceVariant": "SK_SP",
    "SeriesDescription": "T2w_SPC",
    "SeriesNumber": 18,
    "ShimSetting": [
      5245,
      -10086,
      -11178,
      92,
      -91,
      51,
      107,
      -9
    ],
    "SliceThickness": 0.8,
    "SoftwareVersions": "syngo_MR_E11",
    "StationName": "TRIO",
    "TxRefAmp": 304.05,
    "dataset": "ds002702",
    "modality": "T2w",
    "run_id": 2,
    "session_id": "anatomicals",
    "subject_id": "10"
  },
  "cjv": 3.878693260246876,
  "cnr": 0.21337645814284747,
  "efc": 0.6192775080844035,
  "fber": 5828.482314965316,
  "fwhm_avg": 2.652333356483843,
  "fwhm_x": 2.5235626504160553,
  "fwhm_y": 2.974024955683575,
  "fwhm_z": 2.4594124633518986,
  "icvs_csf": 0.3588826973735793,
  "icvs_gm": 0.4920230288187178,
  "icvs_wm": 0.1490942738077029,
  "inu_med": 0.9915027618408203,
  "inu_range": 0.29435657262802106,
  "provenance": {
    "md5sum": "c079249f6ee37e6de126d9deb569775b",
    "settings": {
      "testing": false
    },
    "software": "mriqc",
    "version": "23.0.1",
    "warnings": {
      "large_rot_frame": true,
      "small_air_mask": false
    },
    "webapi_port": null,
    "webapi_url": "https://mriqc.nimh.nih.gov/api/v1"
  },
  "qi_1": 0.0,
  "qi_2": 0.0014578445494090218,
  "rpve_csf": 12.463439878157223,
  "rpve_gm": 10.411648194058955,
  "rpve_wm": 35.716725728468745,
  "size_x": 208,
  "size_y": 300,
  "size_z": 320,
  "snr_csf": 9.733898312180518,
  "snr_gm": 9.256244941418627,
  "snr_total": 6.514798969274821,
  "snr_wm": 0.5542536542253195,
  "snrd_csf": 60.36890927198918,
  "snrd_gm": 37.24223186894784,
  "snrd_total": 41.491636026607615,
  "snrd_wm": 26.863766938885835,
  "spacing_x": 0.7999999523162842,
  "spacing_y": 0.800000011920929,
  "spacing_z": 0.800000011920929,
  "summary_bg_k": 14.141990761442347,
  "summary_bg_mad": 0.0,
  "summary_bg_mean": 15.871054162288829,
  "summary_bg_median": 0.0,
  "summary_bg_n": 5289030.0,
  "summary_bg_p05": 0.0,
  "summary_bg_p95": 69.61636313050985,
  "summary_bg_stdv": 24.585397681783974,
  "summary_csf_k": 0.9216816528089908,
  "summary_csf_mad": 215.66779497675557,
  "summary_csf_mean": 2275.873363979158,
  "summary_csf_median": 2265.4727199822664,
  "summary_csf_n": 91897.0,
  "summary_csf_p05": 1915.968728941679,
  "summary_csf_p95": 2669.563665114343,
  "summary_csf_stdv": 232.73927065399675,
  "summary_gm_k": 0.33198007572229704,
  "summary_gm_mad": 146.94564908192942,
  "summary_gm_mean": 1398.9942129193319,
  "summary_gm_median": 1397.5945788621902,
  "summary_gm_n": 426030.0,
  "summary_gm_p05": 1154.1567794159055,
  "summary_gm_p95": 1647.7921008318663,
  "summary_gm_stdv": 150.98919134623907,
  "summary_wm_k": -1.6489745559929014,
  "summary_wm_mad": 1363.7050826004565,
  "summary_wm_mean": 2008.2125328468367,
  "summary_wm_median": 1008.1204363293946,
  "summary_wm_n": 91378.0,
  "summary_wm_p05": 89.98331930488348,
  "summary_wm_p95": 4802.67750654444,
  "summary_wm_stdv": 1818.8692350861552,
  "tpm_overlap_csf": 0.11523703094834065,
  "tpm_overlap_gm": 0.32018440105603624,
  "tpm_overlap_wm": 0.030182428069145593,
  "wm2max": 0.2120096002953937
}