{
  "bids_meta": {
    "AcquisitionMatrixPE": 300,
    "AcquisitionNumber": 1,
    "AcquisitionTime": "13:23:22.010000",
    "BaseResolution": 320,
    "BodyPartExamined": "HEAD",
    "ConsistencyInfo": "N4_VE11B_LATEST_20150530",
    "ConversionSoftware": "dcm2niix",
    "ConversionSoftwareVersion": "v1.0.20181125  GCC4.3.2",
    "DeviceSerialNumber": "67055",
    "DwellTime": 7.1e-06,
    "EchoTime": 0.00222,
    "FlipAngle": 8,
    "ImageOrientationPatientDICOM": [
      -0.0100777,
      0.999574,
      -0.0273971,
      0.00933411,
      -0.0273033,
      -0.999584
    ],
    "ImageType": [
      "ORIGINAL",
      "PRIMARY",
      "M",
      "ND",
      "NORM"
    ],
    "ImagingFrequency": 123.235,
    "InPlanePhaseEncodingDirectionDICOM": "ROW",
    "InstitutionAddress": "6th_SE_2021_Minneapolis_Minnesota_US_55455",
    "InstitutionName": "CMRR_3T-A",
    "InstitutionalDepartmentName": "Research",
    "InversionTime": 1,
    "MRAcquisitionType": "3D",
    "MagneticFieldStrength": 3,
    "Manufacturer": "Siemens",
    "ManufacturersModelName": "Prisma_fit",
    "Modality": "MR",
    "PartialFourier": 1,
    "PatientPosition": "HFS",
    "PercentPhaseFOV": 93.75,
    "PhaseEncodingSteps": 299,
    "PhaseResolution": 1,
    "PixelBandwidth": 220,
    "ProcedureStepDescription": "VisionPool_VisionPool",
    "ProtocolName": "T1w_MPR",
    "PulseSequenceDetails": "%SiemensSeq%_tfl",
    "ReceiveCoilActiveElements": "HEA;HEP",
    "ReceiveCoilName": "Head_32",
    "ReconMatrixPE": 320,
    "RepetitionTime": 2.4,
    "SAR": 0.0527445,
    "ScanOptions": "IR_WE",
    "ScanningSequence": "GR_IR",
    "SequenceName": "_tfl3d1_16ns",
    "SequenceVariant": "SK_SP_MP",
    "SeriesDescription": "T1w_MPR",
    "SeriesNumber": 30,
    "ShimSetting": [
      5245,
      -10086,
      -11178,
      92,
      -91,
      51,
      107,
      -9
    ],
    "SliceThickness": 0.8,
    "SoftwareVersions": "syngo_MR_E11",
    "StationName": "TRIO",
    "TxRefAmp": 304.05,
    "dataset": "ds002702",
    "modality": "T1w",
    "run_id": 4,
    "session_id": "anatomicals",
    "subject_id": "10"
  },
  "cjv": 0.36728588046915517,
  "cnr": 3.642748666872836,
  "efc": 0.6390310126761186,
  "fber": 13772.000434027777,
  "fwhm_avg": 4.354645874428568,
  "fwhm_x": 4.267500254362837,
  "fwhm_y": 4.383937434674242,
  "fwhm_z": 4.412499934248627,
  "icvs_csf": 0.18305808632696552,
  "icvs_gm": 0.455561888320531,
  "icvs_wm": 0.36138002535250346,
  "inu_med": 0.47349438071250916,
  "inu_range": 0.16034874618053435,
  "provenance": {
    "md5sum": "4233f28ceaea1e9125869679e28bc4b5",
    "settings": {
      "testing": false
    },
    "software": "mriqc",
    "version": "23.0.1",
    "warnings": {
      "large_rot_frame": true,
      "small_air_mask": false
    },
    "webapi_port": null,
    "webapi_url": "https://mriqc.nimh.nih.gov/api/v1"
  },
  "qi_1": 0.0,
  "qi_2": 0.0011629400120130736,
  "rpve_csf": 24.776933945822908,
  "rpve_gm": 10.936722152496863,
  "rpve_wm": 15.178847205478906,
  "size_x": 208,
  "size_y": 300,
  "size_z": 320,
  "snr_csf": 2.5196799711263003,
  "snr_gm": 13.886913443131466,
  "snr_total": 13.239872126984016,
  "snr_wm": 23.313022966694284,
  "snrd_csf": 27.497604239694915,
  "snrd_gm": 66.72195378445352,
  "snrd_total": 61.148221773766004,
  "snrd_wm": 89.22510729714958,
  "spacing_x": 0.7999999523162842,
  "spacing_y": 0.800000011920929,
  "spacing_z": 0.800000011920929,
  "summary_bg_k": 11.567094771042754,
  "summary_bg_mad": 0.0,
  "summary_bg_mean": 4.529802883636245,
  "summary_bg_median": 0.0,
  "summary_bg_n": 5217821.0,
  "summary_bg_p05": 0.0,
  "summary_bg_p95": 19.41135384142399,
  "summary_bg_stdv": 7.342755034549868,
  "summary_csf_k": 0.8067467524042602,
  "summary_csf_mad": 98.48921567781858,
  "summary_csf_mean": 312.7063498968095,
  "summary_csf_median": 308.19257175922394,
  "summary_csf_n": 82644.0,
  "summary_csf_p05": 93.37358924746513,
  "summary_csf_p95": 526.4574843503532,
  "summary_csf_stdv": 122.31343293830761,
  "summary_gm_k": 0.25913782806856744,
  "summary_gm_mad": 51.90116010993936,
  "summary_gm_mean": 747.029746868782,
  "summary_gm_median": 747.8182590156794,
  "summary_gm_n": 138406.0,
  "summary_gm_p05": 657.6964863091707,
  "summary_gm_p95": 835.0863967984915,
  "summary_gm_stdv": 53.85037939026195,
  "summary_wm_k": 0.4978416104622734,
  "summary_wm_mad": 40.733801489127764,
  "summary_wm_mean": 1000.6669608521602,
  "summary_wm_median": 1000.0331317484379,
  "summary_wm_n": 460128.0,
  "summary_wm_p05": 931.6454389840364,
  "summary_wm_p95": 1071.8053682595491,
  "summary_wm_stdv": 42.89585466828448,
  "tpm_overlap_csf": 0.13064059143923412,
  "tpm_overlap_gm": 0.45782386587128165,
  "tpm_overlap_wm": 0.4955423807280512,
  "wm2max": 0.8380978865406007
}