{
  "bids_meta": {
    "AcquisitionMatrixPE": 300,
    "AcquisitionNumber": 1,
    "AcquisitionTime": "13:56:52.932500",
    "BaseResolution": 320,
    "BodyPartExamined": "HEAD",
    "ConsistencyInfo": "N4_VE11B_LATEST_20150530",
    "ConversionSoftware": "dcm2niix",
    "ConversionSoftwareVersion": "v1.0.20181125  GCC4.3.2",
    "DeviceSerialNumber": "67055",
    "DwellTime": 7.1e-06,
    "EchoTime": 0.00222,
    "FlipAngle": 8,
    "ImageOrientationPatientDICOM": [
      -0.0100777,
      0.999574,
      -0.0273971,
      0.00933411,
      -0.0273033,
      -0.999584
    ],
    "ImageType": [
      "ORIGINAL",
      "PRIMARY",
      "M",
      "ND",
      "NORM"
    ],
    "ImagingFrequency": 123.235,
    "InPlanePhaseEncodingDirectionDICOM": "ROW",
    "InstitutionAddress": "6th_SE_2021_Minneapolis_Minnesota_US_55455",
    "InstitutionName": "CMRR_3T-A",
    "InstitutionalDepartmentName": "Research",
    "InversionTime": 1,
    "MRAcquisitionType": "3D",
    "MagneticFieldStrength": 3,
    "Manufacturer": "Siemens",
    "ManufacturersModelName": "Prisma_fit",
    "Modality": "MR",
    "PartialFourier": 1,
    "PatientPosition": "HFS",
    "PercentPhaseFOV": 93.75,
    "PhaseEncodingSteps": 299,
    "PhaseResolution": 1,
    "PixelBandwidth": 220,
    "ProcedureStepDescription": "VisionPool_VisionPool",
    "ProtocolName": "T1w_MPR",
    "PulseSequenceDetails": "%SiemensSeq%_tfl",
    "ReceiveCoilActiveElements": "HEA;HEP",
    "ReceiveCoilName": "Head_32",
    "ReconMatrixPE": 320,
    "RepetitionTime": 2.4,
    "SAR": 0.0527445,
    "ScanOptions": "IR_WE",
    "ScanningSequence": "GR_IR",
    "SequenceName": "_tfl3d1_16ns",
    "SequenceVariant": "SK_SP_MP",
    "SeriesDescription": "T1w_MPR",
    "SeriesNumber": 40,
    "ShimSetting": [
      5245,
      -10086,
      -11178,
      92,
      -91,
      51,
      107,
      -9
    ],
    "SliceThickness": 0.8,
    "SoftwareVersions": "syngo_MR_E11",
    "StationName": "TRIO",
    "TxRefAmp": 304.05,
    "dataset": "ds002702",
    "modality": "T1w",
    "run_id": 9,
    "session_id": "anatomicals",
    "subject_id": "10"
  },
  "cjv": 0.37264075192815305,
  "cnr": 3.605697852828808,
  "efc": 0.6402660386229636,
  "fber": 12668.5917169615,
  "fwhm_avg": 4.306329207825605,
  "fwhm_x": 4.241075252787784,
  "fwhm_y": 4.305112435848826,
  "fwhm_z": 4.372799934840203,
  "icvs_csf": 0.18184778000680818,
  "icvs_gm": 0.4554743754857248,
  "icvs_wm": 0.36267784450746704,
  "inu_med": 0.4694611728191376,
  "inu_range": 0.1615009903907776,
  "provenance": {
    "md5sum": "ec7770d77e49a262077af5b6acac4d7d",
    "settings": {
      "testing": false
    },
    "software": "mriqc",
    "version": "23.0.1",
    "warnings": {
      "large_rot_frame": true,
      "small_air_mask": false
    },
    "webapi_port": null,
    "webapi_url": "https://mriqc.nimh.nih.gov/api/v1"
  },
  "qi_1": 0.0,
  "qi_2": 0.0012274081592270945,
  "rpve_csf": 24.89735867910104,
  "rpve_gm": 10.931471277823377,
  "rpve_wm": 15.105703971559414,
  "size_x": 208,
  "size_y": 300,
  "size_z": 320,
  "snr_csf": 2.5280355350492445,
  "snr_gm": 14.013499784104944,
  "snr_total": 13.180944753363582,
  "snr_wm": 23.00129894093655,
  "snrd_csf": 27.292580967991135,
  "snrd_gm": 64.94067099759198,
  "snrd_total": 59.610629568822276,
  "snrd_wm": 86.59863674088372,
  "spacing_x": 0.7999999523162842,
  "spacing_y": 0.800000011920929,
  "spacing_z": 0.800000011920929,
  "summary_bg_k": 11.158773770180138,
  "summary_bg_mad": 0.0,
  "summary_bg_mean": 4.655330596830863,
  "summary_bg_median": 0.0,
  "summary_bg_n": 5137098.0,
  "summary_bg_p05": 0.0,
  "summary_bg_p95": 19.952677309513092,
  "summary_bg_stdv": 7.565688709384523,
  "summary_csf_k": 0.8878667403687106,
  "summary_csf_mad": 102.96771037696345,
  "summary_csf_mean": 319.18722539002437,
  "summary_csf_median": 315.18195551261306,
  "summary_csf_n": 81011.0,
  "summary_csf_p05": 92.08927989006042,
  "summary_csf_p95": 534.3896146398038,
  "summary_csf_stdv": 124.67388445828185,
  "summary_gm_k": 0.22611759182376812,
  "summary_gm_mad": 52.052737566255004,
  "summary_gm_mean": 749.1814676679761,
  "summary_gm_median": 749.9520731046796,
  "summary_gm_n": 133736.0,
  "summary_gm_p05": 660.2929269894958,
  "summary_gm_p95": 836.1578712239861,
  "summary_gm_stdv": 53.51620086350178,
  "summary_wm_k": 0.5269794568016795,
  "summary_wm_mad": 41.14915865893383,
  "summary_wm_mean": 1000.8351967199803,
  "summary_wm_median": 1000.0639992505312,
  "summary_wm_n": 459788.0,
  "summary_wm_p05": 931.2848183326423,
  "summary_wm_p95": 1073.4156687185168,
  "summary_wm_stdv": 43.47854068114319,
  "tpm_overlap_csf": 0.1292443104593721,
  "tpm_overlap_gm": 0.454655117615503,
  "tpm_overlap_wm": 0.49450361038210683,
  "wm2max": 0.8318306337934519
}