{
  "bids_meta": {
    "AcquisitionMatrixPE": 300,
    "AcquisitionNumber": 1,
    "AcquisitionTime": "13:50:13.072500",
    "BaseResolution": 320,
    "BodyPartExamined": "HEAD",
    "ConsistencyInfo": "N4_VE11B_LATEST_20150530",
    "ConversionSoftware": "dcm2niix",
    "ConversionSoftwareVersion": "v1.0.20181125  GCC4.3.2",
    "DeviceSerialNumber": "67055",
    "DwellTime": 7.1e-06,
    "EchoTime": 0.00222,
    "FlipAngle": 8,
    "ImageOrientationPatientDICOM": [
      -0.0100777,
      0.999574,
      -0.0273971,
      0.00933411,
      -0.0273033,
      -0.999584
    ],
    "ImageType": [
      "ORIGINAL",
      "PRIMARY",
      "M",
      "ND",
      "NORM"
    ],
    "ImagingFrequency": 123.235,
    "InPlanePhaseEncodingDirectionDICOM": "ROW",
    "InstitutionAddress": "6th_SE_2021_Minneapolis_Minnesota_US_55455",
    "InstitutionName": "CMRR_3T-A",
    "InstitutionalDepartmentName": "Research",
    "InversionTime": 1,
    "MRAcquisitionType": "3D",
    "MagneticFieldStrength": 3,
    "Manufacturer": "Siemens",
    "ManufacturersModelName": "Prisma_fit",
    "Modality": "MR",
    "PartialFourier": 1,
    "PatientPosition": "HFS",
    "PercentPhaseFOV": 93.75,
    "PhaseEncodingSteps": 299,
    "PhaseResolution": 1,
    "PixelBandwidth": 220,
    "ProcedureStepDescription": "VisionPool_VisionPool",
    "ProtocolName": "T1w_MPR",
    "PulseSequenceDetails": "%SiemensSeq%_tfl",
    "ReceiveCoilActiveElements": "HEA;HEP",
    "ReceiveCoilName": "Head_32",
    "ReconMatrixPE": 320,
    "RepetitionTime": 2.4,
    "SAR": 0.0527445,
    "ScanOptions": "IR_WE",
    "ScanningSequence": "GR_IR",
    "SequenceName": "_tfl3d1_16ns",
    "SequenceVariant": "SK_SP_MP",
    "SeriesDescription": "T1w_MPR",
    "SeriesNumber": 38,
    "ShimSetting": [
      5245,
      -10086,
      -11178,
      92,
      -91,
      51,
      107,
      -9
    ],
    "SliceThickness": 0.8,
    "SoftwareVersions": "syngo_MR_E11",
    "StationName": "TRIO",
    "TxRefAmp": 304.05,
    "dataset": "ds002702",
    "modality": "T1w",
    "run_id": 8,
    "session_id": "anatomicals",
    "subject_id": "10"
  },
  "cjv": 0.36783355311629384,
  "cnr": 3.628414452012783,
  "efc": 0.6383939261615258,
  "fber": 13893.513304641585,
  "fwhm_avg": 4.297350041157697,
  "fwhm_x": 4.235637752463684,
  "fwhm_y": 4.2888624360909695,
  "fwhm_z": 4.367549934918435,
  "icvs_csf": 0.18159337955543778,
  "icvs_gm": 0.45713484468996834,
  "icvs_wm": 0.3612717757545939,
  "inu_med": 0.46779823303222656,
  "inu_range": 0.1638856634497643,
  "provenance": {
    "md5sum": "8a7fbb42f5e73bd9fe98a38b4057f5e3",
    "settings": {
      "testing": false
    },
    "software": "mriqc",
    "version": "23.0.1",
    "warnings": {
      "large_rot_frame": true,
      "small_air_mask": false
    },
    "webapi_port": null,
    "webapi_url": "https://mriqc.nimh.nih.gov/api/v1"
  },
  "qi_1": 0.0,
  "qi_2": 0.0013068683127514507,
  "rpve_csf": 24.97450651785501,
  "rpve_gm": 10.924204668092674,
  "rpve_wm": 15.170348734411203,
  "size_x": 208,
  "size_y": 300,
  "size_z": 320,
  "snr_csf": 2.4843024991343916,
  "snr_gm": 14.020194413301763,
  "snr_total": 13.262751170984183,
  "snr_wm": 23.283756600516398,
  "snrd_csf": 28.366840398191925,
  "snrd_gm": 68.50509494418006,
  "snrd_total": 62.74651639435331,
  "snrd_wm": 91.36761384068794,
  "spacing_x": 0.7999999523162842,
  "spacing_y": 0.800000011920929,
  "spacing_z": 0.800000011920929,
  "summary_bg_k": 66.59415079144435,
  "summary_bg_mad": 0.0,
  "summary_bg_mean": 4.420101604144776,
  "summary_bg_median": 0.0,
  "summary_bg_n": 5159112.0,
  "summary_bg_p05": 0.0,
  "summary_bg_p95": 18.92205450311303,
  "summary_bg_stdv": 7.170796972989601,
  "summary_csf_k": 0.8648470521600946,
  "summary_csf_mad": 98.21247592704182,
  "summary_csf_mean": 315.82126074076257,
  "summary_csf_median": 310.4893168210983,
  "summary_csf_n": 81993.0,
  "summary_csf_p05": 87.80864815413952,
  "summary_csf_p95": 535.1814611285923,
  "summary_csf_stdv": 124.97971705713631,
  "summary_gm_k": 0.31002270540957966,
  "summary_gm_mad": 51.328564061140106,
  "summary_gm_mean": 749.22877992914,
  "summary_gm_median": 749.8226742707193,
  "summary_gm_n": 135883.0,
  "summary_gm_p05": 660.9502649605274,
  "summary_gm_p95": 836.5353260822594,
  "summary_gm_stdv": 53.48142066272789,
  "summary_wm_k": 0.5233655502168824,
  "summary_wm_mad": 40.71874914347428,
  "summary_wm_mean": 1000.5102877455562,
  "summary_wm_median": 1000.0644274353981,
  "summary_wm_n": 457071.0,
  "summary_wm_p05": 931.1133634112775,
  "summary_wm_p95": 1071.3686600774527,
  "summary_wm_stdv": 42.95111611930312,
  "tpm_overlap_csf": 0.13252314115469838,
  "tpm_overlap_gm": 0.45836208771682846,
  "tpm_overlap_wm": 0.49440238704535544,
  "wm2max": 0.8267554963357762
}