{
  "bids_meta": {
    "AcquisitionMatrixPE": 300,
    "AcquisitionNumber": 1,
    "AcquisitionTime": "13:02:23.302500",
    "BaseResolution": 320,
    "BodyPartExamined": "HEAD",
    "ConsistencyInfo": "N4_VE11B_LATEST_20150530",
    "ConversionSoftware": "dcm2niix",
    "ConversionSoftwareVersion": "v1.0.20181125  GCC4.3.2",
    "DeviceSerialNumber": "67055",
    "DwellTime": 7.1e-06,
    "EchoTime": 0.00222,
    "FlipAngle": 8,
    "ImageOrientationPatientDICOM": [
      -0.0100777,
      0.999574,
      -0.0273971,
      0.00933411,
      -0.0273033,
      -0.999584
    ],
    "ImageType": [
      "ORIGINAL",
      "PRIMARY",
      "M",
      "ND",
      "NORM"
    ],
    "ImagingFrequency": 123.235,
    "InPlanePhaseEncodingDirectionDICOM": "ROW",
    "InstitutionAddress": "6th_SE_2021_Minneapolis_Minnesota_US_55455",
    "InstitutionName": "CMRR_3T-A",
    "InstitutionalDepartmentName": "Research",
    "InversionTime": 1,
    "MRAcquisitionType": "3D",
    "MagneticFieldStrength": 3,
    "Manufacturer": "Siemens",
    "ManufacturersModelName": "Prisma_fit",
    "Modality": "MR",
    "PartialFourier": 1,
    "PatientPosition": "HFS",
    "PercentPhaseFOV": 93.75,
    "PhaseEncodingSteps": 299,
    "PhaseResolution": 1,
    "PixelBandwidth": 220,
    "ProcedureStepDescription": "VisionPool_VisionPool",
    "ProtocolName": "T1w_MPR",
    "PulseSequenceDetails": "%SiemensSeq%_tfl",
    "ReceiveCoilActiveElements": "HEA;HEP",
    "ReceiveCoilName": "Head_32",
    "ReconMatrixPE": 320,
    "RepetitionTime": 2.4,
    "SAR": 0.0527445,
    "ScanOptions": "IR_WE",
    "ScanningSequence": "GR_IR",
    "SequenceName": "_tfl3d1_16ns",
    "SequenceVariant": "SK_SP_MP",
    "SeriesDescription": "T1w_MPR",
    "SeriesNumber": 24,
    "ShimSetting": [
      5245,
      -10086,
      -11178,
      92,
      -91,
      51,
      107,
      -9
    ],
    "SliceThickness": 0.8,
    "SoftwareVersions": "syngo_MR_E11",
    "StationName": "TRIO",
    "TxRefAmp": 304.05,
    "dataset": "ds002702",
    "modality": "T1w",
    "run_id": 1,
    "session_id": "anatomicals",
    "subject_id": "10"
  },
  "cjv": 0.38833151885735817,
  "cnr": 3.4853917092045443,
  "efc": 0.6444236594159792,
  "fber": 12778.474810857328,
  "fwhm_avg": 4.341379207419423,
  "fwhm_x": 4.2457502530664355,
  "fwhm_y": 4.394787434512564,
  "fwhm_z": 4.383599934679271,
  "icvs_csf": 0.180025243218359,
  "icvs_gm": 0.4506240037760049,
  "icvs_wm": 0.3693507530056361,
  "inu_med": 0.48459503054618835,
  "inu_range": 0.17080943286418915,
  "provenance": {
    "md5sum": "f307a8ac64519c5abe45bf9e62a9cf89",
    "settings": {
      "testing": false
    },
    "software": "mriqc",
    "version": "23.0.1",
    "warnings": {
      "large_rot_frame": true,
      "small_air_mask": false
    },
    "webapi_port": null,
    "webapi_url": "https://mriqc.nimh.nih.gov/api/v1"
  },
  "qi_1": 0.0,
  "qi_2": 0.0011803393966757958,
  "rpve_csf": 25.106531767613088,
  "rpve_gm": 10.971646901969443,
  "rpve_wm": 14.778600384645799,
  "size_x": 208,
  "size_y": 300,
  "size_z": 320,
  "snr_csf": 2.517150232937238,
  "snr_gm": 13.901015846944135,
  "snr_total": 12.897662757266465,
  "snr_wm": 22.27482219191802,
  "snrd_csf": 25.68923275690378,
  "snrd_gm": 61.85770302153881,
  "snrd_total": 56.55844220387282,
  "snrd_wm": 82.12839083317589,
  "spacing_x": 0.7999999523162842,
  "spacing_y": 0.800000011920929,
  "spacing_z": 0.800000011920929,
  "summary_bg_k": 13.989811933078887,
  "summary_bg_mad": 0.0,
  "summary_bg_mean": 4.894868369118571,
  "summary_bg_median": 0.0,
  "summary_bg_n": 5175989.0,
  "summary_bg_p05": 0.0,
  "summary_bg_p95": 20.581600461155176,
  "summary_bg_stdv": 7.977225030264813,
  "summary_csf_k": 0.6768330773613829,
  "summary_csf_mad": 105.60889278072233,
  "summary_csf_mean": 318.8309470194957,
  "summary_csf_median": 312.8032430447638,
  "summary_csf_n": 79968.0,
  "summary_csf_p05": 99.67397154262291,
  "summary_csf_p95": 534.9763664612543,
  "summary_csf_stdv": 124.26802466655101,
  "summary_gm_k": 0.15490790452770709,
  "summary_gm_mad": 53.37716272865141,
  "summary_gm_mean": 752.7486808060661,
  "summary_gm_median": 753.2062282878906,
  "summary_gm_n": 120718.0,
  "summary_gm_p05": 663.1849037483335,
  "summary_gm_p95": 841.1879347637296,
  "summary_gm_stdv": 54.18331414634608,
  "summary_wm_k": 0.5173516389691599,
  "summary_wm_mad": 42.47264364760503,
  "summary_wm_mean": 1001.1005135325282,
  "summary_wm_median": 1000.030917301774,
  "summary_wm_n": 459384.0,
  "summary_wm_p05": 929.5095775835216,
  "summary_wm_p95": 1076.5784012991935,
  "summary_wm_stdv": 44.89507571541118,
  "tpm_overlap_csf": 0.1296773881877437,
  "tpm_overlap_gm": 0.4520960279559584,
  "tpm_overlap_wm": 0.49191122834300544,
  "wm2max": 0.8383636773185137
}