{
  "bids_meta": {
    "AcquisitionMatrixPE": 300,
    "AcquisitionNumber": 1,
    "AcquisitionTime": "13:16:53.560000",
    "BaseResolution": 320,
    "BodyPartExamined": "BRAIN",
    "ConsistencyInfo": "N4_VD13D_LATEST_20130810",
    "ConversionSoftware": "dcm2niix",
    "ConversionSoftwareVersion": "v1.0.20181125  GCC4.3.2",
    "DeviceSerialNumber": "67010",
    "DwellTime": 7.1e-06,
    "EchoTime": 0.00222,
    "FlipAngle": 8,
    "ImageOrientationPatientDICOM": [
      -0.0229028,
      0.991729,
      -0.126292,
      0.103659,
      -0.123289,
      -0.986942
    ],
    "ImageType": [
      "ORIGINAL",
      "PRIMARY",
      "M",
      "ND",
      "NORM"
    ],
    "ImagingFrequency": 123.174,
    "InPlanePhaseEncodingDirectionDICOM": "ROW",
    "InstitutionAddress": "6th_SE_2021_Minneapolis_Minneapolis_US_55455",
    "InstitutionName": "CMRR_3T-B",
    "InstitutionalDepartmentName": "Research",
    "InversionTime": 1,
    "MRAcquisitionType": "3D",
    "MagneticFieldStrength": 3,
    "Manufacturer": "Siemens",
    "ManufacturersModelName": "Prisma_fit",
    "Modality": "MR",
    "PartialFourier": 1,
    "PatientPosition": "HFS",
    "PercentPhaseFOV": 93.75,
    "PhaseEncodingSteps": 299,
    "PhaseResolution": 1,
    "PixelBandwidth": 220,
    "ProcedureStepDescription": "VisionPool_VisionPool",
    "ProtocolName": "T1w_MPR",
    "PulseSequenceDetails": "%SiemensSeq%_tfl",
    "ReceiveCoilActiveElements": "HEA;HEP",
    "ReceiveCoilName": "Head_32",
    "ReconMatrixPE": 320,
    "RepetitionTime": 2.4,
    "SAR": 0.0344424,
    "ScanOptions": "IR_WE",
    "ScanningSequence": "GR_IR",
    "SequenceName": "_tfl3d1_16ns",
    "SequenceVariant": "SK_SP_MP",
    "SeriesDescription": "T1w_MPR",
    "SeriesNumber": 18,
    "ShimSetting": [
      -1031,
      -11632,
      -3815,
      375,
      201,
      -16,
      -55,
      17
    ],
    "SliceThickness": 0.8,
    "SoftwareVersions": "syngo_MR_D13D",
    "StationName": "MRC35460",
    "TxRefAmp": 229.474,
    "dataset": "ds002702",
    "modality": "T1w",
    "run_id": 1,
    "session_id": "anatomicals",
    "subject_id": "11"
  },
  "cjv": 0.3869221954732187,
  "cnr": 3.4985590994545785,
  "efc": 0.5223818004565437,
  "fber": 57758.90643902991,
  "fwhm_avg": 4.669833377136855,
  "fwhm_x": 4.565662772134708,
  "fwhm_y": 4.717574929702655,
  "fwhm_z": 4.726262429573202,
  "icvs_csf": 0.20272083930210547,
  "icvs_gm": 0.407462014236566,
  "icvs_wm": 0.38981714646132853,
  "inu_med": 0.3585406243801117,
  "inu_range": 0.09041009843349451,
  "provenance": {
    "md5sum": "8303390e8379622211667ac793a55c85",
    "settings": {
      "testing": false
    },
    "software": "mriqc",
    "version": "23.0.1",
    "warnings": {
      "large_rot_frame": true,
      "small_air_mask": false
    },
    "webapi_port": null,
    "webapi_url": "https://mriqc.nimh.nih.gov/api/v1"
  },
  "qi_1": 5.325192701907484e-06,
  "qi_2": 0.0012414524751399752,
  "rpve_csf": 24.94219459802092,
  "rpve_gm": 12.841541464063521,
  "rpve_wm": 15.766472964517444,
  "size_x": 208,
  "size_y": 300,
  "size_z": 320,
  "snr_csf": 2.557951158721888,
  "snr_gm": 12.57518716247322,
  "snr_total": 13.055735493525335,
  "snr_wm": 24.034068159380897,
  "snrd_csf": 34.54682615324942,
  "snrd_gm": 90.59091170018694,
  "snrd_total": 82.20017681634106,
  "snrd_wm": 121.4627925955868,
  "spacing_x": 0.7999999523162842,
  "spacing_y": 0.800000011920929,
  "spacing_z": 0.800000011920929,
  "summary_bg_k": 29.00137444448321,
  "summary_bg_mad": 0.0,
  "summary_bg_mean": 2.933244059766909,
  "summary_bg_median": 0.0,
  "summary_bg_n": 6784836.0,
  "summary_bg_p05": 0.0,
  "summary_bg_p95": 11.967853914946318,
  "summary_bg_stdv": 5.393928524913069,
  "summary_csf_k": 0.6935494695161197,
  "summary_csf_mad": 85.46056069930054,
  "summary_csf_mean": 288.161737580382,
  "summary_csf_median": 284.4340675212443,
  "summary_csf_n": 97845.0,
  "summary_csf_p05": 79.404109018296,
  "summary_csf_p95": 480.92657146006826,
  "summary_csf_stdv": 111.19548278104595,
  "summary_gm_k": 0.1463198659883358,
  "summary_gm_mad": 58.05946484151745,
  "summary_gm_mean": 745.3404540126525,
  "summary_gm_median": 745.8613240197301,
  "summary_gm_n": 87329.0,
  "summary_gm_p05": 646.8808124139905,
  "summary_gm_p95": 842.3750315979123,
  "summary_gm_stdv": 59.3118053799609,
  "summary_wm_k": 0.30408535163501416,
  "summary_wm_mad": 40.287325505186814,
  "summary_wm_mean": 999.6407982319129,
  "summary_wm_median": 1000.038498390466,
  "summary_wm_n": 490425.0,
  "summary_wm_p05": 931.5075989998877,
  "summary_wm_p95": 1067.6636181771755,
  "summary_wm_stdv": 41.60916380011524,
  "tpm_overlap_csf": 0.13704812101124833,
  "tpm_overlap_gm": 0.4528483807541652,
  "tpm_overlap_wm": 0.525126068829627,
  "wm2max": 0.8999791876235735
}