{
  "bids_meta": {
    "AcquisitionMatrixPE": 300,
    "AcquisitionNumber": 1,
    "AcquisitionTime": "13:56:53.257500",
    "BaseResolution": 320,
    "BodyPartExamined": "BRAIN",
    "ConsistencyInfo": "N4_VD13D_LATEST_20130810",
    "ConversionSoftware": "dcm2niix",
    "ConversionSoftwareVersion": "v1.0.20181125  GCC4.3.2",
    "DeviceSerialNumber": "67010",
    "DwellTime": 7.1e-06,
    "EchoTime": 0.00222,
    "FlipAngle": 8,
    "ImageOrientationPatientDICOM": [
      -0.0229028,
      0.991729,
      -0.126292,
      0.103659,
      -0.123289,
      -0.986942
    ],
    "ImageType": [
      "ORIGINAL",
      "PRIMARY",
      "M",
      "ND",
      "NORM"
    ],
    "ImagingFrequency": 123.174,
    "InPlanePhaseEncodingDirectionDICOM": "ROW",
    "InstitutionAddress": "6th_SE_2021_Minneapolis_Minneapolis_US_55455",
    "InstitutionName": "CMRR_3T-B",
    "InstitutionalDepartmentName": "Research",
    "InversionTime": 1,
    "MRAcquisitionType": "3D",
    "MagneticFieldStrength": 3,
    "Manufacturer": "Siemens",
    "ManufacturersModelName": "Prisma_fit",
    "Modality": "MR",
    "PartialFourier": 1,
    "PatientPosition": "HFS",
    "PercentPhaseFOV": 93.75,
    "PhaseEncodingSteps": 299,
    "PhaseResolution": 1,
    "PixelBandwidth": 220,
    "ProcedureStepDescription": "VisionPool_VisionPool",
    "ProtocolName": "T1w_MPR",
    "PulseSequenceDetails": "%SiemensSeq%_tfl",
    "ReceiveCoilActiveElements": "HEA;HEP",
    "ReceiveCoilName": "Head_32",
    "ReconMatrixPE": 320,
    "RepetitionTime": 2.4,
    "SAR": 0.0344424,
    "ScanOptions": "IR_WE",
    "ScanningSequence": "GR_IR",
    "SequenceName": "_tfl3d1_16ns",
    "SequenceVariant": "SK_SP_MP",
    "SeriesDescription": "T1w_MPR",
    "SeriesNumber": 30,
    "ShimSetting": [
      -1031,
      -11632,
      -3815,
      375,
      201,
      -16,
      -55,
      17
    ],
    "SliceThickness": 0.8,
    "SoftwareVersions": "syngo_MR_D13D",
    "StationName": "MRC35460",
    "TxRefAmp": 229.474,
    "dataset": "ds002702",
    "modality": "T1w",
    "run_id": 7,
    "session_id": "anatomicals",
    "subject_id": "11"
  },
  "cjv": 0.3676595818081862,
  "cnr": 3.5787069378113197,
  "efc": 0.521212116128588,
  "fber": 69882.47750865053,
  "fwhm_avg": 4.528875044081366,
  "fwhm_x": 4.492275267760472,
  "fwhm_y": 4.499399932953716,
  "fwhm_z": 4.59494993152991,
  "icvs_csf": 0.2040068500025479,
  "icvs_gm": 0.4147603330242845,
  "icvs_wm": 0.38123281697316763,
  "inu_med": 0.3353835344314575,
  "inu_range": 0.08178054541349411,
  "provenance": {
    "md5sum": "1ab9151a6c8a1574f36f37d69d721adf",
    "settings": {
      "testing": false
    },
    "software": "mriqc",
    "version": "23.0.1",
    "warnings": {
      "large_rot_frame": true,
      "small_air_mask": false
    },
    "webapi_port": null,
    "webapi_url": "https://mriqc.nimh.nih.gov/api/v1"
  },
  "qi_1": 0.0,
  "qi_2": 0.0015675132785434238,
  "rpve_csf": 24.794713229052988,
  "rpve_gm": 12.745351304816895,
  "rpve_wm": 16.19258353581844,
  "size_x": 208,
  "size_y": 300,
  "size_z": 320,
  "snr_csf": 2.5303188217592436,
  "snr_gm": 12.785018386069762,
  "snr_total": 13.899942455546238,
  "snr_wm": 26.384490158809708,
  "snrd_csf": 42.523275322011585,
  "snrd_gm": 113.39344211826955,
  "snrd_total": 102.39217650431813,
  "snrd_wm": 151.25981207267327,
  "spacing_x": 0.7999999523162842,
  "spacing_y": 0.800000011920929,
  "spacing_z": 0.800000011920929,
  "summary_bg_k": 29.02278748344866,
  "summary_bg_mad": 0.0,
  "summary_bg_mean": 2.3349311022192127,
  "summary_bg_median": 0.0,
  "summary_bg_n": 6758309.0,
  "summary_bg_p05": 0.0,
  "summary_bg_p95": 10.256410360336304,
  "summary_bg_stdv": 4.331367662935047,
  "summary_csf_k": 1.0466662444803676,
  "summary_csf_mad": 75.33969391823138,
  "summary_csf_mean": 285.5056715161469,
  "summary_csf_median": 281.13830898702145,
  "summary_csf_n": 94869.0,
  "summary_csf_p05": 68.90831460654736,
  "summary_csf_p95": 478.36053320765495,
  "summary_csf_stdv": 111.10727424820311,
  "summary_gm_k": 0.2893341565451859,
  "summary_gm_mad": 55.87117974058444,
  "summary_gm_mean": 749.1426445342909,
  "summary_gm_median": 749.6892072856426,
  "summary_gm_n": 92893.0,
  "summary_gm_p05": 651.1655077636242,
  "summary_gm_p95": 845.5594491273164,
  "summary_gm_stdv": 58.637785993471965,
  "summary_wm_k": 0.39703071932520606,
  "summary_wm_mad": 36.17226894545054,
  "summary_wm_mean": 999.2602761533099,
  "summary_wm_median": 1000.0388601720333,
  "summary_wm_n": 482192.0,
  "summary_wm_p05": 936.3830708712339,
  "summary_wm_p95": 1060.703196451068,
  "summary_wm_stdv": 37.90248805948382,
  "tpm_overlap_csf": 0.13484158049105138,
  "tpm_overlap_gm": 0.45180342376210636,
  "tpm_overlap_wm": 0.5239883944007456,
  "wm2max": 0.9069320884347749
}