{
  "bids_meta": {
    "AcquisitionMatrixPE": 300,
    "AcquisitionNumber": 1,
    "AcquisitionTime": "13:04:32.395000",
    "BaseResolution": 320,
    "BodyPartExamined": "BRAIN",
    "ConsistencyInfo": "N4_VD13D_LATEST_20130810",
    "ConversionSoftware": "dcm2niix",
    "ConversionSoftwareVersion": "v1.0.20181125  GCC4.3.2",
    "DeviceSerialNumber": "67010",
    "DwellTime": 2.1e-06,
    "EchoTime": 0.563,
    "EchoTrainLength": 314,
    "FlipAngle": 120,
    "ImageOrientationPatientDICOM": [
      -0.0229028,
      0.991729,
      -0.126292,
      0.103659,
      -0.123289,
      -0.986942
    ],
    "ImageType": [
      "ORIGINAL",
      "PRIMARY",
      "M",
      "ND",
      "NORM"
    ],
    "ImagingFrequency": 123.174,
    "InPlanePhaseEncodingDirectionDICOM": "ROW",
    "InstitutionAddress": "6th_SE_2021_Minneapolis_Minneapolis_US_55455",
    "InstitutionName": "CMRR_3T-B",
    "InstitutionalDepartmentName": "Research",
    "MRAcquisitionType": "3D",
    "MagneticFieldStrength": 3,
    "Manufacturer": "Siemens",
    "ManufacturersModelName": "Prisma_fit",
    "Modality": "MR",
    "PartialFourier": 1,
    "PatientPosition": "HFS",
    "PercentPhaseFOV": 93.75,
    "PhaseEncodingSteps": 297,
    "PhaseResolution": 1,
    "PixelBandwidth": 745,
    "ProcedureStepDescription": "VisionPool_VisionPool",
    "ProtocolName": "T2w_SPC",
    "PulseSequenceDetails": "%SiemensSeq%_tse_vfl",
    "ReceiveCoilActiveElements": "HEA;HEP",
    "ReceiveCoilName": "Head_32",
    "ReconMatrixPE": 320,
    "RepetitionTime": 3.2,
    "SAR": 0.115255,
    "ScanOptions": "PFP",
    "ScanningSequence": "SE",
    "SequenceName": "_spc_314ns",
    "SequenceVariant": "SK_SP",
    "SeriesDescription": "T2w_SPC",
    "SeriesNumber": 14,
    "ShimSetting": [
      -1031,
      -11632,
      -3815,
      375,
      201,
      -16,
      -55,
      17
    ],
    "SliceThickness": 0.8,
    "SoftwareVersions": "syngo_MR_D13D",
    "StationName": "MRC35460",
    "TxRefAmp": 229.474,
    "dataset": "ds002702",
    "modality": "T2w",
    "run_id": 1,
    "session_id": "anatomicals",
    "subject_id": "11"
  },
  "cjv": 0.4972542296317647,
  "cnr": 1.2864085186219365,
  "efc": 0.5388746665952281,
  "fber": 5407.736466919136,
  "fwhm_avg": 2.9198166941011987,
  "fwhm_x": 2.856550170263658,
  "fwhm_y": 3.1680749527920047,
  "fwhm_z": 2.734824959247933,
  "icvs_csf": 0.3302785616941721,
  "icvs_gm": 0.503213691999011,
  "icvs_wm": 0.1665077463068169,
  "inu_med": 0.8428426682949066,
  "inu_range": 0.20029079914093018,
  "provenance": {
    "md5sum": "7cb4c2332dd921225f3c53d45b398306",
    "settings": {
      "testing": false
    },
    "software": "mriqc",
    "version": "23.0.1",
    "warnings": {
      "large_rot_frame": true,
      "small_air_mask": false
    },
    "webapi_port": null,
    "webapi_url": "https://mriqc.nimh.nih.gov/api/v1"
  },
  "qi_1": 0.0,
  "qi_2": 0.005294815086844705,
  "rpve_csf": 14.438449234161654,
  "rpve_gm": 11.506897670358805,
  "rpve_wm": 36.042859856880504,
  "size_x": 208,
  "size_y": 300,
  "size_z": 320,
  "snr_csf": 9.011993974929242,
  "snr_gm": 8.772928836614835,
  "snr_total": 6.59188019949395,
  "snr_wm": 1.9907177869377755,
  "snrd_csf": 70.4715973171779,
  "snrd_gm": 42.05907374423074,
  "snrd_total": 77.37210392801644,
  "snrd_wm": 119.58564072264069,
  "spacing_x": 0.7999999523162842,
  "spacing_y": 0.800000011920929,
  "spacing_z": 0.800000011920929,
  "summary_bg_k": 20.62394175992266,
  "summary_bg_mad": 0.0,
  "summary_bg_mean": 3.1452317514798023,
  "summary_bg_median": 0.0,
  "summary_bg_n": 3598052.0,
  "summary_bg_p05": 0.0,
  "summary_bg_p95": 13.262772822752595,
  "summary_bg_stdv": 5.4805344038512995,
  "summary_csf_k": 0.8737412535875078,
  "summary_csf_mad": 61.31498811762262,
  "summary_csf_mean": 591.6069983600116,
  "summary_csf_median": 589.5291630737484,
  "summary_csf_n": 69998.0,
  "summary_csf_p05": 490.265257447958,
  "summary_csf_p95": 702.3389548994601,
  "summary_csf_stdv": 65.41559544489466,
  "summary_gm_k": 0.15740299653766687,
  "summary_gm_mad": 39.875729502508655,
  "summary_gm_mean": 352.4925130339332,
  "summary_gm_median": 351.8445939645171,
  "summary_gm_n": 481394.0,
  "summary_gm_p05": 287.88274867646396,
  "summary_gm_p95": 418.9860202576965,
  "summary_gm_stdv": 40.10567452141958,
  "summary_wm_k": -1.7752732060139291,
  "summary_wm_mad": 282.6172148465249,
  "summary_wm_mean": 685.2158517132921,
  "summary_wm_median": 1000.39200720191,
  "summary_wm_n": 105707.0,
  "summary_wm_p05": 22.910405598580837,
  "summary_wm_p95": 1194.6295618917793,
  "summary_wm_stdv": 502.52591394163915,
  "tpm_overlap_csf": 0.12274796822506223,
  "tpm_overlap_gm": 0.30932480571129667,
  "tpm_overlap_wm": 0.03456596362366282,
  "wm2max": 0.8289302728453876
}