{
  "bids_meta": {
    "AcquisitionMatrixPE": 300,
    "AcquisitionNumber": 1,
    "AcquisitionTime": "13:23:33.372500",
    "BaseResolution": 320,
    "BodyPartExamined": "BRAIN",
    "ConsistencyInfo": "N4_VD13D_LATEST_20130810",
    "ConversionSoftware": "dcm2niix",
    "ConversionSoftwareVersion": "v1.0.20181125  GCC4.3.2",
    "DeviceSerialNumber": "67010",
    "DwellTime": 7.1e-06,
    "EchoTime": 0.00222,
    "FlipAngle": 8,
    "ImageOrientationPatientDICOM": [
      -0.0229028,
      0.991729,
      -0.126292,
      0.103659,
      -0.123289,
      -0.986942
    ],
    "ImageType": [
      "ORIGINAL",
      "PRIMARY",
      "M",
      "ND",
      "NORM"
    ],
    "ImagingFrequency": 123.174,
    "InPlanePhaseEncodingDirectionDICOM": "ROW",
    "InstitutionAddress": "6th_SE_2021_Minneapolis_Minneapolis_US_55455",
    "InstitutionName": "CMRR_3T-B",
    "InstitutionalDepartmentName": "Research",
    "InversionTime": 1,
    "MRAcquisitionType": "3D",
    "MagneticFieldStrength": 3,
    "Manufacturer": "Siemens",
    "ManufacturersModelName": "Prisma_fit",
    "Modality": "MR",
    "PartialFourier": 1,
    "PatientPosition": "HFS",
    "PercentPhaseFOV": 93.75,
    "PhaseEncodingSteps": 299,
    "PhaseResolution": 1,
    "PixelBandwidth": 220,
    "ProcedureStepDescription": "VisionPool_VisionPool",
    "ProtocolName": "T1w_MPR",
    "PulseSequenceDetails": "%SiemensSeq%_tfl",
    "ReceiveCoilActiveElements": "HEA;HEP",
    "ReceiveCoilName": "Head_32",
    "ReconMatrixPE": 320,
    "RepetitionTime": 2.4,
    "SAR": 0.0344424,
    "ScanOptions": "IR_WE",
    "ScanningSequence": "GR_IR",
    "SequenceName": "_tfl3d1_16ns",
    "SequenceVariant": "SK_SP_MP",
    "SeriesDescription": "T1w_MPR",
    "SeriesNumber": 20,
    "ShimSetting": [
      -1031,
      -11632,
      -3815,
      375,
      201,
      -16,
      -55,
      17
    ],
    "SliceThickness": 0.8,
    "SoftwareVersions": "syngo_MR_D13D",
    "StationName": "MRC35460",
    "TxRefAmp": 229.474,
    "dataset": "ds002702",
    "modality": "T1w",
    "run_id": 2,
    "session_id": "anatomicals",
    "subject_id": "11"
  },
  "cjv": 0.3741805599085567,
  "cnr": 3.546425679599119,
  "efc": 0.5217915913601329,
  "fber": 62210.653124212644,
  "fwhm_avg": 4.51169171089481,
  "fwhm_x": 4.487875267498211,
  "fwhm_y": 4.44771243372392,
  "fwhm_z": 4.599487431462297,
  "icvs_csf": 0.2018910509306912,
  "icvs_gm": 0.41589087073526104,
  "icvs_wm": 0.38221807833404775,
  "inu_med": 0.3460248112678528,
  "inu_range": 0.08293645828962326,
  "provenance": {
    "md5sum": "c306ff6f7d6632cf3d325d1ebceab48f",
    "settings": {
      "testing": false
    },
    "software": "mriqc",
    "version": "23.0.1",
    "warnings": {
      "large_rot_frame": true,
      "small_air_mask": false
    },
    "webapi_port": null,
    "webapi_url": "https://mriqc.nimh.nih.gov/api/v1"
  },
  "qi_1": 1.9617401812451755e-06,
  "qi_2": 0.0012713061486379089,
  "rpve_csf": 25.11958393694725,
  "rpve_gm": 12.764772067010881,
  "rpve_wm": 16.1519642804803,
  "size_x": 208,
  "size_y": 300,
  "size_z": 320,
  "snr_csf": 2.5723134990849394,
  "snr_gm": 12.698346536155073,
  "snr_total": 13.642705104945895,
  "snr_wm": 25.657455279597674,
  "snrd_csf": 37.08079078130933,
  "snrd_gm": 98.46163020152326,
  "snrd_total": 89.01634059522291,
  "snrd_wm": 131.50660080283618,
  "spacing_x": 0.7999999523162842,
  "spacing_y": 0.800000011920929,
  "spacing_z": 0.800000011920929,
  "summary_bg_k": 28.45746921423242,
  "summary_bg_mad": 0.0,
  "summary_bg_mean": 2.7247170445376203,
  "summary_bg_median": 0.0,
  "summary_bg_n": 6786787.0,
  "summary_bg_p05": 0.0,
  "summary_bg_p95": 11.259979791939259,
  "summary_bg_stdv": 4.981971153040944,
  "summary_csf_k": 1.0872687244826373,
  "summary_csf_mad": 76.621132581558,
  "summary_csf_mean": 290.033507381262,
  "summary_csf_median": 281.98010369203985,
  "summary_csf_n": 94508.0,
  "summary_csf_p05": 82.96584587637336,
  "summary_csf_p95": 485.5258167898281,
  "summary_csf_stdv": 109.62062437431327,
  "summary_gm_k": 0.24529995607543498,
  "summary_gm_mad": 56.53880498711283,
  "summary_gm_mean": 747.8695992916313,
  "summary_gm_median": 748.7494227848947,
  "summary_gm_n": 92725.0,
  "summary_gm_p05": 649.096639957279,
  "summary_gm_p95": 844.0080671571195,
  "summary_gm_stdv": 58.96400631128351,
  "summary_wm_k": 0.3367579479219107,
  "summary_wm_mad": 37.48895042612575,
  "summary_wm_mean": 998.9122316686367,
  "summary_wm_median": 1000.0392157025635,
  "summary_wm_n": 482126.0,
  "summary_wm_p05": 934.1663722507656,
  "summary_wm_p95": 1061.7533209733665,
  "summary_wm_stdv": 38.97651453311785,
  "tpm_overlap_csf": 0.1294674271985982,
  "tpm_overlap_gm": 0.44679697793191336,
  "tpm_overlap_wm": 0.5211894646340611,
  "wm2max": 0.9047171150706325
}