{
  "bids_meta": {
    "AcquisitionMatrixPE": 300,
    "AcquisitionNumber": 1,
    "AcquisitionTime": "14:10:51.617500",
    "BaseResolution": 320,
    "BodyPartExamined": "BRAIN",
    "ConsistencyInfo": "N4_VD13D_LATEST_20130810",
    "ConversionSoftware": "dcm2niix",
    "ConversionSoftwareVersion": "v1.0.20181125  GCC4.3.2",
    "DeviceSerialNumber": "67010",
    "DwellTime": 7.1e-06,
    "EchoTime": 0.00222,
    "FlipAngle": 8,
    "ImageOrientationPatientDICOM": [
      -0.0229028,
      0.991729,
      -0.126292,
      0.103659,
      -0.123289,
      -0.986942
    ],
    "ImageType": [
      "ORIGINAL",
      "PRIMARY",
      "M",
      "ND",
      "NORM"
    ],
    "ImagingFrequency": 123.174,
    "InPlanePhaseEncodingDirectionDICOM": "ROW",
    "InstitutionAddress": "6th_SE_2021_Minneapolis_Minneapolis_US_55455",
    "InstitutionName": "CMRR_3T-B",
    "InstitutionalDepartmentName": "Research",
    "InversionTime": 1,
    "MRAcquisitionType": "3D",
    "MagneticFieldStrength": 3,
    "Manufacturer": "Siemens",
    "ManufacturersModelName": "Prisma_fit",
    "Modality": "MR",
    "PartialFourier": 1,
    "PatientPosition": "HFS",
    "PercentPhaseFOV": 93.75,
    "PhaseEncodingSteps": 299,
    "PhaseResolution": 1,
    "PixelBandwidth": 220,
    "ProcedureStepDescription": "VisionPool_VisionPool",
    "ProtocolName": "T1w_MPR",
    "PulseSequenceDetails": "%SiemensSeq%_tfl",
    "ReceiveCoilActiveElements": "HEA;HEP",
    "ReceiveCoilName": "Head_32",
    "ReconMatrixPE": 320,
    "RepetitionTime": 2.4,
    "SAR": 0.0344424,
    "ScanOptions": "IR_WE",
    "ScanningSequence": "GR_IR",
    "SequenceName": "_tfl3d1_16ns",
    "SequenceVariant": "SK_SP_MP",
    "SeriesDescription": "T1w_MPR",
    "SeriesNumber": 34,
    "ShimSetting": [
      -1031,
      -11632,
      -3815,
      375,
      201,
      -16,
      -55,
      17
    ],
    "SliceThickness": 0.8,
    "SoftwareVersions": "syngo_MR_D13D",
    "StationName": "MRC35460",
    "TxRefAmp": 229.474,
    "dataset": "ds002702",
    "modality": "T1w",
    "run_id": 9,
    "session_id": "anatomicals",
    "subject_id": "11"
  },
  "cjv": 0.3692015688772746,
  "cnr": 3.5632948346534845,
  "efc": 0.520678169905133,
  "fber": 72490.92033293698,
  "fwhm_avg": 4.48454171125312,
  "fwhm_x": 4.486012767387198,
  "fwhm_y": 4.421962434107625,
  "fwhm_z": 4.545649932264538,
  "icvs_csf": 0.20284500146916154,
  "icvs_gm": 0.4165497721805028,
  "icvs_wm": 0.3806052263503356,
  "inu_med": 0.33249038457870483,
  "inu_range": 0.07821230888366698,
  "provenance": {
    "md5sum": "c41dcaac5f187c3d4d099b44d6e37d04",
    "settings": {
      "testing": false
    },
    "software": "mriqc",
    "version": "23.0.1",
    "warnings": {
      "large_rot_frame": true,
      "small_air_mask": false
    },
    "webapi_port": null,
    "webapi_url": "https://mriqc.nimh.nih.gov/api/v1"
  },
  "qi_1": 0.0,
  "qi_2": 0.001645691510355275,
  "rpve_csf": 25.004081498885718,
  "rpve_gm": 12.75653984488317,
  "rpve_wm": 16.246808524576203,
  "size_x": 208,
  "size_y": 300,
  "size_z": 320,
  "snr_csf": 2.519641853024188,
  "snr_gm": 12.72751508400153,
  "snr_total": 13.871474108100971,
  "snr_wm": 26.367265387277193,
  "snrd_csf": 42.03020354629599,
  "snrd_gm": 112.70867830743806,
  "snrd_total": 101.68249914857205,
  "snrd_wm": 150.3086155919821,
  "spacing_x": 0.7999999523162842,
  "spacing_y": 0.800000011920929,
  "spacing_z": 0.800000011920929,
  "summary_bg_k": 414.63402569902047,
  "summary_bg_mad": 0.0,
  "summary_bg_mean": 2.266934695084258,
  "summary_bg_median": 0.0,
  "summary_bg_n": 6777142.0,
  "summary_bg_p05": 0.0,
  "summary_bg_p95": 9.877364449203014,
  "summary_bg_stdv": 4.358779043006716,
  "summary_csf_k": 1.1754269360596767,
  "summary_csf_mad": 75.27990009544168,
  "summary_csf_mean": 284.90254976528297,
  "summary_csf_median": 279.63698916882277,
  "summary_csf_n": 94004.0,
  "summary_csf_p05": 69.73125914074481,
  "summary_csf_p95": 478.84680484235287,
  "summary_csf_stdv": 110.98224196495813,
  "summary_gm_k": 0.2866563119041987,
  "summary_gm_mad": 56.08294560269037,
  "summary_gm_mean": 748.9019681073719,
  "summary_gm_median": 749.877773500979,
  "summary_gm_n": 95301.0,
  "summary_gm_p05": 649.6371936947107,
  "summary_gm_p95": 845.2481280639768,
  "summary_gm_stdv": 58.917536870454505,
  "summary_wm_k": 0.48302746251120965,
  "summary_wm_mad": 36.27702427557686,
  "summary_wm_mean": 999.335809841826,
  "summary_wm_median": 1000.0391424223781,
  "summary_wm_n": 480376.0,
  "summary_wm_p05": 936.6870959848166,
  "summary_wm_p95": 1060.5355547815561,
  "summary_wm_stdv": 37.92725892660462,
  "tpm_overlap_csf": 0.13389758153738393,
  "tpm_overlap_gm": 0.45100940979860493,
  "tpm_overlap_wm": 0.5231171573225066,
  "wm2max": 0.9048099304097494
}