{
  "bids_meta": {
    "AcquisitionMatrixPE": 300,
    "AcquisitionNumber": 1,
    "AcquisitionTime": "13:50:13.310000",
    "BaseResolution": 320,
    "BodyPartExamined": "BRAIN",
    "ConsistencyInfo": "N4_VD13D_LATEST_20130810",
    "ConversionSoftware": "dcm2niix",
    "ConversionSoftwareVersion": "v1.0.20181125  GCC4.3.2",
    "DeviceSerialNumber": "67010",
    "DwellTime": 7.1e-06,
    "EchoTime": 0.00222,
    "FlipAngle": 8,
    "ImageOrientationPatientDICOM": [
      -0.0229028,
      0.991729,
      -0.126292,
      0.103659,
      -0.123289,
      -0.986942
    ],
    "ImageType": [
      "ORIGINAL",
      "PRIMARY",
      "M",
      "ND",
      "NORM"
    ],
    "ImagingFrequency": 123.174,
    "InPlanePhaseEncodingDirectionDICOM": "ROW",
    "InstitutionAddress": "6th_SE_2021_Minneapolis_Minneapolis_US_55455",
    "InstitutionName": "CMRR_3T-B",
    "InstitutionalDepartmentName": "Research",
    "InversionTime": 1,
    "MRAcquisitionType": "3D",
    "MagneticFieldStrength": 3,
    "Manufacturer": "Siemens",
    "ManufacturersModelName": "Prisma_fit",
    "Modality": "MR",
    "PartialFourier": 1,
    "PatientPosition": "HFS",
    "PercentPhaseFOV": 93.75,
    "PhaseEncodingSteps": 299,
    "PhaseResolution": 1,
    "PixelBandwidth": 220,
    "ProcedureStepDescription": "VisionPool_VisionPool",
    "ProtocolName": "T1w_MPR",
    "PulseSequenceDetails": "%SiemensSeq%_tfl",
    "ReceiveCoilActiveElements": "HEA;HEP",
    "ReceiveCoilName": "Head_32",
    "ReconMatrixPE": 320,
    "RepetitionTime": 2.4,
    "SAR": 0.0344424,
    "ScanOptions": "IR_WE",
    "ScanningSequence": "GR_IR",
    "SequenceName": "_tfl3d1_16ns",
    "SequenceVariant": "SK_SP_MP",
    "SeriesDescription": "T1w_MPR",
    "SeriesNumber": 28,
    "ShimSetting": [
      -1031,
      -11632,
      -3815,
      375,
      201,
      -16,
      -55,
      17
    ],
    "SliceThickness": 0.8,
    "SoftwareVersions": "syngo_MR_D13D",
    "StationName": "MRC35460",
    "TxRefAmp": 229.474,
    "dataset": "ds002702",
    "modality": "T1w",
    "run_id": 6,
    "session_id": "anatomicals",
    "subject_id": "11"
  },
  "cjv": 0.3673724792759401,
  "cnr": 3.590929368615339,
  "efc": 0.5201074739795736,
  "fber": 74835.26226218787,
  "fwhm_avg": 4.490408377934812,
  "fwhm_x": 4.490137767633066,
  "fwhm_y": 4.4246624340673915,
  "fwhm_z": 4.556424932103978,
  "icvs_csf": 0.20252102463684718,
  "icvs_gm": 0.4174464713791307,
  "icvs_wm": 0.3800325039840221,
  "inu_med": 0.32445329427719116,
  "inu_range": 0.07543440610170365,
  "provenance": {
    "md5sum": "c21e4d47d367170f226d511201532100",
    "settings": {
      "testing": false
    },
    "software": "mriqc",
    "version": "23.0.1",
    "warnings": {
      "large_rot_frame": true,
      "small_air_mask": false
    },
    "webapi_port": null,
    "webapi_url": "https://mriqc.nimh.nih.gov/api/v1"
  },
  "qi_1": 0.0,
  "qi_2": 0.0015008820492904882,
  "rpve_csf": 25.038274776110924,
  "rpve_gm": 12.73150261945828,
  "rpve_wm": 16.27106376103941,
  "size_x": 208,
  "size_y": 300,
  "size_z": 320,
  "snr_csf": 2.5143512309521694,
  "snr_gm": 12.666108799199929,
  "snr_total": 13.929467631518833,
  "snr_wm": 26.607942864404404,
  "snrd_csf": 40.89280173835156,
  "snrd_gm": 109.79332022039368,
  "snrd_total": 99.14957282593666,
  "snrd_wm": 146.76259651906472,
  "spacing_x": 0.7999999523162842,
  "spacing_y": 0.800000011920929,
  "spacing_z": 0.800000011920929,
  "summary_bg_k": 40.87914530623343,
  "summary_bg_mad": 0.0,
  "summary_bg_mean": 2.303985183914696,
  "summary_bg_median": 0.0,
  "summary_bg_n": 6797152.0,
  "summary_bg_p05": 0.0,
  "summary_bg_p95": 10.132124612107873,
  "summary_bg_stdv": 4.464092417788893,
  "summary_csf_k": 1.1642817922722655,
  "summary_csf_mad": 74.79360373754653,
  "summary_csf_mean": 284.730649545504,
  "summary_csf_median": 278.6431133765727,
  "summary_csf_n": 94640.0,
  "summary_csf_p05": 71.91289973258972,
  "summary_csf_p95": 480.54942830465734,
  "summary_csf_stdv": 110.82049230882404,
  "summary_gm_k": 0.2504433991813291,
  "summary_gm_mad": 56.52604153436697,
  "summary_gm_mean": 747.6471855758979,
  "summary_gm_median": 748.1305088829249,
  "summary_gm_n": 97611.0,
  "summary_gm_p05": 648.8046907447278,
  "summary_gm_p95": 844.5019312212244,
  "summary_gm_stdv": 59.06523372959426,
  "summary_wm_k": 0.38070302466509975,
  "summary_wm_mad": 36.01811792891066,
  "summary_wm_mean": 998.9545936334825,
  "summary_wm_median": 1000.0387619063258,
  "summary_wm_n": 482983.0,
  "summary_wm_p05": 936.204439541325,
  "summary_wm_p95": 1059.339781863615,
  "summary_wm_stdv": 37.58418047305602,
  "tpm_overlap_csf": 0.13272438656720337,
  "tpm_overlap_gm": 0.45149488344084143,
  "tpm_overlap_wm": 0.5238895725278051,
  "wm2max": 0.9088188172326978
}