{
  "bids_meta": {
    "AcquisitionMatrixPE": 300,
    "AcquisitionNumber": 1,
    "AcquisitionTime": "13:43:33.402500",
    "BaseResolution": 320,
    "BodyPartExamined": "BRAIN",
    "ConsistencyInfo": "N4_VD13D_LATEST_20130810",
    "ConversionSoftware": "dcm2niix",
    "ConversionSoftwareVersion": "v1.0.20181125  GCC4.3.2",
    "DeviceSerialNumber": "67010",
    "DwellTime": 7.1e-06,
    "EchoTime": 0.00222,
    "FlipAngle": 8,
    "ImageOrientationPatientDICOM": [
      -0.0229028,
      0.991729,
      -0.126292,
      0.103659,
      -0.123289,
      -0.986942
    ],
    "ImageType": [
      "ORIGINAL",
      "PRIMARY",
      "M",
      "ND",
      "NORM"
    ],
    "ImagingFrequency": 123.174,
    "InPlanePhaseEncodingDirectionDICOM": "ROW",
    "InstitutionAddress": "6th_SE_2021_Minneapolis_Minneapolis_US_55455",
    "InstitutionName": "CMRR_3T-B",
    "InstitutionalDepartmentName": "Research",
    "InversionTime": 1,
    "MRAcquisitionType": "3D",
    "MagneticFieldStrength": 3,
    "Manufacturer": "Siemens",
    "ManufacturersModelName": "Prisma_fit",
    "Modality": "MR",
    "PartialFourier": 1,
    "PatientPosition": "HFS",
    "PercentPhaseFOV": 93.75,
    "PhaseEncodingSteps": 299,
    "PhaseResolution": 1,
    "PixelBandwidth": 220,
    "ProcedureStepDescription": "VisionPool_VisionPool",
    "ProtocolName": "T1w_MPR",
    "PulseSequenceDetails": "%SiemensSeq%_tfl",
    "ReceiveCoilActiveElements": "HEA;HEP",
    "ReceiveCoilName": "Head_32",
    "ReconMatrixPE": 320,
    "RepetitionTime": 2.4,
    "SAR": 0.0344424,
    "ScanOptions": "IR_WE",
    "ScanningSequence": "GR_IR",
    "SequenceName": "_tfl3d1_16ns",
    "SequenceVariant": "SK_SP_MP",
    "SeriesDescription": "T1w_MPR",
    "SeriesNumber": 26,
    "ShimSetting": [
      -1031,
      -11632,
      -3815,
      375,
      201,
      -16,
      -55,
      17
    ],
    "SliceThickness": 0.8,
    "SoftwareVersions": "syngo_MR_D13D",
    "StationName": "MRC35460",
    "TxRefAmp": 229.474,
    "dataset": "ds002702",
    "modality": "T1w",
    "run_id": 5,
    "session_id": "anatomicals",
    "subject_id": "11"
  },
  "cjv": 0.3704218285822003,
  "cnr": 3.5806122448898168,
  "efc": 0.5218968584993036,
  "fber": 69337.06835675448,
  "fwhm_avg": 4.545491710296465,
  "fwhm_x": 4.484062767270968,
  "fwhm_y": 4.5348624324252835,
  "fwhm_z": 4.617549931193144,
  "icvs_csf": 0.20233014638812435,
  "icvs_gm": 0.41409669980334196,
  "icvs_wm": 0.3835731538085337,
  "inu_med": 0.33794745802879333,
  "inu_range": 0.08020452558994295,
  "provenance": {
    "md5sum": "c8a8a47dcba09ab563e5790d36c66495",
    "settings": {
      "testing": false
    },
    "software": "mriqc",
    "version": "23.0.1",
    "warnings": {
      "large_rot_frame": true,
      "small_air_mask": false
    },
    "webapi_port": null,
    "webapi_url": "https://mriqc.nimh.nih.gov/api/v1"
  },
  "qi_1": 0.0,
  "qi_2": 0.001521779508203996,
  "rpve_csf": 24.98571369185362,
  "rpve_gm": 12.727636609356608,
  "rpve_wm": 16.0557410965934,
  "size_x": 208,
  "size_y": 300,
  "size_z": 320,
  "snr_csf": 2.517174187173611,
  "snr_gm": 12.66588194327907,
  "snr_total": 13.69092685734723,
  "snr_wm": 25.889724441589014,
  "snrd_csf": 42.75800727433928,
  "snrd_gm": 112.86204001854276,
  "snrd_total": 102.23074945270957,
  "snrd_wm": 151.0722010652467,
  "spacing_x": 0.7999999523162842,
  "spacing_y": 0.800000011920929,
  "spacing_z": 0.800000011920929,
  "summary_bg_k": 28.753342484615075,
  "summary_bg_mad": 0.0,
  "summary_bg_mean": 2.3389189190025474,
  "summary_bg_median": 0.0,
  "summary_bg_n": 6772027.0,
  "summary_bg_p05": 0.0,
  "summary_bg_p95": 10.262613207101822,
  "summary_bg_stdv": 4.33674714097226,
  "summary_csf_k": 0.9234940196015824,
  "summary_csf_mad": 80.4447768341779,
  "summary_csf_mean": 287.5267146744228,
  "summary_csf_median": 283.04131139814854,
  "summary_csf_n": 95662.0,
  "summary_csf_p05": 72.93089005351067,
  "summary_csf_p95": 484.6441044367849,
  "summary_csf_stdv": 112.44348263794033,
  "summary_gm_k": 0.26207635335579305,
  "summary_gm_mad": 56.55143427213873,
  "summary_gm_mean": 746.4490661079517,
  "summary_gm_median": 747.1026329398155,
  "summary_gm_n": 93803.0,
  "summary_gm_p05": 648.1464581772685,
  "summary_gm_p95": 843.1536687165499,
  "summary_gm_stdv": 58.98512665591249,
  "summary_wm_k": 0.34346055350003324,
  "summary_wm_mad": 37.141709261087534,
  "summary_wm_mean": 998.954820517782,
  "summary_wm_median": 1000.0389782190323,
  "summary_wm_n": 484395.0,
  "summary_wm_p05": 934.6392073631287,
  "summary_wm_p95": 1061.2244440317154,
  "summary_wm_stdv": 38.626828501749905,
  "tpm_overlap_csf": 0.13595347970710822,
  "tpm_overlap_gm": 0.45455834840668297,
  "tpm_overlap_wm": 0.5247890885817529,
  "wm2max": 0.9053910831625803
}