{
  "bids_meta": {
    "AcquisitionMatrixPE": 300,
    "AcquisitionNumber": 1,
    "AcquisitionTime": "13:10:34.242500",
    "BaseResolution": 320,
    "BodyPartExamined": "BRAIN",
    "ConsistencyInfo": "N4_VD13D_LATEST_20130810",
    "ConversionSoftware": "dcm2niix",
    "ConversionSoftwareVersion": "v1.0.20181125  GCC4.3.2",
    "DeviceSerialNumber": "67010",
    "DwellTime": 2.1e-06,
    "EchoTime": 0.563,
    "EchoTrainLength": 314,
    "FlipAngle": 120,
    "ImageOrientationPatientDICOM": [
      -0.0229028,
      0.991729,
      -0.126292,
      0.103659,
      -0.123289,
      -0.986942
    ],
    "ImageType": [
      "ORIGINAL",
      "PRIMARY",
      "M",
      "ND",
      "NORM"
    ],
    "ImagingFrequency": 123.174,
    "InPlanePhaseEncodingDirectionDICOM": "ROW",
    "InstitutionAddress": "6th_SE_2021_Minneapolis_Minneapolis_US_55455",
    "InstitutionName": "CMRR_3T-B",
    "InstitutionalDepartmentName": "Research",
    "MRAcquisitionType": "3D",
    "MagneticFieldStrength": 3,
    "Manufacturer": "Siemens",
    "ManufacturersModelName": "Prisma_fit",
    "Modality": "MR",
    "PartialFourier": 1,
    "PatientPosition": "HFS",
    "PercentPhaseFOV": 93.75,
    "PhaseEncodingSteps": 297,
    "PhaseResolution": 1,
    "PixelBandwidth": 745,
    "ProcedureStepDescription": "VisionPool_VisionPool",
    "ProtocolName": "T2w_SPC",
    "PulseSequenceDetails": "%SiemensSeq%_tse_vfl",
    "ReceiveCoilActiveElements": "HEA;HEP",
    "ReceiveCoilName": "Head_32",
    "ReconMatrixPE": 320,
    "RepetitionTime": 3.2,
    "SAR": 0.115255,
    "ScanOptions": "PFP",
    "ScanningSequence": "SE",
    "SequenceName": "_spc_314ns",
    "SequenceVariant": "SK_SP",
    "SeriesDescription": "T2w_SPC",
    "SeriesNumber": 16,
    "ShimSetting": [
      -1031,
      -11632,
      -3815,
      375,
      201,
      -16,
      -55,
      17
    ],
    "SliceThickness": 0.8,
    "SoftwareVersions": "syngo_MR_D13D",
    "StationName": "MRC35460",
    "TxRefAmp": 229.474,
    "dataset": "ds002702",
    "modality": "T2w",
    "run_id": 2,
    "session_id": "anatomicals",
    "subject_id": "11"
  },
  "cjv": 0.690986677456001,
  "cnr": 1.207581902707036,
  "efc": 0.5382731215497504,
  "fber": 6238.478978044363,
  "fwhm_avg": 2.90649585993104,
  "fwhm_x": 2.8148626677788893,
  "fwhm_y": 3.1863374525198718,
  "fwhm_z": 2.7182874594943605,
  "icvs_csf": 0.312006225968077,
  "icvs_gm": 0.527527541230937,
  "icvs_wm": 0.160466232800986,
  "inu_med": 0.8684040606021881,
  "inu_range": 0.21925128996372212,
  "provenance": {
    "md5sum": "5cd5318eaac516cfd015df91b324b0ee",
    "settings": {
      "testing": false
    },
    "software": "mriqc",
    "version": "23.0.1",
    "warnings": {
      "large_rot_frame": true,
      "small_air_mask": false
    },
    "webapi_port": null,
    "webapi_url": "https://mriqc.nimh.nih.gov/api/v1"
  },
  "qi_1": 0.0,
  "qi_2": 0.00478189726057582,
  "rpve_csf": 14.953706725769846,
  "rpve_gm": 11.020487993565117,
  "rpve_wm": 38.002143373372206,
  "size_x": 208,
  "size_y": 300,
  "size_z": 320,
  "snr_csf": 8.606183603222126,
  "snr_gm": 8.248653048495266,
  "snr_total": 6.258192454467753,
  "snr_wm": 1.9197407116858667,
  "snrd_csf": 74.5641733664611,
  "snrd_gm": 43.873448166681364,
  "snrd_total": 79.15242666944214,
  "snrd_wm": 119.01965847518396,
  "spacing_x": 0.7999999523162842,
  "spacing_y": 0.800000011920929,
  "spacing_z": 0.800000011920929,
  "summary_bg_k": 31.61686871776873,
  "summary_bg_mad": 0.0,
  "summary_bg_mean": 3.067463570067364,
  "summary_bg_median": 0.0,
  "summary_bg_n": 3657849.0,
  "summary_bg_p05": 0.0,
  "summary_bg_p95": 13.33116926252842,
  "summary_bg_stdv": 5.506352786976149,
  "summary_csf_k": 1.0092977183565477,
  "summary_csf_mad": 67.54412784080036,
  "summary_csf_mean": 630.1410658528572,
  "summary_csf_median": 626.7040631920099,
  "summary_csf_n": 67124.0,
  "summary_csf_p05": 518.8954769819975,
  "summary_csf_p95": 753.9413795620203,
  "summary_csf_stdv": 72.81966360603238,
  "summary_gm_k": 0.17865736451844505,
  "summary_gm_mad": 44.204452113623034,
  "summary_gm_mean": 369.92832586361396,
  "summary_gm_median": 368.75173412263393,
  "summary_gm_n": 508688.0,
  "summary_gm_p05": 298.664560765028,
  "summary_gm_p95": 444.8437298089266,
  "summary_gm_stdv": 44.704434712038974,
  "summary_wm_k": -1.7816086774818665,
  "summary_wm_mad": 392.2199851030293,
  "summary_wm_mean": 688.9806942710348,
  "summary_wm_median": 1000.3477568179369,
  "summary_wm_n": 103582.0,
  "summary_wm_p05": 23.972920030355453,
  "summary_wm_p95": 1279.5140334963799,
  "summary_wm_stdv": 521.0823117647185,
  "tpm_overlap_csf": 0.12285181675420687,
  "tpm_overlap_gm": 0.3237829664824053,
  "tpm_overlap_wm": 0.032071830319022214,
  "wm2max": 0.7788548323044153
}