{
  "aor": 0.00046184523809523803,
  "aqi": 0.03846318214285714,
  "bids_meta": {
    "AcquisitionMatrixPE": 162,
    "AcquisitionNumber": 1,
    "AcquisitionTime": "11:27:4.965000",
    "BandwidthPerPixelPhaseEncode": 18.519,
    "BaseResolution": 200,
    "CoilString": "C:H01-32",
    "ConversionSoftware": "dcm2niix",
    "ConversionSoftwareVersion": "v1.0.20181125  GCC4.3.2",
    "DerivedVendorReportedEchoSpacing": 0.000999974,
    "DeviceSerialNumber": "18912",
    "DwellTime": 2.2e-06,
    "EchoTime": 0.0226,
    "EffectiveEchoSpacing": 0.000333325,
    "FlipAngle": 70,
    "ImageComments": "Unaliased_MB2_PE2",
    "ImageOrientationPatientDICOM": [
      0.999263,
      0.0383878,
      -1.19241e-08,
      0.0206822,
      -0.538374,
      -0.842452
    ],
    "ImageType": [
      "ORIGINAL",
      "PRIMARY",
      "M",
      "MB",
      "ND",
      "MOSAIC"
    ],
    "ImagingFrequency": 296.814,
    "InPlanePhaseEncodingDirectionDICOM": "COL",
    "InstitutionAddress": "6th_Street_SE_2021_Minneapolis_0735BC_Chicago_US_55455",
    "InstitutionName": "CMRR_7T_PS",
    "InstitutionalDepartmentName": "CMRR",
    "MRAcquisitionType": "2D",
    "MagneticFieldStrength": 6.98,
    "Manufacturer": "Siemens",
    "ManufacturersModelName": "Investigational_Device_7T",
    "Modality": "MR",
    "MultibandAccelerationFactor": 2,
    "ParallelReductionFactorInPlane": 3,
    "PartialFourier": 0.75,
    "PatientPosition": "HFS",
    "PercentPhaseFOV": 81,
    "PhaseEncodingDirection": "j",
    "PhaseEncodingSteps": 123,
    "PhaseResolution": 1,
    "PixelBandwidth": 1136,
    "ProcedureStepDescription": "Ruyuan_fmri",
    "ProtocolName": "eja_ep2d_bold_p8iso_MB2_2sTR_R3_USED",
    "PulseSequenceDetails": "%CustomerSeq%_eja_ep2d_bold",
    "ReceiveCoilName": "VM_8T_32R_Head",
    "ReconMatrixPE": 162,
    "RepetitionTime": 2.2,
    "SAR": 0.00962154,
    "ScanOptions": "PFP",
    "ScanningSequence": "EP",
    "SequenceName": "epfid2d1_162",
    "SequenceVariant": "SK_SS_OSP",
    "SeriesDescription": "eja_ep2d_bold_p8iso_MB2_2sTR_R3_USED",
    "SeriesNumber": 12,
    "ShimSetting": [
      -300,
      310,
      811,
      5242,
      -46,
      807,
      34,
      76
    ],
    "SliceThickness": 0.8,
    "SliceTiming": [
      0,
      1.63,
      1.0525,
      0.475,
      2.105,
      1.525,
      0.9475,
      0.3675,
      1.9975,
      1.42,
      0.8425,
      0.2625,
      1.8925,
      1.315,
      0.7375,
      0.1575,
      1.7875,
      1.21,
      0.6325,
      0.0525,
      1.6825,
      1.105,
      0.5275,
      2.1575,
      1.5775,
      1,
      0.4225,
      2.0525,
      1.4725,
      0.895,
      0.315,
      1.945,
      1.3675,
      0.79,
      0.21,
      1.84,
      1.2625,
      0.685,
      0.105,
      1.735,
      1.1575,
      0.58,
      0,
      1.63,
      1.0525,
      0.475,
      2.105,
      1.525,
      0.9475,
      0.3675,
      1.9975,
      1.42,
      0.8425,
      0.2625,
      1.8925,
      1.315,
      0.7375,
      0.1575,
      1.7875,
      1.21,
      0.6325,
      0.0525,
      1.6825,
      1.105,
      0.5275,
      2.1575,
      1.5775,
      1,
      0.4225,
      2.0525,
      1.4725,
      0.895,
      0.315,
      1.945,
      1.3675,
      0.79,
      0.21,
      1.84,
      1.2625,
      0.685,
      0.105,
      1.735,
      1.1575,
      0.58
    ],
    "SoftwareVersions": "syngo_MR_B17",
    "SpacingBetweenSlices": 0.8,
    "StationName": "SEPTET",
    "TotalReadoutTime": 0.0536653,
    "TxRefAmp": 80,
    "dataset": "ds002702",
    "modality": "bold",
    "run_id": 2,
    "session_id": "ring7T",
    "subject_id": "03",
    "task_id": "ring"
  },
  "dummy_trs": 0,
  "dvars_nstd": 127.49612536395209,
  "dvars_std": 1.014304895508982,
  "dvars_vstd": 0.995209540538922,
  "efc": 0.715481743220903,
  "fber": 32.85299301147461,
  "fd_mean": 0.060884250022711126,
  "fd_num": 0,
  "fd_perc": 0.0,
  "fwhm_avg": 3.5779582800176004,
  "fwhm_x": 3.472849948250503,
  "fwhm_y": 3.8167249431263666,
  "fwhm_z": 3.4442999486759316,
  "gcor": 0.00141256,
  "gsr_x": -0.011659719981253147,
  "gsr_y": 0.008805192075669765,
  "provenance": {
    "md5sum": "fb18624232b32583e5906aeddee28ff2",
    "settings": {
      "fd_thres": 0.2,
      "testing": false
    },
    "software": "mriqc",
    "version": "23.0.1",
    "webapi_port": null,
    "webapi_url": "https://mriqc.nimh.nih.gov/api/v1"
  },
  "size_t": 168,
  "size_x": 200,
  "size_y": 162,
  "size_z": 84,
  "snr": 2.28067552257931,
  "spacing_tr": 2.200000047683716,
  "spacing_x": 0.800000011920929,
  "spacing_y": 0.800000011920929,
  "spacing_z": 0.800000011920929,
  "summary_bg_k": 21.773107127111512,
  "summary_bg_mad": 38.12406997455234,
  "summary_bg_mean": 218.95726013183594,
  "summary_bg_median": 175.33929443359375,
  "summary_bg_n": 1562294.0,
  "summary_bg_p05": 139.5416717529297,
  "summary_bg_p95": 444.9345397949219,
  "summary_bg_stdv": 125.98186492919922,
  "summary_fg_k": 1.0508603857966303,
  "summary_fg_mad": 435.1437511313942,
  "summary_fg_mean": 1098.1953125,
  "summary_fg_median": 1035.0655517578125,
  "summary_fg_n": 893360.0,
  "summary_fg_p05": 489.2437515258789,
  "summary_fg_p95": 1945.2562805175778,
  "summary_fg_stdv": 453.8414001464844,
  "tsnr": 10.205606631934643
}