{
  "aor": 0.0004309580838323354,
  "aqi": 0.038576685628742516,
  "bids_meta": {
    "AcquisitionMatrixPE": 162,
    "AcquisitionNumber": 1,
    "AcquisitionTime": "11:34:44.497500",
    "BandwidthPerPixelPhaseEncode": 18.519,
    "BaseResolution": 200,
    "CoilString": "C:H01-32",
    "ConversionSoftware": "dcm2niix",
    "ConversionSoftwareVersion": "v1.0.20181125  GCC4.3.2",
    "DerivedVendorReportedEchoSpacing": 0.000999974,
    "DeviceSerialNumber": "18912",
    "DwellTime": 2.2e-06,
    "EchoTime": 0.0226,
    "EffectiveEchoSpacing": 0.000333325,
    "FlipAngle": 70,
    "ImageComments": "Unaliased_MB2_PE2",
    "ImageOrientationPatientDICOM": [
      0.999263,
      0.0383878,
      -1.19241e-08,
      0.0206822,
      -0.538374,
      -0.842452
    ],
    "ImageType": [
      "ORIGINAL",
      "PRIMARY",
      "M",
      "MB",
      "ND",
      "MOSAIC"
    ],
    "ImagingFrequency": 296.814,
    "InPlanePhaseEncodingDirectionDICOM": "COL",
    "InstitutionAddress": "6th_Street_SE_2021_Minneapolis_0735BC_Chicago_US_55455",
    "InstitutionName": "CMRR_7T_PS",
    "InstitutionalDepartmentName": "CMRR",
    "MRAcquisitionType": "2D",
    "MagneticFieldStrength": 6.98,
    "Manufacturer": "Siemens",
    "ManufacturersModelName": "Investigational_Device_7T",
    "Modality": "MR",
    "MultibandAccelerationFactor": 2,
    "ParallelReductionFactorInPlane": 3,
    "PartialFourier": 0.75,
    "PatientPosition": "HFS",
    "PercentPhaseFOV": 81,
    "PhaseEncodingDirection": "j",
    "PhaseEncodingSteps": 123,
    "PhaseResolution": 1,
    "PixelBandwidth": 1136,
    "ProcedureStepDescription": "Ruyuan_fmri",
    "ProtocolName": "eja_ep2d_bold_p8iso_MB2_2sTR_R3_USED",
    "PulseSequenceDetails": "%CustomerSeq%_eja_ep2d_bold",
    "ReceiveCoilName": "VM_8T_32R_Head",
    "ReconMatrixPE": 162,
    "RepetitionTime": 2.2,
    "SAR": 0.00962784,
    "ScanOptions": "PFP",
    "ScanningSequence": "EP",
    "SequenceName": "epfid2d1_162",
    "SequenceVariant": "SK_SS_OSP",
    "SeriesDescription": "eja_ep2d_bold_p8iso_MB2_2sTR_R3_USED",
    "SeriesNumber": 14,
    "ShimSetting": [
      -300,
      310,
      811,
      5242,
      -46,
      807,
      34,
      76
    ],
    "SliceThickness": 0.8,
    "SliceTiming": [
      0,
      1.63,
      1.05,
      0.4725,
      2.1025,
      1.525,
      0.945,
      0.3675,
      1.9975,
      1.42,
      0.84,
      0.2625,
      1.8925,
      1.315,
      0.735,
      0.1575,
      1.7875,
      1.2075,
      0.63,
      0.0525,
      1.6825,
      1.1025,
      0.525,
      2.155,
      1.5775,
      0.9975,
      0.42,
      2.05,
      1.4725,
      0.8925,
      0.315,
      1.945,
      1.3675,
      0.7875,
      0.21,
      1.84,
      1.26,
      0.6825,
      0.105,
      1.735,
      1.155,
      0.5775,
      0,
      1.63,
      1.05,
      0.4725,
      2.1025,
      1.525,
      0.945,
      0.3675,
      1.9975,
      1.42,
      0.84,
      0.2625,
      1.8925,
      1.315,
      0.735,
      0.1575,
      1.7875,
      1.2075,
      0.63,
      0.0525,
      1.6825,
      1.1025,
      0.525,
      2.155,
      1.5775,
      0.9975,
      0.42,
      2.05,
      1.4725,
      0.8925,
      0.315,
      1.945,
      1.3675,
      0.7875,
      0.21,
      1.84,
      1.26,
      0.6825,
      0.105,
      1.735,
      1.155,
      0.5775
    ],
    "SoftwareVersions": "syngo_MR_B17",
    "SpacingBetweenSlices": 0.8,
    "StationName": "SEPTET",
    "TotalReadoutTime": 0.0536653,
    "TxRefAmp": 80,
    "dataset": "ds002702",
    "modality": "bold",
    "run_id": 3,
    "session_id": "ring7T",
    "subject_id": "03",
    "task_id": "ring"
  },
  "dummy_trs": 1,
  "dvars_nstd": 128.14785426487958,
  "dvars_std": 1.019918087650602,
  "dvars_vstd": 1.000750005240964,
  "efc": 0.7175378186919472,
  "fber": 32.21821212768555,
  "fd_mean": 0.05376241400697055,
  "fd_num": 0,
  "fd_perc": 0.0,
  "fwhm_avg": 3.572145780104213,
  "fwhm_x": 3.453762448534929,
  "fwhm_y": 3.807524943263457,
  "fwhm_z": 3.455149948514254,
  "gcor": 0.00145693,
  "gsr_x": -0.012436066754162312,
  "gsr_y": 0.0077838231809437275,
  "provenance": {
    "md5sum": "b7380971adc9f514d070804a7e97a26f",
    "settings": {
      "fd_thres": 0.2,
      "testing": false
    },
    "software": "mriqc",
    "version": "23.0.1",
    "webapi_port": null,
    "webapi_url": "https://mriqc.nimh.nih.gov/api/v1"
  },
  "size_t": 167,
  "size_x": 200,
  "size_y": 162,
  "size_z": 84,
  "snr": 2.280659542036784,
  "spacing_tr": 2.200000047683716,
  "spacing_x": 0.800000011920929,
  "spacing_y": 0.800000011920929,
  "spacing_z": 0.800000011920929,
  "summary_bg_k": 22.49169084426171,
  "summary_bg_mad": 37.71312836537336,
  "summary_bg_mean": 220.6018829345703,
  "summary_bg_median": 176.31736755371094,
  "summary_bg_n": 1562410.0,
  "summary_bg_p05": 140.97605895996094,
  "summary_bg_p95": 446.8775573730471,
  "summary_bg_stdv": 127.04188537597656,
  "summary_fg_k": 1.0463309876972637,
  "summary_fg_mad": 432.68013752062666,
  "summary_fg_mean": 1093.0701904296875,
  "summary_fg_median": 1030.532958984375,
  "summary_fg_n": 896199.0,
  "summary_fg_p05": 486.1856384277344,
  "summary_fg_p95": 1936.8515380859371,
  "summary_fg_stdv": 451.857177734375,
  "tsnr": 10.231796829029918
}