{
  "bids_meta": {
    "AcquisitionMatrixPE": 300,
    "AcquisitionNumber": 1,
    "AcquisitionTime": "10:00:9.202500",
    "BaseResolution": 320,
    "BodyPartExamined": "BRAIN",
    "ConsistencyInfo": "N4_VE11C_LATEST_20160120",
    "ConversionSoftware": "dcm2niix",
    "ConversionSoftwareVersion": "v1.0.20181125  GCC4.3.2",
    "DeviceSerialNumber": "67010",
    "DwellTime": 7.1e-06,
    "EchoTime": 0.00222,
    "FlipAngle": 8,
    "ImageOrientationPatientDICOM": [
      0.0480566,
      0.998469,
      0.0273978,
      -0.00425097,
      0.0276337,
      -0.999609
    ],
    "ImageType": [
      "ORIGINAL",
      "PRIMARY",
      "M",
      "ND",
      "NORM"
    ],
    "ImagingFrequency": 123.173,
    "InPlanePhaseEncodingDirectionDICOM": "ROW",
    "InstitutionAddress": "6th_SE_2021_Minneapolis_Minneapolis_US_55455",
    "InstitutionName": "CMRR_3T-B",
    "InstitutionalDepartmentName": "Research",
    "InversionTime": 1,
    "MRAcquisitionType": "3D",
    "MagneticFieldStrength": 3,
    "Manufacturer": "Siemens",
    "ManufacturersModelName": "Prisma_fit",
    "Modality": "MR",
    "PartialFourier": 1,
    "PatientPosition": "HFS",
    "PercentPhaseFOV": 93.75,
    "PhaseEncodingSteps": 299,
    "PhaseResolution": 1,
    "PixelBandwidth": 220,
    "ProcedureStepDescription": "Kay_New_Exam",
    "ProtocolName": "T1w_MPR",
    "PulseSequenceDetails": "%SiemensSeq%_tfl",
    "ReceiveCoilActiveElements": "HEA;HEP",
    "ReceiveCoilName": "Head_32",
    "ReconMatrixPE": 320,
    "RepetitionTime": 2.4,
    "SAR": 0.0425251,
    "ScanOptions": "IR_WE",
    "ScanningSequence": "GR_IR",
    "SequenceName": "_tfl3d1_16ns",
    "SequenceVariant": "SK_SP_MP",
    "SeriesDescription": "T1w_MPR",
    "SeriesNumber": 18,
    "ShimSetting": [
      -1094,
      -11505,
      -3851,
      595,
      22,
      260,
      46,
      13
    ],
    "SliceThickness": 0.8,
    "SoftwareVersions": "syngo_MR_E11",
    "StationName": "TRIOB",
    "TxRefAmp": 240.837,
    "dataset": "ds002702",
    "modality": "T1w",
    "run_id": 3,
    "session_id": "anatomicals",
    "subject_id": "03"
  },
  "cjv": 0.3386648090690391,
  "cnr": 3.9154415727448963,
  "efc": 0.5218056323601864,
  "fber": 49124.2896,
  "fwhm_avg": 4.5097792103744485,
  "fwhm_x": 4.465775266180948,
  "fwhm_y": 4.510162432793343,
  "fwhm_z": 4.553399932149054,
  "icvs_csf": 0.1852338196392507,
  "icvs_gm": 0.4458568255391798,
  "icvs_wm": 0.3689093548215695,
  "inu_med": 0.37671227753162384,
  "inu_range": 0.11997597366571428,
  "provenance": {
    "md5sum": "6829fd380b651d4fce689715ed6ccf9f",
    "settings": {
      "testing": false
    },
    "software": "mriqc",
    "version": "23.0.1",
    "warnings": {
      "large_rot_frame": true,
      "small_air_mask": false
    },
    "webapi_port": null,
    "webapi_url": "https://mriqc.nimh.nih.gov/api/v1"
  },
  "qi_1": 0.0,
  "qi_2": 0.002378869302818484,
  "rpve_csf": 23.478826821530458,
  "rpve_gm": 10.664144828651404,
  "rpve_wm": 14.43193634925767,
  "size_x": 208,
  "size_y": 300,
  "size_z": 320,
  "snr_csf": 2.2369386155796263,
  "snr_gm": 14.42573085710199,
  "snr_total": 14.479773451612205,
  "snr_wm": 26.776650882155003,
  "snrd_csf": 46.15142335992632,
  "snrd_gm": 113.61004401903749,
  "snrd_total": 103.8140614778161,
  "snrd_wm": 151.68071705448446,
  "spacing_x": 0.7999999523162842,
  "spacing_y": 0.800000011920929,
  "spacing_z": 0.800000011920929,
  "summary_bg_k": 11.59086773719129,
  "summary_bg_mad": 0.0,
  "summary_bg_mean": 2.557913492446979,
  "summary_bg_median": 0.0,
  "summary_bg_n": 6925196.0,
  "summary_bg_p05": 0.0,
  "summary_bg_p95": 11.368222586810589,
  "summary_bg_stdv": 4.319277300459863,
  "summary_csf_k": -0.13284472944518821,
  "summary_csf_mad": 127.02414851623354,
  "summary_csf_mean": 312.9162390776679,
  "summary_csf_median": 304.2737288028002,
  "summary_csf_n": 89979.0,
  "summary_csf_p05": 76.19175611436367,
  "summary_csf_p95": 543.2552932061253,
  "summary_csf_stdv": 136.0216305779742,
  "summary_gm_k": 0.36913499664821936,
  "summary_gm_mad": 48.90147146489912,
  "summary_gm_mean": 748.8335723017685,
  "summary_gm_median": 749.0246065333486,
  "summary_gm_n": 155180.0,
  "summary_gm_p05": 662.8772472068667,
  "summary_gm_p95": 834.813205383718,
  "summary_gm_stdv": 51.922651305736984,
  "summary_wm_k": 0.39215804268322696,
  "summary_wm_mad": 36.10264990542518,
  "summary_wm_mean": 1000.0048105148384,
  "summary_wm_median": 1000.0224046334624,
  "summary_wm_n": 519329.0,
  "summary_wm_p05": 939.3021940514445,
  "summary_wm_p95": 1061.34802351892,
  "summary_wm_stdv": 37.346770745592465,
  "tpm_overlap_csf": 0.12276852254120374,
  "tpm_overlap_gm": 0.44739744620673016,
  "tpm_overlap_wm": 0.4956639139939203,
  "wm2max": 0.8933199799699549
}