{
  "bids_meta": {
    "AcquisitionMatrixPE": 300,
    "AcquisitionNumber": 1,
    "AcquisitionTime": "10:13:47.997500",
    "BaseResolution": 320,
    "BodyPartExamined": "BRAIN",
    "ConsistencyInfo": "N4_VE11C_LATEST_20160120",
    "ConversionSoftware": "dcm2niix",
    "ConversionSoftwareVersion": "v1.0.20181125  GCC4.3.2",
    "DeviceSerialNumber": "67010",
    "DwellTime": 7.1e-06,
    "EchoTime": 0.00222,
    "FlipAngle": 8,
    "ImageOrientationPatientDICOM": [
      0.0480566,
      0.998469,
      0.0273978,
      -0.00425097,
      0.0276337,
      -0.999609
    ],
    "ImageType": [
      "ORIGINAL",
      "PRIMARY",
      "M",
      "ND",
      "NORM"
    ],
    "ImagingFrequency": 123.173,
    "InPlanePhaseEncodingDirectionDICOM": "ROW",
    "InstitutionAddress": "6th_SE_2021_Minneapolis_Minneapolis_US_55455",
    "InstitutionName": "CMRR_3T-B",
    "InstitutionalDepartmentName": "Research",
    "InversionTime": 1,
    "MRAcquisitionType": "3D",
    "MagneticFieldStrength": 3,
    "Manufacturer": "Siemens",
    "ManufacturersModelName": "Prisma_fit",
    "Modality": "MR",
    "PartialFourier": 1,
    "PatientPosition": "HFS",
    "PercentPhaseFOV": 93.75,
    "PhaseEncodingSteps": 299,
    "PhaseResolution": 1,
    "PixelBandwidth": 220,
    "ProcedureStepDescription": "Kay_New_Exam",
    "ProtocolName": "T1w_MPR",
    "PulseSequenceDetails": "%SiemensSeq%_tfl",
    "ReceiveCoilActiveElements": "HEA;HEP",
    "ReceiveCoilName": "Head_32",
    "ReconMatrixPE": 320,
    "RepetitionTime": 2.4,
    "SAR": 0.0425251,
    "ScanOptions": "IR_WE",
    "ScanningSequence": "GR_IR",
    "SequenceName": "_tfl3d1_16ns",
    "SequenceVariant": "SK_SP_MP",
    "SeriesDescription": "T1w_MPR",
    "SeriesNumber": 22,
    "ShimSetting": [
      -1094,
      -11505,
      -3851,
      595,
      22,
      260,
      46,
      13
    ],
    "SliceThickness": 0.8,
    "SoftwareVersions": "syngo_MR_E11",
    "StationName": "TRIOB",
    "TxRefAmp": 240.837,
    "dataset": "ds002702",
    "modality": "T1w",
    "run_id": 5,
    "session_id": "anatomicals",
    "subject_id": "03"
  },
  "cjv": 0.3362163521570656,
  "cnr": 3.9558952873808497,
  "efc": 0.5221137861635069,
  "fber": 49906.83349857888,
  "fwhm_avg": 4.541954210555622,
  "fwhm_x": 4.492375267766432,
  "fwhm_y": 4.555849932112546,
  "fwhm_z": 4.577637431787887,
  "icvs_csf": 0.18528415941040005,
  "icvs_gm": 0.446090362919609,
  "icvs_wm": 0.36862547766999093,
  "inu_med": 0.36693769693374634,
  "inu_range": 0.11451646983623504,
  "provenance": {
    "md5sum": "a8c4d7d9a7f76b6c7d83454e59b25abf",
    "settings": {
      "testing": false
    },
    "software": "mriqc",
    "version": "23.0.1",
    "warnings": {
      "large_rot_frame": true,
      "small_air_mask": false
    },
    "webapi_port": null,
    "webapi_url": "https://mriqc.nimh.nih.gov/api/v1"
  },
  "qi_1": 0.0,
  "qi_2": 0.002332500295044096,
  "rpve_csf": 23.440939901228553,
  "rpve_gm": 10.651708408147181,
  "rpve_wm": 14.435950590809565,
  "size_x": 208,
  "size_y": 300,
  "size_z": 320,
  "snr_csf": 2.2448367626298933,
  "snr_gm": 14.628317263749992,
  "snr_total": 14.585297844773672,
  "snr_wm": 26.88273950794113,
  "snrd_csf": 46.32685670473148,
  "snrd_gm": 114.36103681413206,
  "snrd_total": 104.45401544422441,
  "snrd_wm": 152.67415281380968,
  "spacing_x": 0.7999999523162842,
  "spacing_y": 0.800000011920929,
  "spacing_z": 0.800000011920929,
  "summary_bg_k": 12.071444242019366,
  "summary_bg_mad": 0.0,
  "summary_bg_mean": 2.549650795253935,
  "summary_bg_median": 0.0,
  "summary_bg_n": 6912829.0,
  "summary_bg_p05": 0.0,
  "summary_bg_p95": 11.3416005987674,
  "summary_bg_stdv": 4.291269441042305,
  "summary_csf_k": -0.17669176562193423,
  "summary_csf_mad": 125.7286763192133,
  "summary_csf_mean": 310.6989610659644,
  "summary_csf_median": 303.44982277974486,
  "summary_csf_n": 89637.0,
  "summary_csf_p05": 72.4238988533616,
  "summary_csf_p95": 538.7869078084826,
  "summary_csf_stdv": 135.1760338066261,
  "summary_gm_k": 0.35836949945668106,
  "summary_gm_mad": 48.17203471842233,
  "summary_gm_mean": 748.8174049881436,
  "summary_gm_median": 749.0867894478142,
  "summary_gm_n": 159170.0,
  "summary_gm_p05": 664.2615380510688,
  "summary_gm_p95": 833.946990110818,
  "summary_gm_stdv": 51.20783360349069,
  "summary_wm_k": 0.34349037070700117,
  "summary_wm_mad": 36.204242609334756,
  "summary_wm_mean": 1000.0005738612963,
  "summary_wm_median": 1000.0450690984726,
  "summary_wm_n": 520420.0,
  "summary_wm_p05": 939.391181204468,
  "summary_wm_p95": 1060.676409078762,
  "summary_wm_stdv": 37.200230579061234,
  "tpm_overlap_csf": 0.12011796550011479,
  "tpm_overlap_gm": 0.445365262528704,
  "tpm_overlap_wm": 0.4940996785797782,
  "wm2max": 0.897850115389287
}