{
  "bids_meta": {
    "AcquisitionMatrixPE": 300,
    "AcquisitionNumber": 1,
    "AcquisitionTime": "09:40:36.380000",
    "BaseResolution": 320,
    "BodyPartExamined": "BRAIN",
    "ConsistencyInfo": "N4_VE11C_LATEST_20160120",
    "ConversionSoftware": "dcm2niix",
    "ConversionSoftwareVersion": "v1.0.20181125  GCC4.3.2",
    "DeviceSerialNumber": "67010",
    "DwellTime": 2.1e-06,
    "EchoTime": 0.563,
    "EchoTrainLength": 314,
    "FlipAngle": 120,
    "ImageOrientationPatientDICOM": [
      0.0480566,
      0.998469,
      0.0273978,
      -0.00425097,
      0.0276337,
      -0.999609
    ],
    "ImageType": [
      "ORIGINAL",
      "PRIMARY",
      "M",
      "ND",
      "NORM"
    ],
    "ImagingFrequency": 123.173,
    "InPlanePhaseEncodingDirectionDICOM": "ROW",
    "InstitutionAddress": "6th_SE_2021_Minneapolis_Minneapolis_US_55455",
    "InstitutionName": "CMRR_3T-B",
    "InstitutionalDepartmentName": "Research",
    "MRAcquisitionType": "3D",
    "MagneticFieldStrength": 3,
    "Manufacturer": "Siemens",
    "ManufacturersModelName": "Prisma_fit",
    "Modality": "MR",
    "PartialFourier": 1,
    "PatientPosition": "HFS",
    "PercentPhaseFOV": 93.75,
    "PhaseEncodingSteps": 297,
    "PhaseResolution": 1,
    "PixelBandwidth": 745,
    "ProcedureStepDescription": "Kay_New_Exam",
    "ProtocolName": "T2w_SPC",
    "PulseSequenceDetails": "%SiemensSeq%_tse_vfl",
    "ReceiveCoilActiveElements": "HEA;HEP",
    "ReceiveCoilName": "Head_32",
    "ReconMatrixPE": 320,
    "RepetitionTime": 3.2,
    "SAR": 0.143078,
    "ScanOptions": "PFP",
    "ScanningSequence": "SE",
    "SequenceName": "_spc_314ns",
    "SequenceVariant": "SK_SP",
    "SeriesDescription": "T2w_SPC",
    "SeriesNumber": 12,
    "ShimSetting": [
      -1094,
      -11505,
      -3851,
      595,
      22,
      260,
      46,
      13
    ],
    "SliceThickness": 0.8,
    "SoftwareVersions": "syngo_MR_E11",
    "StationName": "TRIOB",
    "TxRefAmp": 240.837,
    "dataset": "ds002702",
    "modality": "T2w",
    "run_id": 2,
    "session_id": "anatomicals",
    "subject_id": "03"
  },
  "cjv": 1.4390631990938443,
  "cnr": 0.4266618115511837,
  "efc": 0.5423152412417478,
  "fber": 9090.961670424469,
  "fwhm_avg": 2.6215333573159487,
  "fwhm_x": 2.5385876513116155,
  "fwhm_y": 2.919949956489355,
  "fwhm_z": 2.4060624641468755,
  "icvs_csf": 0.39981330159005873,
  "icvs_gm": 0.45693469706567397,
  "icvs_wm": 0.14325200134426727,
  "inu_med": 0.8869951665401459,
  "inu_range": 0.188984876871109,
  "provenance": {
    "md5sum": "49731b789a7ec736e62cefe48d7d3f60",
    "settings": {
      "testing": false
    },
    "software": "mriqc",
    "version": "23.0.1",
    "warnings": {
      "large_rot_frame": true,
      "small_air_mask": false
    },
    "webapi_port": null,
    "webapi_url": "https://mriqc.nimh.nih.gov/api/v1"
  },
  "qi_1": 0.0,
  "qi_2": 0.007334687554100832,
  "rpve_csf": 11.274132895740934,
  "rpve_gm": 10.590170696246837,
  "rpve_wm": 35.75225756425375,
  "size_x": 208,
  "size_y": 300,
  "size_z": 320,
  "snr_csf": 10.19631553760798,
  "snr_gm": 10.066900629165042,
  "snr_total": 6.895546923220416,
  "snr_wm": 0.4234246028882274,
  "snrd_csf": 102.89880145783115,
  "snrd_gm": 62.41944959540179,
  "snrd_total": 65.45098534773287,
  "snrd_wm": 31.034704989965675,
  "spacing_x": 0.7999999523162842,
  "spacing_y": 0.800000011920929,
  "spacing_z": 0.800000011920929,
  "summary_bg_k": 9.309256016139074,
  "summary_bg_mad": 0.0,
  "summary_bg_mean": 14.511566445646093,
  "summary_bg_median": 0.0,
  "summary_bg_n": 5199085.0,
  "summary_bg_p05": 0.0,
  "summary_bg_p95": 60.83689738065004,
  "summary_bg_stdv": 21.288228953975374,
  "summary_csf_k": 0.8488136291602206,
  "summary_csf_mad": 307.7215642158486,
  "summary_csf_mean": 3356.1873185865607,
  "summary_csf_median": 3343.629272505641,
  "summary_csf_n": 145646.0,
  "summary_csf_p05": 2848.6903286352754,
  "summary_csf_p95": 3909.292413974181,
  "summary_csf_stdv": 327.9241194072976,
  "summary_gm_k": 0.5523940529120783,
  "summary_gm_mad": 193.2349088514806,
  "summary_gm_mean": 2026.4998336106976,
  "summary_gm_median": 2028.2792013511062,
  "summary_gm_n": 454051.0,
  "summary_gm_p05": 1694.6676045656204,
  "summary_gm_p95": 2350.099083893001,
  "summary_gm_stdv": 201.47978434762203,
  "summary_wm_k": -1.6178393767370884,
  "summary_wm_mad": 1274.3602435625667,
  "summary_wm_mean": 2460.767576059409,
  "summary_wm_median": 1008.4524464607239,
  "summary_wm_n": 88923.0,
  "summary_wm_p05": 111.23864941298962,
  "summary_wm_p95": 5968.057892460375,
  "summary_wm_stdv": 2381.6442625134314,
  "tpm_overlap_csf": 0.11371134261604736,
  "tpm_overlap_gm": 0.29850993784649654,
  "tpm_overlap_wm": 0.03141761711005271,
  "wm2max": 0.16772827464116494
}