{
  "bids_meta": {
    "AcquisitionMatrixPE": 300,
    "AcquisitionNumber": 1,
    "AcquisitionTime": "10:06:49.037500",
    "BaseResolution": 320,
    "BodyPartExamined": "BRAIN",
    "ConsistencyInfo": "N4_VE11C_LATEST_20160120",
    "ConversionSoftware": "dcm2niix",
    "ConversionSoftwareVersion": "v1.0.20181125  GCC4.3.2",
    "DeviceSerialNumber": "67010",
    "DwellTime": 7.1e-06,
    "EchoTime": 0.00222,
    "FlipAngle": 8,
    "ImageOrientationPatientDICOM": [
      0.0480566,
      0.998469,
      0.0273978,
      -0.00425097,
      0.0276337,
      -0.999609
    ],
    "ImageType": [
      "ORIGINAL",
      "PRIMARY",
      "M",
      "ND",
      "NORM"
    ],
    "ImagingFrequency": 123.173,
    "InPlanePhaseEncodingDirectionDICOM": "ROW",
    "InstitutionAddress": "6th_SE_2021_Minneapolis_Minneapolis_US_55455",
    "InstitutionName": "CMRR_3T-B",
    "InstitutionalDepartmentName": "Research",
    "InversionTime": 1,
    "MRAcquisitionType": "3D",
    "MagneticFieldStrength": 3,
    "Manufacturer": "Siemens",
    "ManufacturersModelName": "Prisma_fit",
    "Modality": "MR",
    "PartialFourier": 1,
    "PatientPosition": "HFS",
    "PercentPhaseFOV": 93.75,
    "PhaseEncodingSteps": 299,
    "PhaseResolution": 1,
    "PixelBandwidth": 220,
    "ProcedureStepDescription": "Kay_New_Exam",
    "ProtocolName": "T1w_MPR",
    "PulseSequenceDetails": "%SiemensSeq%_tfl",
    "ReceiveCoilActiveElements": "HEA;HEP",
    "ReceiveCoilName": "Head_32",
    "ReconMatrixPE": 320,
    "RepetitionTime": 2.4,
    "SAR": 0.0425251,
    "ScanOptions": "IR_WE",
    "ScanningSequence": "GR_IR",
    "SequenceName": "_tfl3d1_16ns",
    "SequenceVariant": "SK_SP_MP",
    "SeriesDescription": "T1w_MPR",
    "SeriesNumber": 20,
    "ShimSetting": [
      -1094,
      -11505,
      -3851,
      595,
      22,
      260,
      46,
      13
    ],
    "SliceThickness": 0.8,
    "SoftwareVersions": "syngo_MR_E11",
    "StationName": "TRIOB",
    "TxRefAmp": 240.837,
    "dataset": "ds002702",
    "modality": "T1w",
    "run_id": 4,
    "session_id": "anatomicals",
    "subject_id": "03"
  },
  "cjv": 0.33537721331992654,
  "cnr": 3.9452605913155323,
  "efc": 0.5220720008689825,
  "fber": 49852.360962390114,
  "fwhm_avg": 4.513491710470312,
  "fwhm_x": 4.471862766543792,
  "fwhm_y": 4.515012432721072,
  "fwhm_z": 4.553599932146073,
  "icvs_csf": 0.18539209791748504,
  "icvs_gm": 0.4460818231637736,
  "icvs_wm": 0.3685260789187414,
  "inu_med": 0.3739367425441742,
  "inu_range": 0.11821048855781557,
  "provenance": {
    "md5sum": "a2f3c512c72ad97dca4491f2cfc533ae",
    "settings": {
      "testing": false
    },
    "software": "mriqc",
    "version": "23.0.1",
    "warnings": {
      "large_rot_frame": true,
      "small_air_mask": false
    },
    "webapi_port": null,
    "webapi_url": "https://mriqc.nimh.nih.gov/api/v1"
  },
  "qi_1": 0.0,
  "qi_2": 0.0023389648480726948,
  "rpve_csf": 23.45121630988401,
  "rpve_gm": 10.671298744046544,
  "rpve_wm": 14.467242635304697,
  "size_x": 208,
  "size_y": 300,
  "size_z": 320,
  "snr_csf": 2.24136754396163,
  "snr_gm": 14.498778597679658,
  "snr_total": 14.544436079159565,
  "snr_wm": 26.893162095837404,
  "snrd_csf": 46.74382288359233,
  "snrd_gm": 115.04715403141168,
  "snrd_total": 105.16872480970055,
  "snrd_wm": 153.71519751409764,
  "spacing_x": 0.7999999523162842,
  "spacing_y": 0.800000011920929,
  "spacing_z": 0.800000011920929,
  "summary_bg_k": 11.743344721473722,
  "summary_bg_mad": 0.0,
  "summary_bg_mean": 2.51923690876386,
  "summary_bg_median": 0.0,
  "summary_bg_n": 6864298.0,
  "summary_bg_p05": 0.0,
  "summary_bg_p95": 11.219851071015,
  "summary_bg_stdv": 4.262110027045316,
  "summary_csf_k": -0.15021411165388798,
  "summary_csf_mad": 126.83449233673274,
  "summary_csf_mean": 312.03683881443425,
  "summary_csf_median": 304.10051435790956,
  "summary_csf_n": 88944.0,
  "summary_csf_p05": 74.05997503362596,
  "summary_csf_p95": 541.259276562277,
  "summary_csf_stdv": 135.6755636383082,
  "summary_gm_k": 0.39620330097421297,
  "summary_gm_mad": 48.177185439947436,
  "summary_gm_mean": 748.2109800488951,
  "summary_gm_median": 748.4603645596653,
  "summary_gm_n": 157528.0,
  "summary_gm_p05": 662.8894045948982,
  "summary_gm_p95": 833.7771422696298,
  "summary_gm_stdv": 51.62214071145022,
  "summary_wm_k": 0.35105173547338797,
  "summary_wm_mad": 36.19099388665934,
  "summary_wm_mean": 999.803004691325,
  "summary_wm_median": 1000.0224146209657,
  "summary_wm_n": 520493.0,
  "summary_wm_p05": 939.0858582053334,
  "summary_wm_p95": 1060.4214931409806,
  "summary_wm_stdv": 37.18497104979877,
  "tpm_overlap_csf": 0.13007049935257187,
  "tpm_overlap_gm": 0.45494024459604815,
  "tpm_overlap_wm": 0.49876967421967083,
  "wm2max": 0.8958571571872805
}