{
  "bids_meta": {
    "AcquisitionMatrixPE": 300,
    "AcquisitionNumber": 1,
    "AcquisitionTime": "10:20:27.070000",
    "BaseResolution": 320,
    "BodyPartExamined": "BRAIN",
    "ConsistencyInfo": "N4_VE11C_LATEST_20160120",
    "ConversionSoftware": "dcm2niix",
    "ConversionSoftwareVersion": "v1.0.20181125  GCC4.3.2",
    "DeviceSerialNumber": "67010",
    "DwellTime": 7.1e-06,
    "EchoTime": 0.00222,
    "FlipAngle": 8,
    "ImageOrientationPatientDICOM": [
      0.0480566,
      0.998469,
      0.0273978,
      -0.00425097,
      0.0276337,
      -0.999609
    ],
    "ImageType": [
      "ORIGINAL",
      "PRIMARY",
      "M",
      "ND",
      "NORM"
    ],
    "ImagingFrequency": 123.173,
    "InPlanePhaseEncodingDirectionDICOM": "ROW",
    "InstitutionAddress": "6th_SE_2021_Minneapolis_Minneapolis_US_55455",
    "InstitutionName": "CMRR_3T-B",
    "InstitutionalDepartmentName": "Research",
    "InversionTime": 1,
    "MRAcquisitionType": "3D",
    "MagneticFieldStrength": 3,
    "Manufacturer": "Siemens",
    "ManufacturersModelName": "Prisma_fit",
    "Modality": "MR",
    "PartialFourier": 1,
    "PatientPosition": "HFS",
    "PercentPhaseFOV": 93.75,
    "PhaseEncodingSteps": 299,
    "PhaseResolution": 1,
    "PixelBandwidth": 220,
    "ProcedureStepDescription": "Kay_New_Exam",
    "ProtocolName": "T1w_MPR",
    "PulseSequenceDetails": "%SiemensSeq%_tfl",
    "ReceiveCoilActiveElements": "HEA;HEP",
    "ReceiveCoilName": "Head_32",
    "ReconMatrixPE": 320,
    "RepetitionTime": 2.4,
    "SAR": 0.0425251,
    "ScanOptions": "IR_WE",
    "ScanningSequence": "GR_IR",
    "SequenceName": "_tfl3d1_16ns",
    "SequenceVariant": "SK_SP_MP",
    "SeriesDescription": "T1w_MPR",
    "SeriesNumber": 24,
    "ShimSetting": [
      -1094,
      -11505,
      -3851,
      595,
      22,
      260,
      46,
      13
    ],
    "SliceThickness": 0.8,
    "SoftwareVersions": "syngo_MR_E11",
    "StationName": "TRIOB",
    "TxRefAmp": 240.837,
    "dataset": "ds002702",
    "modality": "T1w",
    "run_id": 6,
    "session_id": "anatomicals",
    "subject_id": "03"
  },
  "cjv": 0.351929815712975,
  "cnr": 3.8162150399312917,
  "efc": 0.5248529053892839,
  "fber": 44559.66487966902,
  "fwhm_avg": 4.550825043386413,
  "fwhm_x": 4.4774627668775775,
  "fwhm_y": 4.57774993178621,
  "fwhm_z": 4.5972624314954516,
  "icvs_csf": 0.18548155178823167,
  "icvs_gm": 0.4441713542821962,
  "icvs_wm": 0.37034709392957216,
  "inu_med": 0.3846443146467209,
  "inu_range": 0.12243151813745495,
  "provenance": {
    "md5sum": "ad9543caa65a10935c15666f8b24bad5",
    "settings": {
      "testing": false
    },
    "software": "mriqc",
    "version": "23.0.1",
    "warnings": {
      "large_rot_frame": true,
      "small_air_mask": false
    },
    "webapi_port": null,
    "webapi_url": "https://mriqc.nimh.nih.gov/api/v1"
  },
  "qi_1": 0.0,
  "qi_2": 0.0016714118253190633,
  "rpve_csf": 23.370640549257786,
  "rpve_gm": 10.664393983333776,
  "rpve_wm": 14.352332709500606,
  "size_x": 208,
  "size_y": 300,
  "size_z": 320,
  "snr_csf": 2.2228944776414914,
  "snr_gm": 14.24993762267885,
  "snr_total": 14.073512431630737,
  "snr_wm": 25.747705194571868,
  "snrd_csf": 39.60916419450748,
  "snrd_gm": 97.41546719841067,
  "snrd_total": 88.98776681887365,
  "snrd_wm": 129.93866906370283,
  "spacing_x": 0.7999999523162842,
  "spacing_y": 0.800000011920929,
  "spacing_z": 0.800000011920929,
  "summary_bg_k": 14.020773546286271,
  "summary_bg_mad": 0.0,
  "summary_bg_mean": 2.933334452069893,
  "summary_bg_median": 0.0,
  "summary_bg_n": 6932758.0,
  "summary_bg_p05": 0.0,
  "summary_bg_p95": 12.879609446972609,
  "summary_bg_stdv": 5.042060264001203,
  "summary_csf_k": -0.18707620355906585,
  "summary_csf_mad": 130.75281125777397,
  "summary_csf_mean": 311.30324023923566,
  "summary_csf_median": 304.84001938439906,
  "summary_csf_n": 91339.0,
  "summary_csf_p05": 73.75271093845367,
  "summary_csf_p95": 543.655093498528,
  "summary_csf_stdv": 137.13577217330572,
  "summary_gm_k": 0.2787528651141371,
  "summary_gm_mad": 50.48539240724196,
  "summary_gm_mean": 749.6270627407496,
  "summary_gm_median": 749.7288446500897,
  "summary_gm_n": 154589.0,
  "summary_gm_p05": 663.0287368465215,
  "summary_gm_p95": 836.361165035516,
  "summary_gm_stdv": 52.612610636478,
  "summary_wm_k": 0.4381640507703639,
  "summary_wm_mad": 37.604414716077706,
  "summary_wm_mean": 1000.3744187689198,
  "summary_wm_median": 1000.0338861392811,
  "summary_wm_n": 521978.0,
  "summary_wm_p05": 937.9745048303157,
  "summary_wm_p95": 1064.5788061134517,
  "summary_wm_stdv": 38.839691562975204,
  "tpm_overlap_csf": 0.1179743028959611,
  "tpm_overlap_gm": 0.44309267877288444,
  "tpm_overlap_wm": 0.49233824475093085,
  "wm2max": 0.8896874057694241
}