{
  "bids_meta": {
    "AcquisitionMatrixPE": 300,
    "AcquisitionNumber": 1,
    "AcquisitionTime": "09:53:30.027500",
    "BaseResolution": 320,
    "BodyPartExamined": "BRAIN",
    "ConsistencyInfo": "N4_VE11C_LATEST_20160120",
    "ConversionSoftware": "dcm2niix",
    "ConversionSoftwareVersion": "v1.0.20181125  GCC4.3.2",
    "DeviceSerialNumber": "67010",
    "DwellTime": 7.1e-06,
    "EchoTime": 0.00222,
    "FlipAngle": 8,
    "ImageOrientationPatientDICOM": [
      0.0480566,
      0.998469,
      0.0273978,
      -0.00425097,
      0.0276337,
      -0.999609
    ],
    "ImageType": [
      "ORIGINAL",
      "PRIMARY",
      "M",
      "ND",
      "NORM"
    ],
    "ImagingFrequency": 123.173,
    "InPlanePhaseEncodingDirectionDICOM": "ROW",
    "InstitutionAddress": "6th_SE_2021_Minneapolis_Minneapolis_US_55455",
    "InstitutionName": "CMRR_3T-B",
    "InstitutionalDepartmentName": "Research",
    "InversionTime": 1,
    "MRAcquisitionType": "3D",
    "MagneticFieldStrength": 3,
    "Manufacturer": "Siemens",
    "ManufacturersModelName": "Prisma_fit",
    "Modality": "MR",
    "PartialFourier": 1,
    "PatientPosition": "HFS",
    "PercentPhaseFOV": 93.75,
    "PhaseEncodingSteps": 299,
    "PhaseResolution": 1,
    "PixelBandwidth": 220,
    "ProcedureStepDescription": "Kay_New_Exam",
    "ProtocolName": "T1w_MPR",
    "PulseSequenceDetails": "%SiemensSeq%_tfl",
    "ReceiveCoilActiveElements": "HEA;HEP",
    "ReceiveCoilName": "Head_32",
    "ReconMatrixPE": 320,
    "RepetitionTime": 2.4,
    "SAR": 0.0425251,
    "ScanOptions": "IR_WE",
    "ScanningSequence": "GR_IR",
    "SequenceName": "_tfl3d1_16ns",
    "SequenceVariant": "SK_SP_MP",
    "SeriesDescription": "T1w_MPR",
    "SeriesNumber": 16,
    "ShimSetting": [
      -1094,
      -11505,
      -3851,
      595,
      22,
      260,
      46,
      13
    ],
    "SliceThickness": 0.8,
    "SoftwareVersions": "syngo_MR_E11",
    "StationName": "TRIOB",
    "TxRefAmp": 240.837,
    "dataset": "ds002702",
    "modality": "T1w",
    "run_id": 2,
    "session_id": "anatomicals",
    "subject_id": "03"
  },
  "cjv": 0.34265600280812214,
  "cnr": 3.891068834543777,
  "efc": 0.5215521893999279,
  "fber": 49930.62330905307,
  "fwhm_avg": 4.541525043542069,
  "fwhm_x": 4.478150266918556,
  "fwhm_y": 4.567249931942673,
  "fwhm_z": 4.579174931764976,
  "icvs_csf": 0.18571593658210572,
  "icvs_gm": 0.4464382294027075,
  "icvs_wm": 0.3678458340151868,
  "inu_med": 0.3747248947620392,
  "inu_range": 0.12015590071678162,
  "provenance": {
    "md5sum": "951fe1b8d756cc1754bc365a1beef511",
    "settings": {
      "testing": false
    },
    "software": "mriqc",
    "version": "23.0.1",
    "warnings": {
      "large_rot_frame": true,
      "small_air_mask": false
    },
    "webapi_port": null,
    "webapi_url": "https://mriqc.nimh.nih.gov/api/v1"
  },
  "qi_1": 0.0,
  "qi_2": 0.0022666641056198157,
  "rpve_csf": 23.421560184151488,
  "rpve_gm": 10.670519836286381,
  "rpve_wm": 14.509149925843069,
  "size_x": 208,
  "size_y": 300,
  "size_z": 320,
  "snr_csf": 2.269838689258178,
  "snr_gm": 14.515566256581248,
  "snr_total": 14.451933893363103,
  "snr_wm": 26.57039673424988,
  "snrd_csf": 46.70947587023779,
  "snrd_gm": 114.78855424322985,
  "snrd_total": 104.8098479119011,
  "snrd_wm": 152.93151362223566,
  "spacing_x": 0.7999999523162842,
  "spacing_y": 0.800000011920929,
  "spacing_z": 0.800000011920929,
  "summary_bg_k": 11.94146494025265,
  "summary_bg_mad": 0.0,
  "summary_bg_mean": 2.5203317307195627,
  "summary_bg_median": 0.0,
  "summary_bg_n": 6919995.0,
  "summary_bg_p05": 0.0,
  "summary_bg_p95": 11.217151165008545,
  "summary_bg_stdv": 4.2840484846446945,
  "summary_csf_k": -0.1361450239731603,
  "summary_csf_mad": 126.00341551451473,
  "summary_csf_mean": 314.97668040733623,
  "summary_csf_median": 305.44121700525284,
  "summary_csf_n": 89877.0,
  "summary_csf_p05": 81.48265251517296,
  "summary_csf_p95": 543.1588838517664,
  "summary_csf_stdv": 134.5644160653701,
  "summary_gm_k": 0.31747335452806924,
  "summary_gm_mad": 49.053485071244026,
  "summary_gm_mean": 750.2456127917819,
  "summary_gm_median": 750.6219038665295,
  "summary_gm_n": 158356.0,
  "summary_gm_p05": 664.8875892162323,
  "summary_gm_p95": 836.1074510514736,
  "summary_gm_stdv": 51.71135045984126,
  "summary_wm_k": 0.4147728367737922,
  "summary_wm_mad": 36.41290826204444,
  "summary_wm_mean": 1000.0958183578978,
  "summary_wm_median": 1000.0452107191086,
  "summary_wm_n": 520771.0,
  "summary_wm_p05": 938.9841055870056,
  "summary_wm_p95": 1061.8526182472706,
  "summary_wm_stdv": 37.63753550850268,
  "tpm_overlap_csf": 0.1261300936898023,
  "tpm_overlap_gm": 0.4513835905840785,
  "tpm_overlap_wm": 0.4955697858234859,
  "wm2max": 0.8879161390313848
}