{
  "bids_meta": {
    "AcquisitionMatrixPE": 300,
    "AcquisitionNumber": 1,
    "AcquisitionTime": "09:46:50.832500",
    "BaseResolution": 320,
    "BodyPartExamined": "BRAIN",
    "ConsistencyInfo": "N4_VE11C_LATEST_20160120",
    "ConversionSoftware": "dcm2niix",
    "ConversionSoftwareVersion": "v1.0.20181125  GCC4.3.2",
    "DeviceSerialNumber": "67010",
    "DwellTime": 7.1e-06,
    "EchoTime": 0.00222,
    "FlipAngle": 8,
    "ImageOrientationPatientDICOM": [
      0.0480566,
      0.998469,
      0.0273978,
      -0.00425097,
      0.0276337,
      -0.999609
    ],
    "ImageType": [
      "ORIGINAL",
      "PRIMARY",
      "M",
      "ND",
      "NORM"
    ],
    "ImagingFrequency": 123.173,
    "InPlanePhaseEncodingDirectionDICOM": "ROW",
    "InstitutionAddress": "6th_SE_2021_Minneapolis_Minneapolis_US_55455",
    "InstitutionName": "CMRR_3T-B",
    "InstitutionalDepartmentName": "Research",
    "InversionTime": 1,
    "MRAcquisitionType": "3D",
    "MagneticFieldStrength": 3,
    "Manufacturer": "Siemens",
    "ManufacturersModelName": "Prisma_fit",
    "Modality": "MR",
    "PartialFourier": 1,
    "PatientPosition": "HFS",
    "PercentPhaseFOV": 93.75,
    "PhaseEncodingSteps": 299,
    "PhaseResolution": 1,
    "PixelBandwidth": 220,
    "ProcedureStepDescription": "Kay_New_Exam",
    "ProtocolName": "T1w_MPR",
    "PulseSequenceDetails": "%SiemensSeq%_tfl",
    "ReceiveCoilActiveElements": "HEA;HEP",
    "ReceiveCoilName": "Head_32",
    "ReconMatrixPE": 320,
    "RepetitionTime": 2.4,
    "SAR": 0.0425251,
    "ScanOptions": "IR_WE",
    "ScanningSequence": "GR_IR",
    "SequenceName": "_tfl3d1_16ns",
    "SequenceVariant": "SK_SP_MP",
    "SeriesDescription": "T1w_MPR",
    "SeriesNumber": 14,
    "ShimSetting": [
      -1094,
      -11505,
      -3851,
      595,
      22,
      260,
      46,
      13
    ],
    "SliceThickness": 0.8,
    "SoftwareVersions": "syngo_MR_E11",
    "StationName": "TRIOB",
    "TxRefAmp": 240.837,
    "dataset": "ds002702",
    "modality": "T1w",
    "run_id": 1,
    "session_id": "anatomicals",
    "subject_id": "03"
  },
  "cjv": 0.3371499621981286,
  "cnr": 3.9432322128857256,
  "efc": 0.5209933131145443,
  "fber": 51428.57356893308,
  "fwhm_avg": 4.549145876332193,
  "fwhm_x": 4.460850265887395,
  "fwhm_y": 4.616124931214378,
  "fwhm_z": 4.570462431894803,
  "icvs_csf": 0.18517434628994386,
  "icvs_gm": 0.4453110240663087,
  "icvs_wm": 0.3695146296437475,
  "inu_med": 0.37467893958091736,
  "inu_range": 0.12000280469655994,
  "provenance": {
    "md5sum": "6ddf8f311631b9bc93dfde163f5bcccc",
    "settings": {
      "testing": false
    },
    "software": "mriqc",
    "version": "23.0.1",
    "warnings": {
      "large_rot_frame": true,
      "small_air_mask": false
    },
    "webapi_port": null,
    "webapi_url": "https://mriqc.nimh.nih.gov/api/v1"
  },
  "qi_1": 0.0,
  "qi_2": 0.002286103394504445,
  "rpve_csf": 23.420390909649402,
  "rpve_gm": 10.668402955704025,
  "rpve_wm": 14.45533467447231,
  "size_x": 208,
  "size_y": 300,
  "size_z": 320,
  "snr_csf": 2.266056647818243,
  "snr_gm": 14.585729236821447,
  "snr_total": 14.645496647097204,
  "snr_wm": 27.084704056651926,
  "snrd_csf": 46.44118886323074,
  "snrd_gm": 114.05328698609185,
  "snrd_total": 104.1992077140655,
  "snrd_wm": 152.1031472928739,
  "spacing_x": 0.7999999523162842,
  "spacing_y": 0.800000011920929,
  "spacing_z": 0.800000011920929,
  "summary_bg_k": 12.214969923947887,
  "summary_bg_mad": 0.0,
  "summary_bg_mean": 2.5245846727390706,
  "summary_bg_median": 0.0,
  "summary_bg_n": 6955427.0,
  "summary_bg_p05": 0.0,
  "summary_bg_p95": 11.305311694741249,
  "summary_bg_stdv": 4.307282599550773,
  "summary_csf_k": -0.17776927541949528,
  "summary_csf_mad": 127.31868439555926,
  "summary_csf_mean": 314.8075099677206,
  "summary_csf_median": 305.33385825157166,
  "summary_csf_n": 89883.0,
  "summary_csf_p05": 81.12917778380216,
  "summary_csf_p95": 543.3332800492644,
  "summary_csf_stdv": 134.74162706106617,
  "summary_gm_k": 0.3031261806841896,
  "summary_gm_mad": 48.775325380605246,
  "summary_gm_mean": 749.3464796848431,
  "summary_gm_median": 749.8587140887976,
  "summary_gm_n": 157329.0,
  "summary_gm_p05": 663.9609558321536,
  "summary_gm_p95": 833.902401227504,
  "summary_gm_stdv": 51.410273618736845,
  "summary_wm_k": 0.44778489484060824,
  "summary_wm_mad": 35.56743658338293,
  "summary_wm_mean": 1000.0695038268849,
  "summary_wm_median": 1000.0226512700319,
  "summary_wm_n": 520292.0,
  "summary_wm_p05": 939.855782430619,
  "summary_wm_p95": 1060.3704050965607,
  "summary_wm_stdv": 36.92200912209621,
  "tpm_overlap_csf": 0.12485462191965449,
  "tpm_overlap_gm": 0.4503079096397266,
  "tpm_overlap_wm": 0.496450777087876,
  "wm2max": 0.8817208588345528
}