{
  "bids_meta": {
    "AcquisitionMatrixPE": 300,
    "AcquisitionNumber": 1,
    "AcquisitionTime": "09:34:34.845000",
    "BaseResolution": 320,
    "BodyPartExamined": "BRAIN",
    "ConsistencyInfo": "N4_VE11C_LATEST_20160120",
    "ConversionSoftware": "dcm2niix",
    "ConversionSoftwareVersion": "v1.0.20181125  GCC4.3.2",
    "DeviceSerialNumber": "67010",
    "DwellTime": 2.1e-06,
    "EchoTime": 0.563,
    "EchoTrainLength": 314,
    "FlipAngle": 120,
    "ImageOrientationPatientDICOM": [
      0.0480566,
      0.998469,
      0.0273978,
      -0.00425097,
      0.0276337,
      -0.999609
    ],
    "ImageType": [
      "ORIGINAL",
      "PRIMARY",
      "M",
      "ND",
      "NORM"
    ],
    "ImagingFrequency": 123.173,
    "InPlanePhaseEncodingDirectionDICOM": "ROW",
    "InstitutionAddress": "6th_SE_2021_Minneapolis_Minneapolis_US_55455",
    "InstitutionName": "CMRR_3T-B",
    "InstitutionalDepartmentName": "Research",
    "MRAcquisitionType": "3D",
    "MagneticFieldStrength": 3,
    "Manufacturer": "Siemens",
    "ManufacturersModelName": "Prisma_fit",
    "Modality": "MR",
    "PartialFourier": 1,
    "PatientPosition": "HFS",
    "PercentPhaseFOV": 93.75,
    "PhaseEncodingSteps": 297,
    "PhaseResolution": 1,
    "PixelBandwidth": 745,
    "ProcedureStepDescription": "Kay_New_Exam",
    "ProtocolName": "T2w_SPC",
    "PulseSequenceDetails": "%SiemensSeq%_tse_vfl",
    "ReceiveCoilActiveElements": "HEA;HEP",
    "ReceiveCoilName": "Head_32",
    "ReconMatrixPE": 320,
    "RepetitionTime": 3.2,
    "SAR": 0.143078,
    "ScanOptions": "PFP",
    "ScanningSequence": "SE",
    "SequenceName": "_spc_314ns",
    "SequenceVariant": "SK_SP",
    "SeriesDescription": "T2w_SPC",
    "SeriesNumber": 10,
    "ShimSetting": [
      -1094,
      -11505,
      -3851,
      595,
      22,
      260,
      46,
      13
    ],
    "SliceThickness": 0.8,
    "SoftwareVersions": "syngo_MR_E11",
    "StationName": "TRIOB",
    "TxRefAmp": 240.837,
    "dataset": "ds002702",
    "modality": "T2w",
    "run_id": 1,
    "session_id": "anatomicals",
    "subject_id": "03"
  },
  "cjv": 1.628743294790337,
  "cnr": 0.3908294626861911,
  "efc": 0.5414381327951294,
  "fber": 8625.626591129118,
  "fwhm_avg": 2.6678416909793423,
  "fwhm_x": 2.5796626537598764,
  "fwhm_y": 2.965262455814146,
  "fwhm_z": 2.4585999633640054,
  "icvs_csf": 0.40467973970232557,
  "icvs_gm": 0.45058911184804545,
  "icvs_wm": 0.14473114844962898,
  "inu_med": 0.8817579448223114,
  "inu_range": 0.22715319693088531,
  "provenance": {
    "md5sum": "9dcf5812f0d46fdbb7b72eaf77086f7b",
    "settings": {
      "testing": false
    },
    "software": "mriqc",
    "version": "23.0.1",
    "warnings": {
      "large_rot_frame": true,
      "small_air_mask": false
    },
    "webapi_port": null,
    "webapi_url": "https://mriqc.nimh.nih.gov/api/v1"
  },
  "qi_1": 0.0,
  "qi_2": 0.008140905593988506,
  "rpve_csf": 11.267673152214844,
  "rpve_gm": 10.845481778984773,
  "rpve_wm": 34.87787807774357,
  "size_x": 208,
  "size_y": 300,
  "size_z": 320,
  "snr_csf": 9.994454780738504,
  "snr_gm": 10.11470429437565,
  "snr_total": 6.848100219847569,
  "snr_wm": 0.4351415844285502,
  "snrd_csf": 92.41388225582031,
  "snrd_gm": 55.49941222572295,
  "snrd_total": 59.035009169473064,
  "snrd_wm": 29.191733026875948,
  "spacing_x": 0.7999999523162842,
  "spacing_y": 0.800000011920929,
  "spacing_z": 0.800000011920929,
  "summary_bg_k": 7.33832908893776,
  "summary_bg_mad": 0.0,
  "summary_bg_mean": 15.31325646274629,
  "summary_bg_median": 0.0,
  "summary_bg_n": 5188307.0,
  "summary_bg_p05": 0.0,
  "summary_bg_p95": 60.60977082699537,
  "summary_bg_stdv": 22.612904919770518,
  "summary_csf_k": 0.7088422782933921,
  "summary_csf_mad": 300.07854279310254,
  "summary_csf_mean": 3201.2805438463565,
  "summary_csf_median": 3189.788161240518,
  "summary_csf_n": 159035.0,
  "summary_csf_p05": 2701.604007124901,
  "summary_csf_p95": 3741.3982977569103,
  "summary_csf_stdv": 319.15479159496704,
  "summary_gm_k": 0.603699592028859,
  "summary_gm_mad": 181.5357185681201,
  "summary_gm_mean": 1914.7961131916009,
  "summary_gm_median": 1915.6360900774598,
  "summary_gm_n": 441645.0,
  "summary_gm_p05": 1605.8528169617057,
  "summary_gm_p95": 2219.4196081012487,
  "summary_gm_stdv": 189.390996075922,
  "summary_wm_k": -1.6372514294641458,
  "summary_wm_mad": 1297.4357806063545,
  "summary_wm_mean": 2427.1132244632577,
  "summary_wm_median": 1007.5915235057473,
  "summary_wm_n": 88219.0,
  "summary_wm_p05": 108.24047961831093,
  "summary_wm_p95": 5750.348946111648,
  "summary_wm_stdv": 2315.5355608517466,
  "tpm_overlap_csf": 0.11226544939932397,
  "tpm_overlap_gm": 0.29225624787505317,
  "tpm_overlap_wm": 0.031540557640365625,
  "wm2max": 0.17396727411103124
}