{
  "bids_meta": {
    "AcquisitionMatrixPE": 300,
    "AcquisitionNumber": 1,
    "AcquisitionTime": "10:27:7.132500",
    "BaseResolution": 320,
    "BodyPartExamined": "BRAIN",
    "ConsistencyInfo": "N4_VE11C_LATEST_20160120",
    "ConversionSoftware": "dcm2niix",
    "ConversionSoftwareVersion": "v1.0.20181125  GCC4.3.2",
    "DeviceSerialNumber": "67010",
    "DwellTime": 7.1e-06,
    "EchoTime": 0.00222,
    "FlipAngle": 8,
    "ImageOrientationPatientDICOM": [
      0.0480566,
      0.998469,
      0.0273978,
      -0.00425097,
      0.0276337,
      -0.999609
    ],
    "ImageType": [
      "ORIGINAL",
      "PRIMARY",
      "M",
      "ND",
      "NORM"
    ],
    "ImagingFrequency": 123.173,
    "InPlanePhaseEncodingDirectionDICOM": "ROW",
    "InstitutionAddress": "6th_SE_2021_Minneapolis_Minneapolis_US_55455",
    "InstitutionName": "CMRR_3T-B",
    "InstitutionalDepartmentName": "Research",
    "InversionTime": 1,
    "MRAcquisitionType": "3D",
    "MagneticFieldStrength": 3,
    "Manufacturer": "Siemens",
    "ManufacturersModelName": "Prisma_fit",
    "Modality": "MR",
    "PartialFourier": 1,
    "PatientPosition": "HFS",
    "PercentPhaseFOV": 93.75,
    "PhaseEncodingSteps": 299,
    "PhaseResolution": 1,
    "PixelBandwidth": 220,
    "ProcedureStepDescription": "Kay_New_Exam",
    "ProtocolName": "T1w_MPR",
    "PulseSequenceDetails": "%SiemensSeq%_tfl",
    "ReceiveCoilActiveElements": "HEA;HEP",
    "ReceiveCoilName": "Head_32",
    "ReconMatrixPE": 320,
    "RepetitionTime": 2.4,
    "SAR": 0.0425251,
    "ScanOptions": "IR_WE",
    "ScanningSequence": "GR_IR",
    "SequenceName": "_tfl3d1_16ns",
    "SequenceVariant": "SK_SP_MP",
    "SeriesDescription": "T1w_MPR",
    "SeriesNumber": 26,
    "ShimSetting": [
      -1094,
      -11505,
      -3851,
      595,
      22,
      260,
      46,
      13
    ],
    "SliceThickness": 0.8,
    "SoftwareVersions": "syngo_MR_E11",
    "StationName": "TRIOB",
    "TxRefAmp": 240.837,
    "dataset": "ds002702",
    "modality": "T1w",
    "run_id": 7,
    "session_id": "anatomicals",
    "subject_id": "03"
  },
  "cjv": 0.3532539961955992,
  "cnr": 3.8045833204597472,
  "efc": 0.5266249576135049,
  "fber": 42364.37807183365,
  "fwhm_avg": 4.523116710028244,
  "fwhm_x": 4.459837765827046,
  "fwhm_y": 4.530724932486938,
  "fwhm_z": 4.57878743177075,
  "icvs_csf": 0.185454079501823,
  "icvs_gm": 0.4440105344684469,
  "icvs_wm": 0.37053538602973013,
  "inu_med": 0.39102789759635925,
  "inu_range": 0.12401735633611677,
  "provenance": {
    "md5sum": "1f7b8c37d0dafe4826fb7dfc89125c8a",
    "settings": {
      "testing": false
    },
    "software": "mriqc",
    "version": "23.0.1",
    "warnings": {
      "large_rot_frame": true,
      "small_air_mask": false
    },
    "webapi_port": null,
    "webapi_url": "https://mriqc.nimh.nih.gov/api/v1"
  },
  "qi_1": 0.0,
  "qi_2": 0.0016735108578912194,
  "rpve_csf": 23.347695974919358,
  "rpve_gm": 10.63140094425277,
  "rpve_wm": 14.282327179207734,
  "size_x": 208,
  "size_y": 300,
  "size_z": 320,
  "snr_csf": 2.217557359548157,
  "snr_gm": 14.24752097116098,
  "snr_total": 13.939569610105044,
  "snr_wm": 25.353630499606,
  "snrd_csf": 37.79751418561275,
  "snrd_gm": 94.28022847219873,
  "snrd_total": 85.97615584262235,
  "snrd_wm": 125.85072487005557,
  "spacing_x": 0.7999999523162842,
  "spacing_y": 0.800000011920929,
  "spacing_z": 0.800000011920929,
  "summary_bg_k": 16.630433867391556,
  "summary_bg_mad": 0.0,
  "summary_bg_mean": 3.016167693776938,
  "summary_bg_median": 0.0,
  "summary_bg_n": 6929303.0,
  "summary_bg_p05": 0.0,
  "summary_bg_p95": 13.048635520040989,
  "summary_bg_stdv": 5.205891095821157,
  "summary_csf_k": -0.11623468878671606,
  "summary_csf_mad": 129.57543141173346,
  "summary_csf_mean": 307.5769466658195,
  "summary_csf_median": 300.3492746595293,
  "summary_csf_n": 92468.0,
  "summary_csf_p05": 78.56311050858349,
  "summary_csf_p95": 536.487839512527,
  "summary_csf_stdv": 135.4407584049608,
  "summary_gm_k": 0.2594384204064788,
  "summary_gm_mad": 50.48181945159906,
  "summary_gm_mean": 748.8281266670875,
  "summary_gm_median": 749.176205009222,
  "summary_gm_n": 151172.0,
  "summary_gm_p05": 662.295138541609,
  "summary_gm_p95": 835.6398908793926,
  "summary_gm_stdv": 52.582742543643164,
  "summary_wm_k": 0.4123772757488817,
  "summary_wm_mad": 38.13820037278871,
  "summary_wm_mean": 1000.3266971448126,
  "summary_wm_median": 1000.0439114719629,
  "summary_wm_n": 521844.0,
  "summary_wm_p05": 936.8437020592391,
  "summary_wm_p95": 1065.5067630708218,
  "summary_wm_stdv": 39.44377722568073,
  "tpm_overlap_csf": 0.11770093302667155,
  "tpm_overlap_gm": 0.4444990924120319,
  "tpm_overlap_wm": 0.49257456254628795,
  "wm2max": 0.8881865183884499
}