{
  "bids_meta": {
    "AcquisitionMatrixPE": 300,
    "AcquisitionNumber": 1,
    "AcquisitionTime": "10:33:46.205000",
    "BaseResolution": 320,
    "BodyPartExamined": "BRAIN",
    "ConsistencyInfo": "N4_VE11C_LATEST_20160120",
    "ConversionSoftware": "dcm2niix",
    "ConversionSoftwareVersion": "v1.0.20181125  GCC4.3.2",
    "DeviceSerialNumber": "67010",
    "DwellTime": 7.1e-06,
    "EchoTime": 0.00222,
    "FlipAngle": 8,
    "ImageOrientationPatientDICOM": [
      0.0480566,
      0.998469,
      0.0273978,
      -0.00425097,
      0.0276337,
      -0.999609
    ],
    "ImageType": [
      "ORIGINAL",
      "PRIMARY",
      "M",
      "ND",
      "NORM"
    ],
    "ImagingFrequency": 123.173,
    "InPlanePhaseEncodingDirectionDICOM": "ROW",
    "InstitutionAddress": "6th_SE_2021_Minneapolis_Minneapolis_US_55455",
    "InstitutionName": "CMRR_3T-B",
    "InstitutionalDepartmentName": "Research",
    "InversionTime": 1,
    "MRAcquisitionType": "3D",
    "MagneticFieldStrength": 3,
    "Manufacturer": "Siemens",
    "ManufacturersModelName": "Prisma_fit",
    "Modality": "MR",
    "PartialFourier": 1,
    "PatientPosition": "HFS",
    "PercentPhaseFOV": 93.75,
    "PhaseEncodingSteps": 299,
    "PhaseResolution": 1,
    "PixelBandwidth": 220,
    "ProcedureStepDescription": "Kay_New_Exam",
    "ProtocolName": "T1w_MPR",
    "PulseSequenceDetails": "%SiemensSeq%_tfl",
    "ReceiveCoilActiveElements": "HEA;HEP",
    "ReceiveCoilName": "Head_32",
    "ReconMatrixPE": 320,
    "RepetitionTime": 2.4,
    "SAR": 0.0425251,
    "ScanOptions": "IR_WE",
    "ScanningSequence": "GR_IR",
    "SequenceName": "_tfl3d1_16ns",
    "SequenceVariant": "SK_SP_MP",
    "SeriesDescription": "T1w_MPR",
    "SeriesNumber": 28,
    "ShimSetting": [
      -1094,
      -11505,
      -3851,
      595,
      22,
      260,
      46,
      13
    ],
    "SliceThickness": 0.8,
    "SoftwareVersions": "syngo_MR_E11",
    "StationName": "TRIOB",
    "TxRefAmp": 240.837,
    "dataset": "ds002702",
    "modality": "T1w",
    "run_id": 8,
    "session_id": "anatomicals",
    "subject_id": "03"
  },
  "cjv": 0.3428559239022833,
  "cnr": 3.898457633136406,
  "efc": 0.5237618391255326,
  "fber": 48326.694444444445,
  "fwhm_avg": 4.535058377156474,
  "fwhm_x": 4.485587767361865,
  "fwhm_y": 4.538437432372012,
  "fwhm_z": 4.581149931735546,
  "icvs_csf": 0.18404372232597346,
  "icvs_gm": 0.4471218002586696,
  "icvs_wm": 0.3688344774153569,
  "inu_med": 0.37891513109207153,
  "inu_range": 0.12118286788463595,
  "provenance": {
    "md5sum": "138a08870f90cc665281c3d776405f9d",
    "settings": {
      "testing": false
    },
    "software": "mriqc",
    "version": "23.0.1",
    "warnings": {
      "large_rot_frame": true,
      "small_air_mask": false
    },
    "webapi_port": null,
    "webapi_url": "https://mriqc.nimh.nih.gov/api/v1"
  },
  "qi_1": 0.0,
  "qi_2": 0.0024027564688668336,
  "rpve_csf": 23.491803589499305,
  "rpve_gm": 10.602272727272727,
  "rpve_wm": 14.388003223534707,
  "size_x": 208,
  "size_y": 300,
  "size_z": 320,
  "snr_csf": 2.198769391111321,
  "snr_gm": 14.429986764704049,
  "snr_total": 14.286397401713074,
  "snr_wm": 26.230436049323853,
  "snrd_csf": 45.508194975810596,
  "snrd_gm": 113.55972202112056,
  "snrd_total": 103.59605817647814,
  "snrd_wm": 151.72025753250327,
  "spacing_x": 0.7999999523162842,
  "spacing_y": 0.800000011920929,
  "spacing_z": 0.800000011920929,
  "summary_bg_k": 11.702656577297008,
  "summary_bg_mad": 0.0,
  "summary_bg_mean": 2.599898150965494,
  "summary_bg_median": 0.0,
  "summary_bg_n": 6916966.0,
  "summary_bg_p05": 0.0,
  "summary_bg_p95": 11.384942337870598,
  "summary_bg_stdv": 4.318250078744897,
  "summary_csf_k": -0.12619973582963517,
  "summary_csf_mad": 126.22665744723395,
  "summary_csf_mean": 307.13631373219266,
  "summary_csf_median": 299.96160576306283,
  "summary_csf_n": 88335.0,
  "summary_csf_p05": 69.8841192672029,
  "summary_csf_p95": 538.3225413765758,
  "summary_csf_stdv": 136.42172258128568,
  "summary_gm_k": 0.33507550083766713,
  "summary_gm_mad": 49.164429061432585,
  "summary_gm_mean": 748.2658912693176,
  "summary_gm_median": 748.5147803723812,
  "summary_gm_n": 161913.0,
  "summary_gm_p05": 662.7120720863343,
  "summary_gm_p95": 834.1729179620743,
  "summary_gm_stdv": 51.872013543874786,
  "summary_wm_k": 0.42137078409155526,
  "summary_wm_mad": 37.074266329023075,
  "summary_wm_mean": 1000.0768750017902,
  "summary_wm_median": 1000.0452028568834,
  "summary_wm_n": 521644.0,
  "summary_wm_p05": 938.1282843090594,
  "summary_wm_p95": 1062.2975705985905,
  "summary_wm_stdv": 38.12533815391048,
  "tpm_overlap_csf": 0.12344487801256883,
  "tpm_overlap_gm": 0.4497312040079647,
  "tpm_overlap_wm": 0.4960105059088431,
  "wm2max": 0.8918951588532747
}