{
  "bids_meta": {
    "AcquisitionMatrixPE": 300,
    "AcquisitionNumber": 1,
    "AcquisitionTime": "09:11:6.230000",
    "BaseResolution": 320,
    "BodyPartExamined": "BRAIN",
    "ConsistencyInfo": "N4_VD13D_LATEST_20130810",
    "ConversionSoftware": "dcm2niix",
    "ConversionSoftwareVersion": "v1.0.20181125  GCC4.3.2",
    "DeviceSerialNumber": "67010",
    "DwellTime": 2.1e-06,
    "EchoTime": 0.564,
    "EchoTrainLength": 303,
    "FlipAngle": 120,
    "ImageOrientationPatientDICOM": [
      0,
      1,
      0,
      0,
      0,
      -1
    ],
    "ImageType": [
      "ORIGINAL",
      "PRIMARY",
      "M",
      "ND",
      "NORM",
      "SH",
      "FIL"
    ],
    "ImagingFrequency": 123.174,
    "InPlanePhaseEncodingDirectionDICOM": "ROW",
    "InstitutionAddress": "6th_SE_2021_Minneapolis_Minneapolis_US_55455",
    "InstitutionName": "CMRR_3T-B",
    "InstitutionalDepartmentName": "Research",
    "MRAcquisitionType": "3D",
    "MagneticFieldStrength": 3,
    "Manufacturer": "Siemens",
    "ManufacturersModelName": "Prisma_fit",
    "Modality": "MR",
    "PartialFourier": 1,
    "PatientPosition": "HFS",
    "PercentPhaseFOV": 93.75,
    "PhaseEncodingSteps": 289,
    "PhaseResolution": 1,
    "PixelBandwidth": 745,
    "ProcedureStepDescription": "yacoub_kay",
    "ProtocolName": "T2w_SPC_pt8",
    "PulseSequenceDetails": "%SiemensSeq%_tse_vfl",
    "ReceiveCoilActiveElements": "HEA;HEP",
    "ReceiveCoilName": "Head_32",
    "ReconMatrixPE": 320,
    "RepetitionTime": 3.2,
    "SAR": 0.122622,
    "ScanOptions": "PFP",
    "ScanningSequence": "SE",
    "SequenceName": "_spc_314ns",
    "SequenceVariant": "SK_SP",
    "SeriesDescription": "T2w_SPC_pt8",
    "SeriesNumber": 3,
    "ShimSetting": [
      -1050,
      -11651,
      -3787,
      377,
      104,
      -274,
      0,
      33
    ],
    "SliceThickness": 0.8,
    "SoftwareVersions": "syngo_MR_D13D",
    "StationName": "MRC35460",
    "TxRefAmp": 248.496,
    "dataset": "ds002702",
    "modality": "T2w",
    "run_id": 1,
    "session_id": "anatomicals",
    "subject_id": "01"
  },
  "cjv": 0.1935890038162776,
  "cnr": 1.7213527008496443,
  "efc": 0.57304549917953,
  "fber": -1.0,
  "fwhm_avg": 2.7672749587643897,
  "fwhm_x": 2.707049959661812,
  "fwhm_y": 2.970287455739268,
  "fwhm_z": 2.624487460892089,
  "icvs_csf": 0.2987158277389064,
  "icvs_gm": 0.6160735807534667,
  "icvs_wm": 0.08521059150762676,
  "inu_med": 0.8905734121799469,
  "inu_range": 0.1557085037231446,
  "provenance": {
    "md5sum": "3fedb1d476a7e8aac28fd76e69eb43fc",
    "settings": {
      "testing": false
    },
    "software": "mriqc",
    "version": "23.0.1",
    "warnings": {
      "large_rot_frame": true,
      "small_air_mask": false
    },
    "webapi_port": null,
    "webapi_url": "https://mriqc.nimh.nih.gov/api/v1"
  },
  "qi_1": 0.032678090671676555,
  "qi_2": 0.03398112388023753,
  "rpve_csf": 12.758974562956187,
  "rpve_gm": 8.213158620154136,
  "rpve_wm": 59.26327901875026,
  "size_x": 224,
  "size_y": 300,
  "size_z": 320,
  "snr_csf": 6.150193022215988,
  "snr_gm": 8.275171792644826,
  "snr_total": 5.686119560988469,
  "snr_wm": 2.632993868104591,
  "snrd_csf": 141.78785366758453,
  "snrd_gm": 65.1079909411675,
  "snrd_total": 132.35838736852065,
  "snrd_wm": 190.17931749680997,
  "spacing_x": 0.800000011920929,
  "spacing_y": 0.800000011920929,
  "spacing_z": 0.800000011920929,
  "summary_bg_k": 16.255661795698163,
  "summary_bg_mad": 0.0,
  "summary_bg_mean": 1.410070715358068,
  "summary_bg_median": 0.0,
  "summary_bg_n": 3130317.0,
  "summary_bg_p05": 0.0,
  "summary_bg_p95": 7.690413571894169,
  "summary_bg_stdv": 3.4445089347040687,
  "summary_csf_k": -0.4562316217933233,
  "summary_csf_mad": 123.00490171520093,
  "summary_csf_mean": 711.1926169640875,
  "summary_csf_median": 745.4776269346476,
  "summary_csf_n": 120495.0,
  "summary_csf_p05": 513.5093714531512,
  "summary_csf_p95": 867.8044516816735,
  "summary_csf_stdv": 121.21156699291816,
  "summary_gm_k": 0.6378772300830722,
  "summary_gm_mad": 36.70488733830311,
  "summary_gm_mean": 347.37878513200224,
  "summary_gm_median": 342.318113476038,
  "summary_gm_n": 756408.0,
  "summary_gm_p05": 288.57992799952626,
  "summary_gm_p95": 427.5377456434071,
  "summary_gm_stdv": 41.36686171294638,
  "summary_wm_k": -0.3619266927756857,
  "summary_wm_mad": 90.59676094366169,
  "summary_wm_mean": 796.5300913874521,
  "summary_wm_median": 999.9052995890379,
  "summary_wm_n": 46641.0,
  "summary_wm_p05": 47.222170036286116,
  "summary_wm_p95": 1077.3019248470664,
  "summary_wm_stdv": 379.7557573063266,
  "tpm_overlap_csf": 0.12037515609987731,
  "tpm_overlap_gm": 0.3771596313469791,
  "tpm_overlap_wm": 0.025776688408897457,
  "wm2max": 0.9402921268257927
}