{
  "bids_meta": {
    "AcquisitionMatrixPE": 300,
    "AcquisitionNumber": 1,
    "AcquisitionTime": "09:51:18.455000",
    "BaseResolution": 320,
    "BodyPartExamined": "BRAIN",
    "ConsistencyInfo": "N4_VD13D_LATEST_20130810",
    "ConversionSoftware": "dcm2niix",
    "ConversionSoftwareVersion": "v1.0.20181125  GCC4.3.2",
    "DeviceSerialNumber": "67010",
    "DwellTime": 7.4e-06,
    "EchoTime": 0.00224,
    "FlipAngle": 8,
    "ImageOrientationPatientDICOM": [
      0,
      1,
      0,
      0,
      0,
      -1
    ],
    "ImageType": [
      "ORIGINAL",
      "PRIMARY",
      "M",
      "ND",
      "NORM"
    ],
    "ImagingFrequency": 123.174,
    "InPlanePhaseEncodingDirectionDICOM": "ROW",
    "InstitutionAddress": "6th_SE_2021_Minneapolis_Minneapolis_US_55455",
    "InstitutionName": "CMRR_3T-B",
    "InstitutionalDepartmentName": "Research",
    "InversionTime": 1.06,
    "MRAcquisitionType": "3D",
    "MagneticFieldStrength": 3,
    "Manufacturer": "Siemens",
    "ManufacturersModelName": "Prisma_fit",
    "Modality": "MR",
    "PartialFourier": 1,
    "PatientPosition": "HFS",
    "PercentPhaseFOV": 93.75,
    "PhaseEncodingSteps": 299,
    "PhaseResolution": 1,
    "PixelBandwidth": 210,
    "ProcedureStepDescription": "yacoub_kay",
    "ProtocolName": "T1w_MPR_pt8",
    "PulseSequenceDetails": "%SiemensSeq%_tfl",
    "ReceiveCoilActiveElements": "HEA;HEP",
    "ReceiveCoilName": "Head_32",
    "ReconMatrixPE": 320,
    "RepetitionTime": 2.4,
    "SAR": 0.0406595,
    "ScanOptions": "IR_WE",
    "ScanningSequence": "GR_IR",
    "SequenceName": "_tfl3d1_16ns",
    "SequenceVariant": "SK_SP_MP",
    "SeriesDescription": "T1w_MPR_pt8",
    "SeriesNumber": 15,
    "ShimSetting": [
      -1050,
      -11651,
      -3787,
      377,
      104,
      -274,
      0,
      33
    ],
    "SliceThickness": 0.8,
    "SoftwareVersions": "syngo_MR_D13D",
    "StationName": "MRC35460",
    "TxRefAmp": 248.496,
    "dataset": "ds002702",
    "modality": "T1w",
    "run_id": 5,
    "session_id": "anatomicals",
    "subject_id": "01"
  },
  "cjv": 0.34610054732850826,
  "cnr": 3.7833536744258134,
  "efc": 0.5843283369127239,
  "fber": 36445.78864242241,
  "fwhm_avg": 4.663316597177833,
  "fwhm_x": 4.6406499308489275,
  "fwhm_y": 4.587662431638503,
  "fwhm_z": 4.761637429046073,
  "icvs_csf": 0.23076629022148992,
  "icvs_gm": 0.42136965284851824,
  "icvs_wm": 0.34786405692999184,
  "inu_med": 0.4156147241592407,
  "inu_range": 0.13390932679176332,
  "provenance": {
    "md5sum": "8187ded3804bb3b7f2aff4b5b6be1e21",
    "settings": {
      "testing": false
    },
    "software": "mriqc",
    "version": "23.0.1",
    "warnings": {
      "large_rot_frame": true,
      "small_air_mask": false
    },
    "webapi_port": null,
    "webapi_url": "https://mriqc.nimh.nih.gov/api/v1"
  },
  "qi_1": 0.0,
  "qi_2": 0.012103554401478896,
  "rpve_csf": 19.798407809263487,
  "rpve_gm": 10.944739472955835,
  "rpve_wm": 14.84658671971731,
  "size_x": 224,
  "size_y": 300,
  "size_z": 320,
  "snr_csf": 3.46249827487029,
  "snr_gm": 15.052672767620008,
  "snr_total": 14.630366116710682,
  "snr_wm": 25.37592730764175,
  "snrd_csf": 46.26137419256516,
  "snrd_gm": 122.5457186999926,
  "snrd_total": 110.18294208601118,
  "snrd_wm": 161.74173336547577,
  "spacing_x": 0.800000011920929,
  "spacing_y": 0.800000011920929,
  "spacing_z": 0.800000011920929,
  "summary_bg_k": 18.379932538337624,
  "summary_bg_mad": 0.0,
  "summary_bg_mean": 2.3217751906314046,
  "summary_bg_median": 0.0,
  "summary_bg_n": 5340882.0,
  "summary_bg_p05": 0.0,
  "summary_bg_p95": 9.202891509979963,
  "summary_bg_stdv": 4.050605586024118,
  "summary_csf_k": 2.96462365025792,
  "summary_csf_mad": 60.253190114317285,
  "summary_csf_mean": 296.9417275921977,
  "summary_csf_median": 286.0268193334341,
  "summary_csf_n": 202216.0,
  "summary_csf_p05": 194.83020708337426,
  "summary_csf_p95": 445.4484851807356,
  "summary_csf_stdv": 82.60686053694715,
  "summary_gm_k": 0.5255493415667565,
  "summary_gm_mad": 46.85575755525318,
  "summary_gm_mean": 756.9233326864514,
  "summary_gm_median": 757.6809542402625,
  "summary_gm_n": 121589.0,
  "summary_gm_p05": 673.6278784491122,
  "summary_gm_p95": 838.666399528086,
  "summary_gm_stdv": 50.335103285936334,
  "summary_wm_k": 0.5468648858158387,
  "summary_wm_mad": 37.01922154478242,
  "summary_wm_mean": 998.5665181483694,
  "summary_wm_median": 1000.0237640030682,
  "summary_wm_n": 508551.0,
  "summary_wm_p05": 932.4645526856184,
  "summary_wm_p95": 1061.4001541510224,
  "summary_wm_stdv": 39.40832461687071,
  "tpm_overlap_csf": 0.16645114012291742,
  "tpm_overlap_gm": 0.4543204334316684,
  "tpm_overlap_wm": 0.5107403029715606,
  "wm2max": 0.8666968941283155
}