{
  "bids_meta": {
    "AcquisitionMatrixPE": 300,
    "AcquisitionNumber": 1,
    "AcquisitionTime": "09:30:49.357500",
    "BaseResolution": 320,
    "BodyPartExamined": "BRAIN",
    "ConsistencyInfo": "N4_VD13D_LATEST_20130810",
    "ConversionSoftware": "dcm2niix",
    "ConversionSoftwareVersion": "v1.0.20181125  GCC4.3.2",
    "DeviceSerialNumber": "67010",
    "DwellTime": 7.4e-06,
    "EchoTime": 0.00224,
    "FlipAngle": 8,
    "ImageOrientationPatientDICOM": [
      0,
      1,
      0,
      0,
      0,
      -1
    ],
    "ImageType": [
      "ORIGINAL",
      "PRIMARY",
      "M",
      "ND",
      "NORM"
    ],
    "ImagingFrequency": 123.174,
    "InPlanePhaseEncodingDirectionDICOM": "ROW",
    "InstitutionAddress": "6th_SE_2021_Minneapolis_Minneapolis_US_55455",
    "InstitutionName": "CMRR_3T-B",
    "InstitutionalDepartmentName": "Research",
    "InversionTime": 1.06,
    "MRAcquisitionType": "3D",
    "MagneticFieldStrength": 3,
    "Manufacturer": "Siemens",
    "ManufacturersModelName": "Prisma_fit",
    "Modality": "MR",
    "PartialFourier": 1,
    "PatientPosition": "HFS",
    "PercentPhaseFOV": 93.75,
    "PhaseEncodingSteps": 299,
    "PhaseResolution": 1,
    "PixelBandwidth": 210,
    "ProcedureStepDescription": "yacoub_kay",
    "ProtocolName": "T1w_MPR_pt8",
    "PulseSequenceDetails": "%SiemensSeq%_tfl",
    "ReceiveCoilActiveElements": "HEA;HEP",
    "ReceiveCoilName": "Head_32",
    "ReconMatrixPE": 320,
    "RepetitionTime": 2.4,
    "SAR": 0.0406595,
    "ScanOptions": "IR_WE",
    "ScanningSequence": "GR_IR",
    "SequenceName": "_tfl3d1_16ns",
    "SequenceVariant": "SK_SP_MP",
    "SeriesDescription": "T1w_MPR_pt8",
    "SeriesNumber": 9,
    "ShimSetting": [
      -1050,
      -11651,
      -3787,
      377,
      104,
      -274,
      0,
      33
    ],
    "SliceThickness": 0.8,
    "SoftwareVersions": "syngo_MR_D13D",
    "StationName": "MRC35460",
    "TxRefAmp": 248.496,
    "dataset": "ds002702",
    "modality": "T1w",
    "run_id": 2,
    "session_id": "anatomicals",
    "subject_id": "01"
  },
  "cjv": 0.3551897882685722,
  "cnr": 3.706324327012215,
  "efc": 0.5835005640936369,
  "fber": 35523.02332632403,
  "fwhm_avg": 4.672770763703624,
  "fwhm_x": 4.649999930709602,
  "fwhm_y": 4.5912999315843,
  "fwhm_z": 4.777012428816968,
  "icvs_csf": 0.2314394628543087,
  "icvs_gm": 0.42038297837627026,
  "icvs_wm": 0.348177558769421,
  "inu_med": 0.4173335134983063,
  "inu_range": 0.1360516011714935,
  "provenance": {
    "md5sum": "7e60231d8b574a3e71edf97a656da002",
    "settings": {
      "testing": false
    },
    "software": "mriqc",
    "version": "23.0.1",
    "warnings": {
      "large_rot_frame": true,
      "small_air_mask": false
    },
    "webapi_port": null,
    "webapi_url": "https://mriqc.nimh.nih.gov/api/v1"
  },
  "qi_1": 0.0,
  "qi_2": 0.027295450309424714,
  "rpve_csf": 19.7064152615112,
  "rpve_gm": 10.932293499041018,
  "rpve_wm": 14.790246383731592,
  "size_x": 224,
  "size_y": 300,
  "size_z": 320,
  "snr_csf": 3.4865411505883857,
  "snr_gm": 14.937092360623796,
  "snr_total": 14.461535574592048,
  "snr_wm": 24.96097321256396,
  "snrd_csf": 44.697366557606216,
  "snrd_gm": 117.4328482436942,
  "snrd_total": 105.57924545971225,
  "snrd_wm": 154.6075215778364,
  "spacing_x": 0.800000011920929,
  "spacing_y": 0.800000011920929,
  "spacing_z": 0.800000011920929,
  "summary_bg_k": 16.12959406337737,
  "summary_bg_mad": 0.0,
  "summary_bg_mean": 2.4719893364659935,
  "summary_bg_median": 0.0,
  "summary_bg_n": 5395311.0,
  "summary_bg_p05": 0.0,
  "summary_bg_p95": 9.428743109107018,
  "summary_bg_stdv": 4.23761988058467,
  "summary_csf_k": 2.8696570706974,
  "summary_csf_mad": 60.088627896452245,
  "summary_csf_mean": 299.46284653484133,
  "summary_csf_median": 289.1160514578223,
  "summary_csf_n": 203683.0,
  "summary_csf_p05": 195.69452534615993,
  "summary_csf_p95": 448.6806915381922,
  "summary_csf_stdv": 82.9232552403797,
  "summary_gm_k": 0.47282664060917146,
  "summary_gm_mad": 47.78561506305401,
  "summary_gm_mean": 758.6346489308853,
  "summary_gm_median": 759.5910902693868,
  "summary_gm_n": 116715.0,
  "summary_gm_p05": 674.1791852172464,
  "summary_gm_p95": 840.7696820888668,
  "summary_gm_stdv": 50.852456280079636,
  "summary_wm_k": 0.6635054801291469,
  "summary_wm_mad": 37.62225663546416,
  "summary_wm_mean": 998.9399509512818,
  "summary_wm_median": 1000.0480924677104,
  "summary_wm_n": 508057.0,
  "summary_wm_p05": 932.5315569899976,
  "summary_wm_p95": 1062.9945738874376,
  "summary_wm_stdv": 40.064427767383094,
  "tpm_overlap_csf": 0.16697663689659645,
  "tpm_overlap_gm": 0.45526431365166603,
  "tpm_overlap_wm": 0.5118210367985494,
  "wm2max": 0.8643327769127235
}