{
  "bids_meta": {
    "AcquisitionMatrixPE": 300,
    "AcquisitionNumber": 1,
    "AcquisitionTime": "09:37:32.007500",
    "BaseResolution": 320,
    "BodyPartExamined": "BRAIN",
    "ConsistencyInfo": "N4_VD13D_LATEST_20130810",
    "ConversionSoftware": "dcm2niix",
    "ConversionSoftwareVersion": "v1.0.20181125  GCC4.3.2",
    "DeviceSerialNumber": "67010",
    "DwellTime": 7.4e-06,
    "EchoTime": 0.00224,
    "FlipAngle": 8,
    "ImageOrientationPatientDICOM": [
      0,
      1,
      0,
      0,
      0,
      -1
    ],
    "ImageType": [
      "ORIGINAL",
      "PRIMARY",
      "M",
      "ND",
      "NORM"
    ],
    "ImagingFrequency": 123.174,
    "InPlanePhaseEncodingDirectionDICOM": "ROW",
    "InstitutionAddress": "6th_SE_2021_Minneapolis_Minneapolis_US_55455",
    "InstitutionName": "CMRR_3T-B",
    "InstitutionalDepartmentName": "Research",
    "InversionTime": 1.06,
    "MRAcquisitionType": "3D",
    "MagneticFieldStrength": 3,
    "Manufacturer": "Siemens",
    "ManufacturersModelName": "Prisma_fit",
    "Modality": "MR",
    "PartialFourier": 1,
    "PatientPosition": "HFS",
    "PercentPhaseFOV": 93.75,
    "PhaseEncodingSteps": 299,
    "PhaseResolution": 1,
    "PixelBandwidth": 210,
    "ProcedureStepDescription": "yacoub_kay",
    "ProtocolName": "T1w_MPR_pt8",
    "PulseSequenceDetails": "%SiemensSeq%_tfl",
    "ReceiveCoilActiveElements": "HEA;HEP",
    "ReceiveCoilName": "Head_32",
    "ReconMatrixPE": 320,
    "RepetitionTime": 2.4,
    "SAR": 0.0406595,
    "ScanOptions": "IR_WE",
    "ScanningSequence": "GR_IR",
    "SequenceName": "_tfl3d1_16ns",
    "SequenceVariant": "SK_SP_MP",
    "SeriesDescription": "T1w_MPR_pt8",
    "SeriesNumber": 11,
    "ShimSetting": [
      -1050,
      -11651,
      -3787,
      377,
      104,
      -274,
      0,
      33
    ],
    "SliceThickness": 0.8,
    "SoftwareVersions": "syngo_MR_D13D",
    "StationName": "MRC35460",
    "TxRefAmp": 248.496,
    "dataset": "ds002702",
    "modality": "T1w",
    "run_id": 3,
    "session_id": "anatomicals",
    "subject_id": "01"
  },
  "cjv": 0.35265499128510297,
  "cnr": 3.730704836356404,
  "efc": 0.5836753890126161,
  "fber": 34503.70302021403,
  "fwhm_avg": 4.661699930535257,
  "fwhm_x": 4.642212430825644,
  "fwhm_y": 4.575649931817503,
  "fwhm_z": 4.767237428962627,
  "icvs_csf": 0.23061166031806066,
  "icvs_gm": 0.42052506793103844,
  "icvs_wm": 0.3488632717509009,
  "inu_med": 0.4204811751842499,
  "inu_range": 0.1367796659469604,
  "provenance": {
    "md5sum": "4d432511c481e6f27eb8d1eef62d686c",
    "settings": {
      "testing": false
    },
    "software": "mriqc",
    "version": "23.0.1",
    "warnings": {
      "large_rot_frame": true,
      "small_air_mask": false
    },
    "webapi_port": null,
    "webapi_url": "https://mriqc.nimh.nih.gov/api/v1"
  },
  "qi_1": 0.0,
  "qi_2": 0.016051621719213944,
  "rpve_csf": 19.81517678347064,
  "rpve_gm": 10.944683962578369,
  "rpve_wm": 14.775773536678997,
  "size_x": 224,
  "size_y": 300,
  "size_z": 320,
  "snr_csf": 3.4523533818021557,
  "snr_gm": 14.836700148885233,
  "snr_total": 14.417848043139982,
  "snr_wm": 24.964490598732553,
  "snrd_csf": 44.051106708384744,
  "snrd_gm": 116.29550512020718,
  "snrd_total": 104.63095000389869,
  "snrd_wm": 153.54623818310415,
  "spacing_x": 0.800000011920929,
  "spacing_y": 0.800000011920929,
  "spacing_z": 0.800000011920929,
  "summary_bg_k": 16.469485005332004,
  "summary_bg_mad": 0.0,
  "summary_bg_mean": 2.4948876211736715,
  "summary_bg_median": 0.0,
  "summary_bg_n": 5380914.0,
  "summary_bg_p05": 0.0,
  "summary_bg_p95": 9.475633772090077,
  "summary_bg_stdv": 4.2669068494131634,
  "summary_csf_k": 2.8259011993508825,
  "summary_csf_mad": 60.8420383134923,
  "summary_csf_mean": 297.2214046247459,
  "summary_csf_median": 286.90509173087776,
  "summary_csf_n": 203407.0,
  "summary_csf_p05": 192.12500555440784,
  "summary_csf_p95": 445.2526689292859,
  "summary_csf_stdv": 83.10400319779224,
  "summary_gm_k": 0.49174014954594947,
  "summary_gm_mad": 48.025775613196465,
  "summary_gm_mean": 756.3041424062974,
  "summary_gm_median": 757.4332419224083,
  "summary_gm_n": 120592.0,
  "summary_gm_p05": 671.4400843065232,
  "summary_gm_p95": 838.8298859628848,
  "summary_gm_stdv": 51.051116072733684,
  "summary_wm_k": 0.6163435496641938,
  "summary_wm_mad": 37.533340765152076,
  "summary_wm_mean": 998.759370378578,
  "summary_wm_median": 1000.047464016825,
  "summary_wm_n": 512017.0,
  "summary_wm_p05": 931.88939653337,
  "summary_wm_p95": 1062.7433867193758,
  "summary_wm_stdv": 40.05875799807805,
  "tpm_overlap_csf": 0.16592374591761952,
  "tpm_overlap_gm": 0.4559018458989356,
  "tpm_overlap_wm": 0.5100883662153026,
  "wm2max": 0.8666927367402804
}