{
  "aor": 0.00042589285714285716,
  "aqi": 0.04155540654761905,
  "bids_meta": {
    "AcquisitionMatrixPE": 162,
    "AcquisitionNumber": 1,
    "AcquisitionTime": "12:34:7.480000",
    "BandwidthPerPixelPhaseEncode": 18.519,
    "BaseResolution": 200,
    "CoilString": "C:H01-32",
    "ConversionSoftware": "dcm2niix",
    "ConversionSoftwareVersion": "v1.0.20181125  GCC4.3.2",
    "DerivedVendorReportedEchoSpacing": 0.000999974,
    "DeviceSerialNumber": "18912",
    "DwellTime": 2.2e-06,
    "EchoTime": 0.0226,
    "EffectiveEchoSpacing": 0.000333325,
    "FlipAngle": 70,
    "ImageComments": "Unaliased_MB2_PE2",
    "ImageOrientationPatientDICOM": [
      0.986572,
      0.163326,
      -7.35754e-09,
      0.0879953,
      -0.531536,
      -0.842452
    ],
    "ImageType": [
      "ORIGINAL",
      "PRIMARY",
      "M",
      "MB",
      "ND",
      "MOSAIC"
    ],
    "ImagingFrequency": 296.814,
    "InPlanePhaseEncodingDirectionDICOM": "COL",
    "InstitutionAddress": "6th_Street_SE_2021_Minneapolis_0735BC_Chicago_US_55455",
    "InstitutionName": "CMRR_7T_PS",
    "InstitutionalDepartmentName": "CMRR",
    "MRAcquisitionType": "2D",
    "MagneticFieldStrength": 6.98,
    "Manufacturer": "Siemens",
    "ManufacturersModelName": "Investigational_Device_7T",
    "Modality": "MR",
    "MultibandAccelerationFactor": 2,
    "ParallelReductionFactorInPlane": 3,
    "PartialFourier": 0.75,
    "PatientPosition": "HFS",
    "PercentPhaseFOV": 81,
    "PhaseEncodingDirection": "j",
    "PhaseEncodingSteps": 123,
    "PhaseResolution": 1,
    "PixelBandwidth": 1136,
    "ProcedureStepDescription": "Ruyuan_fmri",
    "ProtocolName": "eja_ep2d_bold_p8iso_MB2_2sTR_R3_USED",
    "PulseSequenceDetails": "%CustomerSeq%_eja_ep2d_bold",
    "ReceiveCoilName": "VM_8T_32R_Head",
    "ReconMatrixPE": 162,
    "RepetitionTime": 2.2,
    "SAR": 0.00934578,
    "ScanOptions": "PFP",
    "ScanningSequence": "EP",
    "SequenceName": "epfid2d1_162",
    "SequenceVariant": "SK_SS_OSP",
    "SeriesDescription": "eja_ep2d_bold_p8iso_MB2_2sTR_R3_USED",
    "SeriesNumber": 10,
    "ShimSetting": [
      -367,
      -214,
      890,
      5654,
      135,
      956,
      1039,
      -100
    ],
    "SliceThickness": 0.8,
    "SliceTiming": [
      0,
      1.63,
      1.05,
      0.4725,
      2.1025,
      1.5225,
      0.945,
      0.3675,
      1.9975,
      1.4175,
      0.84,
      0.2625,
      1.8925,
      1.3125,
      0.735,
      0.1575,
      1.7875,
      1.2075,
      0.63,
      0.0525,
      1.6825,
      1.1025,
      0.525,
      2.155,
      1.575,
      0.9975,
      0.42,
      2.05,
      1.47,
      0.8925,
      0.315,
      1.945,
      1.365,
      0.7875,
      0.21,
      1.84,
      1.26,
      0.6825,
      0.105,
      1.735,
      1.155,
      0.5775,
      0,
      1.63,
      1.05,
      0.4725,
      2.1025,
      1.5225,
      0.945,
      0.3675,
      1.9975,
      1.4175,
      0.84,
      0.2625,
      1.8925,
      1.3125,
      0.735,
      0.1575,
      1.7875,
      1.2075,
      0.63,
      0.0525,
      1.6825,
      1.1025,
      0.525,
      2.155,
      1.575,
      0.9975,
      0.42,
      2.05,
      1.47,
      0.8925,
      0.315,
      1.945,
      1.365,
      0.7875,
      0.21,
      1.84,
      1.26,
      0.6825,
      0.105,
      1.735,
      1.155,
      0.5775
    ],
    "SoftwareVersions": "syngo_MR_B17",
    "SpacingBetweenSlices": 0.8,
    "StationName": "SEPTET",
    "TotalReadoutTime": 0.0536653,
    "TxRefAmp": 80,
    "dataset": "ds002702",
    "modality": "bold",
    "run_id": 1,
    "session_id": "ring7T",
    "subject_id": "02",
    "task_id": "ring"
  },
  "dummy_trs": 0,
  "dvars_nstd": 140.88595096820347,
  "dvars_std": 1.0043221017964066,
  "dvars_vstd": 0.9966489070658682,
  "efc": 0.708841367345684,
  "fber": 28.779966354370117,
  "fd_mean": 0.06965028287358402,
  "fd_num": 4,
  "fd_perc": 2.380952380952381,
  "fwhm_avg": 2.923379123104923,
  "fwhm_x": 2.8384999577030543,
  "fwhm_y": 3.050524954543636,
  "fwhm_z": 2.881112457068079,
  "gcor": 0.0010697,
  "gsr_x": 0.022021623328328133,
  "gsr_y": -0.0123200174421072,
  "provenance": {
    "md5sum": "5519567ad1ffc1338b1f43ac4390bb6d",
    "settings": {
      "fd_thres": 0.2,
      "testing": false
    },
    "software": "mriqc",
    "version": "23.0.1",
    "webapi_port": null,
    "webapi_url": "https://mriqc.nimh.nih.gov/api/v1"
  },
  "size_t": 168,
  "size_x": 200,
  "size_y": 162,
  "size_z": 84,
  "snr": 2.2759061805589025,
  "spacing_tr": 2.200000047683716,
  "spacing_x": 0.800000011920929,
  "spacing_y": 0.800000011920929,
  "spacing_z": 0.800000011920929,
  "summary_bg_k": 57.27130891594182,
  "summary_bg_mad": 26.766268283765708,
  "summary_bg_mean": 198.74794006347656,
  "summary_bg_median": 165.67262268066406,
  "summary_bg_n": 1705449.0,
  "summary_bg_p05": 139.10714721679688,
  "summary_bg_p95": 369.2678527832031,
  "summary_bg_stdv": 107.79939270019531,
  "summary_fg_k": 1.236543975012852,
  "summary_fg_mad": 394.03683100250834,
  "summary_fg_mean": 968.0033569335938,
  "summary_fg_median": 909.0059814453125,
  "summary_fg_n": 766068.0,
  "summary_fg_p05": 427.61309814453125,
  "summary_fg_p95": 1681.2658508300783,
  "summary_fg_stdv": 399.4037170410156,
  "tsnr": 9.33787535992451
}