{
  "aor": 0.00045398809523809525,
  "aqi": 0.023274595238095237,
  "bids_meta": {
    "AcquisitionMatrixPE": 106,
    "AcquisitionNumber": 1,
    "AcquisitionTime": "14:56:50.387500",
    "BandwidthPerPixelPhaseEncode": 18.868,
    "BaseResolution": 122,
    "CoilString": "C:H01-32",
    "ConversionSoftware": "dcm2niix",
    "ConversionSoftwareVersion": "v1.0.20181125  GCC4.3.2",
    "DerivedVendorReportedEchoSpacing": 0.000999996,
    "DeviceSerialNumber": "18912",
    "DwellTime": 3.6e-06,
    "EchoTime": 0.039,
    "EffectiveEchoSpacing": 0.000499998,
    "FlipAngle": 90,
    "ImageComments": "Unaliased_MB2_PE4",
    "ImageOrientationPatientDICOM": [
      1,
      0,
      0,
      0,
      -0.608761,
      -0.793353
    ],
    "ImageType": [
      "ORIGINAL",
      "PRIMARY",
      "M",
      "MB",
      "ND",
      "MOSAIC"
    ],
    "ImagingFrequency": 297.281,
    "InPlanePhaseEncodingDirectionDICOM": "COL",
    "InstitutionAddress": "6th_Street_SE_2021_Minneapolis_0735BC_Chicago_US_55455",
    "InstitutionName": "CMRR_7T_PS",
    "InstitutionalDepartmentName": "CMRR",
    "MRAcquisitionType": "2D",
    "MagneticFieldStrength": 6.98,
    "Manufacturer": "Siemens",
    "ManufacturersModelName": "Investigational_Device_7T",
    "Modality": "MR",
    "MultibandAccelerationFactor": 2,
    "ParallelReductionFactorInPlane": 2,
    "PartialFourier": 0.75,
    "PatientPosition": "HFS",
    "PercentPhaseFOV": 86.8852,
    "PhaseEncodingDirection": "j",
    "PhaseEncodingSteps": 80,
    "PhaseResolution": 1,
    "PixelBandwidth": 1138,
    "ProcedureStepDescription": "Ruyuan_fmri",
    "ProtocolName": "eja_ep2d_se_1p05iso_2p2sTR_R2_MB2",
    "PulseSequenceDetails": "%CustomerSeq%_eja_ep2d_se",
    "ReceiveCoilName": "VM_8T_32R_Head",
    "ReconMatrixPE": 106,
    "RepetitionTime": 2.2,
    "SAR": 0.0152993,
    "ScanOptions": "PFP",
    "ScanningSequence": "EP",
    "SequenceName": "epse2d1_106",
    "SequenceVariant": "SK_SS",
    "SeriesDescription": "eja_ep2d_se_1p05iso_2p2sTR_R2_MB2",
    "SeriesNumber": 8,
    "ShimSetting": [
      -1149,
      -600,
      1136,
      1672,
      104,
      1104,
      713,
      280
    ],
    "SliceThickness": 1.05,
    "SliceTiming": [
      0,
      1.0125,
      2.025,
      0.8275,
      1.84,
      0.645,
      1.655,
      0.46,
      1.4725,
      0.275,
      1.2875,
      0.0925,
      1.105,
      2.115,
      0.92,
      1.9325,
      0.735,
      1.7475,
      0.5525,
      1.565,
      0.3675,
      1.38,
      0.185,
      1.195,
      0,
      1.0125,
      2.025,
      0.8275,
      1.84,
      0.645,
      1.655,
      0.46,
      1.4725,
      0.275,
      1.2875,
      0.0925,
      1.105,
      2.115,
      0.92,
      1.9325,
      0.735,
      1.7475,
      0.5525,
      1.565,
      0.3675,
      1.38,
      0.185,
      1.195
    ],
    "SoftwareVersions": "syngo_MR_B17",
    "SpacingBetweenSlices": 1.05,
    "StationName": "SEPTET",
    "TotalReadoutTime": 0.0524998,
    "TxRefAmp": 65,
    "dataset": "ds002702",
    "modality": "bold",
    "run_id": 3,
    "session_id": "ringSE",
    "subject_id": "01",
    "task_id": "ring"
  },
  "dummy_trs": 0,
  "dvars_nstd": 108.50075060455092,
  "dvars_std": 1.0250686925149706,
  "dvars_vstd": 1.001975916107784,
  "efc": 0.7767736893000418,
  "fber": 17.63559913635254,
  "fd_mean": 0.1302098457077197,
  "fd_num": 17,
  "fd_perc": 10.119047619047619,
  "fwhm_avg": 2.8052803624303304,
  "fwhm_x": 2.848957502947906,
  "fwhm_y": 2.742321871989176,
  "fwhm_z": 2.824561712353908,
  "gcor": 0.000364395,
  "gsr_x": 0.030919460579752922,
  "gsr_y": 0.017240392044186592,
  "provenance": {
    "md5sum": "7e33d98b196e188b41143b0ae484b24a",
    "settings": {
      "fd_thres": 0.2,
      "testing": false
    },
    "software": "mriqc",
    "version": "23.0.1",
    "webapi_port": null,
    "webapi_url": "https://mriqc.nimh.nih.gov/api/v1"
  },
  "size_t": 168,
  "size_x": 122,
  "size_y": 106,
  "size_z": 48,
  "snr": 2.2208232696712655,
  "spacing_tr": 2.200000047683716,
  "spacing_x": 1.049180269241333,
  "spacing_y": 1.049180269241333,
  "spacing_z": 1.0500000715255737,
  "summary_bg_k": 11.80173129212622,
  "summary_bg_mad": 27.048656317708826,
  "summary_bg_mean": 109.57872009277344,
  "summary_bg_median": 95.91071319580078,
  "summary_bg_n": 237728.0,
  "summary_bg_p05": 71.375,
  "summary_bg_p95": 188.8648834228515,
  "summary_bg_stdv": 42.224876403808594,
  "summary_fg_k": 9.88204646693273,
  "summary_fg_mad": 166.66036145653393,
  "summary_fg_mean": 467.651123046875,
  "summary_fg_median": 439.3928527832031,
  "summary_fg_n": 238257.0,
  "summary_fg_p05": 225.03334045410156,
  "summary_fg_p95": 806.3047729492187,
  "summary_fg_stdv": 197.85092163085938,
  "tsnr": 13.426888788118958
}