{
  "bids_meta": {
    "AcquisitionMatrixPE": 300,
    "AcquisitionNumber": 1,
    "AcquisitionTime": "09:24:5.590000",
    "BaseResolution": 320,
    "BodyPartExamined": "BRAIN",
    "ConsistencyInfo": "N4_VD13D_LATEST_20130810",
    "ConversionSoftware": "dcm2niix",
    "ConversionSoftwareVersion": "v1.0.20181125  GCC4.3.2",
    "DeviceSerialNumber": "67010",
    "DwellTime": 7.4e-06,
    "EchoTime": 0.00224,
    "FlipAngle": 8,
    "ImageOrientationPatientDICOM": [
      0,
      1,
      0,
      0,
      0,
      -1
    ],
    "ImageType": [
      "ORIGINAL",
      "PRIMARY",
      "M",
      "ND",
      "NORM"
    ],
    "ImagingFrequency": 123.174,
    "InPlanePhaseEncodingDirectionDICOM": "ROW",
    "InstitutionAddress": "6th_SE_2021_Minneapolis_Minneapolis_US_55455",
    "InstitutionName": "CMRR_3T-B",
    "InstitutionalDepartmentName": "Research",
    "InversionTime": 1.06,
    "MRAcquisitionType": "3D",
    "MagneticFieldStrength": 3,
    "Manufacturer": "Siemens",
    "ManufacturersModelName": "Prisma_fit",
    "Modality": "MR",
    "PartialFourier": 1,
    "PatientPosition": "HFS",
    "PercentPhaseFOV": 93.75,
    "PhaseEncodingSteps": 299,
    "PhaseResolution": 1,
    "PixelBandwidth": 210,
    "ProcedureStepDescription": "yacoub_kay",
    "ProtocolName": "T1w_MPR_pt8",
    "PulseSequenceDetails": "%SiemensSeq%_tfl",
    "ReceiveCoilActiveElements": "HEA;HEP",
    "ReceiveCoilName": "Head_32",
    "ReconMatrixPE": 320,
    "RepetitionTime": 2.4,
    "SAR": 0.0406595,
    "ScanOptions": "IR_WE",
    "ScanningSequence": "GR_IR",
    "SequenceName": "_tfl3d1_16ns",
    "SequenceVariant": "SK_SP_MP",
    "SeriesDescription": "T1w_MPR_pt8",
    "SeriesNumber": 7,
    "ShimSetting": [
      -1050,
      -11651,
      -3787,
      377,
      104,
      -274,
      0,
      33
    ],
    "SliceThickness": 0.8,
    "SoftwareVersions": "syngo_MR_D13D",
    "StationName": "MRC35460",
    "TxRefAmp": 248.496,
    "dataset": "ds002702",
    "modality": "T1w",
    "run_id": 1,
    "session_id": "anatomicals",
    "subject_id": "01"
  },
  "cjv": 0.3527725854031527,
  "cnr": 3.7711483308141247,
  "efc": 0.5826948746353355,
  "fber": 37322.951561792666,
  "fwhm_avg": 4.719387429675648,
  "fwhm_x": 4.671587430387922,
  "fwhm_y": 4.682949930218609,
  "fwhm_z": 4.803624928420411,
  "icvs_csf": 0.23099554841924308,
  "icvs_gm": 0.41872523429614505,
  "icvs_wm": 0.35027921728461187,
  "inu_med": 0.414348304271698,
  "inu_range": 0.13512077629566188,
  "provenance": {
    "md5sum": "ddfee7e47dadd312668b22ec6f3b9e64",
    "settings": {
      "testing": false
    },
    "software": "mriqc",
    "version": "23.0.1",
    "warnings": {
      "large_rot_frame": true,
      "small_air_mask": false
    },
    "webapi_port": null,
    "webapi_url": "https://mriqc.nimh.nih.gov/api/v1"
  },
  "qi_1": 0.0,
  "qi_2": 0.029759165701385825,
  "rpve_csf": 19.742173687909162,
  "rpve_gm": 10.955966550276187,
  "rpve_wm": 14.740083949276789,
  "size_x": 224,
  "size_y": 300,
  "size_z": 320,
  "snr_csf": 3.448837792883261,
  "snr_gm": 14.989694996344141,
  "snr_total": 14.612999815361198,
  "snr_wm": 25.40046665685619,
  "snrd_csf": 45.775178714074805,
  "snrd_gm": 120.79707902033815,
  "snrd_total": 108.65531545338094,
  "snrd_wm": 159.39368862572988,
  "spacing_x": 0.800000011920929,
  "spacing_y": 0.800000011920929,
  "spacing_z": 0.800000011920929,
  "summary_bg_k": 17.87777130152794,
  "summary_bg_mad": 0.0,
  "summary_bg_mean": 2.331459550890594,
  "summary_bg_median": 0.0,
  "summary_bg_n": 5427087.0,
  "summary_bg_p05": 0.0,
  "summary_bg_p95": 9.216044066473842,
  "summary_bg_stdv": 4.110275216273956,
  "summary_csf_k": 2.5918693009222853,
  "summary_csf_mad": 62.59321899491188,
  "summary_csf_mean": 297.4753552833723,
  "summary_csf_median": 287.189938750118,
  "summary_csf_n": 203344.0,
  "summary_csf_p05": 192.68758046077568,
  "summary_csf_p95": 447.55858215875924,
  "summary_csf_stdv": 83.27130756167989,
  "summary_gm_k": 0.420456438501847,
  "summary_gm_mad": 48.191861089236305,
  "summary_gm_mean": 757.0762397482204,
  "summary_gm_median": 757.8715517800301,
  "summary_gm_n": 118110.0,
  "summary_gm_p05": 673.3504772058689,
  "summary_gm_p95": 839.1338426489383,
  "summary_gm_stdv": 50.55929047447313,
  "summary_wm_k": 0.5915507395438664,
  "summary_wm_mad": 37.23277897564904,
  "summary_wm_mean": 998.6436314972527,
  "summary_wm_median": 1000.0237019173801,
  "summary_wm_n": 510144.0,
  "summary_wm_p05": 932.8342392630875,
  "summary_wm_p95": 1061.0533407740295,
  "summary_wm_stdv": 39.37024997563661,
  "tpm_overlap_csf": 0.16443546778329005,
  "tpm_overlap_gm": 0.45369490030190246,
  "tpm_overlap_wm": 0.5106891253463846,
  "wm2max": 0.8687509004466215
}