{
  "bids_meta": {
    "AcquisitionMatrixPE": 300,
    "AcquisitionNumber": 1,
    "AcquisitionTime": "09:44:14.802500",
    "BaseResolution": 320,
    "BodyPartExamined": "BRAIN",
    "ConsistencyInfo": "N4_VD13D_LATEST_20130810",
    "ConversionSoftware": "dcm2niix",
    "ConversionSoftwareVersion": "v1.0.20181125  GCC4.3.2",
    "DeviceSerialNumber": "67010",
    "DwellTime": 7.4e-06,
    "EchoTime": 0.00224,
    "FlipAngle": 8,
    "ImageOrientationPatientDICOM": [
      0,
      1,
      0,
      0,
      0,
      -1
    ],
    "ImageType": [
      "ORIGINAL",
      "PRIMARY",
      "M",
      "ND",
      "NORM"
    ],
    "ImagingFrequency": 123.174,
    "InPlanePhaseEncodingDirectionDICOM": "ROW",
    "InstitutionAddress": "6th_SE_2021_Minneapolis_Minneapolis_US_55455",
    "InstitutionName": "CMRR_3T-B",
    "InstitutionalDepartmentName": "Research",
    "InversionTime": 1.06,
    "MRAcquisitionType": "3D",
    "MagneticFieldStrength": 3,
    "Manufacturer": "Siemens",
    "ManufacturersModelName": "Prisma_fit",
    "Modality": "MR",
    "PartialFourier": 1,
    "PatientPosition": "HFS",
    "PercentPhaseFOV": 93.75,
    "PhaseEncodingSteps": 299,
    "PhaseResolution": 1,
    "PixelBandwidth": 210,
    "ProcedureStepDescription": "yacoub_kay",
    "ProtocolName": "T1w_MPR_pt8",
    "PulseSequenceDetails": "%SiemensSeq%_tfl",
    "ReceiveCoilActiveElements": "HEA;HEP",
    "ReceiveCoilName": "Head_32",
    "ReconMatrixPE": 320,
    "RepetitionTime": 2.4,
    "SAR": 0.0406595,
    "ScanOptions": "IR_WE",
    "ScanningSequence": "GR_IR",
    "SequenceName": "_tfl3d1_16ns",
    "SequenceVariant": "SK_SP_MP",
    "SeriesDescription": "T1w_MPR_pt8",
    "SeriesNumber": 13,
    "ShimSetting": [
      -1050,
      -11651,
      -3787,
      377,
      104,
      -274,
      0,
      33
    ],
    "SliceThickness": 0.8,
    "SoftwareVersions": "syngo_MR_D13D",
    "StationName": "MRC35460",
    "TxRefAmp": 248.496,
    "dataset": "ds002702",
    "modality": "T1w",
    "run_id": 4,
    "session_id": "anatomicals",
    "subject_id": "01"
  },
  "cjv": 0.3509039781171013,
  "cnr": 3.7347988226767908,
  "efc": 0.584170810881142,
  "fber": 35890.375128368134,
  "fwhm_avg": 4.686762430161797,
  "fwhm_x": 4.665987430471369,
  "fwhm_y": 4.608899931322039,
  "fwhm_z": 4.785399928691985,
  "icvs_csf": 0.23122319240603145,
  "icvs_gm": 0.421378476363287,
  "icvs_wm": 0.3473983312306816,
  "inu_med": 0.42047518491744995,
  "inu_range": 0.13767374008893968,
  "provenance": {
    "md5sum": "59b034062e5fd4001a5481bb06b3e6ee",
    "settings": {
      "testing": false
    },
    "software": "mriqc",
    "version": "23.0.1",
    "warnings": {
      "large_rot_frame": true,
      "small_air_mask": false
    },
    "webapi_port": null,
    "webapi_url": "https://mriqc.nimh.nih.gov/api/v1"
  },
  "qi_1": 0.0,
  "qi_2": 0.02146634037204159,
  "rpve_csf": 19.74860111984403,
  "rpve_gm": 10.935899314577963,
  "rpve_wm": 14.859212270403333,
  "size_x": 224,
  "size_y": 300,
  "size_z": 320,
  "snr_csf": 3.460918732354811,
  "snr_gm": 15.037717329070919,
  "snr_total": 14.59883534129726,
  "snr_wm": 25.29786996246605,
  "snrd_csf": 47.79207446161295,
  "snrd_gm": 126.35206897666869,
  "snrd_total": 113.47073447074122,
  "snrd_wm": 166.26805997394203,
  "spacing_x": 0.800000011920929,
  "spacing_y": 0.800000011920929,
  "spacing_z": 0.800000011920929,
  "summary_bg_k": 15.490652653134646,
  "summary_bg_mad": 0.0,
  "summary_bg_mean": 2.2911715134683117,
  "summary_bg_median": 0.0,
  "summary_bg_n": 5318326.0,
  "summary_bg_p05": 0.0,
  "summary_bg_p95": 9.21386094018817,
  "summary_bg_stdv": 3.9404286480743957,
  "summary_csf_k": 2.8407341984378442,
  "summary_csf_mad": 60.155322671708696,
  "summary_csf_mean": 298.1340407262233,
  "summary_csf_median": 287.453512519598,
  "summary_csf_n": 204027.0,
  "summary_csf_p05": 194.9359268322587,
  "summary_csf_p95": 447.99023564122575,
  "summary_csf_stdv": 83.05679222738203,
  "summary_gm_k": 0.4960658372870954,
  "summary_gm_mad": 47.197170852759186,
  "summary_gm_mean": 758.965308549478,
  "summary_gm_median": 759.9658824317157,
  "summary_gm_n": 121885.0,
  "summary_gm_p05": 674.6962182037532,
  "summary_gm_p95": 841.0431215018034,
  "summary_gm_stdv": 50.537109339275304,
  "summary_wm_k": 0.6318983414618633,
  "summary_wm_mad": 37.048374441712006,
  "summary_wm_mean": 998.7843898096194,
  "summary_wm_median": 1000.0473592691123,
  "summary_wm_n": 508633.0,
  "summary_wm_p05": 932.9827683538199,
  "summary_wm_p95": 1061.9389238879085,
  "summary_wm_stdv": 39.530852901005815,
  "tpm_overlap_csf": 0.1705188515128206,
  "tpm_overlap_gm": 0.45721919949550127,
  "tpm_overlap_wm": 0.5099411104659295,
  "wm2max": 0.8581329560564348
}