{
  "bids_meta": {
    "AcquisitionMatrixPE": 300,
    "AcquisitionNumber": 1,
    "AcquisitionTime": "09:17:35.317500",
    "BaseResolution": 320,
    "BodyPartExamined": "BRAIN",
    "ConsistencyInfo": "N4_VD13D_LATEST_20130810",
    "ConversionSoftware": "dcm2niix",
    "ConversionSoftwareVersion": "v1.0.20181125  GCC4.3.2",
    "DeviceSerialNumber": "67010",
    "DwellTime": 2.1e-06,
    "EchoTime": 0.564,
    "EchoTrainLength": 303,
    "FlipAngle": 120,
    "ImageOrientationPatientDICOM": [
      0,
      1,
      0,
      0,
      0,
      -1
    ],
    "ImageType": [
      "ORIGINAL",
      "PRIMARY",
      "M",
      "ND",
      "NORM",
      "SH",
      "FIL"
    ],
    "ImagingFrequency": 123.174,
    "InPlanePhaseEncodingDirectionDICOM": "ROW",
    "InstitutionAddress": "6th_SE_2021_Minneapolis_Minneapolis_US_55455",
    "InstitutionName": "CMRR_3T-B",
    "InstitutionalDepartmentName": "Research",
    "MRAcquisitionType": "3D",
    "MagneticFieldStrength": 3,
    "Manufacturer": "Siemens",
    "ManufacturersModelName": "Prisma_fit",
    "Modality": "MR",
    "PartialFourier": 1,
    "PatientPosition": "HFS",
    "PercentPhaseFOV": 93.75,
    "PhaseEncodingSteps": 289,
    "PhaseResolution": 1,
    "PixelBandwidth": 745,
    "ProcedureStepDescription": "yacoub_kay",
    "ProtocolName": "T2w_SPC_pt8",
    "PulseSequenceDetails": "%SiemensSeq%_tse_vfl",
    "ReceiveCoilActiveElements": "HEA;HEP",
    "ReceiveCoilName": "Head_32",
    "ReconMatrixPE": 320,
    "RepetitionTime": 3.2,
    "SAR": 0.122622,
    "ScanOptions": "PFP",
    "ScanningSequence": "SE",
    "SequenceName": "_spc_314ns",
    "SequenceVariant": "SK_SP",
    "SeriesDescription": "T2w_SPC_pt8",
    "SeriesNumber": 5,
    "ShimSetting": [
      -1050,
      -11651,
      -3787,
      377,
      104,
      -274,
      0,
      33
    ],
    "SliceThickness": 0.8,
    "SoftwareVersions": "syngo_MR_D13D",
    "StationName": "MRC35460",
    "TxRefAmp": 248.496,
    "dataset": "ds002702",
    "modality": "T2w",
    "run_id": 2,
    "session_id": "anatomicals",
    "subject_id": "01"
  },
  "cjv": 0.145316109561293,
  "cnr": 1.8261895648477646,
  "efc": 0.5660830450968555,
  "fber": -1.0,
  "fwhm_avg": 2.833541624443606,
  "fwhm_x": 2.7614749588508163,
  "fwhm_y": 3.041024954685197,
  "fwhm_z": 2.6981249597948054,
  "icvs_csf": 0.2964736783855053,
  "icvs_gm": 0.6371239475022368,
  "icvs_wm": 0.06640237411225793,
  "inu_med": 0.9236791133880615,
  "inu_range": 0.17944537103176117,
  "provenance": {
    "md5sum": "9f6eae78ef0a732f391be35643ebcc0d",
    "settings": {
      "testing": false
    },
    "software": "mriqc",
    "version": "23.0.1",
    "warnings": {
      "large_rot_frame": true,
      "small_air_mask": false
    },
    "webapi_port": null,
    "webapi_url": "https://mriqc.nimh.nih.gov/api/v1"
  },
  "qi_1": 0.03007479417382773,
  "qi_2": 0.04549000629636297,
  "rpve_csf": 12.768265972307212,
  "rpve_gm": 8.023919371982766,
  "rpve_wm": 71.85742448330683,
  "size_x": 224,
  "size_y": 300,
  "size_z": 320,
  "snr_csf": 5.87797993796384,
  "snr_gm": 6.699683494677122,
  "snr_total": 5.099955105027992,
  "snr_wm": 2.722201882443015,
  "snrd_csf": 185.80411607024553,
  "snrd_gm": 71.18973938204412,
  "snrd_total": 159.04707542023363,
  "snrd_wm": 220.14737080841118,
  "spacing_x": 0.800000011920929,
  "spacing_y": 0.800000011920929,
  "spacing_z": 0.800000011920929,
  "summary_bg_k": 16.120454587432764,
  "summary_bg_mad": 0.0,
  "summary_bg_mean": 1.1735915101850458,
  "summary_bg_median": 0.0,
  "summary_bg_n": 3179735.0,
  "summary_bg_p05": 0.0,
  "summary_bg_p95": 7.621034383773804,
  "summary_bg_stdv": 2.9760784465440597,
  "summary_csf_k": 0.7646159349269364,
  "summary_csf_mad": 100.50129789014194,
  "summary_csf_mean": 800.1214568777663,
  "summary_csf_median": 844.0496133565903,
  "summary_csf_n": 141400.0,
  "summary_csf_p05": 524.8084940910339,
  "summary_csf_p95": 968.5131380558014,
  "summary_csf_stdv": 143.59467668189382,
  "summary_gm_k": 0.7538224518654024,
  "summary_gm_mad": 39.84370981443497,
  "summary_gm_mean": 331.22919281254207,
  "summary_gm_median": 323.3925774693489,
  "summary_gm_n": 775261.0,
  "summary_gm_p05": 265.432605445385,
  "summary_gm_p95": 429.4051768183708,
  "summary_gm_stdv": 48.269797992111776,
  "summary_wm_k": 0.34372285343871845,
  "summary_wm_mad": 58.48699791417432,
  "summary_wm_mean": 829.6541309461295,
  "summary_wm_median": 1000.0602093338966,
  "summary_wm_n": 30063.0,
  "summary_wm_p05": 38.62661111354828,
  "summary_wm_p95": 1082.6260947406292,
  "summary_wm_stdv": 367.36569131922727,
  "tpm_overlap_csf": 0.13327526389417405,
  "tpm_overlap_gm": 0.39218473080943034,
  "tpm_overlap_wm": 0.02674440625418726,
  "wm2max": 0.9400686134146132
}