{
  "aor": 0.0005593006993006993,
  "aqi": 0.03686722447552448,
  "bids_meta": {
    "AcquisitionMatrixPE": 162,
    "AcquisitionNumber": 1,
    "AcquisitionTime": "12:24:20.530000",
    "BandwidthPerPixelPhaseEncode": 18.519,
    "BaseResolution": 200,
    "CoilString": "C:H01-32",
    "ConversionSoftware": "dcm2niix",
    "ConversionSoftwareVersion": "v1.0.20181125  GCC4.3.2",
    "DerivedVendorReportedEchoSpacing": 0.000999974,
    "DeviceSerialNumber": "18927",
    "DwellTime": 2.2e-06,
    "EchoTime": 0.0224,
    "EffectiveEchoSpacing": 0.000333325,
    "FlipAngle": 70,
    "ImageComments": "Unaliased_MB2_PE2",
    "ImageOrientationPatientDICOM": [
      1,
      0,
      -1e-16,
      0,
      -0.66523,
      -0.746638
    ],
    "ImageType": [
      "ORIGINAL",
      "PRIMARY",
      "M",
      "MB",
      "ND",
      "MOSAIC"
    ],
    "ImagingFrequency": 297.217,
    "InPlanePhaseEncodingDirectionDICOM": "COL",
    "InstitutionAddress": "Sixth_Street_SE_2021_Minneapolis_EEF940_Chicago_US_55455",
    "InstitutionName": "CMRR_7T_AS",
    "InstitutionalDepartmentName": "Department",
    "MRAcquisitionType": "2D",
    "MagneticFieldStrength": 6.98,
    "Manufacturer": "Siemens",
    "ManufacturersModelName": "Investigational_Device_7T",
    "Modality": "MR",
    "MultibandAccelerationFactor": 2,
    "ParallelReductionFactorInPlane": 3,
    "PartialFourier": 0.75,
    "PatientPosition": "HFS",
    "PercentPhaseFOV": 81,
    "PhaseEncodingDirection": "j",
    "PhaseEncodingSteps": 123,
    "PhaseResolution": 1,
    "PixelBandwidth": 1136,
    "ProcedureStepDescription": "VisionPool_cvnlab_fmri",
    "ProtocolName": "eja_ep2d_bold_p8iso_MB2_2sTR_R3_USED",
    "PulseSequenceDetails": "%CustomerSeq%_eja_ep2d_bold",
    "ReceiveCoilName": "VM_8T_32R_Head",
    "ReconMatrixPE": 162,
    "RepetitionTime": 2.2,
    "SAR": 0.00933005,
    "ScanOptions": "PFP",
    "ScanningSequence": "EP",
    "SequenceName": "epfid2d1_162",
    "SequenceVariant": "SK_SS_OSP",
    "SeriesDescription": "eja_ep2d_bold_p8iso_MB2_2sTR_R3_USED",
    "SeriesNumber": 30,
    "ShimSetting": [
      -154,
      270,
      784,
      280,
      -400,
      -1016,
      313,
      -66
    ],
    "SliceThickness": 0.8,
    "SliceTiming": [
      0,
      1.63,
      1.0525,
      0.4725,
      2.1025,
      1.525,
      0.9475,
      0.3675,
      1.9975,
      1.42,
      0.8425,
      0.2625,
      1.8925,
      1.315,
      0.7375,
      0.1575,
      1.7875,
      1.21,
      0.6325,
      0.0525,
      1.6825,
      1.105,
      0.5275,
      2.1575,
      1.5775,
      1,
      0.42,
      2.05,
      1.4725,
      0.895,
      0.315,
      1.945,
      1.3675,
      0.79,
      0.21,
      1.84,
      1.2625,
      0.685,
      0.105,
      1.735,
      1.1575,
      0.58,
      0,
      1.63,
      1.0525,
      0.4725,
      2.1025,
      1.525,
      0.9475,
      0.3675,
      1.9975,
      1.42,
      0.8425,
      0.2625,
      1.8925,
      1.315,
      0.7375,
      0.1575,
      1.7875,
      1.21,
      0.6325,
      0.0525,
      1.6825,
      1.105,
      0.5275,
      2.1575,
      1.5775,
      1,
      0.42,
      2.05,
      1.4725,
      0.895,
      0.315,
      1.945,
      1.3675,
      0.79,
      0.21,
      1.84,
      1.2625,
      0.685,
      0.105,
      1.735,
      1.1575,
      0.58
    ],
    "SoftwareVersions": "syngo_MR_B17",
    "SpacingBetweenSlices": 0.8,
    "StationName": "7TAS",
    "TotalReadoutTime": 0.0536653,
    "TxRefAmp": 85,
    "dataset": "ds002702",
    "modality": "bold",
    "run_id": 9,
    "session_id": "floc7T",
    "subject_id": "07",
    "task_id": "floc"
  },
  "dummy_trs": 0,
  "dvars_nstd": 130.52005321880276,
  "dvars_std": 1.0217780295070427,
  "dvars_vstd": 1.0088674827464785,
  "efc": 0.670637132736233,
  "fber": 47.777000427246094,
  "fd_mean": 0.061106922412739025,
  "fd_num": 1,
  "fd_perc": 0.6993006993006993,
  "fwhm_avg": 2.9384416945379885,
  "fwhm_x": 2.8111874581100422,
  "fwhm_y": 3.1188249535258867,
  "fwhm_z": 2.885312671978037,
  "gcor": 0.00144703,
  "gsr_x": 0.02748723328113556,
  "gsr_y": 0.0021726845297962427,
  "provenance": {
    "md5sum": "fee22167bcc27e6b3b9fb9698c5abec4",
    "settings": {
      "fd_thres": 0.2,
      "testing": false
    },
    "software": "mriqc",
    "version": "23.0.1",
    "webapi_port": null,
    "webapi_url": "https://mriqc.nimh.nih.gov/api/v1"
  },
  "size_t": 143,
  "size_x": 200,
  "size_y": 162,
  "size_z": 84,
  "snr": 2.2871881351664998,
  "spacing_tr": 2.200000047683716,
  "spacing_x": 0.800000011920929,
  "spacing_y": 0.800000011920929,
  "spacing_z": 0.7999999523162842,
  "summary_bg_k": 30.692707148580013,
  "summary_bg_mad": 27.464427876436933,
  "summary_bg_mean": 157.68202209472656,
  "summary_bg_median": 122.49650573730469,
  "summary_bg_n": 1768122.0,
  "summary_bg_p05": 96.60839080810547,
  "summary_bg_p95": 336.0699157714844,
  "summary_bg_stdv": 100.4176254272461,
  "summary_fg_k": 2.018666817223475,
  "summary_fg_mad": 371.5628834573925,
  "summary_fg_mean": 911.9833984375,
  "summary_fg_median": 872.2447509765625,
  "summary_fg_n": 699733.0,
  "summary_fg_p05": 375.1888122558594,
  "summary_fg_p95": 1572.7468261718752,
  "summary_fg_stdv": 381.36090087890625,
  "tsnr": 10.139752441551536
}