{
  "aor": 0.0005542657342657342,
  "aqi": 0.03965776713286713,
  "bids_meta": {
    "AcquisitionMatrixPE": 162,
    "AcquisitionNumber": 1,
    "AcquisitionTime": "13:58:37.555000",
    "BandwidthPerPixelPhaseEncode": 18.519,
    "BaseResolution": 200,
    "CoilString": "C:H01-32",
    "ConversionSoftware": "dcm2niix",
    "ConversionSoftwareVersion": "v1.0.20181125  GCC4.3.2",
    "DerivedVendorReportedEchoSpacing": 0.000999974,
    "DeviceSerialNumber": "18912",
    "DwellTime": 2.2e-06,
    "EchoTime": 0.0226,
    "EffectiveEchoSpacing": 0.000333325,
    "FlipAngle": 80,
    "ImageComments": "Unaliased_MB2_PE2",
    "ImageOrientationPatientDICOM": [
      1,
      0,
      0,
      0,
      -0.619779,
      -0.784776
    ],
    "ImageType": [
      "ORIGINAL",
      "PRIMARY",
      "M",
      "MB",
      "ND",
      "MOSAIC"
    ],
    "ImagingFrequency": 296.531,
    "InPlanePhaseEncodingDirectionDICOM": "COL",
    "InstitutionAddress": "6th_Street_SE_2021_Minneapolis_408126_Chicago_US_55455",
    "InstitutionName": "CMRR_7T_PS",
    "InstitutionalDepartmentName": "CMRR",
    "MRAcquisitionType": "2D",
    "MagneticFieldStrength": 6.98,
    "Manufacturer": "Siemens",
    "ManufacturersModelName": "Investigational_Device_7T",
    "Modality": "MR",
    "MultibandAccelerationFactor": 2,
    "ParallelReductionFactorInPlane": 3,
    "PartialFourier": 0.75,
    "PatientPosition": "HFS",
    "PercentPhaseFOV": 81,
    "PhaseEncodingDirection": "j",
    "PhaseEncodingSteps": 123,
    "PhaseResolution": 1,
    "PixelBandwidth": 1136,
    "ProcedureStepDescription": "Luca_fmri",
    "ProtocolName": "eja_ep2d_bold_p8iso_MB2_2sTR_R3_USED",
    "PulseSequenceDetails": "%CustomerSeq%_eja_ep2d_bold",
    "ReceiveCoilName": "VM_8T_32R_Head",
    "ReconMatrixPE": 162,
    "RepetitionTime": 2.2,
    "SAR": 0.0143668,
    "ScanOptions": "PFP",
    "ScanningSequence": "EP",
    "SequenceName": "epfid2d1_162",
    "SequenceVariant": "SK_SS_OSP",
    "SeriesDescription": "eja_ep2d_bold_p8iso_MB2_2sTR_R3_USED",
    "SeriesNumber": 11,
    "ShimSetting": [
      -463,
      -140,
      731,
      2069,
      40,
      405,
      405,
      137
    ],
    "SliceThickness": 0.8,
    "SliceTiming": [
      0,
      1.63,
      1.05,
      0.4725,
      2.1025,
      1.525,
      0.945,
      0.3675,
      1.9975,
      1.42,
      0.84,
      0.2625,
      1.8925,
      1.315,
      0.735,
      0.1575,
      1.7875,
      1.21,
      0.63,
      0.0525,
      1.6825,
      1.1025,
      0.525,
      2.155,
      1.5775,
      0.9975,
      0.42,
      2.05,
      1.4725,
      0.8925,
      0.315,
      1.945,
      1.3675,
      0.7875,
      0.21,
      1.84,
      1.2625,
      0.6825,
      0.105,
      1.735,
      1.155,
      0.5775,
      0,
      1.63,
      1.05,
      0.4725,
      2.1025,
      1.525,
      0.945,
      0.3675,
      1.9975,
      1.42,
      0.84,
      0.2625,
      1.8925,
      1.315,
      0.735,
      0.1575,
      1.7875,
      1.21,
      0.63,
      0.0525,
      1.6825,
      1.1025,
      0.525,
      2.155,
      1.5775,
      0.9975,
      0.42,
      2.05,
      1.4725,
      0.8925,
      0.315,
      1.945,
      1.3675,
      0.7875,
      0.21,
      1.84,
      1.2625,
      0.6825,
      0.105,
      1.735,
      1.155,
      0.5775
    ],
    "SoftwareVersions": "syngo_MR_B17",
    "SpacingBetweenSlices": 0.8,
    "StationName": "SEPTET",
    "TotalReadoutTime": 0.0536653,
    "TxRefAmp": 85,
    "dataset": "ds002702",
    "modality": "bold",
    "run_id": 2,
    "session_id": "floc7T",
    "subject_id": "01",
    "task_id": "floc"
  },
  "dummy_trs": 0,
  "dvars_nstd": 122.7850797409859,
  "dvars_std": 1.0203548657042256,
  "dvars_vstd": 1.0102345835915492,
  "efc": 0.6819243734138012,
  "fber": 72.68323516845703,
  "fd_mean": 0.09783546457062296,
  "fd_num": 4,
  "fd_perc": 2.797202797202797,
  "fwhm_avg": 2.7824375258690406,
  "fwhm_x": 2.6888374599331994,
  "fwhm_y": 2.9473874560805045,
  "fwhm_z": 2.711087661593417,
  "gcor": 0.00126904,
  "gsr_x": 0.043661314994096756,
  "gsr_y": 0.014105833135545254,
  "provenance": {
    "md5sum": "2232c7da9d5aef10bcf6b3a2150f5f06",
    "settings": {
      "fd_thres": 0.2,
      "testing": false
    },
    "software": "mriqc",
    "version": "23.0.1",
    "webapi_port": null,
    "webapi_url": "https://mriqc.nimh.nih.gov/api/v1"
  },
  "size_t": 143,
  "size_x": 200,
  "size_y": 162,
  "size_z": 84,
  "snr": 2.7632652748123028,
  "spacing_tr": 2.200000047683716,
  "spacing_x": 0.800000011920929,
  "spacing_y": 0.800000011920929,
  "spacing_z": 0.7999999523162842,
  "summary_bg_k": 43.47693449946982,
  "summary_bg_mad": 13.136060165298856,
  "summary_bg_mean": 57.07795333862305,
  "summary_bg_median": 41.97901916503906,
  "summary_bg_n": 1614734.0,
  "summary_bg_p05": 30.510488510131836,
  "summary_bg_p95": 137.73426818847656,
  "summary_bg_stdv": 44.374298095703125,
  "summary_fg_k": 1.0819820110008882,
  "summary_fg_mad": 123.38776886705327,
  "summary_fg_mean": 375.0596618652344,
  "summary_fg_median": 367.4195861816406,
  "summary_fg_n": 850587.0,
  "summary_fg_p05": 178.31468200683594,
  "summary_fg_p95": 610.0699462890625,
  "summary_fg_stdv": 132.9656524658203,
  "tsnr": 11.260182697093114
}