{
  "aor": 0.0003681137724550898,
  "aqi": 0.0029473496706586824,
  "bids_meta": {
    "AcquisitionMatrixPE": 80,
    "AcquisitionNumber": 1,
    "AcquisitionTime": "10:39:42.247500",
    "BandwidthPerPixelPhaseEncode": 22.727,
    "BaseResolution": 80,
    "BodyPartExamined": "BRAIN",
    "ConsistencyInfo": "N4_VE11C_LATEST_20160120",
    "ConversionSoftware": "dcm2niix",
    "ConversionSoftwareVersion": "v1.0.20181125  GCC4.3.2",
    "DerivedVendorReportedEchoSpacing": 0.000550007,
    "DeviceSerialNumber": "67010",
    "DwellTime": 2.8e-06,
    "EchoTime": 0.03,
    "EchoTrainLength": 80,
    "EffectiveEchoSpacing": 0.000550007,
    "FlipAngle": 62,
    "ImageComments": "Unaliased_MB2_PE2_LB",
    "ImageOrientationPatientDICOM": [
      0.999964,
      -0.00843682,
      1.83211e-08,
      -0.00550399,
      -0.652356,
      -0.757893
    ],
    "ImageType": [
      "ORIGINAL",
      "PRIMARY",
      "M",
      "MB",
      "ND",
      "MOSAIC"
    ],
    "ImagingFrequency": 123.174,
    "InPlanePhaseEncodingDirectionDICOM": "COL",
    "InstitutionAddress": "6th_SE_2021_Minneapolis_Minneapolis_US_55455",
    "InstitutionName": "CMRR_3T-B",
    "InstitutionalDepartmentName": "Research",
    "MRAcquisitionType": "2D",
    "MagneticFieldStrength": 3,
    "Manufacturer": "Siemens",
    "ManufacturersModelName": "Prisma_fit",
    "Modality": "MR",
    "MultibandAccelerationFactor": 2,
    "PartialFourier": 1,
    "PatientPosition": "HFS",
    "PercentPhaseFOV": 100,
    "PhaseEncodingDirection": "j",
    "PhaseEncodingSteps": 80,
    "PhaseResolution": 1,
    "PixelBandwidth": 2230,
    "ProcedureStepDescription": "Kay_lowresfmri",
    "ProtocolName": "fMRI_2pt4_1100TR_AP",
    "PulseSequenceDetails": "%CustomerSeq%_cmrr_mbep2d_bold",
    "ReceiveCoilActiveElements": "HEA;HEP",
    "ReceiveCoilName": "Head_32",
    "ReconMatrixPE": 80,
    "RepetitionTime": 1.1,
    "SAR": 0.0418565,
    "ScanOptions": "FS",
    "ScanningSequence": "EP",
    "SequenceName": "epfid2d1_80",
    "SequenceVariant": "SK_SS",
    "SeriesDescription": "fMRI_2pt4_1100TR_AP",
    "SeriesNumber": 26,
    "ShimSetting": [
      -1073,
      -11370,
      -3778,
      475,
      36,
      555,
      -67,
      94
    ],
    "SliceThickness": 2.4,
    "SliceTiming": [
      0,
      0.575,
      0.0725,
      0.6475,
      0.145,
      0.72,
      0.2175,
      0.7925,
      0.2875,
      0.865,
      0.36,
      0.935,
      0.4325,
      1.0075,
      0.505,
      0,
      0.575,
      0.0725,
      0.6475,
      0.145,
      0.72,
      0.2175,
      0.7925,
      0.2875,
      0.865,
      0.36,
      0.935,
      0.4325,
      1.0075,
      0.505
    ],
    "SoftwareVersions": "syngo_MR_E11",
    "SpacingBetweenSlices": 2.4,
    "StationName": "TRIOB",
    "TotalReadoutTime": 0.0434505,
    "TxRefAmp": 246.505,
    "WipMemBlock": "7d15b26c-9b65-401f-9cb7-dfd06a50ca9a||Sequence: R016 ve11c/master r/e634e98; Dec 19 2017 11:00:25 by eja",
    "dataset": "ds002702",
    "modality": "bold",
    "run_id": 2,
    "session_id": "ring3T",
    "subject_id": "03",
    "task_id": "ring"
  },
  "dummy_trs": 1,
  "dvars_nstd": 30.099957085195157,
  "dvars_std": 1.1811936730330324,
  "dvars_vstd": 0.9941823198498486,
  "efc": 0.5742658956377525,
  "fber": 197.50987243652344,
  "fd_mean": 0.09305739753284219,
  "fd_num": 1,
  "fd_perc": 0.2994011976047904,
  "fwhm_avg": 3.4509929184254173,
  "fwhm_x": 3.270058203392895,
  "fwhm_y": 3.2820123695845456,
  "fwhm_z": 3.800908182298812,
  "gcor": 0.00520841,
  "gsr_x": -0.011306077241897583,
  "gsr_y": 0.04255247488617897,
  "provenance": {
    "md5sum": "fe977a861c919bbed751bbb0ee6d9880",
    "settings": {
      "fd_thres": 0.2,
      "testing": false
    },
    "software": "mriqc",
    "version": "23.0.1",
    "webapi_port": null,
    "webapi_url": "https://mriqc.nimh.nih.gov/api/v1"
  },
  "size_t": 334,
  "size_x": 80,
  "size_y": 80,
  "size_z": 30,
  "snr": 2.189225593970122,
  "spacing_tr": 1.100000023841858,
  "spacing_x": 2.4000000953674316,
  "spacing_y": 2.4000000953674316,
  "spacing_z": 2.4000000953674316,
  "summary_bg_k": 14.347724071282435,
  "summary_bg_mad": 118.26195945749879,
  "summary_bg_mean": 549.1184692382812,
  "summary_bg_median": 310.8413391113281,
  "summary_bg_n": 118235.0,
  "summary_bg_p05": 219.88953094482423,
  "summary_bg_p95": 1767.0225341796872,
  "summary_bg_stdv": 560.2363891601562,
  "summary_fg_k": -0.012685873280807503,
  "summary_fg_mad": 2039.479339391511,
  "summary_fg_mean": 4988.6328125,
  "summary_fg_median": 4521.12158203125,
  "summary_fg_n": 35956.0,
  "summary_fg_p05": 2428.4671630859375,
  "summary_fg_p95": 8934.36865234375,
  "summary_fg_stdv": 2065.140625,
  "tsnr": 55.02137523237616
}