{
  "bids_meta": {
    "AcquisitionMatrixPE": 300,
    "AcquisitionNumber": 1,
    "AcquisitionTime": "16:15:6.672500",
    "BaseResolution": 320,
    "BodyPartExamined": "BRAIN",
    "ConsistencyInfo": "N4_VE11C_LATEST_20160120",
    "ConversionSoftware": "dcm2niix",
    "ConversionSoftwareVersion": "v1.0.20181125  GCC4.3.2",
    "DeviceSerialNumber": "67010",
    "DwellTime": 2.1e-06,
    "EchoTime": 0.563,
    "EchoTrainLength": 314,
    "FlipAngle": 120,
    "ImageOrientationPatientDICOM": [
      0.0164427,
      0.995513,
      0.09318,
      0.0374021,
      0.092515,
      -0.995009
    ],
    "ImageType": [
      "ORIGINAL",
      "PRIMARY",
      "M",
      "ND",
      "NORM"
    ],
    "ImagingFrequency": 123.174,
    "InPlanePhaseEncodingDirectionDICOM": "ROW",
    "InstitutionAddress": "6th_SE_2021_Minneapolis_Minneapolis_US_55455",
    "InstitutionName": "CMRR_3T-B",
    "InstitutionalDepartmentName": "Research",
    "MRAcquisitionType": "3D",
    "MagneticFieldStrength": 3,
    "Manufacturer": "Siemens",
    "ManufacturersModelName": "Prisma_fit",
    "Modality": "MR",
    "PartialFourier": 1,
    "PatientPosition": "HFS",
    "PercentPhaseFOV": 93.75,
    "PhaseEncodingSteps": 297,
    "PhaseResolution": 1,
    "PixelBandwidth": 745,
    "ProcedureStepDescription": "Kay_vision_pool",
    "ProtocolName": "T2w_SPC",
    "PulseSequenceDetails": "%SiemensSeq%_tse_vfl",
    "ReceiveCoilActiveElements": "HEA;HEP",
    "ReceiveCoilName": "Head_32",
    "ReconMatrixPE": 320,
    "RepetitionTime": 3.2,
    "SAR": 0.133018,
    "ScanOptions": "PFP",
    "ScanningSequence": "SE",
    "SequenceName": "_spc_314ns",
    "SequenceVariant": "SK_SP",
    "SeriesDescription": "T2w_SPC",
    "SeriesNumber": 10,
    "ShimSetting": [
      -1035,
      -11667,
      -3754,
      565,
      175,
      -95,
      -10,
      5
    ],
    "SliceThickness": 0.8,
    "SoftwareVersions": "syngo_MR_E11",
    "StationName": "TRIOB",
    "TxRefAmp": 254.139,
    "dataset": "ds002702",
    "modality": "T2w",
    "run_id": 1,
    "session_id": "anatomicals",
    "subject_id": "04"
  },
  "cjv": 0.3009683876388575,
  "cnr": 3.364361443754269,
  "efc": 0.5706931297074461,
  "fber": 1919.2387155948409,
  "fwhm_avg": 2.5631625229078066,
  "fwhm_x": 2.4602876466445713,
  "fwhm_y": 2.854574957463518,
  "fwhm_z": 2.3746249646153306,
  "icvs_csf": 0.28440570803621473,
  "icvs_gm": 0.631838841561145,
  "icvs_wm": 0.08375545040264026,
  "inu_med": 0.8054857850074768,
  "inu_range": 0.23933635950088494,
  "provenance": {
    "md5sum": "aaa8498fffeda4cd517ed655746439e5",
    "settings": {
      "testing": false
    },
    "software": "mriqc",
    "version": "23.0.1",
    "warnings": {
      "large_rot_frame": true,
      "small_air_mask": false
    },
    "webapi_port": null,
    "webapi_url": "https://mriqc.nimh.nih.gov/api/v1"
  },
  "qi_1": 0.0,
  "qi_2": 0.0034925515197300415,
  "rpve_csf": 13.60707833418261,
  "rpve_gm": 8.160059016210745,
  "rpve_wm": 50.77014415103967,
  "size_x": 208,
  "size_y": 300,
  "size_z": 320,
  "snr_csf": 5.312498430699113,
  "snr_gm": 8.477304541380212,
  "snr_total": 4.860612376481631,
  "snr_wm": 0.7920341573655687,
  "snrd_csf": 112.92354306242775,
  "snrd_gm": 51.67382600618955,
  "snrd_total": 57.80241391825209,
  "snrd_wm": 8.809872686138979,
  "spacing_x": 0.7999999523162842,
  "spacing_y": 0.800000011920929,
  "spacing_z": 0.800000011920929,
  "summary_bg_k": 6.812110961829228,
  "summary_bg_mad": 74.37505973643428,
  "summary_bg_mean": 94.0702262627187,
  "summary_bg_median": 50.16521546244621,
  "summary_bg_n": 4964790.0,
  "summary_bg_p05": 0.0,
  "summary_bg_p95": 382.0967309474945,
  "summary_bg_stdv": 136.54473163563654,
  "summary_csf_k": -0.018183091407767193,
  "summary_csf_mad": 2190.0560254725483,
  "summary_csf_mean": 11978.902534813486,
  "summary_csf_median": 12819.765870004892,
  "summary_csf_n": 100686.0,
  "summary_csf_p05": 8030.414648272097,
  "summary_csf_p95": 14918.894766122103,
  "summary_csf_stdv": 2413.121128405205,
  "summary_gm_k": 0.022965126043716033,
  "summary_gm_mad": 699.6599930894506,
  "summary_gm_mean": 5918.801179948479,
  "summary_gm_median": 5866.326303988695,
  "summary_gm_n": 562444.0,
  "summary_gm_p05": 4874.4368341863155,
  "summary_gm_p95": 7128.567234367132,
  "summary_gm_stdv": 692.0031078652049,
  "summary_wm_k": 42.84028248133612,
  "summary_wm_mad": 764.9051802235083,
  "summary_wm_mean": 1343.1326106630922,
  "summary_wm_median": 1000.1502088755369,
  "summary_wm_n": 42500.0,
  "summary_wm_p05": 207.2694531083107,
  "summary_wm_p95": 3655.166766513883,
  "summary_wm_stdv": 1262.7466038332173,
  "tpm_overlap_csf": 0.14179121334604272,
  "tpm_overlap_gm": 0.4074284597006822,
  "tpm_overlap_wm": 0.04434307364945144,
  "wm2max": 0.06647964312761039
}