{
  "bids_meta": {
    "AcquisitionMatrixPE": 300,
    "AcquisitionNumber": 1,
    "AcquisitionTime": "16:43:33.622500",
    "BaseResolution": 320,
    "BodyPartExamined": "BRAIN",
    "ConsistencyInfo": "N4_VE11C_LATEST_20160120",
    "ConversionSoftware": "dcm2niix",
    "ConversionSoftwareVersion": "v1.0.20181125  GCC4.3.2",
    "DeviceSerialNumber": "67010",
    "DwellTime": 7.1e-06,
    "EchoTime": 0.00222,
    "FlipAngle": 8,
    "ImageOrientationPatientDICOM": [
      0.0164427,
      0.995513,
      0.09318,
      0.0374021,
      0.092515,
      -0.995009
    ],
    "ImageType": [
      "ORIGINAL",
      "PRIMARY",
      "M",
      "ND",
      "NORM"
    ],
    "ImagingFrequency": 123.174,
    "InPlanePhaseEncodingDirectionDICOM": "ROW",
    "InstitutionAddress": "6th_SE_2021_Minneapolis_Minneapolis_US_55455",
    "InstitutionName": "CMRR_3T-B",
    "InstitutionalDepartmentName": "Research",
    "InversionTime": 1,
    "MRAcquisitionType": "3D",
    "MagneticFieldStrength": 3,
    "Manufacturer": "Siemens",
    "ManufacturersModelName": "Prisma_fit",
    "Modality": "MR",
    "PartialFourier": 1,
    "PatientPosition": "HFS",
    "PercentPhaseFOV": 93.75,
    "PhaseEncodingSteps": 299,
    "PhaseResolution": 1,
    "PixelBandwidth": 220,
    "ProcedureStepDescription": "Kay_vision_pool",
    "ProtocolName": "T1w_MPR",
    "PulseSequenceDetails": "%SiemensSeq%_tfl",
    "ReceiveCoilActiveElements": "HEA;HEP",
    "ReceiveCoilName": "Head_32",
    "ReconMatrixPE": 320,
    "RepetitionTime": 2.4,
    "SAR": 0.0395352,
    "ScanOptions": "IR_WE",
    "ScanningSequence": "GR_IR",
    "SequenceName": "_tfl3d1_16ns",
    "SequenceVariant": "SK_SP_MP",
    "SeriesDescription": "T1w_MPR",
    "SeriesNumber": 18,
    "ShimSetting": [
      -1035,
      -11667,
      -3754,
      565,
      175,
      -95,
      -10,
      5
    ],
    "SliceThickness": 0.8,
    "SoftwareVersions": "syngo_MR_E11",
    "StationName": "TRIOB",
    "TxRefAmp": 254.139,
    "dataset": "ds002702",
    "modality": "T1w",
    "run_id": 3,
    "session_id": "anatomicals",
    "subject_id": "04"
  },
  "cjv": 0.3603228301940859,
  "cnr": 3.708413194439434,
  "efc": 0.5546251909039231,
  "fber": 34977.014744897955,
  "fwhm_avg": 4.47243754280949,
  "fwhm_x": 4.4072002626896065,
  "fwhm_y": 4.507887432827243,
  "fwhm_z": 4.502224932911621,
  "icvs_csf": 0.2036647613120406,
  "icvs_gm": 0.450445400931833,
  "icvs_wm": 0.3458898377561264,
  "inu_med": 0.405556321144104,
  "inu_range": 0.12936346232891083,
  "provenance": {
    "md5sum": "6e7215fe5a64b4a5c10a2fdb74d6a4ec",
    "settings": {
      "testing": false
    },
    "software": "mriqc",
    "version": "23.0.1",
    "warnings": {
      "large_rot_frame": true,
      "small_air_mask": false
    },
    "webapi_port": null,
    "webapi_url": "https://mriqc.nimh.nih.gov/api/v1"
  },
  "qi_1": 9.180908551056494e-06,
  "qi_2": 0.0010849687007141301,
  "rpve_csf": 21.506374646425833,
  "rpve_gm": 10.481425255509716,
  "rpve_wm": 15.128422165168105,
  "size_x": 208,
  "size_y": 300,
  "size_z": 320,
  "snr_csf": 2.4925099454711255,
  "snr_gm": 14.041879260029694,
  "snr_total": 13.659015008698097,
  "snr_wm": 24.44265582059347,
  "snrd_csf": 32.83933245357428,
  "snrd_gm": 81.09792926255682,
  "snrd_total": 74.04289625428761,
  "snrd_wm": 108.19142704673176,
  "spacing_x": 0.7999999523162842,
  "spacing_y": 0.800000011920929,
  "spacing_z": 0.800000011920929,
  "summary_bg_k": 66.11221901653833,
  "summary_bg_mad": 0.0,
  "summary_bg_mean": 3.536745562953482,
  "summary_bg_median": 0.0,
  "summary_bg_n": 6828734.0,
  "summary_bg_p05": 0.0,
  "summary_bg_p95": 14.275289684534073,
  "summary_bg_stdv": 6.055621047915892,
  "summary_csf_k": 0.31816245008517763,
  "summary_csf_mad": 107.04001295561295,
  "summary_csf_mean": 308.93778697799064,
  "summary_csf_median": 303.5437396019697,
  "summary_csf_n": 97839.0,
  "summary_csf_p05": 96.89181843549014,
  "summary_csf_p95": 521.139289394021,
  "summary_csf_stdv": 121.78173608034093,
  "summary_gm_k": 0.2698781748142407,
  "summary_gm_mad": 51.525262079707566,
  "summary_gm_mean": 748.6654623846046,
  "summary_gm_median": 749.6123362779617,
  "summary_gm_n": 123937.0,
  "summary_gm_p05": 659.4226067215204,
  "summary_gm_p95": 835.4008982479572,
  "summary_gm_stdv": 53.383831196923154,
  "summary_wm_k": 0.6504406346543998,
  "summary_wm_mad": 38.71156501395352,
  "summary_wm_mean": 999.2563273099495,
  "summary_wm_median": 1000.0456131398678,
  "summary_wm_n": 431524.0,
  "summary_wm_p05": 932.1353692412376,
  "summary_wm_p95": 1064.9685360342264,
  "summary_wm_stdv": 40.91390320849179,
  "tpm_overlap_csf": 0.12845877712633846,
  "tpm_overlap_gm": 0.45734576745180483,
  "tpm_overlap_wm": 0.48661447426827764,
  "wm2max": 0.7926328917165217
}