{
  "bids_meta": {
    "AcquisitionMatrixPE": 300,
    "AcquisitionNumber": 1,
    "AcquisitionTime": "16:29:58.957500",
    "BaseResolution": 320,
    "BodyPartExamined": "BRAIN",
    "ConsistencyInfo": "N4_VE11C_LATEST_20160120",
    "ConversionSoftware": "dcm2niix",
    "ConversionSoftwareVersion": "v1.0.20181125  GCC4.3.2",
    "DeviceSerialNumber": "67010",
    "DwellTime": 7.1e-06,
    "EchoTime": 0.00222,
    "FlipAngle": 8,
    "ImageOrientationPatientDICOM": [
      0.0164427,
      0.995513,
      0.09318,
      0.0374021,
      0.092515,
      -0.995009
    ],
    "ImageType": [
      "ORIGINAL",
      "PRIMARY",
      "M",
      "ND",
      "NORM"
    ],
    "ImagingFrequency": 123.174,
    "InPlanePhaseEncodingDirectionDICOM": "ROW",
    "InstitutionAddress": "6th_SE_2021_Minneapolis_Minneapolis_US_55455",
    "InstitutionName": "CMRR_3T-B",
    "InstitutionalDepartmentName": "Research",
    "InversionTime": 1,
    "MRAcquisitionType": "3D",
    "MagneticFieldStrength": 3,
    "Manufacturer": "Siemens",
    "ManufacturersModelName": "Prisma_fit",
    "Modality": "MR",
    "PartialFourier": 1,
    "PatientPosition": "HFS",
    "PercentPhaseFOV": 93.75,
    "PhaseEncodingSteps": 299,
    "PhaseResolution": 1,
    "PixelBandwidth": 220,
    "ProcedureStepDescription": "Kay_vision_pool",
    "ProtocolName": "T1w_MPR",
    "PulseSequenceDetails": "%SiemensSeq%_tfl",
    "ReceiveCoilActiveElements": "HEA;HEP",
    "ReceiveCoilName": "Head_32",
    "ReconMatrixPE": 320,
    "RepetitionTime": 2.4,
    "SAR": 0.0395352,
    "ScanOptions": "IR_WE",
    "ScanningSequence": "GR_IR",
    "SequenceName": "_tfl3d1_16ns",
    "SequenceVariant": "SK_SP_MP",
    "SeriesDescription": "T1w_MPR",
    "SeriesNumber": 14,
    "ShimSetting": [
      -1035,
      -11667,
      -3754,
      565,
      175,
      -95,
      -10,
      5
    ],
    "SliceThickness": 0.8,
    "SoftwareVersions": "syngo_MR_E11",
    "StationName": "TRIOB",
    "TxRefAmp": 254.139,
    "dataset": "ds002702",
    "modality": "T1w",
    "run_id": 1,
    "session_id": "anatomicals",
    "subject_id": "04"
  },
  "cjv": 0.3454427488344455,
  "cnr": 3.803224577665612,
  "efc": 0.549580359586907,
  "fber": 38063.19140300259,
  "fwhm_avg": 4.377479209716127,
  "fwhm_x": 4.359887759869561,
  "fwhm_y": 4.369824934884535,
  "fwhm_z": 4.4027249343942865,
  "icvs_csf": 0.2029780633077427,
  "icvs_gm": 0.4585531962312684,
  "icvs_wm": 0.3384687404609889,
  "inu_med": 0.40276283025741577,
  "inu_range": 0.1279208302497864,
  "provenance": {
    "md5sum": "04ae1e8907e58c2bfa142691eb8e83ed",
    "settings": {
      "testing": false
    },
    "software": "mriqc",
    "version": "23.0.1",
    "warnings": {
      "large_rot_frame": true,
      "small_air_mask": false
    },
    "webapi_port": null,
    "webapi_url": "https://mriqc.nimh.nih.gov/api/v1"
  },
  "qi_1": 9.796054278269045e-05,
  "qi_2": 0.0015149140756383363,
  "rpve_csf": 21.564144139046256,
  "rpve_gm": 10.42077785565977,
  "rpve_wm": 15.548186122039137,
  "size_x": 208,
  "size_y": 300,
  "size_z": 320,
  "snr_csf": 2.3758758703738923,
  "snr_gm": 14.188744157559942,
  "snr_total": 14.032757582839478,
  "snr_wm": 25.5336527205846,
  "snrd_csf": 37.59204558439188,
  "snrd_gm": 96.29137117707779,
  "snrd_total": 87.46866028753499,
  "snrd_wm": 128.5225641011353,
  "spacing_x": 0.7999999523162842,
  "spacing_y": 0.800000011920929,
  "spacing_z": 0.800000011920929,
  "summary_bg_k": 222.34524662807033,
  "summary_bg_mad": 0.0,
  "summary_bg_mean": 3.0215344693668973,
  "summary_bg_median": 0.0,
  "summary_bg_n": 6772603.0,
  "summary_bg_p05": 0.0,
  "summary_bg_p95": 12.205480925738811,
  "summary_bg_stdv": 5.097670400315757,
  "summary_csf_k": 0.5138263804296308,
  "summary_csf_mad": 102.41071039220338,
  "summary_csf_mean": 300.4584825658222,
  "summary_csf_median": 292.5068093650043,
  "summary_csf_n": 94069.0,
  "summary_csf_p05": 83.30128960013391,
  "summary_csf_p95": 515.482615302503,
  "summary_csf_stdv": 123.1147040391494,
  "summary_gm_k": 0.38390917766014043,
  "summary_gm_mad": 49.448796085814706,
  "summary_gm_mean": 748.4391796487956,
  "summary_gm_median": 749.2511065714061,
  "summary_gm_n": 134966.0,
  "summary_gm_p05": 659.5877659246325,
  "summary_gm_p95": 834.9353710189462,
  "summary_gm_stdv": 52.80582428881778,
  "summary_wm_k": 0.5880886609699454,
  "summary_wm_mad": 37.18602493852822,
  "summary_wm_mean": 999.0595060283446,
  "summary_wm_median": 1000.0446789264679,
  "summary_wm_n": 423693.0,
  "summary_wm_p05": 934.188732393086,
  "summary_wm_p95": 1061.653296932578,
  "summary_wm_stdv": 39.16570455926557,
  "tpm_overlap_csf": 0.13544339009181747,
  "tpm_overlap_gm": 0.46491513321076927,
  "tpm_overlap_wm": 0.48686035426262025,
  "wm2max": 0.7954480725866848
}