{
  "bids_meta": {
    "AcquisitionMatrixPE": 300,
    "AcquisitionNumber": 1,
    "AcquisitionTime": "16:57:42.635000",
    "BaseResolution": 320,
    "BodyPartExamined": "BRAIN",
    "ConsistencyInfo": "N4_VE11C_LATEST_20160120",
    "ConversionSoftware": "dcm2niix",
    "ConversionSoftwareVersion": "v1.0.20181125  GCC4.3.2",
    "DeviceSerialNumber": "67010",
    "DwellTime": 7.1e-06,
    "EchoTime": 0.00222,
    "FlipAngle": 8,
    "ImageOrientationPatientDICOM": [
      0.0164427,
      0.995513,
      0.09318,
      0.0374021,
      0.092515,
      -0.995009
    ],
    "ImageType": [
      "ORIGINAL",
      "PRIMARY",
      "M",
      "ND",
      "NORM"
    ],
    "ImagingFrequency": 123.174,
    "InPlanePhaseEncodingDirectionDICOM": "ROW",
    "InstitutionAddress": "6th_SE_2021_Minneapolis_Minneapolis_US_55455",
    "InstitutionName": "CMRR_3T-B",
    "InstitutionalDepartmentName": "Research",
    "InversionTime": 1,
    "MRAcquisitionType": "3D",
    "MagneticFieldStrength": 3,
    "Manufacturer": "Siemens",
    "ManufacturersModelName": "Prisma_fit",
    "Modality": "MR",
    "PartialFourier": 1,
    "PatientPosition": "HFS",
    "PercentPhaseFOV": 93.75,
    "PhaseEncodingSteps": 299,
    "PhaseResolution": 1,
    "PixelBandwidth": 220,
    "ProcedureStepDescription": "Kay_vision_pool",
    "ProtocolName": "T1w_MPR",
    "PulseSequenceDetails": "%SiemensSeq%_tfl",
    "ReceiveCoilActiveElements": "HEA;HEP",
    "ReceiveCoilName": "Head_32",
    "ReconMatrixPE": 320,
    "RepetitionTime": 2.4,
    "SAR": 0.0395352,
    "ScanOptions": "IR_WE",
    "ScanningSequence": "GR_IR",
    "SequenceName": "_tfl3d1_16ns",
    "SequenceVariant": "SK_SP_MP",
    "SeriesDescription": "T1w_MPR",
    "SeriesNumber": 22,
    "ShimSetting": [
      -1035,
      -11667,
      -3754,
      565,
      175,
      -95,
      -10,
      5
    ],
    "SliceThickness": 0.8,
    "SoftwareVersions": "syngo_MR_E11",
    "StationName": "TRIOB",
    "TxRefAmp": 254.139,
    "dataset": "ds002702",
    "modality": "T1w",
    "run_id": 5,
    "session_id": "anatomicals",
    "subject_id": "04"
  },
  "cjv": 0.35915065675016367,
  "cnr": 3.673173276824867,
  "efc": 0.5530985046874977,
  "fber": 34749.494201972244,
  "fwhm_avg": 4.38428337629941,
  "fwhm_x": 4.360612759912775,
  "fwhm_y": 4.3707624348705645,
  "fwhm_z": 4.421474934114889,
  "icvs_csf": 0.20474242717790408,
  "icvs_gm": 0.45446294294353756,
  "icvs_wm": 0.34079462987855835,
  "inu_med": 0.4216068238019943,
  "inu_range": 0.1387844562530517,
  "provenance": {
    "md5sum": "60d87f77c13b73cb036f414540c13570",
    "settings": {
      "testing": false
    },
    "software": "mriqc",
    "version": "23.0.1",
    "warnings": {
      "large_rot_frame": true,
      "small_air_mask": false
    },
    "webapi_port": null,
    "webapi_url": "https://mriqc.nimh.nih.gov/api/v1"
  },
  "qi_1": 0.00015162511886401286,
  "qi_2": 0.0013380279692581357,
  "rpve_csf": 21.38555515863294,
  "rpve_gm": 10.470925948013665,
  "rpve_wm": 15.395809120120326,
  "size_x": 208,
  "size_y": 300,
  "size_z": 320,
  "snr_csf": 2.434717664242621,
  "snr_gm": 14.19625257749018,
  "snr_total": 13.573873964669888,
  "snr_wm": 24.09065165227687,
  "snrd_csf": 36.87560369345125,
  "snrd_gm": 92.21552639622654,
  "snrd_total": 83.9049545952045,
  "snrd_wm": 122.62373369593571,
  "spacing_x": 0.7999999523162842,
  "spacing_y": 0.800000011920929,
  "spacing_z": 0.800000011920929,
  "summary_bg_k": 48.227959085674925,
  "summary_bg_mad": 0.0,
  "summary_bg_mean": 3.265867436625204,
  "summary_bg_median": 0.0,
  "summary_bg_n": 6776821.0,
  "summary_bg_p05": 0.0,
  "summary_bg_p95": 13.362166840583086,
  "summary_bg_stdv": 5.342777303446308,
  "summary_csf_k": 0.49486701604053707,
  "summary_csf_mad": 104.58875919532977,
  "summary_csf_mean": 308.648471845297,
  "summary_csf_median": 300.72842611745,
  "summary_csf_n": 96581.0,
  "summary_csf_p05": 90.0295908935368,
  "summary_csf_p95": 523.5374363996089,
  "summary_csf_stdv": 123.51611591703755,
  "summary_gm_k": 0.34703636942862603,
  "summary_gm_mad": 50.05005804668411,
  "summary_gm_mean": 750.7093911807907,
  "summary_gm_median": 752.0373184196651,
  "summary_gm_n": 124635.0,
  "summary_gm_p05": 661.1199515350163,
  "summary_gm_p95": 836.5194475430992,
  "summary_gm_stdv": 52.97414210897167,
  "summary_wm_k": 0.7602846059830823,
  "summary_wm_mad": 39.01407087118464,
  "summary_wm_mean": 999.8191558776034,
  "summary_wm_median": 1000.022745270282,
  "summary_wm_n": 425780.0,
  "summary_wm_p05": 932.68835086748,
  "summary_wm_p95": 1067.197795264423,
  "summary_wm_stdv": 41.51077294885021,
  "tpm_overlap_csf": 0.14522463487669415,
  "tpm_overlap_gm": 0.4686676041695453,
  "tpm_overlap_wm": 0.48692136597275937,
  "wm2max": 0.7989778626787934
}