{
  "bids_meta": {
    "AcquisitionMatrixPE": 300,
    "AcquisitionNumber": 1,
    "AcquisitionTime": "17:17:41.172500",
    "BaseResolution": 320,
    "BodyPartExamined": "BRAIN",
    "ConsistencyInfo": "N4_VE11C_LATEST_20160120",
    "ConversionSoftware": "dcm2niix",
    "ConversionSoftwareVersion": "v1.0.20181125  GCC4.3.2",
    "DeviceSerialNumber": "67010",
    "DwellTime": 7.1e-06,
    "EchoTime": 0.00222,
    "FlipAngle": 8,
    "ImageOrientationPatientDICOM": [
      0.0164427,
      0.995513,
      0.09318,
      0.0374021,
      0.092515,
      -0.995009
    ],
    "ImageType": [
      "ORIGINAL",
      "PRIMARY",
      "M",
      "ND",
      "NORM"
    ],
    "ImagingFrequency": 123.174,
    "InPlanePhaseEncodingDirectionDICOM": "ROW",
    "InstitutionAddress": "6th_SE_2021_Minneapolis_Minneapolis_US_55455",
    "InstitutionName": "CMRR_3T-B",
    "InstitutionalDepartmentName": "Research",
    "InversionTime": 1,
    "MRAcquisitionType": "3D",
    "MagneticFieldStrength": 3,
    "Manufacturer": "Siemens",
    "ManufacturersModelName": "Prisma_fit",
    "Modality": "MR",
    "PartialFourier": 1,
    "PatientPosition": "HFS",
    "PercentPhaseFOV": 93.75,
    "PhaseEncodingSteps": 299,
    "PhaseResolution": 1,
    "PixelBandwidth": 220,
    "ProcedureStepDescription": "Kay_vision_pool",
    "ProtocolName": "T1w_MPR",
    "PulseSequenceDetails": "%SiemensSeq%_tfl",
    "ReceiveCoilActiveElements": "HEA;HEP",
    "ReceiveCoilName": "Head_32",
    "ReconMatrixPE": 320,
    "RepetitionTime": 2.4,
    "SAR": 0.0395352,
    "ScanOptions": "IR_WE",
    "ScanningSequence": "GR_IR",
    "SequenceName": "_tfl3d1_16ns",
    "SequenceVariant": "SK_SP_MP",
    "SeriesDescription": "T1w_MPR",
    "SeriesNumber": 28,
    "ShimSetting": [
      -1035,
      -11667,
      -3754,
      565,
      175,
      -95,
      -10,
      5
    ],
    "SliceThickness": 0.8,
    "SoftwareVersions": "syngo_MR_E11",
    "StationName": "TRIOB",
    "TxRefAmp": 254.139,
    "dataset": "ds002702",
    "modality": "T1w",
    "run_id": 8,
    "session_id": "anatomicals",
    "subject_id": "04"
  },
  "cjv": 0.3571550029868221,
  "cnr": 3.6971619041824932,
  "efc": 0.5524532460268449,
  "fber": 36712.71890497917,
  "fwhm_avg": 4.377408376552109,
  "fwhm_x": 4.366662760273383,
  "fwhm_y": 4.35913743504379,
  "fwhm_z": 4.406424934339151,
  "icvs_csf": 0.20270601475193534,
  "icvs_gm": 0.45692751149898614,
  "icvs_wm": 0.3403664737490785,
  "inu_med": 0.40345415472984314,
  "inu_range": 0.13203288614749908,
  "provenance": {
    "md5sum": "6ae15e4efbc5db801f2b2c993ecf1c54",
    "settings": {
      "testing": false
    },
    "software": "mriqc",
    "version": "23.0.1",
    "warnings": {
      "large_rot_frame": true,
      "small_air_mask": false
    },
    "webapi_port": null,
    "webapi_url": "https://mriqc.nimh.nih.gov/api/v1"
  },
  "qi_1": 4.153175321493205e-05,
  "qi_2": 0.0015021497848645578,
  "rpve_csf": 21.601512603026734,
  "rpve_gm": 10.457582916087787,
  "rpve_wm": 15.463382473989522,
  "size_x": 208,
  "size_y": 300,
  "size_z": 320,
  "snr_csf": 2.4001427411906775,
  "snr_gm": 14.047439317973911,
  "snr_total": 13.622331618380466,
  "snr_wm": 24.419412795976815,
  "snrd_csf": 38.42932373281173,
  "snrd_gm": 97.10961237504829,
  "snrd_total": 88.31439858300776,
  "snrd_wm": 129.4042596411633,
  "spacing_x": 0.7999999523162842,
  "spacing_y": 0.800000011920929,
  "spacing_z": 0.800000011920929,
  "summary_bg_k": 29.453530057369157,
  "summary_bg_mad": 0.0,
  "summary_bg_mean": 3.140266600569299,
  "summary_bg_median": 0.0,
  "summary_bg_n": 6716467.0,
  "summary_bg_p05": 0.0,
  "summary_bg_p95": 12.735492149367929,
  "summary_bg_stdv": 5.0628275277227175,
  "summary_csf_k": 0.44379761210245583,
  "summary_csf_mad": 103.52597929109997,
  "summary_csf_mean": 303.724944213992,
  "summary_csf_median": 296.97790882363915,
  "summary_csf_n": 93085.0,
  "summary_csf_p05": 84.35714637748897,
  "summary_csf_p95": 520.2689484760166,
  "summary_csf_stdv": 123.73277160781755,
  "summary_gm_k": 0.3068779276173492,
  "summary_gm_mad": 51.133600681736205,
  "summary_gm_mean": 749.3579680808538,
  "summary_gm_median": 750.4532166719437,
  "summary_gm_n": 133179.0,
  "summary_gm_p05": 659.6984933372587,
  "summary_gm_p95": 836.2284773103893,
  "summary_gm_stdv": 53.422576330026835,
  "summary_wm_k": 0.789504568884853,
  "summary_wm_mad": 38.001485004324245,
  "summary_wm_mean": 999.7451508121408,
  "summary_wm_median": 1000.0229691341519,
  "summary_wm_n": 426879.0,
  "summary_wm_p05": 933.0182176455855,
  "summary_wm_p95": 1066.2245814781636,
  "summary_wm_stdv": 40.95191830244257,
  "tpm_overlap_csf": 0.1423626249014046,
  "tpm_overlap_gm": 0.46716924499023166,
  "tpm_overlap_wm": 0.4820874629840163,
  "wm2max": 0.800882102353361
}