{
  "bids_meta": {
    "AcquisitionMatrixPE": 300,
    "AcquisitionNumber": 1,
    "AcquisitionTime": "16:21:39.562500",
    "BaseResolution": 320,
    "BodyPartExamined": "BRAIN",
    "ConsistencyInfo": "N4_VE11C_LATEST_20160120",
    "ConversionSoftware": "dcm2niix",
    "ConversionSoftwareVersion": "v1.0.20181125  GCC4.3.2",
    "DeviceSerialNumber": "67010",
    "DwellTime": 2.1e-06,
    "EchoTime": 0.563,
    "EchoTrainLength": 314,
    "FlipAngle": 120,
    "ImageOrientationPatientDICOM": [
      0.0164427,
      0.995513,
      0.09318,
      0.0374021,
      0.092515,
      -0.995009
    ],
    "ImageType": [
      "ORIGINAL",
      "PRIMARY",
      "M",
      "ND",
      "NORM"
    ],
    "ImagingFrequency": 123.174,
    "InPlanePhaseEncodingDirectionDICOM": "ROW",
    "InstitutionAddress": "6th_SE_2021_Minneapolis_Minneapolis_US_55455",
    "InstitutionName": "CMRR_3T-B",
    "InstitutionalDepartmentName": "Research",
    "MRAcquisitionType": "3D",
    "MagneticFieldStrength": 3,
    "Manufacturer": "Siemens",
    "ManufacturersModelName": "Prisma_fit",
    "Modality": "MR",
    "PartialFourier": 1,
    "PatientPosition": "HFS",
    "PercentPhaseFOV": 93.75,
    "PhaseEncodingSteps": 297,
    "PhaseResolution": 1,
    "PixelBandwidth": 745,
    "ProcedureStepDescription": "Kay_vision_pool",
    "ProtocolName": "T2w_SPC",
    "PulseSequenceDetails": "%SiemensSeq%_tse_vfl",
    "ReceiveCoilActiveElements": "HEA;HEP",
    "ReceiveCoilName": "Head_32",
    "ReconMatrixPE": 320,
    "RepetitionTime": 3.2,
    "SAR": 0.133018,
    "ScanOptions": "PFP",
    "ScanningSequence": "SE",
    "SequenceName": "_spc_314ns",
    "SequenceVariant": "SK_SP",
    "SeriesDescription": "T2w_SPC",
    "SeriesNumber": 12,
    "ShimSetting": [
      -1035,
      -11667,
      -3754,
      565,
      175,
      -95,
      -10,
      5
    ],
    "SliceThickness": 0.8,
    "SoftwareVersions": "syngo_MR_E11",
    "StationName": "TRIOB",
    "TxRefAmp": 254.139,
    "dataset": "ds002702",
    "modality": "T2w",
    "run_id": 2,
    "session_id": "anatomicals",
    "subject_id": "04"
  },
  "cjv": 0.2870682943553303,
  "cnr": 3.628275752121725,
  "efc": 0.5665639485619343,
  "fber": 2231.3879307713437,
  "fwhm_avg": 2.4923666884349065,
  "fwhm_x": 2.3719251413777553,
  "fwhm_y": 2.7926499583862725,
  "fwhm_z": 2.3125249655406925,
  "icvs_csf": 0.29017249746936136,
  "icvs_gm": 0.6284651585233014,
  "icvs_wm": 0.08136234400733726,
  "inu_med": 0.7495348453521729,
  "inu_range": 0.18810105323791504,
  "provenance": {
    "md5sum": "211c9d673795ec131ee7f0f319d71cfd",
    "settings": {
      "testing": false
    },
    "software": "mriqc",
    "version": "23.0.1",
    "warnings": {
      "large_rot_frame": true,
      "small_air_mask": false
    },
    "webapi_port": null,
    "webapi_url": "https://mriqc.nimh.nih.gov/api/v1"
  },
  "qi_1": 0.0,
  "qi_2": 0.002468750022427541,
  "rpve_csf": 13.300267713990305,
  "rpve_gm": 8.163450843448796,
  "rpve_wm": 53.00981039625053,
  "size_x": 208,
  "size_y": 300,
  "size_z": 320,
  "snr_csf": 5.461168574808715,
  "snr_gm": 8.688197411157898,
  "snr_total": 4.986912418466016,
  "snr_wm": 0.8113712694314347,
  "snrd_csf": 116.65580036118904,
  "snrd_gm": 54.49218184250534,
  "snrd_total": 59.9860067550426,
  "snrd_wm": 8.810038061433433,
  "spacing_x": 0.7999999523162842,
  "spacing_y": 0.800000011920929,
  "spacing_z": 0.800000011920929,
  "summary_bg_k": 9.849232834625797,
  "summary_bg_mad": 74.38368822532755,
  "summary_bg_mean": 84.40640611628685,
  "summary_bg_median": 50.171035289764404,
  "summary_bg_n": 4954955.0,
  "summary_bg_p05": 0.0,
  "summary_bg_p95": 362.3146923482418,
  "summary_bg_stdv": 128.82281622065662,
  "summary_csf_k": -0.09980091317493134,
  "summary_csf_mad": 2331.041093220421,
  "summary_csf_mean": 12420.124293640549,
  "summary_csf_median": 13245.010785147548,
  "summary_csf_n": 99328.0,
  "summary_csf_p05": 8487.171782284975,
  "summary_csf_p95": 15244.298035174608,
  "summary_csf_stdv": 2425.294866922602,
  "summary_gm_k": 0.047175463998854195,
  "summary_gm_mad": 718.9014413141032,
  "summary_gm_mean": 6239.186655505224,
  "summary_gm_median": 6187.000851869583,
  "summary_gm_n": 549333.0,
  "summary_gm_p05": 5161.915380835533,
  "summary_gm_p95": 7480.15928646325,
  "summary_gm_stdv": 712.1149448728872,
  "summary_wm_k": 29.335466169266766,
  "summary_wm_mad": 770.0402269690159,
  "summary_wm_mean": 1343.797865534617,
  "summary_wm_median": 1000.2850160896778,
  "summary_wm_n": 44955.0,
  "summary_wm_p05": 213.79702538251877,
  "summary_wm_p95": 3644.0420194298017,
  "summary_wm_stdv": 1232.8189674812934,
  "tpm_overlap_csf": 0.14229478550649,
  "tpm_overlap_gm": 0.4030836902675914,
  "tpm_overlap_wm": 0.03734830649260913,
  "wm2max": 0.0650284458680475
}