{
  "bids_meta": {
    "AcquisitionMatrixPE": 300,
    "AcquisitionNumber": 1,
    "AcquisitionTime": "17:11:2.022500",
    "BaseResolution": 320,
    "BodyPartExamined": "BRAIN",
    "ConsistencyInfo": "N4_VE11C_LATEST_20160120",
    "ConversionSoftware": "dcm2niix",
    "ConversionSoftwareVersion": "v1.0.20181125  GCC4.3.2",
    "DeviceSerialNumber": "67010",
    "DwellTime": 7.1e-06,
    "EchoTime": 0.00222,
    "FlipAngle": 8,
    "ImageOrientationPatientDICOM": [
      0.0164427,
      0.995513,
      0.09318,
      0.0374021,
      0.092515,
      -0.995009
    ],
    "ImageType": [
      "ORIGINAL",
      "PRIMARY",
      "M",
      "ND",
      "NORM"
    ],
    "ImagingFrequency": 123.174,
    "InPlanePhaseEncodingDirectionDICOM": "ROW",
    "InstitutionAddress": "6th_SE_2021_Minneapolis_Minneapolis_US_55455",
    "InstitutionName": "CMRR_3T-B",
    "InstitutionalDepartmentName": "Research",
    "InversionTime": 1,
    "MRAcquisitionType": "3D",
    "MagneticFieldStrength": 3,
    "Manufacturer": "Siemens",
    "ManufacturersModelName": "Prisma_fit",
    "Modality": "MR",
    "PartialFourier": 1,
    "PatientPosition": "HFS",
    "PercentPhaseFOV": 93.75,
    "PhaseEncodingSteps": 299,
    "PhaseResolution": 1,
    "PixelBandwidth": 220,
    "ProcedureStepDescription": "Kay_vision_pool",
    "ProtocolName": "T1w_MPR",
    "PulseSequenceDetails": "%SiemensSeq%_tfl",
    "ReceiveCoilActiveElements": "HEA;HEP",
    "ReceiveCoilName": "Head_32",
    "ReconMatrixPE": 320,
    "RepetitionTime": 2.4,
    "SAR": 0.0395352,
    "ScanOptions": "IR_WE",
    "ScanningSequence": "GR_IR",
    "SequenceName": "_tfl3d1_16ns",
    "SequenceVariant": "SK_SP_MP",
    "SeriesDescription": "T1w_MPR",
    "SeriesNumber": 26,
    "ShimSetting": [
      -1035,
      -11667,
      -3754,
      565,
      175,
      -95,
      -10,
      5
    ],
    "SliceThickness": 0.8,
    "SoftwareVersions": "syngo_MR_E11",
    "StationName": "TRIOB",
    "TxRefAmp": 254.139,
    "dataset": "ds002702",
    "modality": "T1w",
    "run_id": 7,
    "session_id": "anatomicals",
    "subject_id": "04"
  },
  "cjv": 0.35358400016308333,
  "cnr": 3.729194658051899,
  "efc": 0.55182872412538,
  "fber": 37087.65736129974,
  "fwhm_avg": 4.41523337643799,
  "fwhm_x": 4.384762761352227,
  "fwhm_y": 4.436137433896401,
  "fwhm_z": 4.4247999340653426,
  "icvs_csf": 0.20312363397789054,
  "icvs_gm": 0.45759189261003175,
  "icvs_wm": 0.33928447341207774,
  "inu_med": 0.4051840007305145,
  "inu_range": 0.133875247836113,
  "provenance": {
    "md5sum": "cdf3965785c622c33b8506f7203f7918",
    "settings": {
      "testing": false
    },
    "software": "mriqc",
    "version": "23.0.1",
    "warnings": {
      "large_rot_frame": true,
      "small_air_mask": false
    },
    "webapi_port": null,
    "webapi_url": "https://mriqc.nimh.nih.gov/api/v1"
  },
  "qi_1": 4.976145168511511e-05,
  "qi_2": 0.0012993381977540245,
  "rpve_csf": 21.57291336662497,
  "rpve_gm": 10.439046864815401,
  "rpve_wm": 15.50292129136019,
  "size_x": 208,
  "size_y": 300,
  "size_z": 320,
  "snr_csf": 2.378025686997573,
  "snr_gm": 14.179262179125017,
  "snr_total": 13.807563776626317,
  "snr_wm": 24.86540346375636,
  "snrd_csf": 35.670890153936185,
  "snrd_gm": 90.86125882558424,
  "snrd_total": 82.49850185279985,
  "snrd_wm": 120.96335657887911,
  "spacing_x": 0.7999999523162842,
  "spacing_y": 0.800000011920929,
  "spacing_z": 0.800000011920929,
  "summary_bg_k": 174.36745824480565,
  "summary_bg_mad": 0.0,
  "summary_bg_mean": 3.1894318698138413,
  "summary_bg_median": 0.0,
  "summary_bg_n": 6812856.0,
  "summary_bg_p05": 0.0,
  "summary_bg_p95": 12.837608709931374,
  "summary_bg_stdv": 5.416235375141783,
  "summary_csf_k": 0.5327406794379619,
  "summary_csf_mad": 103.77712847686168,
  "summary_csf_mean": 302.5042493514631,
  "summary_csf_median": 294.90337754786015,
  "summary_csf_n": 95038.0,
  "summary_csf_p05": 83.17323952913284,
  "summary_csf_p95": 519.1095014959574,
  "summary_csf_stdv": 124.01120292929832,
  "summary_gm_k": 0.33755473798955116,
  "summary_gm_mad": 50.430926172966366,
  "summary_gm_mean": 750.0398186184304,
  "summary_gm_median": 751.1809209212661,
  "summary_gm_n": 133589.0,
  "summary_gm_p05": 660.707421509549,
  "summary_gm_p95": 835.8006515726447,
  "summary_gm_stdv": 52.97723533771544,
  "summary_wm_k": 0.7601234463699167,
  "summary_wm_mad": 37.56350049162478,
  "summary_wm_mean": 999.2815683555976,
  "summary_wm_median": 1000.045198218897,
  "summary_wm_n": 423126.0,
  "summary_wm_p05": 932.9867738485336,
  "summary_wm_p95": 1063.8942204117775,
  "summary_wm_stdv": 40.21829036240411,
  "tpm_overlap_csf": 0.1290565843536519,
  "tpm_overlap_gm": 0.4585318530759696,
  "tpm_overlap_wm": 0.48576438787206067,
  "wm2max": 0.8085779028544279
}