{
  "bids_meta": {
    "AcquisitionMatrixPE": 300,
    "AcquisitionNumber": 1,
    "AcquisitionTime": "17:04:22.052500",
    "BaseResolution": 320,
    "BodyPartExamined": "BRAIN",
    "ConsistencyInfo": "N4_VE11C_LATEST_20160120",
    "ConversionSoftware": "dcm2niix",
    "ConversionSoftwareVersion": "v1.0.20181125  GCC4.3.2",
    "DeviceSerialNumber": "67010",
    "DwellTime": 7.1e-06,
    "EchoTime": 0.00222,
    "FlipAngle": 8,
    "ImageOrientationPatientDICOM": [
      0.0164427,
      0.995513,
      0.09318,
      0.0374021,
      0.092515,
      -0.995009
    ],
    "ImageType": [
      "ORIGINAL",
      "PRIMARY",
      "M",
      "ND",
      "NORM"
    ],
    "ImagingFrequency": 123.174,
    "InPlanePhaseEncodingDirectionDICOM": "ROW",
    "InstitutionAddress": "6th_SE_2021_Minneapolis_Minneapolis_US_55455",
    "InstitutionName": "CMRR_3T-B",
    "InstitutionalDepartmentName": "Research",
    "InversionTime": 1,
    "MRAcquisitionType": "3D",
    "MagneticFieldStrength": 3,
    "Manufacturer": "Siemens",
    "ManufacturersModelName": "Prisma_fit",
    "Modality": "MR",
    "PartialFourier": 1,
    "PatientPosition": "HFS",
    "PercentPhaseFOV": 93.75,
    "PhaseEncodingSteps": 299,
    "PhaseResolution": 1,
    "PixelBandwidth": 220,
    "ProcedureStepDescription": "Kay_vision_pool",
    "ProtocolName": "T1w_MPR",
    "PulseSequenceDetails": "%SiemensSeq%_tfl",
    "ReceiveCoilActiveElements": "HEA;HEP",
    "ReceiveCoilName": "Head_32",
    "ReconMatrixPE": 320,
    "RepetitionTime": 2.4,
    "SAR": 0.0395352,
    "ScanOptions": "IR_WE",
    "ScanningSequence": "GR_IR",
    "SequenceName": "_tfl3d1_16ns",
    "SequenceVariant": "SK_SP_MP",
    "SeriesDescription": "T1w_MPR",
    "SeriesNumber": 24,
    "ShimSetting": [
      -1035,
      -11667,
      -3754,
      565,
      175,
      -95,
      -10,
      5
    ],
    "SliceThickness": 0.8,
    "SoftwareVersions": "syngo_MR_E11",
    "StationName": "TRIOB",
    "TxRefAmp": 254.139,
    "dataset": "ds002702",
    "modality": "T1w",
    "run_id": 6,
    "session_id": "anatomicals",
    "subject_id": "04"
  },
  "cjv": 0.3569328169872409,
  "cnr": 3.702824494295672,
  "efc": 0.5521887762961115,
  "fber": 36921.2136713445,
  "fwhm_avg": 4.400320876508398,
  "fwhm_x": 4.378650260987893,
  "fwhm_y": 4.391099934567512,
  "fwhm_z": 4.431212433969789,
  "icvs_csf": 0.2035557241885439,
  "icvs_gm": 0.45489301984238917,
  "icvs_wm": 0.34155125596906694,
  "inu_med": 0.40913480520248413,
  "inu_range": 0.13392951935529707,
  "provenance": {
    "md5sum": "aac5196f64ace6bda4baeda1a04468d6",
    "settings": {
      "testing": false
    },
    "software": "mriqc",
    "version": "23.0.1",
    "warnings": {
      "large_rot_frame": true,
      "small_air_mask": false
    },
    "webapi_port": null,
    "webapi_url": "https://mriqc.nimh.nih.gov/api/v1"
  },
  "qi_1": 4.077815329988128e-05,
  "qi_2": 0.0013131069999103694,
  "rpve_csf": 21.53561713361003,
  "rpve_gm": 10.462314402395398,
  "rpve_wm": 15.382554263704293,
  "size_x": 208,
  "size_y": 300,
  "size_z": 320,
  "snr_csf": 2.40344726893445,
  "snr_gm": 13.972551399513428,
  "snr_total": 13.607720140371109,
  "snr_wm": 24.44716175266545,
  "snrd_csf": 34.03221416634533,
  "snrd_gm": 85.46419985413723,
  "snrd_total": 77.84939918277568,
  "snrd_wm": 114.05178352784448,
  "spacing_x": 0.7999999523162842,
  "spacing_y": 0.800000011920929,
  "spacing_z": 0.800000011920929,
  "summary_bg_k": 155.78567155594945,
  "summary_bg_mad": 0.0,
  "summary_bg_mean": 3.3427121069081487,
  "summary_bg_median": 0.0,
  "summary_bg_n": 6798550.0,
  "summary_bg_p05": 0.0,
  "summary_bg_p95": 13.593882352113724,
  "summary_bg_stdv": 5.74433300459678,
  "summary_csf_k": 0.3900602842558549,
  "summary_csf_mad": 107.24004800683457,
  "summary_csf_mean": 303.05089144404343,
  "summary_csf_median": 298.3994952123612,
  "summary_csf_n": 95813.0,
  "summary_csf_p05": 83.82741032876075,
  "summary_csf_p95": 516.829303466156,
  "summary_csf_stdv": 124.15414386988499,
  "summary_gm_k": 0.30069534150109467,
  "summary_gm_mad": 51.30500074485705,
  "summary_gm_mean": 748.1707954582748,
  "summary_gm_median": 749.362764660269,
  "summary_gm_n": 128712.0,
  "summary_gm_p05": 657.8566478136927,
  "summary_gm_p95": 834.8859658871777,
  "summary_gm_stdv": 53.63085325095892,
  "summary_wm_k": 0.8565629590880359,
  "summary_wm_mad": 38.163839306559225,
  "summary_wm_mean": 999.6165036124947,
  "summary_wm_median": 1000.0229331664741,
  "summary_wm_n": 426746.0,
  "summary_wm_p05": 932.9261016920209,
  "summary_wm_p95": 1065.4434919860214,
  "summary_wm_stdv": 40.90543399676004,
  "tpm_overlap_csf": 0.13559729909968402,
  "tpm_overlap_gm": 0.4627409245561085,
  "tpm_overlap_wm": 0.4869671938131741,
  "wm2max": 0.8053331360837325
}