{
  "aor": 0.00037051204819277104,
  "aqi": 0.0029571505722891566,
  "bids_meta": {
    "AcquisitionMatrixPE": 80,
    "AcquisitionNumber": 1,
    "AcquisitionTime": "15:21:0.852500",
    "BandwidthPerPixelPhaseEncode": 22.727,
    "BaseResolution": 80,
    "BodyPartExamined": "BRAIN",
    "ConsistencyInfo": "N4_VE11C_LATEST_20160120",
    "ConversionSoftware": "dcm2niix",
    "ConversionSoftwareVersion": "v1.0.20181125  GCC4.3.2",
    "DerivedVendorReportedEchoSpacing": 0.000550007,
    "DeviceSerialNumber": "67010",
    "DwellTime": 2.8e-06,
    "EchoTime": 0.03,
    "EchoTrainLength": 80,
    "EffectiveEchoSpacing": 0.000550007,
    "FlipAngle": 62,
    "ImageComments": "Unaliased_MB2_PE2_LB",
    "ImageOrientationPatientDICOM": [
      0.99968,
      0.0252859,
      -2.16931e-08,
      0.00804794,
      -0.318177,
      -0.947997
    ],
    "ImageType": [
      "ORIGINAL",
      "PRIMARY",
      "M",
      "MB",
      "ND",
      "MOSAIC"
    ],
    "ImagingFrequency": 123.174,
    "InPlanePhaseEncodingDirectionDICOM": "COL",
    "InstitutionAddress": "6th_SE_2021_Minneapolis_Minneapolis_US_55455",
    "InstitutionName": "CMRR_3T-B",
    "InstitutionalDepartmentName": "Research",
    "MRAcquisitionType": "2D",
    "MagneticFieldStrength": 3,
    "Manufacturer": "Siemens",
    "ManufacturersModelName": "Prisma_fit",
    "Modality": "MR",
    "MultibandAccelerationFactor": 2,
    "PartialFourier": 1,
    "PatientPosition": "HFS",
    "PercentPhaseFOV": 100,
    "PhaseEncodingDirection": "j",
    "PhaseEncodingSteps": 80,
    "PhaseResolution": 1,
    "PixelBandwidth": 2230,
    "ProcedureStepDescription": "Kay_vision_pool",
    "ProtocolName": "fMRI_2pt4_1100TR_AP",
    "PulseSequenceDetails": "%CustomerSeq%_cmrr_mbep2d_bold",
    "ReceiveCoilActiveElements": "HEA;HEP",
    "ReceiveCoilName": "Head_32",
    "ReconMatrixPE": 80,
    "RepetitionTime": 1.1,
    "SAR": 0.0411449,
    "ScanOptions": "FS",
    "ScanningSequence": "EP",
    "SequenceName": "epfid2d1_80",
    "SequenceVariant": "SK_SS",
    "SeriesDescription": "fMRI_2pt4_1100TR_AP",
    "SeriesNumber": 26,
    "ShimSetting": [
      -1066,
      -11667,
      -3682,
      557,
      41,
      -36,
      14,
      66
    ],
    "SliceThickness": 2.4,
    "SliceTiming": [
      0,
      0.5775,
      0.0725,
      0.6475,
      0.145,
      0.72,
      0.2175,
      0.7925,
      0.2875,
      0.865,
      0.36,
      0.9375,
      0.4325,
      1.0075,
      0.505,
      0,
      0.5775,
      0.0725,
      0.6475,
      0.145,
      0.72,
      0.2175,
      0.7925,
      0.2875,
      0.865,
      0.36,
      0.9375,
      0.4325,
      1.0075,
      0.505
    ],
    "SoftwareVersions": "syngo_MR_E11",
    "SpacingBetweenSlices": 2.4,
    "StationName": "TRIOB",
    "TotalReadoutTime": 0.0434505,
    "TxRefAmp": 250.578,
    "WipMemBlock": "91bb738d-75d3-419d-9d78-7edf1f5f2a9e||Sequence: R016 ve11c/master r/e634e98; Dec 19 2017 11:00:25 by eja",
    "dataset": "ds002702",
    "modality": "bold",
    "run_id": 3,
    "session_id": "ring3T",
    "subject_id": "01",
    "task_id": "ring"
  },
  "dummy_trs": 4,
  "dvars_nstd": 23.82775408709969,
  "dvars_std": 1.0900928287613294,
  "dvars_vstd": 0.9963974678851959,
  "efc": 0.5798870129490485,
  "fber": 242.24851989746094,
  "fd_mean": 0.06861706925940941,
  "fd_num": 0,
  "fd_perc": 0.0,
  "fwhm_avg": 3.0930026548728953,
  "fwhm_x": 2.9381040499169013,
  "fwhm_y": 3.054333211965036,
  "fwhm_z": 3.2865707027367472,
  "gcor": 0.0133719,
  "gsr_x": -0.008395576849579811,
  "gsr_y": 0.11922452598810196,
  "provenance": {
    "md5sum": "ae31e95d080910e0e366bd9a0fcc6a26",
    "settings": {
      "fd_thres": 0.2,
      "testing": false
    },
    "software": "mriqc",
    "version": "23.0.1",
    "webapi_port": null,
    "webapi_url": "https://mriqc.nimh.nih.gov/api/v1"
  },
  "size_t": 332,
  "size_x": 80,
  "size_y": 80,
  "size_z": 30,
  "snr": 2.277790474048895,
  "spacing_tr": 1.100000023841858,
  "spacing_x": 2.4000000953674316,
  "spacing_y": 2.4000000953674316,
  "spacing_z": 2.4000000953674316,
  "summary_bg_k": 13.524537221714091,
  "summary_bg_mad": 121.83240068730768,
  "summary_bg_mean": 700.570556640625,
  "summary_bg_median": 316.8448791503906,
  "summary_bg_n": 118938.0,
  "summary_bg_p05": 225.46685791015625,
  "summary_bg_p95": 2582.1969116210926,
  "summary_bg_stdv": 893.1844482421875,
  "summary_fg_k": 0.29978681029158905,
  "summary_fg_mad": 2069.971862851313,
  "summary_fg_mean": 5410.4384765625,
  "summary_fg_median": 4940.294921875,
  "summary_fg_n": 36801.0,
  "summary_fg_p05": 2667.620361328125,
  "summary_fg_p95": 9526.583984375,
  "summary_fg_stdv": 2168.868408203125,
  "tsnr": 60.87932998454198
}