{
  "aor": 0.00036570149253731347,
  "aqi": 0.0036360966567164183,
  "bids_meta": {
    "AcquisitionMatrixPE": 80,
    "AcquisitionNumber": 1,
    "AcquisitionTime": "15:36:33.032500",
    "BandwidthPerPixelPhaseEncode": 22.727,
    "BaseResolution": 80,
    "BodyPartExamined": "BRAIN",
    "ConsistencyInfo": "N4_VE11C_LATEST_20160120",
    "ConversionSoftware": "dcm2niix",
    "ConversionSoftwareVersion": "v1.0.20181125  GCC4.3.2",
    "DerivedVendorReportedEchoSpacing": 0.000550007,
    "DeviceSerialNumber": "67010",
    "DwellTime": 2.8e-06,
    "EchoTime": 0.03,
    "EchoTrainLength": 80,
    "EffectiveEchoSpacing": 0.000550007,
    "FlipAngle": 62,
    "ImageComments": "Unaliased_MB2_PE2_LB",
    "ImageOrientationPatientDICOM": [
      0.99968,
      0.0252859,
      -2.16931e-08,
      0.00804794,
      -0.318177,
      -0.947997
    ],
    "ImageType": [
      "ORIGINAL",
      "PRIMARY",
      "M",
      "MB",
      "ND",
      "MOSAIC"
    ],
    "ImagingFrequency": 123.174,
    "InPlanePhaseEncodingDirectionDICOM": "COL",
    "InstitutionAddress": "6th_SE_2021_Minneapolis_Minneapolis_US_55455",
    "InstitutionName": "CMRR_3T-B",
    "InstitutionalDepartmentName": "Research",
    "MRAcquisitionType": "2D",
    "MagneticFieldStrength": 3,
    "Manufacturer": "Siemens",
    "ManufacturersModelName": "Prisma_fit",
    "Modality": "MR",
    "MultibandAccelerationFactor": 2,
    "PartialFourier": 1,
    "PatientPosition": "HFS",
    "PercentPhaseFOV": 100,
    "PhaseEncodingDirection": "j",
    "PhaseEncodingSteps": 80,
    "PhaseResolution": 1,
    "PixelBandwidth": 2230,
    "ProcedureStepDescription": "Kay_vision_pool",
    "ProtocolName": "fMRI_2pt4_1100TR_AP",
    "PulseSequenceDetails": "%CustomerSeq%_cmrr_mbep2d_bold",
    "ReceiveCoilActiveElements": "HEA;HEP",
    "ReceiveCoilName": "Head_32",
    "ReconMatrixPE": 80,
    "RepetitionTime": 1.1,
    "SAR": 0.0411449,
    "ScanOptions": "FS",
    "ScanningSequence": "EP",
    "SequenceName": "epfid2d1_80",
    "SequenceVariant": "SK_SS",
    "SeriesDescription": "fMRI_2pt4_1100TR_AP",
    "SeriesNumber": 32,
    "ShimSetting": [
      -1066,
      -11667,
      -3682,
      557,
      41,
      -36,
      14,
      66
    ],
    "SliceThickness": 2.4,
    "SliceTiming": [
      0,
      0.575,
      0.07,
      0.6475,
      0.1425,
      0.7175,
      0.215,
      0.79,
      0.2875,
      0.8625,
      0.3575,
      0.935,
      0.43,
      1.0075,
      0.5025,
      0,
      0.575,
      0.07,
      0.6475,
      0.1425,
      0.7175,
      0.215,
      0.79,
      0.2875,
      0.8625,
      0.3575,
      0.935,
      0.43,
      1.0075,
      0.5025
    ],
    "SoftwareVersions": "syngo_MR_E11",
    "SpacingBetweenSlices": 2.4,
    "StationName": "TRIOB",
    "TotalReadoutTime": 0.0434505,
    "TxRefAmp": 250.578,
    "WipMemBlock": "625c9dcf-bc46-42a1-bb2e-48f6926d87b8||Sequence: R016 ve11c/master r/e634e98; Dec 19 2017 11:00:25 by eja",
    "dataset": "ds002702",
    "modality": "bold",
    "run_id": 5,
    "session_id": "ring3T",
    "subject_id": "01",
    "task_id": "ring"
  },
  "dummy_trs": 1,
  "dvars_nstd": 24.332614670179638,
  "dvars_std": 1.083418921497006,
  "dvars_vstd": 0.9868273799700602,
  "efc": 0.5799455457396543,
  "fber": 240.0128631591797,
  "fd_mean": 0.06953386360709446,
  "fd_num": 0,
  "fd_perc": 0.0,
  "fwhm_avg": 3.096876265830083,
  "fwhm_x": 2.9518123827055143,
  "fwhm_y": 3.0385373792593726,
  "fwhm_z": 3.3002790355253606,
  "gcor": 0.0109996,
  "gsr_x": -0.006707090884447098,
  "gsr_y": 0.11973682045936584,
  "provenance": {
    "md5sum": "51e072bed9725f59c583ddf852de09b4",
    "settings": {
      "fd_thres": 0.2,
      "testing": false
    },
    "software": "mriqc",
    "version": "23.0.1",
    "webapi_port": null,
    "webapi_url": "https://mriqc.nimh.nih.gov/api/v1"
  },
  "size_t": 335,
  "size_x": 80,
  "size_y": 80,
  "size_z": 30,
  "snr": 2.276983359349097,
  "spacing_tr": 1.100000023841858,
  "spacing_x": 2.4000000953674316,
  "spacing_y": 2.4000000953674316,
  "spacing_z": 2.4000000953674316,
  "summary_bg_k": 13.796701324947108,
  "summary_bg_mad": 124.2818864128601,
  "summary_bg_mean": 707.5274658203125,
  "summary_bg_median": 319.4014892578125,
  "summary_bg_n": 119118.0,
  "summary_bg_p05": 226.44776916503906,
  "summary_bg_p95": 2619.6605346679676,
  "summary_bg_stdv": 907.0992431640625,
  "summary_fg_k": 0.29558863696705107,
  "summary_fg_mad": 2075.488547522271,
  "summary_fg_mean": 5421.47998046875,
  "summary_fg_median": 4951.462890625,
  "summary_fg_n": 36669.0,
  "summary_fg_p05": 2672.201171875,
  "summary_fg_p95": 9543.271289062499,
  "summary_fg_stdv": 2174.541748046875,
  "tsnr": 57.42956965346821
}