{
  "aor": 0.0007269760479041916,
  "aqi": 0.004856349910179641,
  "bids_meta": {
    "AcquisitionMatrixPE": 80,
    "AcquisitionNumber": 1,
    "AcquisitionTime": "15:07:15.387500",
    "BandwidthPerPixelPhaseEncode": 22.727,
    "BaseResolution": 80,
    "BodyPartExamined": "BRAIN",
    "ConsistencyInfo": "N4_VE11C_LATEST_20160120",
    "ConversionSoftware": "dcm2niix",
    "ConversionSoftwareVersion": "v1.0.20181125  GCC4.3.2",
    "DerivedVendorReportedEchoSpacing": 0.000550007,
    "DeviceSerialNumber": "67010",
    "DwellTime": 2.8e-06,
    "EchoTime": 0.03,
    "EchoTrainLength": 80,
    "EffectiveEchoSpacing": 0.000550007,
    "FlipAngle": 62,
    "ImageComments": "Unaliased_MB2_PE2_LB",
    "ImageOrientationPatientDICOM": [
      0.99968,
      0.0252859,
      -2.16931e-08,
      0.00804794,
      -0.318177,
      -0.947997
    ],
    "ImageType": [
      "ORIGINAL",
      "PRIMARY",
      "M",
      "MB",
      "ND",
      "MOSAIC"
    ],
    "ImagingFrequency": 123.174,
    "InPlanePhaseEncodingDirectionDICOM": "COL",
    "InstitutionAddress": "6th_SE_2021_Minneapolis_Minneapolis_US_55455",
    "InstitutionName": "CMRR_3T-B",
    "InstitutionalDepartmentName": "Research",
    "MRAcquisitionType": "2D",
    "MagneticFieldStrength": 3,
    "Manufacturer": "Siemens",
    "ManufacturersModelName": "Prisma_fit",
    "Modality": "MR",
    "MultibandAccelerationFactor": 2,
    "PartialFourier": 1,
    "PatientPosition": "HFS",
    "PercentPhaseFOV": 100,
    "PhaseEncodingDirection": "j",
    "PhaseEncodingSteps": 80,
    "PhaseResolution": 1,
    "PixelBandwidth": 2230,
    "ProcedureStepDescription": "Kay_vision_pool",
    "ProtocolName": "fMRI_2pt4_1100TR_AP",
    "PulseSequenceDetails": "%CustomerSeq%_cmrr_mbep2d_bold",
    "ReceiveCoilActiveElements": "HEA;HEP",
    "ReceiveCoilName": "Head_32",
    "ReconMatrixPE": 80,
    "RepetitionTime": 1.1,
    "SAR": 0.0411449,
    "ScanOptions": "FS",
    "ScanningSequence": "EP",
    "SequenceName": "epfid2d1_80",
    "SequenceVariant": "SK_SS",
    "SeriesDescription": "fMRI_2pt4_1100TR_AP",
    "SeriesNumber": 22,
    "ShimSetting": [
      -1066,
      -11667,
      -3682,
      557,
      41,
      -36,
      14,
      66
    ],
    "SliceThickness": 2.4,
    "SliceTiming": [
      0,
      0.575,
      0.0725,
      0.6475,
      0.145,
      0.72,
      0.215,
      0.7925,
      0.2875,
      0.865,
      0.36,
      0.935,
      0.4325,
      1.0075,
      0.505,
      0,
      0.575,
      0.0725,
      0.6475,
      0.145,
      0.72,
      0.215,
      0.7925,
      0.2875,
      0.865,
      0.36,
      0.935,
      0.4325,
      1.0075,
      0.505
    ],
    "SoftwareVersions": "syngo_MR_E11",
    "SpacingBetweenSlices": 2.4,
    "StationName": "TRIOB",
    "TotalReadoutTime": 0.0434505,
    "TxRefAmp": 250.578,
    "WipMemBlock": "e79921e1-ef75-4eeb-b1a3-1fab1e104fa2||Sequence: R016 ve11c/master r/e634e98; Dec 19 2017 11:00:25 by eja",
    "dataset": "ds002702",
    "modality": "bold",
    "run_id": 1,
    "session_id": "ring3T",
    "subject_id": "01",
    "task_id": "ring"
  },
  "dummy_trs": 2,
  "dvars_nstd": 23.22098601393393,
  "dvars_std": 1.0503857368768768,
  "dvars_vstd": 0.9796779723423418,
  "efc": 0.5796608510398066,
  "fber": 242.43458557128906,
  "fd_mean": 0.07624428524321313,
  "fd_num": 0,
  "fd_perc": 0.0,
  "fwhm_avg": 3.116010987291959,
  "fwhm_x": 2.9788373816316374,
  "fwhm_y": 3.108345709818772,
  "fwhm_z": 3.260849870425468,
  "gcor": 0.00755693,
  "gsr_x": -0.008999974466860294,
  "gsr_y": 0.11986015737056732,
  "provenance": {
    "md5sum": "721619a4a51813b1128a55eea15c49aa",
    "settings": {
      "fd_thres": 0.2,
      "testing": false
    },
    "software": "mriqc",
    "version": "23.0.1",
    "webapi_port": null,
    "webapi_url": "https://mriqc.nimh.nih.gov/api/v1"
  },
  "size_t": 334,
  "size_x": 80,
  "size_y": 80,
  "size_z": 30,
  "snr": 2.2554942051296143,
  "spacing_tr": 1.100000023841858,
  "spacing_x": 2.4000000953674316,
  "spacing_y": 2.4000000953674316,
  "spacing_z": 2.4000000953674316,
  "summary_bg_k": 13.279085913151356,
  "summary_bg_mad": 127.7079607899866,
  "summary_bg_mean": 691.3089599609375,
  "summary_bg_median": 316.9730529785156,
  "summary_bg_n": 118597.0,
  "summary_bg_p05": 220.03294372558594,
  "summary_bg_p95": 2533.301367187499,
  "summary_bg_stdv": 871.8455200195312,
  "summary_fg_k": 0.34338626006765915,
  "summary_fg_mad": 2080.8770971382114,
  "summary_fg_mean": 5415.36865234375,
  "summary_fg_median": 4931.7998046875,
  "summary_fg_n": 37103.0,
  "summary_fg_p05": 2659.936376953125,
  "summary_fg_p95": 9559.334765625003,
  "summary_fg_stdv": 2186.542236328125,
  "tsnr": 51.457230539876036
}