{
  "aor": 0.000360955223880597,
  "aqi": 0.0032418852835820904,
  "bids_meta": {
    "AcquisitionMatrixPE": 80,
    "AcquisitionNumber": 1,
    "AcquisitionTime": "15:43:18.057500",
    "BandwidthPerPixelPhaseEncode": 22.727,
    "BaseResolution": 80,
    "BodyPartExamined": "BRAIN",
    "ConsistencyInfo": "N4_VE11C_LATEST_20160120",
    "ConversionSoftware": "dcm2niix",
    "ConversionSoftwareVersion": "v1.0.20181125  GCC4.3.2",
    "DerivedVendorReportedEchoSpacing": 0.000550007,
    "DeviceSerialNumber": "67010",
    "DwellTime": 2.8e-06,
    "EchoTime": 0.03,
    "EchoTrainLength": 80,
    "EffectiveEchoSpacing": 0.000550007,
    "FlipAngle": 62,
    "ImageComments": "Unaliased_MB2_PE2_LB",
    "ImageOrientationPatientDICOM": [
      0.99968,
      0.0252859,
      -2.16931e-08,
      0.00804794,
      -0.318177,
      -0.947997
    ],
    "ImageType": [
      "ORIGINAL",
      "PRIMARY",
      "M",
      "MB",
      "ND",
      "MOSAIC"
    ],
    "ImagingFrequency": 123.174,
    "InPlanePhaseEncodingDirectionDICOM": "COL",
    "InstitutionAddress": "6th_SE_2021_Minneapolis_Minneapolis_US_55455",
    "InstitutionName": "CMRR_3T-B",
    "InstitutionalDepartmentName": "Research",
    "MRAcquisitionType": "2D",
    "MagneticFieldStrength": 3,
    "Manufacturer": "Siemens",
    "ManufacturersModelName": "Prisma_fit",
    "Modality": "MR",
    "MultibandAccelerationFactor": 2,
    "PartialFourier": 1,
    "PatientPosition": "HFS",
    "PercentPhaseFOV": 100,
    "PhaseEncodingDirection": "j",
    "PhaseEncodingSteps": 80,
    "PhaseResolution": 1,
    "PixelBandwidth": 2230,
    "ProcedureStepDescription": "Kay_vision_pool",
    "ProtocolName": "fMRI_2pt4_1100TR_AP",
    "PulseSequenceDetails": "%CustomerSeq%_cmrr_mbep2d_bold",
    "ReceiveCoilActiveElements": "HEA;HEP",
    "ReceiveCoilName": "Head_32",
    "ReconMatrixPE": 80,
    "RepetitionTime": 1.1,
    "SAR": 0.0411449,
    "ScanOptions": "FS",
    "ScanningSequence": "EP",
    "SequenceName": "epfid2d1_80",
    "SequenceVariant": "SK_SS",
    "SeriesDescription": "fMRI_2pt4_1100TR_AP",
    "SeriesNumber": 34,
    "ShimSetting": [
      -1066,
      -11667,
      -3682,
      557,
      41,
      -36,
      14,
      66
    ],
    "SliceThickness": 2.4,
    "SliceTiming": [
      0,
      0.575,
      0.0725,
      0.6475,
      0.1425,
      0.72,
      0.215,
      0.79,
      0.2875,
      0.8625,
      0.36,
      0.935,
      0.43,
      1.0075,
      0.5025,
      0,
      0.575,
      0.0725,
      0.6475,
      0.1425,
      0.72,
      0.215,
      0.79,
      0.2875,
      0.8625,
      0.36,
      0.935,
      0.43,
      1.0075,
      0.5025
    ],
    "SoftwareVersions": "syngo_MR_E11",
    "SpacingBetweenSlices": 2.4,
    "StationName": "TRIOB",
    "TotalReadoutTime": 0.0434505,
    "TxRefAmp": 250.578,
    "WipMemBlock": "ff846849-a942-4b0f-8a4d-23e6cf4e2577||Sequence: R016 ve11c/master r/e634e98; Dec 19 2017 11:00:25 by eja",
    "dataset": "ds002702",
    "modality": "bold",
    "run_id": 6,
    "session_id": "ring3T",
    "subject_id": "01",
    "task_id": "ring"
  },
  "dummy_trs": 1,
  "dvars_nstd": 24.33339425044911,
  "dvars_std": 1.091947616856287,
  "dvars_vstd": 0.9911649914371261,
  "efc": 0.5807695848386989,
  "fber": 238.4967041015625,
  "fd_mean": 0.06911750885110095,
  "fd_num": 0,
  "fd_perc": 0.0,
  "fwhm_avg": 3.0823165441864115,
  "fwhm_x": 2.9367582166370463,
  "fwhm_y": 3.0312832128809606,
  "fwhm_z": 3.2789082030412273,
  "gcor": 0.013432,
  "gsr_x": -0.006514696404337883,
  "gsr_y": 0.11932632327079773,
  "provenance": {
    "md5sum": "eece71b2c0d8d983e71e424516907cc6",
    "settings": {
      "fd_thres": 0.2,
      "testing": false
    },
    "software": "mriqc",
    "version": "23.0.1",
    "webapi_port": null,
    "webapi_url": "https://mriqc.nimh.nih.gov/api/v1"
  },
  "size_t": 335,
  "size_x": 80,
  "size_y": 80,
  "size_z": 30,
  "snr": 2.276910135650587,
  "spacing_tr": 1.100000023841858,
  "spacing_x": 2.4000000953674316,
  "spacing_y": 2.4000000953674316,
  "spacing_z": 2.4000000953674316,
  "summary_bg_k": 13.757129014977828,
  "summary_bg_mad": 124.87494087389105,
  "summary_bg_mean": 713.2122192382812,
  "summary_bg_median": 320.39105224609375,
  "summary_bg_n": 119199.0,
  "summary_bg_p05": 227.158203125,
  "summary_bg_p95": 2638.707543945311,
  "summary_bg_stdv": 916.1551513671875,
  "summary_fg_k": 0.3074065127424084,
  "summary_fg_mad": 2075.9352103976703,
  "summary_fg_mean": 5424.3408203125,
  "summary_fg_median": 4957.76708984375,
  "summary_fg_n": 36641.0,
  "summary_fg_p05": 2661.1611328125,
  "summary_fg_p95": 9555.3076171875,
  "summary_fg_stdv": 2177.38037109375,
  "tsnr": 58.294266836484894
}