{
  "aor": 0.0003146107784431138,
  "aqi": 0.0030817427544910176,
  "bids_meta": {
    "AcquisitionMatrixPE": 80,
    "AcquisitionNumber": 1,
    "AcquisitionTime": "15:29:39.120000",
    "BandwidthPerPixelPhaseEncode": 22.727,
    "BaseResolution": 80,
    "BodyPartExamined": "BRAIN",
    "ConsistencyInfo": "N4_VE11C_LATEST_20160120",
    "ConversionSoftware": "dcm2niix",
    "ConversionSoftwareVersion": "v1.0.20181125  GCC4.3.2",
    "DerivedVendorReportedEchoSpacing": 0.000550007,
    "DeviceSerialNumber": "67010",
    "DwellTime": 2.8e-06,
    "EchoTime": 0.03,
    "EchoTrainLength": 80,
    "EffectiveEchoSpacing": 0.000550007,
    "FlipAngle": 62,
    "ImageComments": "Unaliased_MB2_PE2_LB",
    "ImageOrientationPatientDICOM": [
      0.99968,
      0.0252859,
      -2.16931e-08,
      0.00804794,
      -0.318177,
      -0.947997
    ],
    "ImageType": [
      "ORIGINAL",
      "PRIMARY",
      "M",
      "MB",
      "ND",
      "MOSAIC"
    ],
    "ImagingFrequency": 123.174,
    "InPlanePhaseEncodingDirectionDICOM": "COL",
    "InstitutionAddress": "6th_SE_2021_Minneapolis_Minneapolis_US_55455",
    "InstitutionName": "CMRR_3T-B",
    "InstitutionalDepartmentName": "Research",
    "MRAcquisitionType": "2D",
    "MagneticFieldStrength": 3,
    "Manufacturer": "Siemens",
    "ManufacturersModelName": "Prisma_fit",
    "Modality": "MR",
    "MultibandAccelerationFactor": 2,
    "PartialFourier": 1,
    "PatientPosition": "HFS",
    "PercentPhaseFOV": 100,
    "PhaseEncodingDirection": "j",
    "PhaseEncodingSteps": 80,
    "PhaseResolution": 1,
    "PixelBandwidth": 2230,
    "ProcedureStepDescription": "Kay_vision_pool",
    "ProtocolName": "fMRI_2pt4_1100TR_AP",
    "PulseSequenceDetails": "%CustomerSeq%_cmrr_mbep2d_bold",
    "ReceiveCoilActiveElements": "HEA;HEP",
    "ReceiveCoilName": "Head_32",
    "ReconMatrixPE": 80,
    "RepetitionTime": 1.1,
    "SAR": 0.0411449,
    "ScanOptions": "FS",
    "ScanningSequence": "EP",
    "SequenceName": "epfid2d1_80",
    "SequenceVariant": "SK_SS",
    "SeriesDescription": "fMRI_2pt4_1100TR_AP",
    "SeriesNumber": 30,
    "ShimSetting": [
      -1066,
      -11667,
      -3682,
      557,
      41,
      -36,
      14,
      66
    ],
    "SliceThickness": 2.4,
    "SliceTiming": [
      0,
      0.575,
      0.0725,
      0.6475,
      0.145,
      0.72,
      0.215,
      0.7925,
      0.2875,
      0.865,
      0.36,
      0.935,
      0.4325,
      1.0075,
      0.505,
      0,
      0.575,
      0.0725,
      0.6475,
      0.145,
      0.72,
      0.215,
      0.7925,
      0.2875,
      0.865,
      0.36,
      0.935,
      0.4325,
      1.0075,
      0.505
    ],
    "SoftwareVersions": "syngo_MR_E11",
    "SpacingBetweenSlices": 2.4,
    "StationName": "TRIOB",
    "TotalReadoutTime": 0.0434505,
    "TxRefAmp": 250.578,
    "WipMemBlock": "1666f6e5-3e4a-4001-97b5-b0ce3e69cc70||Sequence: R016 ve11c/master r/e634e98; Dec 19 2017 11:00:25 by eja",
    "dataset": "ds002702",
    "modality": "bold",
    "run_id": 4,
    "session_id": "ring3T",
    "subject_id": "01",
    "task_id": "ring"
  },
  "dummy_trs": 2,
  "dvars_nstd": 23.702690565645653,
  "dvars_std": 1.0848058932132136,
  "dvars_vstd": 0.9956712006906907,
  "efc": 0.5798201445028166,
  "fber": 241.01364135742188,
  "fd_mean": 0.06938244283009018,
  "fd_num": 0,
  "fd_perc": 0.0,
  "fwhm_avg": 3.1026345989346,
  "fwhm_x": 2.956591549182274,
  "fwhm_y": 3.0539915453119457,
  "fwhm_z": 3.2973207023095807,
  "gcor": 0.0109381,
  "gsr_x": -0.00707280496135354,
  "gsr_y": 0.11940708756446838,
  "provenance": {
    "md5sum": "daae3c06543ba768f6dd54f03bb3f475",
    "settings": {
      "fd_thres": 0.2,
      "testing": false
    },
    "software": "mriqc",
    "version": "23.0.1",
    "webapi_port": null,
    "webapi_url": "https://mriqc.nimh.nih.gov/api/v1"
  },
  "size_t": 334,
  "size_x": 80,
  "size_y": 80,
  "size_z": 30,
  "snr": 2.278203604220138,
  "spacing_tr": 1.100000023841858,
  "spacing_x": 2.4000000953674316,
  "spacing_y": 2.4000000953674316,
  "spacing_z": 2.4000000953674316,
  "summary_bg_k": 13.727351995896655,
  "summary_bg_mad": 123.53095933858084,
  "summary_bg_mean": 704.8650512695312,
  "summary_bg_median": 318.3817443847656,
  "summary_bg_n": 119130.0,
  "summary_bg_p05": 225.97006225585938,
  "summary_bg_p95": 2603.199194335935,
  "summary_bg_stdv": 902.1016235351562,
  "summary_fg_k": 0.2996123683406191,
  "summary_fg_mad": 2069.8060835993415,
  "summary_fg_mean": 5412.85791015625,
  "summary_fg_median": 4941.4013671875,
  "summary_fg_n": 36713.0,
  "summary_fg_p05": 2670.915087890625,
  "summary_fg_p95": 9526.8091796875,
  "summary_fg_stdv": 2168.960693359375,
  "tsnr": 59.67545500374399
}