{
  "aor": 0.00045916666666666664,
  "aqi": 0.034478563690476194,
  "bids_meta": {
    "AcquisitionMatrixPE": 162,
    "AcquisitionNumber": 1,
    "AcquisitionTime": "12:19:11.530000",
    "BandwidthPerPixelPhaseEncode": 18.519,
    "BaseResolution": 200,
    "CoilString": "C:H01-32",
    "ConversionSoftware": "dcm2niix",
    "ConversionSoftwareVersion": "v1.0.20181125  GCC4.3.2",
    "DerivedVendorReportedEchoSpacing": 0.000999974,
    "DeviceSerialNumber": "18912",
    "DwellTime": 2.2e-06,
    "EchoTime": 0.0226,
    "EffectiveEchoSpacing": 0.000333325,
    "FlipAngle": 70,
    "ImageComments": "Unaliased_MB2_PE2",
    "ImageOrientationPatientDICOM": [
      1,
      0,
      -1e-16,
      0,
      -0.538771,
      -0.842452
    ],
    "ImageType": [
      "ORIGINAL",
      "PRIMARY",
      "M",
      "MB",
      "ND",
      "MOSAIC"
    ],
    "ImagingFrequency": 297.278,
    "InPlanePhaseEncodingDirectionDICOM": "COL",
    "InstitutionAddress": "6th_Street_SE_2021_Minneapolis_0735BC_Chicago_US_55455",
    "InstitutionName": "CMRR_7T_PS",
    "InstitutionalDepartmentName": "CMRR",
    "MRAcquisitionType": "2D",
    "MagneticFieldStrength": 6.98,
    "Manufacturer": "Siemens",
    "ManufacturersModelName": "Investigational_Device_7T",
    "Modality": "MR",
    "MultibandAccelerationFactor": 2,
    "ParallelReductionFactorInPlane": 3,
    "PartialFourier": 0.75,
    "PatientPosition": "HFS",
    "PercentPhaseFOV": 81,
    "PhaseEncodingDirection": "j",
    "PhaseEncodingSteps": 123,
    "PhaseResolution": 1,
    "PixelBandwidth": 1136,
    "ProcedureStepDescription": "Ruyuan_fmri",
    "ProtocolName": "eja_ep2d_bold_p8iso_MB2_2sTR_R3_USED",
    "PulseSequenceDetails": "%CustomerSeq%_eja_ep2d_bold",
    "ReceiveCoilName": "VM_8T_32R_Head",
    "ReconMatrixPE": 162,
    "RepetitionTime": 2.2,
    "SAR": 0.00717208,
    "ScanOptions": "PFP",
    "ScanningSequence": "EP",
    "SequenceName": "epfid2d1_162",
    "SequenceVariant": "SK_SS_OSP",
    "SeriesDescription": "eja_ep2d_bold_p8iso_MB2_2sTR_R3_USED",
    "SeriesNumber": 12,
    "ShimSetting": [
      -1329,
      -363,
      1038,
      1214,
      -227,
      592,
      578,
      149
    ],
    "SliceThickness": 0.8,
    "SliceTiming": [
      0,
      1.63,
      1.0525,
      0.4725,
      2.1025,
      1.525,
      0.945,
      0.3675,
      1.9975,
      1.42,
      0.84,
      0.2625,
      1.8925,
      1.315,
      0.735,
      0.1575,
      1.7875,
      1.21,
      0.63,
      0.0525,
      1.6825,
      1.105,
      0.525,
      2.155,
      1.5775,
      1,
      0.42,
      2.05,
      1.4725,
      0.8925,
      0.315,
      1.945,
      1.3675,
      0.7875,
      0.21,
      1.84,
      1.2625,
      0.6825,
      0.105,
      1.735,
      1.1575,
      0.5775,
      0,
      1.63,
      1.0525,
      0.4725,
      2.1025,
      1.525,
      0.945,
      0.3675,
      1.9975,
      1.42,
      0.84,
      0.2625,
      1.8925,
      1.315,
      0.735,
      0.1575,
      1.7875,
      1.21,
      0.63,
      0.0525,
      1.6825,
      1.105,
      0.525,
      2.155,
      1.5775,
      1,
      0.42,
      2.05,
      1.4725,
      0.8925,
      0.315,
      1.945,
      1.3675,
      0.7875,
      0.21,
      1.84,
      1.2625,
      0.6825,
      0.105,
      1.735,
      1.1575,
      0.5775
    ],
    "SoftwareVersions": "syngo_MR_B17",
    "SpacingBetweenSlices": 0.8,
    "StationName": "SEPTET",
    "TotalReadoutTime": 0.0536653,
    "TxRefAmp": 80,
    "dataset": "ds002702",
    "modality": "bold",
    "run_id": 3,
    "session_id": "ring7T",
    "subject_id": "04",
    "task_id": "ring"
  },
  "dummy_trs": 0,
  "dvars_nstd": 131.46875995952092,
  "dvars_std": 1.0142885122754486,
  "dvars_vstd": 1.0030352507185627,
  "efc": 0.7183622624472027,
  "fber": 32.8797607421875,
  "fd_mean": 0.060889913642655905,
  "fd_num": 0,
  "fd_perc": 0.0,
  "fwhm_avg": 3.0054208619667873,
  "fwhm_x": 2.908137456665375,
  "fwhm_y": 3.1519374530324717,
  "fwhm_z": 2.956187676202516,
  "gcor": 0.00149167,
  "gsr_x": 0.025421230122447014,
  "gsr_y": -0.028850223869085312,
  "provenance": {
    "md5sum": "67ef0e8379af5d4e82590b61cd7bbcb3",
    "settings": {
      "fd_thres": 0.2,
      "testing": false
    },
    "software": "mriqc",
    "version": "23.0.1",
    "webapi_port": null,
    "webapi_url": "https://mriqc.nimh.nih.gov/api/v1"
  },
  "size_t": 168,
  "size_x": 200,
  "size_y": 162,
  "size_z": 84,
  "snr": 2.458143578393138,
  "spacing_tr": 2.200000047683716,
  "spacing_x": 0.800000011920929,
  "spacing_y": 0.800000011920929,
  "spacing_z": 0.7999999523162842,
  "summary_bg_k": 35.765260633448875,
  "summary_bg_mad": 30.181551626068188,
  "summary_bg_mean": 206.55332946777344,
  "summary_bg_median": 164.17857360839844,
  "summary_bg_n": 1623388.0,
  "summary_bg_p05": 134.76785278320312,
  "summary_bg_p95": 431.7083435058594,
  "summary_bg_stdv": 129.44749450683594,
  "summary_fg_k": 0.6037118070219236,
  "summary_fg_mad": 393.6661804478819,
  "summary_fg_mean": 1008.3651123046875,
  "summary_fg_median": 964.3869018554688,
  "summary_fg_n": 848135.0,
  "summary_fg_p05": 448.9702453613281,
  "summary_fg_p95": 1702.2238037109366,
  "summary_fg_stdv": 392.3230285644531,
  "tsnr": 10.672780990600586
}