{
  "aor": 0.00046559523809523815,
  "aqi": 0.040866801785714287,
  "bids_meta": {
    "AcquisitionMatrixPE": 162,
    "AcquisitionNumber": 1,
    "AcquisitionTime": "12:50:58.547500",
    "BandwidthPerPixelPhaseEncode": 18.519,
    "BaseResolution": 200,
    "CoilString": "C:H01-32",
    "ConversionSoftware": "dcm2niix",
    "ConversionSoftwareVersion": "v1.0.20181125  GCC4.3.2",
    "DerivedVendorReportedEchoSpacing": 0.000999974,
    "DeviceSerialNumber": "18912",
    "DwellTime": 2.2e-06,
    "EchoTime": 0.0226,
    "EffectiveEchoSpacing": 0.000333325,
    "FlipAngle": 70,
    "ImageComments": "Unaliased_MB2_PE2",
    "ImageOrientationPatientDICOM": [
      1,
      0,
      -1e-16,
      0,
      -0.538771,
      -0.842452
    ],
    "ImageType": [
      "ORIGINAL",
      "PRIMARY",
      "M",
      "MB",
      "ND",
      "MOSAIC"
    ],
    "ImagingFrequency": 297.278,
    "InPlanePhaseEncodingDirectionDICOM": "COL",
    "InstitutionAddress": "6th_Street_SE_2021_Minneapolis_0735BC_Chicago_US_55455",
    "InstitutionName": "CMRR_7T_PS",
    "InstitutionalDepartmentName": "CMRR",
    "MRAcquisitionType": "2D",
    "MagneticFieldStrength": 6.98,
    "Manufacturer": "Siemens",
    "ManufacturersModelName": "Investigational_Device_7T",
    "Modality": "MR",
    "MultibandAccelerationFactor": 2,
    "ParallelReductionFactorInPlane": 3,
    "PartialFourier": 0.75,
    "PatientPosition": "HFS",
    "PercentPhaseFOV": 81,
    "PhaseEncodingDirection": "j",
    "PhaseEncodingSteps": 123,
    "PhaseResolution": 1,
    "PixelBandwidth": 1136,
    "ProcedureStepDescription": "Ruyuan_fmri",
    "ProtocolName": "eja_ep2d_bold_p8iso_MB2_2sTR_R3_USED",
    "PulseSequenceDetails": "%CustomerSeq%_eja_ep2d_bold",
    "ReceiveCoilName": "VM_8T_32R_Head",
    "ReconMatrixPE": 162,
    "RepetitionTime": 2.2,
    "SAR": 0.00714049,
    "ScanOptions": "PFP",
    "ScanningSequence": "EP",
    "SequenceName": "epfid2d1_162",
    "SequenceVariant": "SK_SS_OSP",
    "SeriesDescription": "eja_ep2d_bold_p8iso_MB2_2sTR_R3_USED",
    "SeriesNumber": 24,
    "ShimSetting": [
      -1329,
      -363,
      1038,
      1214,
      -227,
      592,
      578,
      149
    ],
    "SliceThickness": 0.8,
    "SliceTiming": [
      0,
      1.63,
      1.05,
      0.4725,
      2.1025,
      1.5225,
      0.945,
      0.3675,
      1.9975,
      1.4175,
      0.84,
      0.2625,
      1.8925,
      1.3125,
      0.735,
      0.1575,
      1.7875,
      1.2075,
      0.63,
      0.0525,
      1.6825,
      1.1025,
      0.525,
      2.155,
      1.575,
      0.9975,
      0.42,
      2.05,
      1.47,
      0.8925,
      0.315,
      1.945,
      1.365,
      0.7875,
      0.21,
      1.84,
      1.26,
      0.6825,
      0.105,
      1.735,
      1.155,
      0.5775,
      0,
      1.63,
      1.05,
      0.4725,
      2.1025,
      1.5225,
      0.945,
      0.3675,
      1.9975,
      1.4175,
      0.84,
      0.2625,
      1.8925,
      1.3125,
      0.735,
      0.1575,
      1.7875,
      1.2075,
      0.63,
      0.0525,
      1.6825,
      1.1025,
      0.525,
      2.155,
      1.575,
      0.9975,
      0.42,
      2.05,
      1.47,
      0.8925,
      0.315,
      1.945,
      1.365,
      0.7875,
      0.21,
      1.84,
      1.26,
      0.6825,
      0.105,
      1.735,
      1.155,
      0.5775
    ],
    "SoftwareVersions": "syngo_MR_B17",
    "SpacingBetweenSlices": 0.8,
    "StationName": "SEPTET",
    "TotalReadoutTime": 0.0536653,
    "TxRefAmp": 80,
    "dataset": "ds002702",
    "modality": "bold",
    "run_id": 7,
    "session_id": "ring7T",
    "subject_id": "04",
    "task_id": "ring"
  },
  "dummy_trs": 0,
  "dvars_nstd": 129.98109043131737,
  "dvars_std": 1.0054745533532932,
  "dvars_vstd": 0.996945018922156,
  "efc": 0.7234549085744764,
  "fber": 31.838836669921875,
  "fd_mean": 0.0919216722425016,
  "fd_num": 5,
  "fd_perc": 2.9761904761904763,
  "fwhm_avg": 3.032429195614474,
  "fwhm_x": 2.9401999561876067,
  "fwhm_y": 3.1720374527329587,
  "fwhm_z": 2.9850501779228558,
  "gcor": 0.00158339,
  "gsr_x": 0.02745378576219082,
  "gsr_y": -0.027244582772254944,
  "provenance": {
    "md5sum": "06addc7a8b2968e7dc030ec5f206d049",
    "settings": {
      "fd_thres": 0.2,
      "testing": false
    },
    "software": "mriqc",
    "version": "23.0.1",
    "webapi_port": null,
    "webapi_url": "https://mriqc.nimh.nih.gov/api/v1"
  },
  "size_t": 168,
  "size_x": 200,
  "size_y": 162,
  "size_z": 84,
  "snr": 2.5255460986150586,
  "spacing_tr": 2.200000047683716,
  "spacing_x": 0.800000011920929,
  "spacing_y": 0.800000011920929,
  "spacing_z": 0.7999999523162842,
  "summary_bg_k": 38.31290425574013,
  "summary_bg_mad": 30.997869656655286,
  "summary_bg_mean": 208.26698303222656,
  "summary_bg_median": 167.55059814453125,
  "summary_bg_n": 1607686.0,
  "summary_bg_p05": 137.58334350585938,
  "summary_bg_p95": 423.625,
  "summary_bg_stdv": 124.97879791259766,
  "summary_fg_k": 0.6814389515591559,
  "summary_fg_mad": 381.8935912864486,
  "summary_fg_mean": 1009.0308837890625,
  "summary_fg_median": 967.827392578125,
  "summary_fg_n": 861148.0,
  "summary_fg_p05": 460.9068679809571,
  "summary_fg_p95": 1687.8908508300776,
  "summary_fg_stdv": 383.2148742675781,
  "tsnr": 10.194755733013153
}