{
  "bids_meta": {
    "AcquisitionMatrixPE": 300,
    "AcquisitionNumber": 1,
    "AcquisitionTime": "15:27:32.045000",
    "BaseResolution": 320,
    "BodyPartExamined": "BRAIN",
    "ConsistencyInfo": "N4_VE11B_LATEST_20150530",
    "ConversionSoftware": "dcm2niix",
    "ConversionSoftwareVersion": "v1.0.20181125  GCC4.3.2",
    "DeviceSerialNumber": "67055",
    "DwellTime": 7.1e-06,
    "EchoTime": 0.00222,
    "FlipAngle": 8,
    "ImageOrientationPatientDICOM": [
      -0.05766,
      0.995205,
      0.0790049,
      -0.0662029,
      0.0751508,
      -0.994972
    ],
    "ImageType": [
      "ORIGINAL",
      "PRIMARY",
      "M",
      "ND",
      "NORM"
    ],
    "ImagingFrequency": 123.235,
    "InPlanePhaseEncodingDirectionDICOM": "ROW",
    "InstitutionAddress": "6th_SE_2021_Minneapolis_Minnesota_US_55455",
    "InstitutionName": "CMRR_3T-A",
    "InstitutionalDepartmentName": "Research",
    "InversionTime": 1,
    "MRAcquisitionType": "3D",
    "MagneticFieldStrength": 3,
    "Manufacturer": "Siemens",
    "ManufacturersModelName": "Prisma_fit",
    "Modality": "MR",
    "PartialFourier": 1,
    "PatientPosition": "HFS",
    "PercentPhaseFOV": 93.75,
    "PhaseEncodingSteps": 299,
    "PhaseResolution": 1,
    "PixelBandwidth": 220,
    "ProcedureStepDescription": "VisionPool_VisionPool",
    "ProtocolName": "T1w_MPR",
    "PulseSequenceDetails": "%SiemensSeq%_tfl",
    "ReceiveCoilActiveElements": "HEA;HEP",
    "ReceiveCoilName": "Head_32",
    "ReconMatrixPE": 320,
    "RepetitionTime": 2.4,
    "SAR": 0.0576234,
    "ScanOptions": "IR_WE",
    "ScanningSequence": "GR_IR",
    "SequenceName": "_tfl3d1_16ns",
    "SequenceVariant": "SK_SP_MP",
    "SeriesDescription": "T1w_MPR",
    "SeriesNumber": 24,
    "ShimSetting": [
      5247,
      -10071,
      -11151,
      425,
      -19,
      145,
      120,
      26
    ],
    "SliceThickness": 0.8,
    "SoftwareVersions": "syngo_MR_E11",
    "StationName": "TRIO",
    "TxRefAmp": 270.07,
    "dataset": "ds002702",
    "modality": "T1w",
    "run_id": 4,
    "session_id": "anatomicals",
    "subject_id": "08"
  },
  "cjv": 0.3335571836133688,
  "cnr": 3.9438496847454267,
  "efc": 0.596893496960094,
  "fber": 41065.83044982699,
  "fwhm_avg": 4.427704212434099,
  "fwhm_x": 4.49946276818888,
  "fwhm_y": 4.330599935469032,
  "fwhm_z": 4.453049933644385,
  "icvs_csf": 0.20209551191493821,
  "icvs_gm": 0.43918424270863915,
  "icvs_wm": 0.3587202453764226,
  "inu_med": 0.4030516445636749,
  "inu_range": 0.13399624824523926,
  "provenance": {
    "md5sum": "e06c9cdc724302a9757f5aef0fbb3625",
    "settings": {
      "testing": false
    },
    "software": "mriqc",
    "version": "23.0.1",
    "warnings": {
      "large_rot_frame": true,
      "small_air_mask": false
    },
    "webapi_port": null,
    "webapi_url": "https://mriqc.nimh.nih.gov/api/v1"
  },
  "qi_1": 0.0,
  "qi_2": 0.001840352066513387,
  "rpve_csf": 21.144936507563806,
  "rpve_gm": 10.41719694938639,
  "rpve_wm": 14.46255496640891,
  "size_x": 208,
  "size_y": 300,
  "size_z": 320,
  "snr_csf": 2.5292433519817954,
  "snr_gm": 13.76239628402874,
  "snr_total": 14.442461608448305,
  "snr_wm": 27.035745189334378,
  "snrd_csf": 42.39831894316999,
  "snrd_gm": 112.13835942361496,
  "snrd_total": 101.9122571597078,
  "snrd_wm": 151.2000931123385,
  "spacing_x": 0.7999999523162842,
  "spacing_y": 0.800000011920929,
  "spacing_z": 0.800000011920929,
  "summary_bg_k": 15.249197695325211,
  "summary_bg_mad": 0.0,
  "summary_bg_mean": 2.5039778167202544,
  "summary_bg_median": 0.0,
  "summary_bg_n": 5133290.0,
  "summary_bg_p05": 0.0,
  "summary_bg_p95": 11.225144593045115,
  "summary_bg_stdv": 4.3330170299335355,
  "summary_csf_k": 0.8106851941946345,
  "summary_csf_mad": 93.32559459777343,
  "summary_csf_mean": 292.82780623175717,
  "summary_csf_median": 280.41891432274133,
  "summary_csf_n": 105796.0,
  "summary_csf_p05": 114.43479823041707,
  "summary_csf_p95": 496.6756422710605,
  "summary_csf_stdv": 110.87014969066477,
  "summary_gm_k": 0.42707261220181714,
  "summary_gm_mad": 50.329617153257395,
  "summary_gm_mean": 741.8323803005227,
  "summary_gm_median": 741.6736745070666,
  "summary_gm_n": 129798.0,
  "summary_gm_p05": 653.944852149114,
  "summary_gm_p95": 831.8942322582006,
  "summary_gm_stdv": 53.89111039709204,
  "summary_wm_k": 0.3680887387754752,
  "summary_wm_mad": 35.845221519035064,
  "summary_wm_mean": 998.921198124739,
  "summary_wm_median": 1000.024694679305,
  "summary_wm_n": 498605.0,
  "summary_wm_p05": 937.1885556057096,
  "summary_wm_p95": 1057.112572895363,
  "summary_wm_stdv": 36.988945000515194,
  "tpm_overlap_csf": 0.15633273966123046,
  "tpm_overlap_gm": 0.47545957635509584,
  "tpm_overlap_wm": 0.5285122717568332,
  "wm2max": 0.800596464610633
}