{
  "bids_meta": {
    "AcquisitionMatrixPE": 300,
    "AcquisitionNumber": 1,
    "AcquisitionTime": "15:54:40.072500",
    "BaseResolution": 320,
    "BodyPartExamined": "BRAIN",
    "ConsistencyInfo": "N4_VE11B_LATEST_20150530",
    "ConversionSoftware": "dcm2niix",
    "ConversionSoftwareVersion": "v1.0.20181125  GCC4.3.2",
    "DeviceSerialNumber": "67055",
    "DwellTime": 7.1e-06,
    "EchoTime": 0.00222,
    "FlipAngle": 8,
    "ImageOrientationPatientDICOM": [
      -0.05766,
      0.995205,
      0.0790049,
      -0.0662029,
      0.0751508,
      -0.994972
    ],
    "ImageType": [
      "ORIGINAL",
      "PRIMARY",
      "M",
      "ND",
      "NORM"
    ],
    "ImagingFrequency": 123.235,
    "InPlanePhaseEncodingDirectionDICOM": "ROW",
    "InstitutionAddress": "6th_SE_2021_Minneapolis_Minnesota_US_55455",
    "InstitutionName": "CMRR_3T-A",
    "InstitutionalDepartmentName": "Research",
    "InversionTime": 1,
    "MRAcquisitionType": "3D",
    "MagneticFieldStrength": 3,
    "Manufacturer": "Siemens",
    "ManufacturersModelName": "Prisma_fit",
    "Modality": "MR",
    "PartialFourier": 1,
    "PatientPosition": "HFS",
    "PercentPhaseFOV": 93.75,
    "PhaseEncodingSteps": 299,
    "PhaseResolution": 1,
    "PixelBandwidth": 220,
    "ProcedureStepDescription": "VisionPool_VisionPool",
    "ProtocolName": "T1w_MPR",
    "PulseSequenceDetails": "%SiemensSeq%_tfl",
    "ReceiveCoilActiveElements": "HEA;HEP",
    "ReceiveCoilName": "Head_32",
    "ReconMatrixPE": 320,
    "RepetitionTime": 2.4,
    "SAR": 0.0576234,
    "ScanOptions": "IR_WE",
    "ScanningSequence": "GR_IR",
    "SequenceName": "_tfl3d1_16ns",
    "SequenceVariant": "SK_SP_MP",
    "SeriesDescription": "T1w_MPR",
    "SeriesNumber": 32,
    "ShimSetting": [
      5247,
      -10071,
      -11151,
      425,
      -19,
      145,
      120,
      26
    ],
    "SliceThickness": 0.8,
    "SoftwareVersions": "syngo_MR_E11",
    "StationName": "TRIO",
    "TxRefAmp": 270.07,
    "dataset": "ds002702",
    "modality": "T1w",
    "run_id": 8,
    "session_id": "anatomicals",
    "subject_id": "08"
  },
  "cjv": 0.34173805055530554,
  "cnr": 3.8856217326088394,
  "efc": 0.5974974482082055,
  "fber": 38512.552899408285,
  "fwhm_avg": 4.390616712008547,
  "fwhm_x": 4.460075265841202,
  "fwhm_y": 4.2946624360045424,
  "fwhm_z": 4.417112434179896,
  "icvs_csf": 0.19883049004405026,
  "icvs_gm": 0.4366014648393396,
  "icvs_wm": 0.3645680451166101,
  "inu_med": 0.39099016785621643,
  "inu_range": 0.12992962002754216,
  "provenance": {
    "md5sum": "bbf994aa99ef9ab68e5137ff7b09198c",
    "settings": {
      "testing": false
    },
    "software": "mriqc",
    "version": "23.0.1",
    "warnings": {
      "large_rot_frame": true,
      "small_air_mask": false
    },
    "webapi_port": null,
    "webapi_url": "https://mriqc.nimh.nih.gov/api/v1"
  },
  "qi_1": 0.0,
  "qi_2": 0.001481850483084682,
  "rpve_csf": 21.534799709173743,
  "rpve_gm": 10.451214604492668,
  "rpve_wm": 14.209828540279227,
  "size_x": 208,
  "size_y": 300,
  "size_z": 320,
  "snr_csf": 2.5987678571024384,
  "snr_gm": 13.86817695602184,
  "snr_total": 14.269632148336447,
  "snr_wm": 26.341951631885063,
  "snrd_csf": 40.74734699010117,
  "snrd_gm": 106.28987332030313,
  "snrd_total": 96.63263278696229,
  "snrd_wm": 142.8606780504826,
  "spacing_x": 0.7999999523162842,
  "spacing_y": 0.800000011920929,
  "spacing_z": 0.800000011920929,
  "summary_bg_k": 16.202484209265016,
  "summary_bg_mad": 0.0,
  "summary_bg_mean": 2.6399507490558234,
  "summary_bg_median": 0.0,
  "summary_bg_n": 5221007.0,
  "summary_bg_p05": 0.0,
  "summary_bg_p95": 12.015372272580862,
  "summary_bg_stdv": 4.5859530017615935,
  "summary_csf_k": 0.9292128398934816,
  "summary_csf_mad": 90.87312615485362,
  "summary_csf_mean": 296.3507752606027,
  "summary_csf_median": 285.2313170861453,
  "summary_csf_n": 103308.0,
  "summary_csf_p05": 117.08907311782241,
  "summary_csf_p95": 497.12994712404907,
  "summary_csf_stdv": 109.75583517908053,
  "summary_gm_k": 0.38687414795245,
  "summary_gm_mad": 50.7735562008071,
  "summary_gm_mean": 743.8380888685851,
  "summary_gm_median": 744.0288214944303,
  "summary_gm_n": 125440.0,
  "summary_gm_p05": 656.0052744206041,
  "summary_gm_p95": 832.8550148941576,
  "summary_gm_stdv": 53.64986747514371,
  "summary_wm_k": 0.3881889027624408,
  "summary_wm_mad": 36.70985810541309,
  "summary_wm_mean": 998.9881478304015,
  "summary_wm_median": 1000.0243542250246,
  "summary_wm_n": 503639.0,
  "summary_wm_p05": 935.8126481529325,
  "summary_wm_p95": 1059.0796657186002,
  "summary_wm_stdv": 37.963146216368784,
  "tpm_overlap_csf": 0.15510994280472576,
  "tpm_overlap_gm": 0.471322310545553,
  "tpm_overlap_wm": 0.5272008248850476,
  "wm2max": 0.8336374442323865
}