{
  "bids_meta": {
    "AcquisitionMatrixPE": 300,
    "AcquisitionNumber": 1,
    "AcquisitionTime": "15:14:13.932500",
    "BaseResolution": 320,
    "BodyPartExamined": "BRAIN",
    "ConsistencyInfo": "N4_VE11B_LATEST_20150530",
    "ConversionSoftware": "dcm2niix",
    "ConversionSoftwareVersion": "v1.0.20181125  GCC4.3.2",
    "DeviceSerialNumber": "67055",
    "DwellTime": 7.1e-06,
    "EchoTime": 0.00222,
    "FlipAngle": 8,
    "ImageOrientationPatientDICOM": [
      -0.05766,
      0.995205,
      0.0790049,
      -0.0662029,
      0.0751508,
      -0.994972
    ],
    "ImageType": [
      "ORIGINAL",
      "PRIMARY",
      "M",
      "ND",
      "NORM"
    ],
    "ImagingFrequency": 123.235,
    "InPlanePhaseEncodingDirectionDICOM": "ROW",
    "InstitutionAddress": "6th_SE_2021_Minneapolis_Minnesota_US_55455",
    "InstitutionName": "CMRR_3T-A",
    "InstitutionalDepartmentName": "Research",
    "InversionTime": 1,
    "MRAcquisitionType": "3D",
    "MagneticFieldStrength": 3,
    "Manufacturer": "Siemens",
    "ManufacturersModelName": "Prisma_fit",
    "Modality": "MR",
    "PartialFourier": 1,
    "PatientPosition": "HFS",
    "PercentPhaseFOV": 93.75,
    "PhaseEncodingSteps": 299,
    "PhaseResolution": 1,
    "PixelBandwidth": 220,
    "ProcedureStepDescription": "VisionPool_VisionPool",
    "ProtocolName": "T1w_MPR",
    "PulseSequenceDetails": "%SiemensSeq%_tfl",
    "ReceiveCoilActiveElements": "HEA;HEP",
    "ReceiveCoilName": "Head_32",
    "ReconMatrixPE": 320,
    "RepetitionTime": 2.4,
    "SAR": 0.0576234,
    "ScanOptions": "IR_WE",
    "ScanningSequence": "GR_IR",
    "SequenceName": "_tfl3d1_16ns",
    "SequenceVariant": "SK_SP_MP",
    "SeriesDescription": "T1w_MPR",
    "SeriesNumber": 20,
    "ShimSetting": [
      5247,
      -10071,
      -11151,
      425,
      -19,
      145,
      120,
      26
    ],
    "SliceThickness": 0.8,
    "SoftwareVersions": "syngo_MR_E11",
    "StationName": "TRIO",
    "TxRefAmp": 270.07,
    "dataset": "ds002702",
    "modality": "T1w",
    "run_id": 2,
    "session_id": "anatomicals",
    "subject_id": "08"
  },
  "cjv": 0.33356754998435967,
  "cnr": 3.931359911013237,
  "efc": 0.5972933258588301,
  "fber": 38977.58591311134,
  "fwhm_avg": 4.455866712439749,
  "fwhm_x": 4.516587769209609,
  "fwhm_y": 4.379774934736268,
  "fwhm_z": 4.47123743337337,
  "icvs_csf": 0.20182535214281846,
  "icvs_gm": 0.4395624705189485,
  "icvs_wm": 0.35861217733823303,
  "inu_med": 0.41172243654727936,
  "inu_range": 0.13955057412385935,
  "provenance": {
    "md5sum": "eea91106a3c036c71600082c4c02c31b",
    "settings": {
      "testing": false
    },
    "software": "mriqc",
    "version": "23.0.1",
    "warnings": {
      "large_rot_frame": true,
      "small_air_mask": false
    },
    "webapi_port": null,
    "webapi_url": "https://mriqc.nimh.nih.gov/api/v1"
  },
  "qi_1": 0.0,
  "qi_2": 0.0018320170190187883,
  "rpve_csf": 21.220727783704124,
  "rpve_gm": 10.403491106884063,
  "rpve_wm": 14.444126630074278,
  "size_x": 208,
  "size_y": 300,
  "size_z": 320,
  "snr_csf": 2.5291684123317433,
  "snr_gm": 13.74324644159122,
  "snr_total": 14.404724185851563,
  "snr_wm": 26.94175770363173,
  "snrd_csf": 42.975240763921896,
  "snrd_gm": 113.64716837141923,
  "snrd_total": 103.26872877857569,
  "snrd_wm": 153.18377720038595,
  "spacing_x": 0.7999999523162842,
  "spacing_y": 0.800000011920929,
  "spacing_z": 0.800000011920929,
  "summary_bg_k": 16.82461307906047,
  "summary_bg_mad": 0.0,
  "summary_bg_mean": 2.471694055449704,
  "summary_bg_median": 0.0,
  "summary_bg_n": 5114973.0,
  "summary_bg_p05": 0.0,
  "summary_bg_p95": 10.274486470967531,
  "summary_bg_stdv": 4.277014052066458,
  "summary_csf_k": 0.8085391707893308,
  "summary_csf_mad": 93.58458759258441,
  "summary_csf_mean": 292.54629677708465,
  "summary_csf_median": 280.5609772838652,
  "summary_csf_n": 108238.0,
  "summary_csf_p05": 113.76931369677186,
  "summary_csf_p95": 497.27889550719397,
  "summary_csf_stdv": 110.92961618355865,
  "summary_gm_k": 0.432950963849414,
  "summary_gm_mad": 50.18357687142942,
  "summary_gm_mean": 742.3902877983485,
  "summary_gm_median": 741.9379172064364,
  "summary_gm_n": 133242.0,
  "summary_gm_p05": 654.7172765806317,
  "summary_gm_p95": 833.8333241827786,
  "summary_gm_stdv": 53.985434677322196,
  "summary_wm_k": 0.35291530395970927,
  "summary_wm_mad": 35.914243713748235,
  "summary_wm_mean": 999.3948754427691,
  "summary_wm_median": 1000.0500165075064,
  "summary_wm_n": 499743.0,
  "summary_wm_p05": 937.8781239204109,
  "summary_wm_p95": 1059.07206652686,
  "summary_wm_stdv": 37.11892248989729,
  "tpm_overlap_csf": 0.15901829407833634,
  "tpm_overlap_gm": 0.47760705109672236,
  "tpm_overlap_wm": 0.5281060349065809,
  "wm2max": 0.7871549085303664
}