{
  "bids_meta": {
    "AcquisitionMatrixPE": 300,
    "AcquisitionNumber": 1,
    "AcquisitionTime": "16:07:7.977500",
    "BaseResolution": 320,
    "BodyPartExamined": "BRAIN",
    "ConsistencyInfo": "N4_VE11B_LATEST_20150530",
    "ConversionSoftware": "dcm2niix",
    "ConversionSoftwareVersion": "v1.0.20181125  GCC4.3.2",
    "DeviceSerialNumber": "67055",
    "DwellTime": 7.1e-06,
    "EchoTime": 0.00222,
    "FlipAngle": 8,
    "ImageOrientationPatientDICOM": [
      -0.05766,
      0.995205,
      0.0790049,
      -0.0662029,
      0.0751508,
      -0.994972
    ],
    "ImageType": [
      "ORIGINAL",
      "PRIMARY",
      "M",
      "ND",
      "NORM"
    ],
    "ImagingFrequency": 123.235,
    "InPlanePhaseEncodingDirectionDICOM": "ROW",
    "InstitutionAddress": "6th_SE_2021_Minneapolis_Minnesota_US_55455",
    "InstitutionName": "CMRR_3T-A",
    "InstitutionalDepartmentName": "Research",
    "InversionTime": 1,
    "MRAcquisitionType": "3D",
    "MagneticFieldStrength": 3,
    "Manufacturer": "Siemens",
    "ManufacturersModelName": "Prisma_fit",
    "Modality": "MR",
    "PartialFourier": 1,
    "PatientPosition": "HFS",
    "PercentPhaseFOV": 93.75,
    "PhaseEncodingSteps": 299,
    "PhaseResolution": 1,
    "PixelBandwidth": 220,
    "ProcedureStepDescription": "VisionPool_VisionPool",
    "ProtocolName": "T1w_MPR",
    "PulseSequenceDetails": "%SiemensSeq%_tfl",
    "ReceiveCoilActiveElements": "HEA;HEP",
    "ReceiveCoilName": "Head_32",
    "ReconMatrixPE": 320,
    "RepetitionTime": 2.4,
    "SAR": 0.0576234,
    "ScanOptions": "IR_WE",
    "ScanningSequence": "GR_IR",
    "SequenceName": "_tfl3d1_16ns",
    "SequenceVariant": "SK_SP_MP",
    "SeriesDescription": "T1w_MPR",
    "SeriesNumber": 58,
    "ShimSetting": [
      5247,
      -10071,
      -11151,
      425,
      -19,
      145,
      120,
      26
    ],
    "SliceThickness": 0.8,
    "SoftwareVersions": "syngo_MR_E11",
    "StationName": "TRIO",
    "TxRefAmp": 270.07,
    "dataset": "ds002702",
    "modality": "T1w",
    "run_id": 9,
    "session_id": "anatomicals",
    "subject_id": "08"
  },
  "cjv": 0.33583845282820274,
  "cnr": 3.9116425978488953,
  "efc": 0.5981381222913811,
  "fber": 41412.25,
  "fwhm_avg": 4.427437545582348,
  "fwhm_x": 4.491850267735139,
  "fwhm_y": 4.345924935240672,
  "fwhm_z": 4.444537433771231,
  "icvs_csf": 0.20323447076181733,
  "icvs_gm": 0.4379734570969183,
  "icvs_wm": 0.35879207214126435,
  "inu_med": 0.40086327493190765,
  "inu_range": 0.13070913553237917,
  "provenance": {
    "md5sum": "58b7a67e6a3e3aa7d8d9df52f8e0760c",
    "settings": {
      "testing": false
    },
    "software": "mriqc",
    "version": "23.0.1",
    "warnings": {
      "large_rot_frame": true,
      "small_air_mask": false
    },
    "webapi_port": null,
    "webapi_url": "https://mriqc.nimh.nih.gov/api/v1"
  },
  "qi_1": 0.0,
  "qi_2": 0.0019091220240959295,
  "rpve_csf": 21.05835763661562,
  "rpve_gm": 10.394547652003075,
  "rpve_wm": 14.380033311681949,
  "size_x": 208,
  "size_y": 300,
  "size_z": 320,
  "snr_csf": 2.5004595011737694,
  "snr_gm": 13.69655419160463,
  "snr_total": 14.240737682815436,
  "snr_wm": 26.525199355667908,
  "snrd_csf": 42.603827800894734,
  "snrd_gm": 113.19983677658593,
  "snrd_total": 102.8278706478825,
  "snrd_wm": 152.67994736616689,
  "spacing_x": 0.7999999523162842,
  "spacing_y": 0.800000011920929,
  "spacing_z": 0.800000011920929,
  "summary_bg_k": 16.02278407526054,
  "summary_bg_mad": 0.0,
  "summary_bg_mean": 2.503644244252782,
  "summary_bg_median": 0.0,
  "summary_bg_n": 5199951.0,
  "summary_bg_p05": 0.0,
  "summary_bg_p95": 11.217022877186537,
  "summary_bg_stdv": 4.291119747325118,
  "summary_csf_k": 0.8860925248293818,
  "summary_csf_mad": 93.21579485658701,
  "summary_csf_mean": 292.91545535578825,
  "summary_csf_median": 279.05353265069425,
  "summary_csf_n": 112528.0,
  "summary_csf_p05": 116.02999190138654,
  "summary_csf_p95": 499.1406684296203,
  "summary_csf_stdv": 111.60040488063417,
  "summary_gm_k": 0.46225076609157423,
  "summary_gm_mad": 50.4621492830069,
  "summary_gm_mean": 741.2138481213618,
  "summary_gm_median": 741.4548405278474,
  "summary_gm_n": 133604.0,
  "summary_gm_p05": 651.863082697615,
  "summary_gm_p95": 830.9503148999065,
  "summary_gm_stdv": 54.13420451067686,
  "summary_wm_k": 0.3920140291876293,
  "summary_wm_mad": 36.38342375815102,
  "summary_wm_mean": 998.8184794556518,
  "summary_wm_median": 1000.0481383167207,
  "summary_wm_n": 500754.0,
  "summary_wm_p05": 935.8511425796896,
  "summary_wm_p95": 1058.588480886072,
  "summary_wm_stdv": 37.70177657723034,
  "tpm_overlap_csf": 0.15683821958551508,
  "tpm_overlap_gm": 0.4777464752616079,
  "tpm_overlap_wm": 0.5280287579799796,
  "wm2max": 0.8367774336678839
}