{
  "bids_meta": {
    "AcquisitionMatrixPE": 300,
    "AcquisitionNumber": 1,
    "AcquisitionTime": "15:41:22.047500",
    "BaseResolution": 320,
    "BodyPartExamined": "BRAIN",
    "ConsistencyInfo": "N4_VE11B_LATEST_20150530",
    "ConversionSoftware": "dcm2niix",
    "ConversionSoftwareVersion": "v1.0.20181125  GCC4.3.2",
    "DeviceSerialNumber": "67055",
    "DwellTime": 7.1e-06,
    "EchoTime": 0.00222,
    "FlipAngle": 8,
    "ImageOrientationPatientDICOM": [
      -0.05766,
      0.995205,
      0.0790049,
      -0.0662029,
      0.0751508,
      -0.994972
    ],
    "ImageType": [
      "ORIGINAL",
      "PRIMARY",
      "M",
      "ND",
      "NORM"
    ],
    "ImagingFrequency": 123.235,
    "InPlanePhaseEncodingDirectionDICOM": "ROW",
    "InstitutionAddress": "6th_SE_2021_Minneapolis_Minnesota_US_55455",
    "InstitutionName": "CMRR_3T-A",
    "InstitutionalDepartmentName": "Research",
    "InversionTime": 1,
    "MRAcquisitionType": "3D",
    "MagneticFieldStrength": 3,
    "Manufacturer": "Siemens",
    "ManufacturersModelName": "Prisma_fit",
    "Modality": "MR",
    "PartialFourier": 1,
    "PatientPosition": "HFS",
    "PercentPhaseFOV": 93.75,
    "PhaseEncodingSteps": 299,
    "PhaseResolution": 1,
    "PixelBandwidth": 220,
    "ProcedureStepDescription": "VisionPool_VisionPool",
    "ProtocolName": "T1w_MPR",
    "PulseSequenceDetails": "%SiemensSeq%_tfl",
    "ReceiveCoilActiveElements": "HEA;HEP",
    "ReceiveCoilName": "Head_32",
    "ReconMatrixPE": 320,
    "RepetitionTime": 2.4,
    "SAR": 0.0576234,
    "ScanOptions": "IR_WE",
    "ScanningSequence": "GR_IR",
    "SequenceName": "_tfl3d1_16ns",
    "SequenceVariant": "SK_SP_MP",
    "SeriesDescription": "T1w_MPR",
    "SeriesNumber": 28,
    "ShimSetting": [
      5247,
      -10071,
      -11151,
      425,
      -19,
      145,
      120,
      26
    ],
    "SliceThickness": 0.8,
    "SoftwareVersions": "syngo_MR_E11",
    "StationName": "TRIO",
    "TxRefAmp": 270.07,
    "dataset": "ds002702",
    "modality": "T1w",
    "run_id": 6,
    "session_id": "anatomicals",
    "subject_id": "08"
  },
  "cjv": 0.346399732822604,
  "cnr": 3.867715962744753,
  "efc": 0.5988849481413845,
  "fber": 37526.9541015625,
  "fwhm_avg": 4.441604212048469,
  "fwhm_x": 4.492275267760472,
  "fwhm_y": 4.370462434875035,
  "fwhm_z": 4.462074933509902,
  "icvs_csf": 0.1999390986826248,
  "icvs_gm": 0.4350204541607462,
  "icvs_wm": 0.365040447156629,
  "inu_med": 0.4034969061613083,
  "inu_range": 0.13477545976638794,
  "provenance": {
    "md5sum": "e0cd2fc1e0a9c5a8529ef85505a30d6b",
    "settings": {
      "testing": false
    },
    "software": "mriqc",
    "version": "23.0.1",
    "warnings": {
      "large_rot_frame": true,
      "small_air_mask": false
    },
    "webapi_port": null,
    "webapi_url": "https://mriqc.nimh.nih.gov/api/v1"
  },
  "qi_1": 0.0,
  "qi_2": 0.0013938634043416968,
  "rpve_csf": 21.420455552792884,
  "rpve_gm": 10.463382476072256,
  "rpve_wm": 14.16362782270721,
  "size_x": 208,
  "size_y": 300,
  "size_z": 320,
  "snr_csf": 2.5741778871846455,
  "snr_gm": 13.832132652153627,
  "snr_total": 14.075603389824517,
  "snr_wm": 25.82049963013528,
  "snrd_csf": 38.690878269218935,
  "snrd_gm": 100.93781120415943,
  "snrd_total": 91.81703872565522,
  "snrd_wm": 135.82242670358735,
  "spacing_x": 0.7999999523162842,
  "spacing_y": 0.800000011920929,
  "spacing_z": 0.800000011920929,
  "summary_bg_k": 16.42831031048363,
  "summary_bg_mad": 0.0,
  "summary_bg_mean": 2.772956155622077,
  "summary_bg_median": 0.0,
  "summary_bg_n": 5171193.0,
  "summary_bg_p05": 0.0,
  "summary_bg_p95": 12.351450253278017,
  "summary_bg_stdv": 4.823595967121974,
  "summary_csf_k": 0.7635229131422201,
  "summary_csf_mad": 94.07846530759636,
  "summary_csf_mean": 296.6280029512073,
  "summary_csf_median": 284.8706992678344,
  "summary_csf_n": 107350.0,
  "summary_csf_p05": 121.63102939156818,
  "summary_csf_p95": 499.5694142282009,
  "summary_csf_stdv": 110.66421394246152,
  "summary_gm_k": 0.33251593781592215,
  "summary_gm_mad": 51.58082588016334,
  "summary_gm_mean": 742.8262522677634,
  "summary_gm_median": 743.1783962156624,
  "summary_gm_n": 124874.0,
  "summary_gm_p05": 654.3229980639182,
  "summary_gm_p95": 831.164025908336,
  "summary_gm_stdv": 53.72818777738447,
  "summary_wm_k": 0.42216833735209436,
  "summary_wm_mad": 37.39062696405051,
  "summary_wm_mean": 999.1124782878915,
  "summary_wm_median": 1000.0245898291469,
  "summary_wm_n": 507372.0,
  "summary_wm_p05": 934.7242930717766,
  "summary_wm_p95": 1060.7484528273344,
  "summary_wm_stdv": 38.72983167092039,
  "tpm_overlap_csf": 0.15561442594553565,
  "tpm_overlap_gm": 0.47323493029379254,
  "tpm_overlap_wm": 0.5279915419781923,
  "wm2max": 0.8112412925889703
}