{
  "bids_meta": {
    "AcquisitionMatrixPE": 300,
    "AcquisitionNumber": 1,
    "AcquisitionTime": "16:13:46.987500",
    "BaseResolution": 320,
    "BodyPartExamined": "BRAIN",
    "ConsistencyInfo": "N4_VE11B_LATEST_20150530",
    "ConversionSoftware": "dcm2niix",
    "ConversionSoftwareVersion": "v1.0.20181125  GCC4.3.2",
    "DeviceSerialNumber": "67055",
    "DwellTime": 7.1e-06,
    "EchoTime": 0.00222,
    "FlipAngle": 8,
    "ImageOrientationPatientDICOM": [
      -0.05766,
      0.995205,
      0.0790049,
      -0.0662029,
      0.0751508,
      -0.994972
    ],
    "ImageType": [
      "ORIGINAL",
      "PRIMARY",
      "M",
      "ND",
      "NORM"
    ],
    "ImagingFrequency": 123.235,
    "InPlanePhaseEncodingDirectionDICOM": "ROW",
    "InstitutionAddress": "6th_SE_2021_Minneapolis_Minnesota_US_55455",
    "InstitutionName": "CMRR_3T-A",
    "InstitutionalDepartmentName": "Research",
    "InversionTime": 1,
    "MRAcquisitionType": "3D",
    "MagneticFieldStrength": 3,
    "Manufacturer": "Siemens",
    "ManufacturersModelName": "Prisma_fit",
    "Modality": "MR",
    "PartialFourier": 1,
    "PatientPosition": "HFS",
    "PercentPhaseFOV": 93.75,
    "PhaseEncodingSteps": 299,
    "PhaseResolution": 1,
    "PixelBandwidth": 220,
    "ProcedureStepDescription": "VisionPool_VisionPool",
    "ProtocolName": "T1w_MPR",
    "PulseSequenceDetails": "%SiemensSeq%_tfl",
    "ReceiveCoilActiveElements": "HEA;HEP",
    "ReceiveCoilName": "Head_32",
    "ReconMatrixPE": 320,
    "RepetitionTime": 2.4,
    "SAR": 0.0576234,
    "ScanOptions": "IR_WE",
    "ScanningSequence": "GR_IR",
    "SequenceName": "_tfl3d1_16ns",
    "SequenceVariant": "SK_SP_MP",
    "SeriesDescription": "T1w_MPR",
    "SeriesNumber": 60,
    "ShimSetting": [
      5247,
      -10071,
      -11151,
      425,
      -19,
      145,
      120,
      26
    ],
    "SliceThickness": 0.8,
    "SoftwareVersions": "syngo_MR_E11",
    "StationName": "TRIO",
    "TxRefAmp": 270.07,
    "dataset": "ds002702",
    "modality": "T1w",
    "run_id": 10,
    "session_id": "anatomicals",
    "subject_id": "08"
  },
  "cjv": 0.3381129273073051,
  "cnr": 3.9091436916095823,
  "efc": 0.5984262022686875,
  "fber": 38889.072509765625,
  "fwhm_avg": 4.428391712128316,
  "fwhm_x": 4.487562767479585,
  "fwhm_y": 4.353162435132825,
  "fwhm_z": 4.4444499337725345,
  "icvs_csf": 0.20153828831557405,
  "icvs_gm": 0.4377836668067942,
  "icvs_wm": 0.3606780448776317,
  "inu_med": 0.4074278622865677,
  "inu_range": 0.13331026136875157,
  "provenance": {
    "md5sum": "bbbf6ee5753f07d8af61d7ae29e2fdba",
    "settings": {
      "testing": false
    },
    "software": "mriqc",
    "version": "23.0.1",
    "warnings": {
      "large_rot_frame": true,
      "small_air_mask": false
    },
    "webapi_port": null,
    "webapi_url": "https://mriqc.nimh.nih.gov/api/v1"
  },
  "qi_1": 0.0,
  "qi_2": 0.001620808214595114,
  "rpve_csf": 21.268127126557687,
  "rpve_gm": 10.415087643092114,
  "rpve_wm": 14.321402834147099,
  "size_x": 208,
  "size_y": 300,
  "size_z": 320,
  "snr_csf": 2.5193915821700403,
  "snr_gm": 13.584071936935095,
  "snr_total": 14.156542236271347,
  "snr_wm": 26.366163189708907,
  "snrd_csf": 41.06628934972813,
  "snrd_gm": 108.76124836431536,
  "snrd_total": 98.93758999559016,
  "snrd_wm": 146.985232272727,
  "spacing_x": 0.7999999523162842,
  "spacing_y": 0.800000011920929,
  "spacing_z": 0.800000011920929,
  "summary_bg_k": 15.092863328265956,
  "summary_bg_mad": 0.0,
  "summary_bg_mean": 2.59780340171552,
  "summary_bg_median": 0.0,
  "summary_bg_n": 5224266.0,
  "summary_bg_p05": 0.0,
  "summary_bg_p95": 11.69576346874237,
  "summary_bg_stdv": 4.45737556824082,
  "summary_csf_k": 0.8581602155916799,
  "summary_csf_mad": 93.90477591247956,
  "summary_csf_mean": 292.3264545435019,
  "summary_csf_median": 279.40421998500824,
  "summary_csf_n": 109958.0,
  "summary_csf_p05": 116.44487679004669,
  "summary_csf_p95": 497.1554070711136,
  "summary_csf_stdv": 110.90096174615961,
  "summary_gm_k": 0.3924214072889116,
  "summary_gm_mad": 51.26027860141521,
  "summary_gm_mean": 740.2860164783503,
  "summary_gm_median": 739.9828970432281,
  "summary_gm_n": 130255.0,
  "summary_gm_p05": 651.104861497879,
  "summary_gm_p95": 831.4003050327301,
  "summary_gm_stdv": 54.4740973072652,
  "summary_wm_k": 0.3928172921461517,
  "summary_wm_mad": 36.671371626577404,
  "summary_wm_mean": 999.1633446432254,
  "summary_wm_median": 1000.0488191843033,
  "summary_wm_n": 502554.0,
  "summary_wm_p05": 936.2226694822311,
  "summary_wm_p95": 1059.1624796390533,
  "summary_wm_stdv": 37.929213174543776,
  "tpm_overlap_csf": 0.15459658877620833,
  "tpm_overlap_gm": 0.47411942372117327,
  "tpm_overlap_wm": 0.5275279360345875,
  "wm2max": 0.832814810866259
}