{
  "bids_meta": {
    "AcquisitionMatrixPE": 300,
    "AcquisitionNumber": 1,
    "AcquisitionTime": "15:48:0.997500",
    "BaseResolution": 320,
    "BodyPartExamined": "BRAIN",
    "ConsistencyInfo": "N4_VE11B_LATEST_20150530",
    "ConversionSoftware": "dcm2niix",
    "ConversionSoftwareVersion": "v1.0.20181125  GCC4.3.2",
    "DeviceSerialNumber": "67055",
    "DwellTime": 7.1e-06,
    "EchoTime": 0.00222,
    "FlipAngle": 8,
    "ImageOrientationPatientDICOM": [
      -0.05766,
      0.995205,
      0.0790049,
      -0.0662029,
      0.0751508,
      -0.994972
    ],
    "ImageType": [
      "ORIGINAL",
      "PRIMARY",
      "M",
      "ND",
      "NORM"
    ],
    "ImagingFrequency": 123.235,
    "InPlanePhaseEncodingDirectionDICOM": "ROW",
    "InstitutionAddress": "6th_SE_2021_Minneapolis_Minnesota_US_55455",
    "InstitutionName": "CMRR_3T-A",
    "InstitutionalDepartmentName": "Research",
    "InversionTime": 1,
    "MRAcquisitionType": "3D",
    "MagneticFieldStrength": 3,
    "Manufacturer": "Siemens",
    "ManufacturersModelName": "Prisma_fit",
    "Modality": "MR",
    "PartialFourier": 1,
    "PatientPosition": "HFS",
    "PercentPhaseFOV": 93.75,
    "PhaseEncodingSteps": 299,
    "PhaseResolution": 1,
    "PixelBandwidth": 220,
    "ProcedureStepDescription": "VisionPool_VisionPool",
    "ProtocolName": "T1w_MPR",
    "PulseSequenceDetails": "%SiemensSeq%_tfl",
    "ReceiveCoilActiveElements": "HEA;HEP",
    "ReceiveCoilName": "Head_32",
    "ReconMatrixPE": 320,
    "RepetitionTime": 2.4,
    "SAR": 0.0576234,
    "ScanOptions": "IR_WE",
    "ScanningSequence": "GR_IR",
    "SequenceName": "_tfl3d1_16ns",
    "SequenceVariant": "SK_SP_MP",
    "SeriesDescription": "T1w_MPR",
    "SeriesNumber": 30,
    "ShimSetting": [
      5247,
      -10071,
      -11151,
      425,
      -19,
      145,
      120,
      26
    ],
    "SliceThickness": 0.8,
    "SoftwareVersions": "syngo_MR_E11",
    "StationName": "TRIO",
    "TxRefAmp": 270.07,
    "dataset": "ds002702",
    "modality": "T1w",
    "run_id": 7,
    "session_id": "anatomicals",
    "subject_id": "08"
  },
  "cjv": 0.34307090366688936,
  "cnr": 3.88824035675559,
  "efc": 0.5977421936973629,
  "fber": 40276.90032388129,
  "fwhm_avg": 4.437604212071132,
  "fwhm_x": 4.49078776767181,
  "fwhm_y": 4.369162434894406,
  "fwhm_z": 4.452862433647179,
  "icvs_csf": 0.20005488340852168,
  "icvs_gm": 0.4380945824073524,
  "icvs_wm": 0.36185053418412594,
  "inu_med": 0.394345685839653,
  "inu_range": 0.12809713780879972,
  "provenance": {
    "md5sum": "bbfd2cca19dddfd45e8631d26c5724ba",
    "settings": {
      "testing": false
    },
    "software": "mriqc",
    "version": "23.0.1",
    "warnings": {
      "large_rot_frame": true,
      "small_air_mask": false
    },
    "webapi_port": null,
    "webapi_url": "https://mriqc.nimh.nih.gov/api/v1"
  },
  "qi_1": 0.0,
  "qi_2": 0.0015034702234105776,
  "rpve_csf": 21.43410778919858,
  "rpve_gm": 10.451360568806637,
  "rpve_wm": 14.351147669930548,
  "size_x": 208,
  "size_y": 300,
  "size_z": 320,
  "snr_csf": 2.603813164414153,
  "snr_gm": 13.784359083259732,
  "snr_total": 14.279962722471955,
  "snr_wm": 26.451715919741982,
  "snrd_csf": 40.88313442696428,
  "snrd_gm": 106.56075610828461,
  "snrd_total": 96.93398129758585,
  "snrd_wm": 143.35805335750865,
  "spacing_x": 0.7999999523162842,
  "spacing_y": 0.800000011920929,
  "spacing_z": 0.800000011920929,
  "summary_bg_k": 14.797808153409452,
  "summary_bg_mad": 0.0,
  "summary_bg_mean": 2.635706200257478,
  "summary_bg_median": 0.0,
  "summary_bg_n": 5187493.0,
  "summary_bg_p05": 0.0,
  "summary_bg_p95": 12.116575740277767,
  "summary_bg_stdv": 4.570156450958439,
  "summary_csf_k": 0.809989029886959,
  "summary_csf_mad": 93.44239212835375,
  "summary_csf_mean": 296.53481893178696,
  "summary_csf_median": 285.19606075435877,
  "summary_csf_n": 104968.0,
  "summary_csf_p05": 122.50697103105486,
  "summary_csf_p95": 497.5446030050516,
  "summary_csf_stdv": 109.52963375342445,
  "summary_gm_k": 0.36013302915833556,
  "summary_gm_mad": 51.294531622534045,
  "summary_gm_mean": 743.2754564852178,
  "summary_gm_median": 743.355623267591,
  "summary_gm_n": 130934.0,
  "summary_gm_p05": 654.2704126313329,
  "summary_gm_p95": 832.613575309515,
  "summary_gm_stdv": 53.92726496073055,
  "summary_wm_k": 0.36239322871572366,
  "summary_wm_mad": 36.769617889191665,
  "summary_wm_mean": 999.197350095539,
  "summary_wm_median": 1000.0493520870805,
  "summary_wm_n": 504327.0,
  "summary_wm_p05": 936.628578864038,
  "summary_wm_p95": 1059.102235481143,
  "summary_wm_stdv": 37.806559077365364,
  "tpm_overlap_csf": 0.1545330800928769,
  "tpm_overlap_gm": 0.4730057154181439,
  "tpm_overlap_wm": 0.5275201718296636,
  "wm2max": 0.8182735991923271
}