{
  "bids_meta": {
    "AcquisitionMatrixPE": 300,
    "AcquisitionNumber": 1,
    "AcquisitionTime": "15:01:13.570000",
    "BaseResolution": 320,
    "BodyPartExamined": "BRAIN",
    "ConsistencyInfo": "N4_VE11B_LATEST_20150530",
    "ConversionSoftware": "dcm2niix",
    "ConversionSoftwareVersion": "v1.0.20181125  GCC4.3.2",
    "DeviceSerialNumber": "67055",
    "DwellTime": 2.1e-06,
    "EchoTime": 0.563,
    "EchoTrainLength": 314,
    "FlipAngle": 120,
    "ImageOrientationPatientDICOM": [
      -0.05766,
      0.995205,
      0.0790049,
      -0.0662029,
      0.0751508,
      -0.994972
    ],
    "ImageType": [
      "ORIGINAL",
      "PRIMARY",
      "M",
      "ND",
      "NORM"
    ],
    "ImagingFrequency": 123.235,
    "InPlanePhaseEncodingDirectionDICOM": "ROW",
    "InstitutionAddress": "6th_SE_2021_Minneapolis_Minnesota_US_55455",
    "InstitutionName": "CMRR_3T-A",
    "InstitutionalDepartmentName": "Research",
    "MRAcquisitionType": "3D",
    "MagneticFieldStrength": 3,
    "Manufacturer": "Siemens",
    "ManufacturersModelName": "Prisma_fit",
    "Modality": "MR",
    "PartialFourier": 1,
    "PatientPosition": "HFS",
    "PercentPhaseFOV": 93.75,
    "PhaseEncodingSteps": 297,
    "PhaseResolution": 1,
    "PixelBandwidth": 745,
    "ProcedureStepDescription": "VisionPool_VisionPool",
    "ProtocolName": "T2w_SPC",
    "PulseSequenceDetails": "%SiemensSeq%_tse_vfl",
    "ReceiveCoilActiveElements": "HEA;HEP",
    "ReceiveCoilName": "Head_32",
    "ReconMatrixPE": 320,
    "RepetitionTime": 3.2,
    "SAR": 0.193877,
    "ScanOptions": "PFP",
    "ScanningSequence": "SE",
    "SequenceName": "_spc_314ns",
    "SequenceVariant": "SK_SP",
    "SeriesDescription": "T2w_SPC",
    "SeriesNumber": 16,
    "ShimSetting": [
      5247,
      -10071,
      -11151,
      425,
      -19,
      145,
      120,
      26
    ],
    "SliceThickness": 0.8,
    "SoftwareVersions": "syngo_MR_E11",
    "StationName": "TRIO",
    "TxRefAmp": 270.07,
    "dataset": "ds002702",
    "modality": "T2w",
    "run_id": 2,
    "session_id": "anatomicals",
    "subject_id": "08"
  },
  "cjv": 3.5439519333118894,
  "cnr": 0.4574318638601372,
  "efc": 0.5708786055650243,
  "fber": 8217.4225,
  "fwhm_avg": 2.663145857676246,
  "fwhm_x": 2.578062653664509,
  "fwhm_y": 2.956762455940806,
  "fwhm_z": 2.454612463423424,
  "icvs_csf": 0.3337762238418894,
  "icvs_gm": 0.5277663747937485,
  "icvs_wm": 0.13845740136436205,
  "inu_med": 0.8991049528121948,
  "inu_range": 0.19874153733253475,
  "provenance": {
    "md5sum": "0f217a66a7c855aa62c18be2e950caa8",
    "settings": {
      "testing": false
    },
    "software": "mriqc",
    "version": "23.0.1",
    "warnings": {
      "large_rot_frame": true,
      "small_air_mask": false
    },
    "webapi_port": null,
    "webapi_url": "https://mriqc.nimh.nih.gov/api/v1"
  },
  "qi_1": 6.0686340442646165e-06,
  "qi_2": 0.007877518456601763,
  "rpve_csf": 11.943700461281058,
  "rpve_gm": 9.050534958015515,
  "rpve_wm": 37.91602056127019,
  "size_x": 208,
  "size_y": 300,
  "size_z": 320,
  "snr_csf": 8.75230279928775,
  "snr_gm": 8.963050154233246,
  "snr_total": 6.316907751798925,
  "snr_wm": 1.235370301875777,
  "snrd_csf": 94.88075077729614,
  "snrd_gm": 55.242091050545156,
  "snrd_total": 79.3476587312156,
  "snrd_wm": 87.9201343658055,
  "spacing_x": 0.7999999523162842,
  "spacing_y": 0.800000011920929,
  "spacing_z": 0.800000011920929,
  "summary_bg_k": 12.649465442468287,
  "summary_bg_mad": 0.0,
  "summary_bg_mean": 4.317896828511825,
  "summary_bg_median": 0.0,
  "summary_bg_n": 5106729.0,
  "summary_bg_p05": 0.0,
  "summary_bg_p95": 20.528825223445892,
  "summary_bg_stdv": 7.643870311544094,
  "summary_csf_k": 2.341817687017417,
  "summary_csf_mad": 106.62911096932311,
  "summary_csf_mean": 1116.5092732372016,
  "summary_csf_median": 1107.0307710021734,
  "summary_csf_n": 106292.0,
  "summary_csf_p05": 934.6163807809353,
  "summary_csf_p95": 1335.8647535182536,
  "summary_csf_stdv": 126.48391958993207,
  "summary_gm_k": 0.5319057617848113,
  "summary_gm_mad": 69.14954399891012,
  "summary_gm_mean": 646.4710335555079,
  "summary_gm_median": 644.5426932908595,
  "summary_gm_n": 566805.0,
  "summary_gm_p05": 532.674466650933,
  "summary_gm_p95": 766.5019471943378,
  "summary_gm_stdv": 71.91102511134,
  "summary_wm_k": -1.858654981543379,
  "summary_wm_mad": 1282.0685343500531,
  "summary_wm_mean": 988.502286220512,
  "summary_wm_median": 1025.817073918879,
  "summary_wm_n": 94225.0,
  "summary_wm_p05": 30.931946113705635,
  "summary_wm_p95": 1993.2032855041325,
  "summary_wm_stdv": 830.3677277190292,
  "tpm_overlap_csf": 0.12318558898845473,
  "tpm_overlap_gm": 0.3298925142689592,
  "tpm_overlap_wm": 0.022489434321998236,
  "wm2max": 0.5086051269707546
}