{
  "bids_meta": {
    "AcquisitionMatrixPE": 300,
    "AcquisitionNumber": 1,
    "AcquisitionTime": "15:34:42.997500",
    "BaseResolution": 320,
    "BodyPartExamined": "BRAIN",
    "ConsistencyInfo": "N4_VE11B_LATEST_20150530",
    "ConversionSoftware": "dcm2niix",
    "ConversionSoftwareVersion": "v1.0.20181125  GCC4.3.2",
    "DeviceSerialNumber": "67055",
    "DwellTime": 7.1e-06,
    "EchoTime": 0.00222,
    "FlipAngle": 8,
    "ImageOrientationPatientDICOM": [
      -0.05766,
      0.995205,
      0.0790049,
      -0.0662029,
      0.0751508,
      -0.994972
    ],
    "ImageType": [
      "ORIGINAL",
      "PRIMARY",
      "M",
      "ND",
      "NORM"
    ],
    "ImagingFrequency": 123.235,
    "InPlanePhaseEncodingDirectionDICOM": "ROW",
    "InstitutionAddress": "6th_SE_2021_Minneapolis_Minnesota_US_55455",
    "InstitutionName": "CMRR_3T-A",
    "InstitutionalDepartmentName": "Research",
    "InversionTime": 1,
    "MRAcquisitionType": "3D",
    "MagneticFieldStrength": 3,
    "Manufacturer": "Siemens",
    "ManufacturersModelName": "Prisma_fit",
    "Modality": "MR",
    "PartialFourier": 1,
    "PatientPosition": "HFS",
    "PercentPhaseFOV": 93.75,
    "PhaseEncodingSteps": 299,
    "PhaseResolution": 1,
    "PixelBandwidth": 220,
    "ProcedureStepDescription": "VisionPool_VisionPool",
    "ProtocolName": "T1w_MPR",
    "PulseSequenceDetails": "%SiemensSeq%_tfl",
    "ReceiveCoilActiveElements": "HEA;HEP",
    "ReceiveCoilName": "Head_32",
    "ReconMatrixPE": 320,
    "RepetitionTime": 2.4,
    "SAR": 0.0576234,
    "ScanOptions": "IR_WE",
    "ScanningSequence": "GR_IR",
    "SequenceName": "_tfl3d1_16ns",
    "SequenceVariant": "SK_SP_MP",
    "SeriesDescription": "T1w_MPR",
    "SeriesNumber": 26,
    "ShimSetting": [
      5247,
      -10071,
      -11151,
      425,
      -19,
      145,
      120,
      26
    ],
    "SliceThickness": 0.8,
    "SoftwareVersions": "syngo_MR_E11",
    "StationName": "TRIO",
    "TxRefAmp": 270.07,
    "dataset": "ds002702",
    "modality": "T1w",
    "run_id": 5,
    "session_id": "anatomicals",
    "subject_id": "08"
  },
  "cjv": 0.336870379405303,
  "cnr": 3.9175412330425208,
  "efc": 0.5982399556922237,
  "fber": 37970.176025390625,
  "fwhm_avg": 4.428445879182846,
  "fwhm_x": 4.503212768412397,
  "fwhm_y": 4.33447493541129,
  "fwhm_z": 4.447649933724851,
  "icvs_csf": 0.20093250131119425,
  "icvs_gm": 0.4385694850756499,
  "icvs_wm": 0.36049801361315587,
  "inu_med": 0.40242406725883484,
  "inu_range": 0.1342322826385498,
  "provenance": {
    "md5sum": "8af7a58b0c737f2265ab680a21b3619d",
    "settings": {
      "testing": false
    },
    "software": "mriqc",
    "version": "23.0.1",
    "warnings": {
      "large_rot_frame": true,
      "small_air_mask": false
    },
    "webapi_port": null,
    "webapi_url": "https://mriqc.nimh.nih.gov/api/v1"
  },
  "qi_1": 0.0,
  "qi_2": 0.001732838495131898,
  "rpve_csf": 21.35004509071476,
  "rpve_gm": 10.434760828531296,
  "rpve_wm": 14.366840412087694,
  "size_x": 208,
  "size_y": 300,
  "size_z": 320,
  "snr_csf": 2.5532645397307663,
  "snr_gm": 13.920595790883768,
  "snr_total": 14.376957927497799,
  "snr_wm": 26.657013451878864,
  "snrd_csf": 42.67346605103829,
  "snrd_gm": 111.72804318917962,
  "snrd_total": 101.54501121880163,
  "snrd_wm": 150.23352441618698,
  "spacing_x": 0.7999999523162842,
  "spacing_y": 0.800000011920929,
  "spacing_z": 0.800000011920929,
  "summary_bg_k": 15.660231501691499,
  "summary_bg_mad": 0.0,
  "summary_bg_mean": 2.5496809945565886,
  "summary_bg_median": 0.0,
  "summary_bg_n": 5160753.0,
  "summary_bg_p05": 0.0,
  "summary_bg_p95": 10.80036685615778,
  "summary_bg_stdv": 4.360895117757236,
  "summary_csf_k": 0.8694252654959529,
  "summary_csf_mad": 93.28469167086996,
  "summary_csf_mean": 295.79971359617304,
  "summary_csf_median": 284.0546026136726,
  "summary_csf_n": 108011.0,
  "summary_csf_p05": 113.7754242438823,
  "summary_csf_p95": 498.38986459281296,
  "summary_csf_stdv": 111.25102129327554,
  "summary_gm_k": 0.3996575339276016,
  "summary_gm_mad": 50.094613952388436,
  "summary_gm_mean": 743.6048812281134,
  "summary_gm_median": 743.7142525743693,
  "summary_gm_n": 130938.0,
  "summary_gm_p05": 655.6763998065144,
  "summary_gm_p95": 832.6438787523657,
  "summary_gm_stdv": 53.425257351978345,
  "summary_wm_k": 0.44491965278437196,
  "summary_wm_mad": 36.248815228011274,
  "summary_wm_mean": 999.1488614094766,
  "summary_wm_median": 1000.0247935391963,
  "summary_wm_n": 504048.0,
  "summary_wm_p05": 937.0556821897626,
  "summary_wm_p95": 1058.733209706843,
  "summary_wm_stdv": 37.51447263026407,
  "tpm_overlap_csf": 0.15825470316825438,
  "tpm_overlap_gm": 0.47620279171175645,
  "tpm_overlap_wm": 0.5281350244059729,
  "wm2max": 0.7996592900754604
}