{
  "bids_meta": {
    "AcquisitionMatrixPE": 300,
    "AcquisitionNumber": 1,
    "AcquisitionTime": "15:20:53.085000",
    "BaseResolution": 320,
    "BodyPartExamined": "BRAIN",
    "ConsistencyInfo": "N4_VE11B_LATEST_20150530",
    "ConversionSoftware": "dcm2niix",
    "ConversionSoftwareVersion": "v1.0.20181125  GCC4.3.2",
    "DeviceSerialNumber": "67055",
    "DwellTime": 7.1e-06,
    "EchoTime": 0.00222,
    "FlipAngle": 8,
    "ImageOrientationPatientDICOM": [
      -0.05766,
      0.995205,
      0.0790049,
      -0.0662029,
      0.0751508,
      -0.994972
    ],
    "ImageType": [
      "ORIGINAL",
      "PRIMARY",
      "M",
      "ND",
      "NORM"
    ],
    "ImagingFrequency": 123.235,
    "InPlanePhaseEncodingDirectionDICOM": "ROW",
    "InstitutionAddress": "6th_SE_2021_Minneapolis_Minnesota_US_55455",
    "InstitutionName": "CMRR_3T-A",
    "InstitutionalDepartmentName": "Research",
    "InversionTime": 1,
    "MRAcquisitionType": "3D",
    "MagneticFieldStrength": 3,
    "Manufacturer": "Siemens",
    "ManufacturersModelName": "Prisma_fit",
    "Modality": "MR",
    "PartialFourier": 1,
    "PatientPosition": "HFS",
    "PercentPhaseFOV": 93.75,
    "PhaseEncodingSteps": 299,
    "PhaseResolution": 1,
    "PixelBandwidth": 220,
    "ProcedureStepDescription": "VisionPool_VisionPool",
    "ProtocolName": "T1w_MPR",
    "PulseSequenceDetails": "%SiemensSeq%_tfl",
    "ReceiveCoilActiveElements": "HEA;HEP",
    "ReceiveCoilName": "Head_32",
    "ReconMatrixPE": 320,
    "RepetitionTime": 2.4,
    "SAR": 0.0576234,
    "ScanOptions": "IR_WE",
    "ScanningSequence": "GR_IR",
    "SequenceName": "_tfl3d1_16ns",
    "SequenceVariant": "SK_SP_MP",
    "SeriesDescription": "T1w_MPR",
    "SeriesNumber": 22,
    "ShimSetting": [
      5247,
      -10071,
      -11151,
      425,
      -19,
      145,
      120,
      26
    ],
    "SliceThickness": 0.8,
    "SoftwareVersions": "syngo_MR_E11",
    "StationName": "TRIO",
    "TxRefAmp": 270.07,
    "dataset": "ds002702",
    "modality": "T1w",
    "run_id": 3,
    "session_id": "anatomicals",
    "subject_id": "08"
  },
  "cjv": 0.33354575692669164,
  "cnr": 3.933943678947039,
  "efc": 0.596948024543745,
  "fber": 41016.54725653548,
  "fwhm_avg": 4.437441712399827,
  "fwhm_x": 4.503925268454865,
  "fwhm_y": 4.353637435125747,
  "fwhm_z": 4.454762433618867,
  "icvs_csf": 0.2020111272673932,
  "icvs_gm": 0.4398459707409602,
  "icvs_wm": 0.3581429019916466,
  "inu_med": 0.4089033007621765,
  "inu_range": 0.13945954144001005,
  "provenance": {
    "md5sum": "46c2d3ff6a8b8a0e28946befdd7f6606",
    "settings": {
      "testing": false
    },
    "software": "mriqc",
    "version": "23.0.1",
    "warnings": {
      "large_rot_frame": true,
      "small_air_mask": false
    },
    "webapi_port": null,
    "webapi_url": "https://mriqc.nimh.nih.gov/api/v1"
  },
  "qi_1": 0.0,
  "qi_2": 0.0017844576237419194,
  "rpve_csf": 21.184080559502767,
  "rpve_gm": 10.407908123564829,
  "rpve_wm": 14.480398862397442,
  "size_x": 208,
  "size_y": 300,
  "size_z": 320,
  "snr_csf": 2.5422743651014534,
  "snr_gm": 13.866397494499514,
  "snr_total": 14.423862685494067,
  "snr_wm": 26.862916196881233,
  "snrd_csf": 43.19261257911104,
  "snrd_gm": 114.10212141786737,
  "snrd_total": 103.63351875538395,
  "snrd_wm": 153.60582226917344,
  "spacing_x": 0.7999999523162842,
  "spacing_y": 0.800000011920929,
  "spacing_z": 0.800000011920929,
  "summary_bg_k": 16.074067061493356,
  "summary_bg_mad": 0.0,
  "summary_bg_mean": 2.4673082801660766,
  "summary_bg_median": 0.0,
  "summary_bg_n": 5135801.0,
  "summary_bg_p05": 0.0,
  "summary_bg_p95": 10.253195941448212,
  "summary_bg_stdv": 4.265156044464107,
  "summary_csf_k": 0.8586382747154868,
  "summary_csf_mad": 91.80314252426031,
  "summary_csf_mean": 293.55303060893783,
  "summary_csf_median": 281.19828575849533,
  "summary_csf_n": 106766.0,
  "summary_csf_p05": 115.49886797368526,
  "summary_csf_p95": 498.4958466887474,
  "summary_csf_stdv": 110.60842713315091,
  "summary_gm_k": 0.43726988801470057,
  "summary_gm_mad": 49.80413400101572,
  "summary_gm_mean": 743.0788220802951,
  "summary_gm_median": 742.8427925109863,
  "summary_gm_n": 132301.0,
  "summary_gm_p05": 655.4023342132568,
  "summary_gm_p95": 832.9154893755913,
  "summary_gm_stdv": 53.57123112932598,
  "summary_wm_k": 0.3838385009100129,
  "summary_wm_mad": 35.977911726106875,
  "summary_wm_mean": 999.2370671178264,
  "summary_wm_median": 1000.0250349640846,
  "summary_wm_n": 498451.0,
  "summary_wm_p05": 937.7788600921631,
  "summary_wm_p95": 1058.9871788620949,
  "summary_wm_stdv": 37.226934875631386,
  "tpm_overlap_csf": 0.15642733682264356,
  "tpm_overlap_gm": 0.4757537491175502,
  "tpm_overlap_wm": 0.5282203000158132,
  "wm2max": 0.7893112171856109
}