{
  "aor": 0.0006387412587412587,
  "aqi": 0.032119744055944054,
  "bids_meta": {
    "AcquisitionMatrixPE": 162,
    "AcquisitionNumber": 1,
    "AcquisitionTime": "13:15:18.217500",
    "BandwidthPerPixelPhaseEncode": 18.519,
    "BaseResolution": 200,
    "CoilString": "C:H01-32",
    "ConversionSoftware": "dcm2niix",
    "ConversionSoftwareVersion": "v1.0.20181125  GCC4.3.2",
    "DerivedVendorReportedEchoSpacing": 0.000999974,
    "DeviceSerialNumber": "18912",
    "DwellTime": 2.2e-06,
    "EchoTime": 0.0224,
    "EffectiveEchoSpacing": 0.000333325,
    "FlipAngle": 80,
    "ImageComments": "Unaliased_MB2_PE2_SENSE1",
    "ImageOrientationPatientDICOM": [
      1,
      0,
      -1e-16,
      0,
      -0.66523,
      -0.746638
    ],
    "ImageType": [
      "ORIGINAL",
      "PRIMARY",
      "M",
      "MB",
      "ND",
      "MOSAIC"
    ],
    "ImagingFrequency": 297.286,
    "InPlanePhaseEncodingDirectionDICOM": "COL",
    "InstitutionAddress": "6th_Street_SE_2021_Minneapolis_667926_Chicago_US_55455",
    "InstitutionName": "CMRR_7T_PS",
    "InstitutionalDepartmentName": "CMRR",
    "MRAcquisitionType": "2D",
    "MagneticFieldStrength": 6.98,
    "Manufacturer": "Siemens",
    "ManufacturersModelName": "Investigational_Device_7T",
    "Modality": "MR",
    "MultibandAccelerationFactor": 2,
    "ParallelReductionFactorInPlane": 3,
    "PartialFourier": 0.75,
    "PatientPosition": "HFS",
    "PercentPhaseFOV": 81,
    "PhaseEncodingDirection": "j",
    "PhaseEncodingSteps": 123,
    "PhaseResolution": 1,
    "PixelBandwidth": 1136,
    "ProcedureStepDescription": "Luca_fmri",
    "ProtocolName": "eja_ep2d_bold_p8iso_MB2_2sTR_R3_USED",
    "PulseSequenceDetails": "%CustomerSeq%_eja_ep2d_bold",
    "ReceiveCoilName": "VM_8T_32R_Head",
    "ReconMatrixPE": 162,
    "RepetitionTime": 2.2,
    "SAR": 0.0100883,
    "ScanOptions": "PFP",
    "ScanningSequence": "EP",
    "SequenceName": "epfid2d1_162",
    "SequenceVariant": "SK_SS_OSP",
    "SeriesDescription": "eja_ep2d_bold_p8iso_MB2_2sTR_R3_USED",
    "SeriesNumber": 19,
    "ShimSetting": [
      -1139,
      -535,
      932,
      2398,
      337,
      1068,
      317,
      90
    ],
    "SliceThickness": 0.8,
    "SliceTiming": [
      0,
      1.63,
      1.0525,
      0.475,
      2.105,
      1.525,
      0.9475,
      0.37,
      2,
      1.42,
      0.8425,
      0.265,
      1.895,
      1.315,
      0.7375,
      0.1575,
      1.7875,
      1.21,
      0.6325,
      0.0525,
      1.6825,
      1.105,
      0.5275,
      2.1575,
      1.5775,
      1,
      0.4225,
      2.0525,
      1.4725,
      0.895,
      0.3175,
      1.9475,
      1.3675,
      0.79,
      0.21,
      1.84,
      1.2625,
      0.685,
      0.105,
      1.735,
      1.1575,
      0.58,
      0,
      1.63,
      1.0525,
      0.475,
      2.105,
      1.525,
      0.9475,
      0.37,
      2,
      1.42,
      0.8425,
      0.265,
      1.895,
      1.315,
      0.7375,
      0.1575,
      1.7875,
      1.21,
      0.6325,
      0.0525,
      1.6825,
      1.105,
      0.5275,
      2.1575,
      1.5775,
      1,
      0.4225,
      2.0525,
      1.4725,
      0.895,
      0.3175,
      1.9475,
      1.3675,
      0.79,
      0.21,
      1.84,
      1.2625,
      0.685,
      0.105,
      1.735,
      1.1575,
      0.58
    ],
    "SoftwareVersions": "syngo_MR_B17",
    "SpacingBetweenSlices": 0.8,
    "StationName": "SEPTET",
    "TotalReadoutTime": 0.0536653,
    "TxRefAmp": 75,
    "dataset": "ds002702",
    "modality": "bold",
    "run_id": 1,
    "session_id": "floc7T",
    "subject_id": "08",
    "task_id": "floc"
  },
  "dummy_trs": 0,
  "dvars_nstd": 123.69066743464786,
  "dvars_std": 1.0281042212676061,
  "dvars_vstd": 1.0137757615492955,
  "efc": 0.5938981029614587,
  "fber": 387.3978271484375,
  "fd_mean": 0.10686119824829311,
  "fd_num": 6,
  "fd_perc": 4.195804195804196,
  "fwhm_avg": 2.9408666927373073,
  "fwhm_x": 2.952787456000038,
  "fwhm_y": 3.055549954468758,
  "fwhm_z": 2.8142626677431264,
  "gcor": 0.00149183,
  "gsr_x": 0.029779087752103806,
  "gsr_y": -0.018594881519675255,
  "provenance": {
    "md5sum": "9f01ac96f1f52a56554bf0228ff8e231",
    "settings": {
      "fd_thres": 0.2,
      "testing": false
    },
    "software": "mriqc",
    "version": "23.0.1",
    "webapi_port": null,
    "webapi_url": "https://mriqc.nimh.nih.gov/api/v1"
  },
  "size_t": 143,
  "size_x": 200,
  "size_y": 162,
  "size_z": 84,
  "snr": 2.480826676417882,
  "spacing_tr": 2.200000047683716,
  "spacing_x": 0.800000011920929,
  "spacing_y": 0.800000011920929,
  "spacing_z": 0.7999999523162842,
  "summary_bg_k": 29.379013331805403,
  "summary_bg_mad": 8.449795959589245,
  "summary_bg_mean": 36.649105072021484,
  "summary_bg_median": 18.18181800842285,
  "summary_bg_n": 1711961.0,
  "summary_bg_p05": 10.664335250854492,
  "summary_bg_p95": 126.5174789428711,
  "summary_bg_stdv": 52.87082290649414,
  "summary_fg_k": 0.851057858629868,
  "summary_fg_mad": 148.1565193272199,
  "summary_fg_mean": 385.01409912109375,
  "summary_fg_median": 369.4195861816406,
  "summary_fg_n": 755375.0,
  "summary_fg_p05": 172.6013946533203,
  "summary_fg_p95": 645.3776245117188,
  "summary_fg_stdv": 148.90977478027344,
  "tsnr": 11.327056160545908
}