{
  "bids_meta": {
    "AcquisitionMatrixPE": 300,
    "AcquisitionNumber": 1,
    "AcquisitionTime": "14:59:52.995000",
    "BaseResolution": 320,
    "BodyPartExamined": "BRAIN",
    "ConsistencyInfo": "N4_VE11B_LATEST_20150530",
    "ConversionSoftware": "dcm2niix",
    "ConversionSoftwareVersion": "v1.0.20181125  GCC4.3.2",
    "DeviceSerialNumber": "67055",
    "DwellTime": 7.1e-06,
    "EchoTime": 0.00222,
    "FlipAngle": 8,
    "ImageOrientationPatientDICOM": [
      0.00606838,
      0.999981,
      -0.00104575,
      0.0526085,
      -0.00136358,
      -0.998614
    ],
    "ImageType": [
      "ORIGINAL",
      "PRIMARY",
      "M",
      "ND",
      "NORM"
    ],
    "ImagingFrequency": 123.235,
    "InPlanePhaseEncodingDirectionDICOM": "ROW",
    "InstitutionAddress": "6th_SE_2021_Minneapolis_Minnesota_US_55455",
    "InstitutionName": "CMRR_3T-A",
    "InstitutionalDepartmentName": "Research",
    "InversionTime": 1,
    "MRAcquisitionType": "3D",
    "MagneticFieldStrength": 3,
    "Manufacturer": "Siemens",
    "ManufacturersModelName": "Prisma_fit",
    "Modality": "MR",
    "PartialFourier": 1,
    "PatientPosition": "HFS",
    "PercentPhaseFOV": 93.75,
    "PhaseEncodingSteps": 299,
    "PhaseResolution": 1,
    "PixelBandwidth": 220,
    "ProcedureStepDescription": "VisionPool_VisionPool",
    "ProtocolName": "T1w_MPR",
    "PulseSequenceDetails": "%SiemensSeq%_tfl",
    "ReceiveCoilActiveElements": "HEA;HEP",
    "ReceiveCoilName": "Head_32",
    "ReconMatrixPE": 320,
    "RepetitionTime": 2.4,
    "SAR": 0.0402344,
    "ScanOptions": "IR_WE",
    "ScanningSequence": "GR_IR",
    "SequenceName": "_tfl3d1_16ns",
    "SequenceVariant": "SK_SP_MP",
    "SeriesDescription": "T1w_MPR",
    "SeriesNumber": 24,
    "ShimSetting": [
      5237,
      -10039,
      -11165,
      536,
      -122,
      199,
      134,
      -42
    ],
    "SliceThickness": 0.8,
    "SoftwareVersions": "syngo_MR_E11",
    "StationName": "TRIO",
    "TxRefAmp": 221.185,
    "dataset": "ds002702",
    "modality": "T1w",
    "run_id": 4,
    "session_id": "anatomicals",
    "subject_id": "09"
  },
  "cjv": 0.32875202410683463,
  "cnr": 3.959401763150102,
  "efc": 0.5124203064337881,
  "fber": 44134.228861454045,
  "fwhm_avg": 4.134145874482275,
  "fwhm_x": 4.137362746606037,
  "fwhm_y": 4.135524938375876,
  "fwhm_z": 4.129549938464911,
  "icvs_csf": 0.18388616202473596,
  "icvs_gm": 0.4751905370175689,
  "icvs_wm": 0.34092330095769513,
  "inu_med": 0.38453367352485657,
  "inu_range": 0.11543901562690734,
  "provenance": {
    "md5sum": "d16c966fb6de338ced5987378fab7b8a",
    "settings": {
      "testing": false
    },
    "software": "mriqc",
    "version": "23.0.1",
    "warnings": {
      "large_rot_frame": true,
      "small_air_mask": false
    },
    "webapi_port": null,
    "webapi_url": "https://mriqc.nimh.nih.gov/api/v1"
  },
  "qi_1": 0.0,
  "qi_2": 0.002507032199148673,
  "rpve_csf": 27.49122486086166,
  "rpve_gm": 12.050944720521198,
  "rpve_wm": 18.487148784858274,
  "size_x": 208,
  "size_y": 300,
  "size_z": 320,
  "snr_csf": 2.3532960240544374,
  "snr_gm": 14.072304133745245,
  "snr_total": 14.469398389022464,
  "snr_wm": 26.98259500926771,
  "snrd_csf": 45.39005888137842,
  "snrd_gm": 113.6934487569177,
  "snrd_total": 103.97708546601196,
  "snrd_wm": 152.84774875973977,
  "spacing_x": 0.7999999523162842,
  "spacing_y": 0.800000011920929,
  "spacing_z": 0.800000011920929,
  "summary_bg_k": 11.763601823849223,
  "summary_bg_mad": 0.0,
  "summary_bg_mean": 2.8025860395441318,
  "summary_bg_median": 0.0,
  "summary_bg_n": 6480376.0,
  "summary_bg_p05": 0.0,
  "summary_bg_p95": 11.251880519092083,
  "summary_bg_stdv": 4.286389317280902,
  "summary_csf_k": 0.5693631894593056,
  "summary_csf_mad": 102.67874447947995,
  "summary_csf_mean": 301.7133311267,
  "summary_csf_median": 296.975505406037,
  "summary_csf_n": 55877.0,
  "summary_csf_p05": 72.96277561411262,
  "summary_csf_p95": 519.5926531180736,
  "summary_csf_stdv": 126.19442898589942,
  "summary_gm_k": 0.34897513143521053,
  "summary_gm_mad": 49.85221158292131,
  "summary_gm_mean": 742.9597675856572,
  "summary_gm_median": 743.8670545499772,
  "summary_gm_n": 121367.0,
  "summary_gm_p05": 653.98284621723,
  "summary_gm_p95": 829.3399151520803,
  "summary_gm_stdv": 52.86014166109422,
  "summary_wm_k": 0.6261999608054176,
  "summary_wm_mad": 34.36634300430957,
  "summary_wm_mean": 998.5253960727044,
  "summary_wm_median": 1000.0435900893062,
  "summary_wm_n": 354710.0,
  "summary_wm_p05": 936.5227994844317,
  "summary_wm_p95": 1058.0038583446294,
  "summary_wm_stdv": 37.06249084201032,
  "tpm_overlap_csf": 0.13892698071303236,
  "tpm_overlap_gm": 0.45994218498276424,
  "tpm_overlap_wm": 0.4935568009987236,
  "wm2max": 0.9172750365021901
}