{
  "bids_meta": {
    "AcquisitionMatrixPE": 300,
    "AcquisitionNumber": 1,
    "AcquisitionTime": "16:50:23.792500",
    "BaseResolution": 320,
    "BodyPartExamined": "BRAIN",
    "ConsistencyInfo": "N4_VE11C_LATEST_20160120",
    "ConversionSoftware": "dcm2niix",
    "ConversionSoftwareVersion": "v1.0.20181125  GCC4.3.2",
    "DeviceSerialNumber": "67010",
    "DwellTime": 7.1e-06,
    "EchoTime": 0.00222,
    "FlipAngle": 8,
    "ImageOrientationPatientDICOM": [
      0.0164427,
      0.995513,
      0.09318,
      0.0374021,
      0.092515,
      -0.995009
    ],
    "ImageType": [
      "ORIGINAL",
      "PRIMARY",
      "M",
      "ND",
      "NORM"
    ],
    "ImagingFrequency": 123.174,
    "InPlanePhaseEncodingDirectionDICOM": "ROW",
    "InstitutionAddress": "6th_SE_2021_Minneapolis_Minneapolis_US_55455",
    "InstitutionName": "CMRR_3T-B",
    "InstitutionalDepartmentName": "Research",
    "InversionTime": 1,
    "MRAcquisitionType": "3D",
    "MagneticFieldStrength": 3,
    "Manufacturer": "Siemens",
    "ManufacturersModelName": "Prisma_fit",
    "Modality": "MR",
    "PartialFourier": 1,
    "PatientPosition": "HFS",
    "PercentPhaseFOV": 93.75,
    "PhaseEncodingSteps": 299,
    "PhaseResolution": 1,
    "PixelBandwidth": 220,
    "ProcedureStepDescription": "Kay_vision_pool",
    "ProtocolName": "T1w_MPR",
    "PulseSequenceDetails": "%SiemensSeq%_tfl",
    "ReceiveCoilActiveElements": "HEA;HEP",
    "ReceiveCoilName": "Head_32",
    "ReconMatrixPE": 320,
    "RepetitionTime": 2.4,
    "SAR": 0.0395352,
    "ScanOptions": "IR_WE",
    "ScanningSequence": "GR_IR",
    "SequenceName": "_tfl3d1_16ns",
    "SequenceVariant": "SK_SP_MP",
    "SeriesDescription": "T1w_MPR",
    "SeriesNumber": 20,
    "ShimSetting": [
      -1035,
      -11667,
      -3754,
      565,
      175,
      -95,
      -10,
      5
    ],
    "SliceThickness": 0.8,
    "SoftwareVersions": "syngo_MR_E11",
    "StationName": "TRIOB",
    "TxRefAmp": 254.139,
    "dataset": "ds002702",
    "modality": "T1w",
    "run_id": 4,
    "session_id": "anatomicals",
    "subject_id": "04"
  },
  "cjv": 0.360156252286614,
  "cnr": 3.674295237073597,
  "efc": 0.5525435179172967,
  "fber": 35372.92899408284,
  "fwhm_avg": 4.4127042102293474,
  "fwhm_x": 4.4016877623610355,
  "fwhm_y": 4.3948124345121915,
  "fwhm_z": 4.441612433814817,
  "icvs_csf": 0.2019292334205431,
  "icvs_gm": 0.4577188318588701,
  "icvs_wm": 0.3403519347205868,
  "inu_med": 0.4099663197994232,
  "inu_range": 0.13534973859786986,
  "provenance": {
    "md5sum": "987be20aa123b1956b53e9fad45a2364",
    "settings": {
      "testing": false
    },
    "software": "mriqc",
    "version": "23.0.1",
    "warnings": {
      "large_rot_frame": true,
      "small_air_mask": false
    },
    "webapi_port": null,
    "webapi_url": "https://mriqc.nimh.nih.gov/api/v1"
  },
  "qi_1": 1.1362732509913985e-05,
  "qi_2": 0.0010715022337433784,
  "rpve_csf": 21.66034502169092,
  "rpve_gm": 10.413207964765771,
  "rpve_wm": 15.414565050661249,
  "size_x": 208,
  "size_y": 300,
  "size_z": 320,
  "snr_csf": 2.36581361856199,
  "snr_gm": 14.02854417912175,
  "snr_total": 13.67426779488619,
  "snr_wm": 24.628445586974827,
  "snrd_csf": 29.3045935129428,
  "snrd_gm": 75.01107993441579,
  "snrd_total": 68.03096787084968,
  "snrd_wm": 99.77723016519045,
  "spacing_x": 0.7999999523162842,
  "spacing_y": 0.800000011920929,
  "spacing_z": 0.800000011920929,
  "summary_bg_k": 125.92555775217241,
  "summary_bg_mad": 0.0,
  "summary_bg_mean": 3.584126708970886,
  "summary_bg_median": 0.0,
  "summary_bg_n": 6856099.0,
  "summary_bg_p05": 0.0,
  "summary_bg_p95": 14.23927477747202,
  "summary_bg_stdv": 6.566291683017844,
  "summary_csf_k": 0.3779355700048681,
  "summary_csf_mad": 105.28437543926319,
  "summary_csf_mean": 300.8140437002897,
  "summary_csf_median": 293.7136581912637,
  "summary_csf_n": 95731.0,
  "summary_csf_p05": 84.86333054676652,
  "summary_csf_p95": 519.2527821585536,
  "summary_csf_stdv": 124.14846284830828,
  "summary_gm_k": 0.2943107189587657,
  "summary_gm_mad": 51.18273312779139,
  "summary_gm_mean": 750.9493067600454,
  "summary_gm_median": 751.819972615689,
  "summary_gm_n": 131500.0,
  "summary_gm_p05": 661.691315382719,
  "summary_gm_p95": 838.3556167034429,
  "summary_gm_stdv": 53.59195540033911,
  "summary_wm_k": 0.7310213746723822,
  "summary_wm_mad": 38.21734582353654,
  "summary_wm_mean": 999.5850758725293,
  "summary_wm_median": 1000.0457867830992,
  "summary_wm_n": 426932.0,
  "summary_wm_p05": 933.3134942166507,
  "summary_wm_p95": 1065.0382322706282,
  "summary_wm_stdv": 40.605267273180566,
  "tpm_overlap_csf": 0.1272875978122939,
  "tpm_overlap_gm": 0.4578390465330771,
  "tpm_overlap_wm": 0.48390196319991735,
  "wm2max": 0.8082744328905007
}