{
  "bids_meta": {
    "AcquisitionMatrixPE": 300,
    "AcquisitionNumber": 1,
    "AcquisitionTime": "16:36:49.255000",
    "BaseResolution": 320,
    "BodyPartExamined": "BRAIN",
    "ConsistencyInfo": "N4_VE11C_LATEST_20160120",
    "ConversionSoftware": "dcm2niix",
    "ConversionSoftwareVersion": "v1.0.20181125  GCC4.3.2",
    "DeviceSerialNumber": "67010",
    "DwellTime": 7.1e-06,
    "EchoTime": 0.00222,
    "FlipAngle": 8,
    "ImageOrientationPatientDICOM": [
      0.0164427,
      0.995513,
      0.09318,
      0.0374021,
      0.092515,
      -0.995009
    ],
    "ImageType": [
      "ORIGINAL",
      "PRIMARY",
      "M",
      "ND",
      "NORM"
    ],
    "ImagingFrequency": 123.174,
    "InPlanePhaseEncodingDirectionDICOM": "ROW",
    "InstitutionAddress": "6th_SE_2021_Minneapolis_Minneapolis_US_55455",
    "InstitutionName": "CMRR_3T-B",
    "InstitutionalDepartmentName": "Research",
    "InversionTime": 1,
    "MRAcquisitionType": "3D",
    "MagneticFieldStrength": 3,
    "Manufacturer": "Siemens",
    "ManufacturersModelName": "Prisma_fit",
    "Modality": "MR",
    "PartialFourier": 1,
    "PatientPosition": "HFS",
    "PercentPhaseFOV": 93.75,
    "PhaseEncodingSteps": 299,
    "PhaseResolution": 1,
    "PixelBandwidth": 220,
    "ProcedureStepDescription": "Kay_vision_pool",
    "ProtocolName": "T1w_MPR",
    "PulseSequenceDetails": "%SiemensSeq%_tfl",
    "ReceiveCoilActiveElements": "HEA;HEP",
    "ReceiveCoilName": "Head_32",
    "ReconMatrixPE": 320,
    "RepetitionTime": 2.4,
    "SAR": 0.0395352,
    "ScanOptions": "IR_WE",
    "ScanningSequence": "GR_IR",
    "SequenceName": "_tfl3d1_16ns",
    "SequenceVariant": "SK_SP_MP",
    "SeriesDescription": "T1w_MPR",
    "SeriesNumber": 16,
    "ShimSetting": [
      -1035,
      -11667,
      -3754,
      565,
      175,
      -95,
      -10,
      5
    ],
    "SliceThickness": 0.8,
    "SoftwareVersions": "syngo_MR_E11",
    "StationName": "TRIOB",
    "TxRefAmp": 254.139,
    "dataset": "ds002702",
    "modality": "T1w",
    "run_id": 2,
    "session_id": "anatomicals",
    "subject_id": "04"
  },
  "cjv": 0.3522921444136726,
  "cnr": 3.770046247708441,
  "efc": 0.5511845998010595,
  "fber": 37337.916308679676,
  "fwhm_avg": 4.515404209387556,
  "fwhm_x": 4.429412764013574,
  "fwhm_y": 4.617149931199105,
  "fwhm_z": 4.499649932949991,
  "icvs_csf": 0.20354290582471987,
  "icvs_gm": 0.45275195387587414,
  "icvs_wm": 0.343705140299406,
  "inu_med": 0.40164899826049805,
  "inu_range": 0.13145639300346368,
  "provenance": {
    "md5sum": "1fa77dac2c7a5b86822be781d4db1df3",
    "settings": {
      "testing": false
    },
    "software": "mriqc",
    "version": "23.0.1",
    "warnings": {
      "large_rot_frame": true,
      "small_air_mask": false
    },
    "webapi_port": null,
    "webapi_url": "https://mriqc.nimh.nih.gov/api/v1"
  },
  "qi_1": 5.4306733364828444e-05,
  "qi_2": 0.0013564089270128275,
  "rpve_csf": 21.507297820097826,
  "rpve_gm": 10.487750519963448,
  "rpve_wm": 15.316524558079783,
  "size_x": 208,
  "size_y": 300,
  "size_z": 320,
  "snr_csf": 2.4581817355694437,
  "snr_gm": 14.313120131121885,
  "snr_total": 14.000208880546994,
  "snr_wm": 25.229324774949657,
  "snrd_csf": 37.5508887079192,
  "snrd_gm": 94.01920183902033,
  "snrd_total": 85.57328078788191,
  "snrd_wm": 125.14975181670621,
  "spacing_x": 0.7999999523162842,
  "spacing_y": 0.800000011920929,
  "spacing_z": 0.800000011920929,
  "summary_bg_k": 93.40445482886643,
  "summary_bg_mad": 0.0,
  "summary_bg_mean": 3.1685465357280655,
  "summary_bg_median": 0.0,
  "summary_bg_n": 6801987.0,
  "summary_bg_p05": 0.0,
  "summary_bg_p95": 12.72945887222886,
  "summary_bg_stdv": 5.235057204439807,
  "summary_csf_k": 0.3877049256303611,
  "summary_csf_mad": 103.81680241347668,
  "summary_csf_mean": 306.40675405532926,
  "summary_csf_median": 300.06125512719154,
  "summary_csf_n": 95877.0,
  "summary_csf_p05": 91.30720588564873,
  "summary_csf_p95": 520.6280606769024,
  "summary_csf_stdv": 122.0657065168674,
  "summary_gm_k": 0.29292266362177166,
  "summary_gm_mad": 50.2936226857251,
  "summary_gm_mean": 750.0738817837613,
  "summary_gm_median": 751.2876706942916,
  "summary_gm_n": 136833.0,
  "summary_gm_p05": 661.8864800408483,
  "summary_gm_p95": 834.9254343360662,
  "summary_gm_stdv": 52.48924892228629,
  "summary_wm_k": 0.6898552399124083,
  "summary_wm_mad": 37.34175329843134,
  "summary_wm_mean": 999.3241339966753,
  "summary_wm_median": 1000.0453491546214,
  "summary_wm_n": 432814.0,
  "summary_wm_p05": 933.9247731231153,
  "summary_wm_p95": 1062.739635899663,
  "summary_wm_stdv": 39.63816720389845,
  "tpm_overlap_csf": 0.12965354067612245,
  "tpm_overlap_gm": 0.45937817818272664,
  "tpm_overlap_wm": 0.48686796045414055,
  "wm2max": 0.784649895850024
}