{
  "aor": 0.0004792215568862275,
  "aqi": 0.0267319377245509,
  "bids_meta": {
    "AcquisitionMatrixPE": 162,
    "AcquisitionNumber": 1,
    "AcquisitionTime": "13:41:23.987500",
    "BandwidthPerPixelPhaseEncode": 18.519,
    "BaseResolution": 200,
    "CoilString": "C:H01-32",
    "ConversionSoftware": "dcm2niix",
    "ConversionSoftwareVersion": "v1.0.20181125  GCC4.3.2",
    "DerivedVendorReportedEchoSpacing": 0.000999974,
    "DeviceSerialNumber": "18912",
    "DwellTime": 2.2e-06,
    "EchoTime": 0.0226,
    "EffectiveEchoSpacing": 0.000333325,
    "FlipAngle": 70,
    "ImageComments": "Unaliased_MB2_PE2",
    "ImageOrientationPatientDICOM": [
      0.993768,
      0.111469,
      -3.8477e-08,
      0.0600562,
      -0.535413,
      -0.842452
    ],
    "ImageType": [
      "ORIGINAL",
      "PRIMARY",
      "M",
      "MB",
      "ND",
      "MOSAIC"
    ],
    "ImagingFrequency": 296.814,
    "InPlanePhaseEncodingDirectionDICOM": "COL",
    "InstitutionAddress": "6th_Street_SE_2021_Minneapolis_0735BC_Chicago_US_55455",
    "InstitutionName": "CMRR_7T_PS",
    "InstitutionalDepartmentName": "CMRR",
    "MRAcquisitionType": "2D",
    "MagneticFieldStrength": 6.98,
    "Manufacturer": "Siemens",
    "ManufacturersModelName": "Investigational_Device_7T",
    "Modality": "MR",
    "MultibandAccelerationFactor": 2,
    "ParallelReductionFactorInPlane": 3,
    "PartialFourier": 0.75,
    "PatientPosition": "HFS",
    "PercentPhaseFOV": 81,
    "PhaseEncodingDirection": "j",
    "PhaseEncodingSteps": 123,
    "PhaseResolution": 1,
    "PixelBandwidth": 1136,
    "ProcedureStepDescription": "Ruyuan_fmri",
    "ProtocolName": "eja_ep2d_bold_p8iso_MB2_2sTR_R3_USED",
    "PulseSequenceDetails": "%CustomerSeq%_eja_ep2d_bold",
    "ReceiveCoilName": "VM_8T_32R_Head",
    "ReconMatrixPE": 162,
    "RepetitionTime": 2.2,
    "SAR": 0.00911222,
    "ScanOptions": "PFP",
    "ScanningSequence": "EP",
    "SequenceName": "epfid2d1_162",
    "SequenceVariant": "SK_SS_OSP",
    "SeriesDescription": "eja_ep2d_bold_p8iso_MB2_2sTR_R3_USED",
    "SeriesNumber": 26,
    "ShimSetting": [
      -281,
      14,
      877,
      5408,
      -121,
      709,
      -121,
      -142
    ],
    "SliceThickness": 0.8,
    "SliceTiming": [
      0,
      1.63,
      1.0525,
      0.4725,
      2.1025,
      1.525,
      0.945,
      0.3675,
      1.9975,
      1.42,
      0.84,
      0.2625,
      1.8925,
      1.315,
      0.735,
      0.1575,
      1.7875,
      1.21,
      0.63,
      0.0525,
      1.6825,
      1.105,
      0.525,
      2.155,
      1.5775,
      1,
      0.42,
      2.05,
      1.4725,
      0.8925,
      0.315,
      1.945,
      1.3675,
      0.7875,
      0.21,
      1.84,
      1.2625,
      0.6825,
      0.105,
      1.735,
      1.1575,
      0.5775,
      0,
      1.63,
      1.0525,
      0.4725,
      2.1025,
      1.525,
      0.945,
      0.3675,
      1.9975,
      1.42,
      0.84,
      0.2625,
      1.8925,
      1.315,
      0.735,
      0.1575,
      1.7875,
      1.21,
      0.63,
      0.0525,
      1.6825,
      1.105,
      0.525,
      2.155,
      1.5775,
      1,
      0.42,
      2.05,
      1.4725,
      0.8925,
      0.315,
      1.945,
      1.3675,
      0.7875,
      0.21,
      1.84,
      1.2625,
      0.6825,
      0.105,
      1.735,
      1.1575,
      0.5775
    ],
    "SoftwareVersions": "syngo_MR_B17",
    "SpacingBetweenSlices": 0.8,
    "StationName": "SEPTET",
    "TotalReadoutTime": 0.0536653,
    "TxRefAmp": 80,
    "dataset": "ds002702",
    "modality": "bold",
    "run_id": 7,
    "session_id": "ring7T",
    "subject_id": "01",
    "task_id": "ring"
  },
  "dummy_trs": 1,
  "dvars_nstd": 121.19338731855419,
  "dvars_std": 1.023747216144579,
  "dvars_vstd": 1.0137553043975909,
  "efc": 0.7023426602801247,
  "fber": 37.557464599609375,
  "fd_mean": 0.10203459938136344,
  "fd_num": 2,
  "fd_perc": 1.1976047904191616,
  "fwhm_avg": 3.1346375304000493,
  "fwhm_x": 2.987799955478311,
  "fwhm_y": 3.3112624506583446,
  "fwhm_z": 3.1048501850634924,
  "gcor": 0.000609257,
  "gsr_x": 0.02413981594145298,
  "gsr_y": 0.01680239476263523,
  "provenance": {
    "md5sum": "f8c12e0118e13db2993367f3a70eeb7b",
    "settings": {
      "fd_thres": 0.2,
      "testing": false
    },
    "software": "mriqc",
    "version": "23.0.1",
    "webapi_port": null,
    "webapi_url": "https://mriqc.nimh.nih.gov/api/v1"
  },
  "size_t": 167,
  "size_x": 200,
  "size_y": 162,
  "size_z": 84,
  "snr": 2.191431286669878,
  "spacing_tr": 2.200000047683716,
  "spacing_x": 0.800000011920929,
  "spacing_y": 0.800000011920929,
  "spacing_z": 0.7999999523162842,
  "summary_bg_k": 37.82833339754235,
  "summary_bg_mad": 41.397441028697386,
  "summary_bg_mean": 230.26510620117188,
  "summary_bg_median": 184.67665100097656,
  "summary_bg_n": 1571125.0,
  "summary_bg_p05": 145.2814483642578,
  "summary_bg_p95": 470.3233642578125,
  "summary_bg_stdv": 131.52281188964844,
  "summary_fg_k": 1.31125338370361,
  "summary_fg_mad": 514.1878776129321,
  "summary_fg_mean": 1238.208251953125,
  "summary_fg_median": 1166.6826171875,
  "summary_fg_n": 883399.0,
  "summary_fg_p05": 521.5748901367188,
  "summary_fg_p95": 2203.1024169921875,
  "summary_fg_stdv": 532.383544921875,
  "tsnr": 11.743841916322708
}