{
  "bids_meta": {
    "AcquisitionMatrixPE": 300,
    "AcquisitionNumber": 1,
    "AcquisitionTime": "14:55:13.890000",
    "BaseResolution": 320,
    "BodyPartExamined": "BRAIN",
    "ConsistencyInfo": "N4_VE11B_LATEST_20150530",
    "ConversionSoftware": "dcm2niix",
    "ConversionSoftwareVersion": "v1.0.20181125  GCC4.3.2",
    "DeviceSerialNumber": "67055",
    "DwellTime": 2.1e-06,
    "EchoTime": 0.563,
    "EchoTrainLength": 314,
    "FlipAngle": 120,
    "ImageOrientationPatientDICOM": [
      -0.05766,
      0.995205,
      0.0790049,
      -0.0662029,
      0.0751508,
      -0.994972
    ],
    "ImageType": [
      "ORIGINAL",
      "PRIMARY",
      "M",
      "ND",
      "NORM"
    ],
    "ImagingFrequency": 123.235,
    "InPlanePhaseEncodingDirectionDICOM": "ROW",
    "InstitutionAddress": "6th_SE_2021_Minneapolis_Minnesota_US_55455",
    "InstitutionName": "CMRR_3T-A",
    "InstitutionalDepartmentName": "Research",
    "MRAcquisitionType": "3D",
    "MagneticFieldStrength": 3,
    "Manufacturer": "Siemens",
    "ManufacturersModelName": "Prisma_fit",
    "Modality": "MR",
    "PartialFourier": 1,
    "PatientPosition": "HFS",
    "PercentPhaseFOV": 93.75,
    "PhaseEncodingSteps": 297,
    "PhaseResolution": 1,
    "PixelBandwidth": 745,
    "ProcedureStepDescription": "VisionPool_VisionPool",
    "ProtocolName": "T2w_SPC",
    "PulseSequenceDetails": "%SiemensSeq%_tse_vfl",
    "ReceiveCoilActiveElements": "HEA;HEP",
    "ReceiveCoilName": "Head_32",
    "ReconMatrixPE": 320,
    "RepetitionTime": 3.2,
    "SAR": 0.193877,
    "ScanOptions": "PFP",
    "ScanningSequence": "SE",
    "SequenceName": "_spc_314ns",
    "SequenceVariant": "SK_SP",
    "SeriesDescription": "T2w_SPC",
    "SeriesNumber": 14,
    "ShimSetting": [
      5247,
      -10071,
      -11151,
      425,
      -19,
      145,
      120,
      26
    ],
    "SliceThickness": 0.8,
    "SoftwareVersions": "syngo_MR_E11",
    "StationName": "TRIO",
    "TxRefAmp": 270.07,
    "dataset": "ds002702",
    "modality": "T2w",
    "run_id": 1,
    "session_id": "anatomicals",
    "subject_id": "08"
  },
  "cjv": 2.3759739070361348,
  "cnr": 0.6360369926204357,
  "efc": 0.5681928235319395,
  "fber": 8280.076167899198,
  "fwhm_avg": 2.657283357589447,
  "fwhm_x": 2.5710501532465306,
  "fwhm_y": 2.9500874560402712,
  "fwhm_z": 2.4507124634815383,
  "icvs_csf": 0.3335752460656703,
  "icvs_gm": 0.5274820601933543,
  "icvs_wm": 0.13894269374097543,
  "inu_med": 0.9016355276107788,
  "inu_range": 0.21248909235000613,
  "provenance": {
    "md5sum": "4687588045030e7b15fe99e4b89fd33f",
    "settings": {
      "testing": false
    },
    "software": "mriqc",
    "version": "23.0.1",
    "warnings": {
      "large_rot_frame": true,
      "small_air_mask": false
    },
    "webapi_port": null,
    "webapi_url": "https://mriqc.nimh.nih.gov/api/v1"
  },
  "qi_1": 0.0,
  "qi_2": 0.0058058705016998,
  "rpve_csf": 11.9377418365708,
  "rpve_gm": 9.03650522513129,
  "rpve_wm": 37.71851263278375,
  "size_x": 208,
  "size_y": 300,
  "size_z": 320,
  "snr_csf": 8.701257008630376,
  "snr_gm": 8.97866690100119,
  "snr_total": 6.360567550322338,
  "snr_wm": 1.4017787413354463,
  "snrd_csf": 99.84130913543824,
  "snrd_gm": 57.90388630295159,
  "snrd_total": 88.02213869390897,
  "snrd_wm": 106.3212206433371,
  "spacing_x": 0.7999999523162842,
  "spacing_y": 0.800000011920929,
  "spacing_z": 0.800000011920929,
  "summary_bg_k": 11.710807933785555,
  "summary_bg_mad": 0.0,
  "summary_bg_mean": 3.5158513845949906,
  "summary_bg_median": 0.0,
  "summary_bg_n": 5075963.0,
  "summary_bg_p05": 0.0,
  "summary_bg_p95": 14.256806317716837,
  "summary_bg_stdv": 6.263121062249699,
  "summary_csf_k": 2.671067453830174,
  "summary_csf_mad": 90.98075507508926,
  "summary_csf_mean": 962.6660543967317,
  "summary_csf_median": 954.485518021509,
  "summary_csf_n": 102776.0,
  "summary_csf_p05": 805.2796084620059,
  "summary_csf_p95": 1153.329641405493,
  "summary_csf_stdv": 109.69459625662442,
  "summary_gm_k": 0.6699759023129386,
  "summary_gm_mad": 58.27495778479362,
  "summary_gm_mean": 554.6482022051935,
  "summary_gm_median": 553.5626625083387,
  "summary_gm_n": 563763.0,
  "summary_gm_p05": 456.0031835772097,
  "summary_gm_p95": 656.3956267870963,
  "summary_gm_stdv": 61.65304690087661,
  "summary_wm_k": -1.854481180649185,
  "summary_wm_mad": 1041.4944093332226,
  "summary_wm_mean": 875.4675588577377,
  "summary_wm_median": 1016.4336409568787,
  "summary_wm_n": 94003.0,
  "summary_wm_p05": 27.133921701461077,
  "summary_wm_p95": 1735.6205351389945,
  "summary_wm_stdv": 725.0989079665982,
  "tpm_overlap_csf": 0.12299086820863647,
  "tpm_overlap_gm": 0.33107660891890656,
  "tpm_overlap_wm": 0.02365807034101894,
  "wm2max": 0.5785891305106635
}