{
  "bids_meta": {
    "AcquisitionMatrixPE": 300,
    "AcquisitionNumber": 1,
    "AcquisitionTime": "15:07:34.360000",
    "BaseResolution": 320,
    "BodyPartExamined": "BRAIN",
    "ConsistencyInfo": "N4_VE11B_LATEST_20150530",
    "ConversionSoftware": "dcm2niix",
    "ConversionSoftwareVersion": "v1.0.20181125  GCC4.3.2",
    "DeviceSerialNumber": "67055",
    "DwellTime": 7.1e-06,
    "EchoTime": 0.00222,
    "FlipAngle": 8,
    "ImageOrientationPatientDICOM": [
      -0.05766,
      0.995205,
      0.0790049,
      -0.0662029,
      0.0751508,
      -0.994972
    ],
    "ImageType": [
      "ORIGINAL",
      "PRIMARY",
      "M",
      "ND",
      "NORM"
    ],
    "ImagingFrequency": 123.235,
    "InPlanePhaseEncodingDirectionDICOM": "ROW",
    "InstitutionAddress": "6th_SE_2021_Minneapolis_Minnesota_US_55455",
    "InstitutionName": "CMRR_3T-A",
    "InstitutionalDepartmentName": "Research",
    "InversionTime": 1,
    "MRAcquisitionType": "3D",
    "MagneticFieldStrength": 3,
    "Manufacturer": "Siemens",
    "ManufacturersModelName": "Prisma_fit",
    "Modality": "MR",
    "PartialFourier": 1,
    "PatientPosition": "HFS",
    "PercentPhaseFOV": 93.75,
    "PhaseEncodingSteps": 299,
    "PhaseResolution": 1,
    "PixelBandwidth": 220,
    "ProcedureStepDescription": "VisionPool_VisionPool",
    "ProtocolName": "T1w_MPR",
    "PulseSequenceDetails": "%SiemensSeq%_tfl",
    "ReceiveCoilActiveElements": "HEA;HEP",
    "ReceiveCoilName": "Head_32",
    "ReconMatrixPE": 320,
    "RepetitionTime": 2.4,
    "SAR": 0.0576234,
    "ScanOptions": "IR_WE",
    "ScanningSequence": "GR_IR",
    "SequenceName": "_tfl3d1_16ns",
    "SequenceVariant": "SK_SP_MP",
    "SeriesDescription": "T1w_MPR",
    "SeriesNumber": 18,
    "ShimSetting": [
      5247,
      -10071,
      -11151,
      425,
      -19,
      145,
      120,
      26
    ],
    "SliceThickness": 0.8,
    "SoftwareVersions": "syngo_MR_E11",
    "StationName": "TRIO",
    "TxRefAmp": 270.07,
    "dataset": "ds002702",
    "modality": "T1w",
    "run_id": 1,
    "session_id": "anatomicals",
    "subject_id": "08"
  },
  "cjv": 0.33500971559426906,
  "cnr": 3.923841581365166,
  "efc": 0.5964211993275573,
  "fber": 40888.91808488101,
  "fwhm_avg": 4.455570879051529,
  "fwhm_x": 4.514200269067303,
  "fwhm_y": 4.39032493457906,
  "fwhm_z": 4.462187433508226,
  "icvs_csf": 0.2023251115153287,
  "icvs_gm": 0.43880298439999554,
  "icvs_wm": 0.3588719040846758,
  "inu_med": 0.4042792320251465,
  "inu_range": 0.13518536388874047,
  "provenance": {
    "md5sum": "b5dc76ea61184fe207fb8c828b9ab2bc",
    "settings": {
      "testing": false
    },
    "software": "mriqc",
    "version": "23.0.1",
    "warnings": {
      "large_rot_frame": true,
      "small_air_mask": false
    },
    "webapi_port": null,
    "webapi_url": "https://mriqc.nimh.nih.gov/api/v1"
  },
  "qi_1": 0.0,
  "qi_2": 0.0017993295192230206,
  "rpve_csf": 21.14222507275438,
  "rpve_gm": 10.419039997880205,
  "rpve_wm": 14.463070093614835,
  "size_x": 208,
  "size_y": 300,
  "size_z": 320,
  "snr_csf": 2.5415174117819155,
  "snr_gm": 13.614283095444108,
  "snr_total": 14.43825523562362,
  "snr_wm": 27.158965199644836,
  "snrd_csf": 42.6661575436336,
  "snrd_gm": 113.01315699261693,
  "snrd_total": 102.69780651931721,
  "snrd_wm": 152.41410502170112,
  "spacing_x": 0.7999999523162842,
  "spacing_y": 0.800000011920929,
  "spacing_z": 0.800000011920929,
  "summary_bg_k": 16.990687837512862,
  "summary_bg_mad": 0.0,
  "summary_bg_mean": 2.465972086425603,
  "summary_bg_median": 0.0,
  "summary_bg_n": 5123931.0,
  "summary_bg_p05": 0.0,
  "summary_bg_p95": 10.378314033150673,
  "summary_bg_stdv": 4.298503566020184,
  "summary_csf_k": 0.8401522063934777,
  "summary_csf_mad": 92.94427201644932,
  "summary_csf_mean": 292.6741776878525,
  "summary_csf_median": 279.94266590848565,
  "summary_csf_n": 107548.0,
  "summary_csf_p05": 119.53223187681289,
  "summary_csf_p95": 496.37128544766443,
  "summary_csf_stdv": 110.14733290038757,
  "summary_gm_k": 0.4034127532329479,
  "summary_gm_mad": 50.85007865937393,
  "summary_gm_mean": 741.6277499094449,
  "summary_gm_median": 741.5058273971081,
  "summary_gm_n": 133257.0,
  "summary_gm_p05": 652.6427490018308,
  "summary_gm_p95": 833.526878491044,
  "summary_gm_stdv": 54.46508199909112,
  "summary_wm_k": 0.4145537274079456,
  "summary_wm_mad": 35.756251276332094,
  "summary_wm_mean": 999.257754856298,
  "summary_wm_median": 1000.0246879085898,
  "summary_wm_n": 500373.0,
  "summary_wm_p05": 938.3478502258658,
  "summary_wm_p95": 1057.5501999780536,
  "summary_wm_stdv": 36.821126330761025,
  "tpm_overlap_csf": 0.15449386817550118,
  "tpm_overlap_gm": 0.47304343972616364,
  "tpm_overlap_wm": 0.5277167066790317,
  "wm2max": 0.7896893460262747
}