{
  "aor": 0.0006685314685314685,
  "aqi": 0.04328606643356644,
  "bids_meta": {
    "AcquisitionMatrixPE": 162,
    "AcquisitionNumber": 1,
    "AcquisitionTime": "17:25:6.495000",
    "BandwidthPerPixelPhaseEncode": 18.519,
    "BaseResolution": 200,
    "CoilString": "C:H01-32",
    "ConversionSoftware": "dcm2niix",
    "ConversionSoftwareVersion": "v1.0.20181125  GCC4.3.2",
    "DerivedVendorReportedEchoSpacing": 0.000999974,
    "DeviceSerialNumber": "18912",
    "DwellTime": 2.2e-06,
    "EchoTime": 0.0224,
    "EffectiveEchoSpacing": 0.000333325,
    "FlipAngle": 70,
    "ImageComments": "Unaliased_MB2_PE2_SENSE1",
    "ImageOrientationPatientDICOM": [
      1,
      0,
      -1e-16,
      0,
      -0.66523,
      -0.746638
    ],
    "ImageType": [
      "ORIGINAL",
      "PRIMARY",
      "M",
      "MB",
      "ND",
      "MOSAIC"
    ],
    "ImagingFrequency": 297.287,
    "InPlanePhaseEncodingDirectionDICOM": "COL",
    "InstitutionAddress": "6th_Street_SE_2021_Minneapolis_667926_Chicago_US_55455",
    "InstitutionName": "CMRR_7T_PS",
    "InstitutionalDepartmentName": "CMRR",
    "MRAcquisitionType": "2D",
    "MagneticFieldStrength": 6.98,
    "Manufacturer": "Siemens",
    "ManufacturersModelName": "Investigational_Device_7T",
    "Modality": "MR",
    "MultibandAccelerationFactor": 2,
    "ParallelReductionFactorInPlane": 3,
    "PartialFourier": 0.75,
    "PatientPosition": "HFS",
    "PercentPhaseFOV": 81,
    "PhaseEncodingDirection": "j",
    "PhaseEncodingSteps": 123,
    "PhaseResolution": 1,
    "PixelBandwidth": 1136,
    "ProcedureStepDescription": "Luca_fmri",
    "ProtocolName": "eja_ep2d_bold_p8iso_MB2_2sTR_R3_USED",
    "PulseSequenceDetails": "%CustomerSeq%_eja_ep2d_bold",
    "ReceiveCoilName": "VM_8T_32R_Head",
    "ReconMatrixPE": 162,
    "RepetitionTime": 2.2,
    "SAR": 0.00611488,
    "ScanOptions": "PFP",
    "ScanningSequence": "EP",
    "SequenceName": "epfid2d1_162",
    "SequenceVariant": "SK_SS_OSP",
    "SeriesDescription": "eja_ep2d_bold_p8iso_MB2_2sTR_R3_USED",
    "SeriesNumber": 64,
    "ShimSetting": [
      -1125,
      -349,
      843,
      1765,
      -305,
      555,
      1246,
      -4
    ],
    "SliceThickness": 0.8,
    "SliceTiming": [
      0,
      1.63,
      1.0525,
      0.475,
      2.105,
      1.525,
      0.9475,
      0.3675,
      1.9975,
      1.42,
      0.8425,
      0.2625,
      1.8925,
      1.315,
      0.7375,
      0.1575,
      1.7875,
      1.21,
      0.6325,
      0.0525,
      1.6825,
      1.105,
      0.5275,
      2.1575,
      1.5775,
      1,
      0.4225,
      2.05,
      1.4725,
      0.895,
      0.315,
      1.945,
      1.3675,
      0.79,
      0.21,
      1.84,
      1.2625,
      0.685,
      0.105,
      1.735,
      1.1575,
      0.58,
      0,
      1.63,
      1.0525,
      0.475,
      2.105,
      1.525,
      0.9475,
      0.3675,
      1.9975,
      1.42,
      0.8425,
      0.2625,
      1.8925,
      1.315,
      0.7375,
      0.1575,
      1.7875,
      1.21,
      0.6325,
      0.0525,
      1.6825,
      1.105,
      0.5275,
      2.1575,
      1.5775,
      1,
      0.4225,
      2.05,
      1.4725,
      0.895,
      0.315,
      1.945,
      1.3675,
      0.79,
      0.21,
      1.84,
      1.2625,
      0.685,
      0.105,
      1.735,
      1.1575,
      0.58
    ],
    "SoftwareVersions": "syngo_MR_B17",
    "SpacingBetweenSlices": 0.8,
    "StationName": "SEPTET",
    "TotalReadoutTime": 0.0536653,
    "TxRefAmp": 80,
    "dataset": "ds002702",
    "modality": "bold",
    "run_id": 11,
    "session_id": "floc7T",
    "subject_id": "10",
    "task_id": "floc"
  },
  "dummy_trs": 0,
  "dvars_nstd": 132.04820213845065,
  "dvars_std": 1.0195939809859158,
  "dvars_vstd": 1.0121667378873234,
  "efc": 0.6313999063776115,
  "fber": 240.35064697265625,
  "fd_mean": 0.14597912443054384,
  "fd_num": 32,
  "fd_perc": 22.377622377622377,
  "fwhm_avg": 2.8982832901455473,
  "fwhm_x": 2.813762458071672,
  "fwhm_y": 3.1006999537959703,
  "fwhm_z": 2.7803874585689985,
  "gcor": 0.00143887,
  "gsr_x": 0.03552340343594551,
  "gsr_y": -0.03692130371928215,
  "provenance": {
    "md5sum": "26794cb331e1439cbb063f7dc7a35b47",
    "settings": {
      "fd_thres": 0.2,
      "testing": false
    },
    "software": "mriqc",
    "version": "23.0.1",
    "webapi_port": null,
    "webapi_url": "https://mriqc.nimh.nih.gov/api/v1"
  },
  "size_t": 143,
  "size_x": 200,
  "size_y": 162,
  "size_z": 84,
  "snr": 2.7942250722957134,
  "spacing_tr": 2.200000047683716,
  "spacing_x": 0.800000011920929,
  "spacing_y": 0.800000011920929,
  "spacing_z": 0.800000011920929,
  "summary_bg_k": 21.608162875182426,
  "summary_bg_mad": 11.715666169952653,
  "summary_bg_mean": 43.8938102722168,
  "summary_bg_median": 21.48950958251953,
  "summary_bg_n": 1689098.0,
  "summary_bg_p05": 11.734265327453613,
  "summary_bg_p95": 156.28671264648438,
  "summary_bg_stdv": 59.19955825805664,
  "summary_fg_k": 0.2312856829573815,
  "summary_fg_mad": 124.20680162338226,
  "summary_fg_mean": 346.3703308105469,
  "summary_fg_median": 340.8601379394531,
  "summary_fg_n": 786717.0,
  "summary_fg_p05": 161.62936401367188,
  "summary_fg_p95": 554.2587280273438,
  "summary_fg_stdv": 121.9872817993164,
  "tsnr": 10.314321458339691
}