{
  "aor": 0.0005897202797202797,
  "aqi": 0.04137664055944056,
  "bids_meta": {
    "AcquisitionMatrixPE": 162,
    "AcquisitionNumber": 1,
    "AcquisitionTime": "17:04:13.002500",
    "BandwidthPerPixelPhaseEncode": 18.519,
    "BaseResolution": 200,
    "CoilString": "C:H01-32",
    "ConversionSoftware": "dcm2niix",
    "ConversionSoftwareVersion": "v1.0.20181125  GCC4.3.2",
    "DerivedVendorReportedEchoSpacing": 0.000999974,
    "DeviceSerialNumber": "18912",
    "DwellTime": 2.2e-06,
    "EchoTime": 0.0224,
    "EffectiveEchoSpacing": 0.000333325,
    "FlipAngle": 70,
    "ImageComments": "Unaliased_MB2_PE2_SENSE1",
    "ImageOrientationPatientDICOM": [
      1,
      0,
      -1e-16,
      0,
      -0.66523,
      -0.746638
    ],
    "ImageType": [
      "ORIGINAL",
      "PRIMARY",
      "M",
      "MB",
      "ND",
      "MOSAIC"
    ],
    "ImagingFrequency": 297.287,
    "InPlanePhaseEncodingDirectionDICOM": "COL",
    "InstitutionAddress": "6th_Street_SE_2021_Minneapolis_667926_Chicago_US_55455",
    "InstitutionName": "CMRR_7T_PS",
    "InstitutionalDepartmentName": "CMRR",
    "MRAcquisitionType": "2D",
    "MagneticFieldStrength": 6.98,
    "Manufacturer": "Siemens",
    "ManufacturersModelName": "Investigational_Device_7T",
    "Modality": "MR",
    "MultibandAccelerationFactor": 2,
    "ParallelReductionFactorInPlane": 3,
    "PartialFourier": 0.75,
    "PatientPosition": "HFS",
    "PercentPhaseFOV": 81,
    "PhaseEncodingDirection": "j",
    "PhaseEncodingSteps": 123,
    "PhaseResolution": 1,
    "PixelBandwidth": 1136,
    "ProcedureStepDescription": "Luca_fmri",
    "ProtocolName": "eja_ep2d_bold_p8iso_MB2_2sTR_R3_USED",
    "PulseSequenceDetails": "%CustomerSeq%_eja_ep2d_bold",
    "ReceiveCoilName": "VM_8T_32R_Head",
    "ReconMatrixPE": 162,
    "RepetitionTime": 2.2,
    "SAR": 0.00611552,
    "ScanOptions": "PFP",
    "ScanningSequence": "EP",
    "SequenceName": "epfid2d1_162",
    "SequenceVariant": "SK_SS_OSP",
    "SeriesDescription": "eja_ep2d_bold_p8iso_MB2_2sTR_R3_USED",
    "SeriesNumber": 53,
    "ShimSetting": [
      -1125,
      -349,
      843,
      1765,
      -305,
      555,
      1246,
      -4
    ],
    "SliceThickness": 0.8,
    "SliceTiming": [
      0,
      1.63,
      1.05,
      0.4725,
      2.1025,
      1.525,
      0.945,
      0.3675,
      1.9975,
      1.4175,
      0.84,
      0.2625,
      1.8925,
      1.3125,
      0.735,
      0.1575,
      1.7875,
      1.2075,
      0.63,
      0.0525,
      1.6825,
      1.1025,
      0.525,
      2.155,
      1.5775,
      0.9975,
      0.42,
      2.05,
      1.47,
      0.8925,
      0.315,
      1.945,
      1.365,
      0.7875,
      0.21,
      1.84,
      1.26,
      0.6825,
      0.105,
      1.735,
      1.155,
      0.5775,
      0,
      1.63,
      1.05,
      0.4725,
      2.1025,
      1.525,
      0.945,
      0.3675,
      1.9975,
      1.4175,
      0.84,
      0.2625,
      1.8925,
      1.3125,
      0.735,
      0.1575,
      1.7875,
      1.2075,
      0.63,
      0.0525,
      1.6825,
      1.1025,
      0.525,
      2.155,
      1.5775,
      0.9975,
      0.42,
      2.05,
      1.47,
      0.8925,
      0.315,
      1.945,
      1.365,
      0.7875,
      0.21,
      1.84,
      1.26,
      0.6825,
      0.105,
      1.735,
      1.155,
      0.5775
    ],
    "SoftwareVersions": "syngo_MR_B17",
    "SpacingBetweenSlices": 0.8,
    "StationName": "SEPTET",
    "TotalReadoutTime": 0.0536653,
    "TxRefAmp": 80,
    "dataset": "ds002702",
    "modality": "bold",
    "run_id": 8,
    "session_id": "floc7T",
    "subject_id": "10",
    "task_id": "floc"
  },
  "dummy_trs": 0,
  "dvars_nstd": 128.16687688669015,
  "dvars_std": 1.016159869014084,
  "dvars_vstd": 1.009778933309859,
  "efc": 0.6299284844205432,
  "fber": 248.01556396484375,
  "fd_mean": 0.1024838087016176,
  "fd_num": 14,
  "fd_perc": 9.79020979020979,
  "fwhm_avg": 2.94842078939844,
  "fwhm_x": 2.8489499575473376,
  "fwhm_y": 3.155437452980318,
  "fwhm_z": 2.840874957667664,
  "gcor": 0.00083432,
  "gsr_x": 0.03914307802915573,
  "gsr_y": -0.0360553003847599,
  "provenance": {
    "md5sum": "970dd03bca687ee2a092f853ec1e16fe",
    "settings": {
      "fd_thres": 0.2,
      "testing": false
    },
    "software": "mriqc",
    "version": "23.0.1",
    "webapi_port": null,
    "webapi_url": "https://mriqc.nimh.nih.gov/api/v1"
  },
  "size_t": 143,
  "size_x": 200,
  "size_y": 162,
  "size_z": 84,
  "snr": 2.727649397864165,
  "spacing_tr": 2.200000047683716,
  "spacing_x": 0.800000011920929,
  "spacing_y": 0.800000011920929,
  "spacing_z": 0.800000011920929,
  "summary_bg_k": 21.628862933212325,
  "summary_bg_mad": 11.383896991980578,
  "summary_bg_mean": 43.36012649536133,
  "summary_bg_median": 21.0489501953125,
  "summary_bg_n": 1681298.0,
  "summary_bg_p05": 11.594405174255371,
  "summary_bg_p95": 153.6503448486328,
  "summary_bg_stdv": 58.50020980834961,
  "summary_fg_k": 0.18822188372393267,
  "summary_fg_mad": 127.9496392491586,
  "summary_fg_mean": 347.56695556640625,
  "summary_fg_median": 340.0209655761719,
  "summary_fg_n": 792847.0,
  "summary_fg_p05": 161.36363220214844,
  "summary_fg_p95": 561.3636474609375,
  "summary_fg_stdv": 124.65705871582031,
  "tsnr": 10.367651808424853
}