{
  "aor": 0.00044964071856287436,
  "aqi": 0.028666373053892222,
  "bids_meta": {
    "AcquisitionMatrixPE": 162,
    "AcquisitionNumber": 1,
    "AcquisitionTime": "13:32:32.507500",
    "BandwidthPerPixelPhaseEncode": 18.519,
    "BaseResolution": 200,
    "CoilString": "C:H01-32",
    "ConversionSoftware": "dcm2niix",
    "ConversionSoftwareVersion": "v1.0.20181125  GCC4.3.2",
    "DerivedVendorReportedEchoSpacing": 0.000999974,
    "DeviceSerialNumber": "18912",
    "DwellTime": 2.2e-06,
    "EchoTime": 0.0226,
    "EffectiveEchoSpacing": 0.000333325,
    "FlipAngle": 70,
    "ImageComments": "Unaliased_MB2_PE2",
    "ImageOrientationPatientDICOM": [
      0.993768,
      0.111469,
      -3.8477e-08,
      0.0600562,
      -0.535413,
      -0.842452
    ],
    "ImageType": [
      "ORIGINAL",
      "PRIMARY",
      "M",
      "MB",
      "ND",
      "MOSAIC"
    ],
    "ImagingFrequency": 296.814,
    "InPlanePhaseEncodingDirectionDICOM": "COL",
    "InstitutionAddress": "6th_Street_SE_2021_Minneapolis_0735BC_Chicago_US_55455",
    "InstitutionName": "CMRR_7T_PS",
    "InstitutionalDepartmentName": "CMRR",
    "MRAcquisitionType": "2D",
    "MagneticFieldStrength": 6.98,
    "Manufacturer": "Siemens",
    "ManufacturersModelName": "Investigational_Device_7T",
    "Modality": "MR",
    "MultibandAccelerationFactor": 2,
    "ParallelReductionFactorInPlane": 3,
    "PartialFourier": 0.75,
    "PatientPosition": "HFS",
    "PercentPhaseFOV": 81,
    "PhaseEncodingDirection": "j",
    "PhaseEncodingSteps": 123,
    "PhaseResolution": 1,
    "PixelBandwidth": 1136,
    "ProcedureStepDescription": "Ruyuan_fmri",
    "ProtocolName": "eja_ep2d_bold_p8iso_MB2_2sTR_R3_USED",
    "PulseSequenceDetails": "%CustomerSeq%_eja_ep2d_bold",
    "ReceiveCoilName": "VM_8T_32R_Head",
    "ReconMatrixPE": 162,
    "RepetitionTime": 2.2,
    "SAR": 0.00910613,
    "ScanOptions": "PFP",
    "ScanningSequence": "EP",
    "SequenceName": "epfid2d1_162",
    "SequenceVariant": "SK_SS_OSP",
    "SeriesDescription": "eja_ep2d_bold_p8iso_MB2_2sTR_R3_USED",
    "SeriesNumber": 22,
    "ShimSetting": [
      -281,
      14,
      877,
      5408,
      -121,
      709,
      -121,
      -142
    ],
    "SliceThickness": 0.8,
    "SliceTiming": [
      0,
      1.63,
      1.0525,
      0.4725,
      2.1025,
      1.525,
      0.9475,
      0.3675,
      1.9975,
      1.42,
      0.8425,
      0.2625,
      1.8925,
      1.315,
      0.7375,
      0.1575,
      1.7875,
      1.21,
      0.63,
      0.0525,
      1.6825,
      1.105,
      0.525,
      2.155,
      1.5775,
      1,
      0.42,
      2.05,
      1.4725,
      0.895,
      0.315,
      1.945,
      1.3675,
      0.79,
      0.21,
      1.84,
      1.2625,
      0.6825,
      0.105,
      1.735,
      1.1575,
      0.5775,
      0,
      1.63,
      1.0525,
      0.4725,
      2.1025,
      1.525,
      0.9475,
      0.3675,
      1.9975,
      1.42,
      0.8425,
      0.2625,
      1.8925,
      1.315,
      0.7375,
      0.1575,
      1.7875,
      1.21,
      0.63,
      0.0525,
      1.6825,
      1.105,
      0.525,
      2.155,
      1.5775,
      1,
      0.42,
      2.05,
      1.4725,
      0.895,
      0.315,
      1.945,
      1.3675,
      0.79,
      0.21,
      1.84,
      1.2625,
      0.6825,
      0.105,
      1.735,
      1.1575,
      0.5775
    ],
    "SoftwareVersions": "syngo_MR_B17",
    "SpacingBetweenSlices": 0.8,
    "StationName": "SEPTET",
    "TotalReadoutTime": 0.0536653,
    "TxRefAmp": 80,
    "dataset": "ds002702",
    "modality": "bold",
    "run_id": 6,
    "session_id": "ring7T",
    "subject_id": "01",
    "task_id": "ring"
  },
  "dummy_trs": 1,
  "dvars_nstd": 120.57853983650591,
  "dvars_std": 1.0182259430722893,
  "dvars_vstd": 1.0076391986746989,
  "efc": 0.701056134896972,
  "fber": 38.098976135253906,
  "fd_mean": 0.1034661483074154,
  "fd_num": 6,
  "fd_perc": 3.592814371257485,
  "fwhm_avg": 3.1641166968689647,
  "fwhm_x": 3.0578624544342983,
  "fwhm_y": 3.3199124505294497,
  "fwhm_z": 3.1145751856431474,
  "gcor": 0.000701628,
  "gsr_x": 0.0357147715985775,
  "gsr_y": 0.011987120844423771,
  "provenance": {
    "md5sum": "534e29671c45193aa0ff40e967fd1c68",
    "settings": {
      "fd_thres": 0.2,
      "testing": false
    },
    "software": "mriqc",
    "version": "23.0.1",
    "webapi_port": null,
    "webapi_url": "https://mriqc.nimh.nih.gov/api/v1"
  },
  "size_t": 167,
  "size_x": 200,
  "size_y": 162,
  "size_z": 84,
  "snr": 2.208425657348643,
  "spacing_tr": 2.200000047683716,
  "spacing_x": 0.800000011920929,
  "spacing_y": 0.800000011920929,
  "spacing_z": 0.7999999523162842,
  "summary_bg_k": 41.36864812828035,
  "summary_bg_mad": 42.888933974007685,
  "summary_bg_mean": 234.3276824951172,
  "summary_bg_median": 184.3652801513672,
  "summary_bg_n": 1584917.0,
  "summary_bg_p05": 144.22755432128906,
  "summary_bg_p95": 482.16168212890625,
  "summary_bg_stdv": 150.30714416503906,
  "summary_fg_k": 1.332472515659572,
  "summary_fg_mad": 515.5817082996778,
  "summary_fg_mean": 1248.2847900390625,
  "summary_fg_median": 1174.3533935546875,
  "summary_fg_n": 870081.0,
  "summary_fg_p05": 538.3353271484375,
  "summary_fg_p95": 2215.3115234375,
  "summary_fg_stdv": 531.7601318359375,
  "tsnr": 11.491185545921326
}