{
  "bids_meta": {
    "AcquisitionMatrixPE": 300,
    "AcquisitionNumber": 1,
    "AcquisitionTime": "13:31:11.017500",
    "BaseResolution": 320,
    "BodyPartExamined": "BRAIN",
    "ConsistencyInfo": "N4_VE11C_LATEST_20160120",
    "ConversionSoftware": "dcm2niix",
    "ConversionSoftwareVersion": "v1.0.20181125  GCC4.3.2",
    "DeviceSerialNumber": "67010",
    "DwellTime": 7.1e-06,
    "EchoTime": 0.00222,
    "FlipAngle": 8,
    "ImageOrientationPatientDICOM": [
      0.0254338,
      0.981031,
      0.192176,
      -0.0560928,
      0.193336,
      -0.979528
    ],
    "ImageType": [
      "ORIGINAL",
      "PRIMARY",
      "M",
      "ND",
      "NORM"
    ],
    "ImagingFrequency": 123.174,
    "InPlanePhaseEncodingDirectionDICOM": "ROW",
    "InstitutionAddress": "6th_SE_2021_Minneapolis_Minneapolis_US_55455",
    "InstitutionName": "CMRR_3T-B",
    "InstitutionalDepartmentName": "Research",
    "InversionTime": 1,
    "MRAcquisitionType": "3D",
    "MagneticFieldStrength": 3,
    "Manufacturer": "Siemens",
    "ManufacturersModelName": "Prisma_fit",
    "Modality": "MR",
    "PartialFourier": 1,
    "PatientPosition": "HFS",
    "PercentPhaseFOV": 93.75,
    "PhaseEncodingSteps": 299,
    "PhaseResolution": 1,
    "PixelBandwidth": 220,
    "ProcedureStepDescription": "Kay_New_Exam",
    "ProtocolName": "T1w_MPR",
    "PulseSequenceDetails": "%SiemensSeq%_tfl",
    "ReceiveCoilActiveElements": "HEA;HEP",
    "ReceiveCoilName": "Head_32",
    "ReconMatrixPE": 320,
    "RepetitionTime": 2.4,
    "SAR": 0.0448342,
    "ScanOptions": "IR_WE",
    "ScanningSequence": "GR_IR",
    "SequenceName": "_tfl3d1_16ns",
    "SequenceVariant": "SK_SP_MP",
    "SeriesDescription": "T1w_MPR",
    "SeriesNumber": 12,
    "ShimSetting": [
      -1075,
      -11721,
      -3613,
      673,
      91,
      -312,
      238,
      51
    ],
    "SliceThickness": 0.8,
    "SoftwareVersions": "syngo_MR_E11",
    "StationName": "TRIOB",
    "TxRefAmp": 238.64,
    "dataset": "ds002702",
    "modality": "T1w",
    "run_id": 1,
    "session_id": "anatomicals",
    "subject_id": "05"
  },
  "cjv": 0.3401602150643594,
  "cnr": 3.9701888690823406,
  "efc": 0.5351465054787885,
  "fber": 37514.24738747353,
  "fwhm_avg": 4.758850046868567,
  "fwhm_x": 4.742487782674299,
  "fwhm_y": 4.781599928748609,
  "fwhm_z": 4.752462429182791,
  "icvs_csf": 0.2159685665329556,
  "icvs_gm": 0.4510363228330316,
  "icvs_wm": 0.3329951106340128,
  "inu_med": 0.49251753091812134,
  "inu_range": 0.20284507125616064,
  "provenance": {
    "md5sum": "e18f026ac88151e7d124cc928d5ddfda",
    "settings": {
      "testing": false
    },
    "software": "mriqc",
    "version": "23.0.1",
    "warnings": {
      "large_rot_frame": true,
      "small_air_mask": false
    },
    "webapi_port": null,
    "webapi_url": "https://mriqc.nimh.nih.gov/api/v1"
  },
  "qi_1": 9.917235006876185e-07,
  "qi_2": 0.0020316212286462993,
  "rpve_csf": 20.13704228715432,
  "rpve_gm": 10.208656735476296,
  "rpve_wm": 15.199627855891565,
  "size_x": 208,
  "size_y": 300,
  "size_z": 320,
  "snr_csf": 2.1942361039409306,
  "snr_gm": 14.360987341835388,
  "snr_total": 13.941267557160453,
  "snr_wm": 25.26857922570504,
  "snrd_csf": 37.97935595296984,
  "snrd_gm": 106.02097823488246,
  "snrd_total": 95.68278339886179,
  "snrd_wm": 143.04801600873304,
  "spacing_x": 0.7999999523162842,
  "spacing_y": 0.800000011920929,
  "spacing_z": 0.800000011920929,
  "summary_bg_k": 22.194200528464513,
  "summary_bg_mad": 0.0,
  "summary_bg_mean": 2.5725482242152364,
  "summary_bg_median": 0.0,
  "summary_bg_n": 6696928.0,
  "summary_bg_p05": 0.0,
  "summary_bg_p95": 10.937335196882486,
  "summary_bg_stdv": 4.5799567509492585,
  "summary_csf_k": 0.6398559581954384,
  "summary_csf_mad": 101.95534411502294,
  "summary_csf_mean": 271.32724848010076,
  "summary_csf_median": 265.5077747069299,
  "summary_csf_n": 159464.0,
  "summary_csf_p05": 61.02716015651822,
  "summary_csf_p95": 490.41003202833235,
  "summary_csf_stdv": 121.00199323495366,
  "summary_gm_k": 0.30214498136500145,
  "summary_gm_mad": 49.86137266939078,
  "summary_gm_mean": 740.1647734318273,
  "summary_gm_median": 741.1761810351163,
  "summary_gm_n": 182266.0,
  "summary_gm_p05": 653.9416863005608,
  "summary_gm_p95": 823.2590323798358,
  "summary_gm_stdv": 51.61025005895884,
  "summary_wm_k": 0.4178374064178705,
  "summary_wm_mad": 38.18918959360252,
  "summary_wm_mean": 1000.3241812844024,
  "summary_wm_median": 1000.0264473613352,
  "summary_wm_n": 457561.0,
  "summary_wm_p05": 936.1724880114198,
  "summary_wm_p95": 1064.8578980211169,
  "summary_wm_stdv": 39.57584419958461,
  "tpm_overlap_csf": 0.14225329896083835,
  "tpm_overlap_gm": 0.4621702677572848,
  "tpm_overlap_wm": 0.4933833551945873,
  "wm2max": 0.8274965022735222
}