{
  "bids_meta": {
    "AcquisitionMatrixPE": 300,
    "AcquisitionNumber": 1,
    "AcquisitionTime": "13:54:20.482500",
    "BaseResolution": 320,
    "BodyPartExamined": "BRAIN",
    "ConsistencyInfo": "N4_VE11C_LATEST_20160120",
    "ConversionSoftware": "dcm2niix",
    "ConversionSoftwareVersion": "v1.0.20181125  GCC4.3.2",
    "DeviceSerialNumber": "67010",
    "DwellTime": 7.1e-06,
    "EchoTime": 0.00222,
    "FlipAngle": 8,
    "ImageOrientationPatientDICOM": [
      0.0254338,
      0.981031,
      0.192176,
      -0.0560928,
      0.193336,
      -0.979528
    ],
    "ImageType": [
      "ORIGINAL",
      "PRIMARY",
      "M",
      "ND",
      "NORM"
    ],
    "ImagingFrequency": 123.174,
    "InPlanePhaseEncodingDirectionDICOM": "ROW",
    "InstitutionAddress": "6th_SE_2021_Minneapolis_Minneapolis_US_55455",
    "InstitutionName": "CMRR_3T-B",
    "InstitutionalDepartmentName": "Research",
    "InversionTime": 1,
    "MRAcquisitionType": "3D",
    "MagneticFieldStrength": 3,
    "Manufacturer": "Siemens",
    "ManufacturersModelName": "Prisma_fit",
    "Modality": "MR",
    "PartialFourier": 1,
    "PatientPosition": "HFS",
    "PercentPhaseFOV": 93.75,
    "PhaseEncodingSteps": 299,
    "PhaseResolution": 1,
    "PixelBandwidth": 220,
    "ProcedureStepDescription": "Kay_New_Exam",
    "ProtocolName": "T1w_MPR",
    "PulseSequenceDetails": "%SiemensSeq%_tfl",
    "ReceiveCoilActiveElements": "HEA;HEP",
    "ReceiveCoilName": "Head_32",
    "ReconMatrixPE": 320,
    "RepetitionTime": 2.4,
    "SAR": 0.0448342,
    "ScanOptions": "IR_WE",
    "ScanningSequence": "GR_IR",
    "SequenceName": "_tfl3d1_16ns",
    "SequenceVariant": "SK_SP_MP",
    "SeriesDescription": "T1w_MPR",
    "SeriesNumber": 18,
    "ShimSetting": [
      -1075,
      -11721,
      -3613,
      673,
      91,
      -312,
      238,
      51
    ],
    "SliceThickness": 0.8,
    "SoftwareVersions": "syngo_MR_E11",
    "StationName": "TRIOB",
    "TxRefAmp": 238.64,
    "dataset": "ds002702",
    "modality": "T1w",
    "run_id": 3,
    "session_id": "anatomicals",
    "subject_id": "05"
  },
  "cjv": 0.34226472626487586,
  "cnr": 3.9461907344300964,
  "efc": 0.534746961610376,
  "fber": 39760.36,
  "fwhm_avg": 4.729625047182361,
  "fwhm_x": 4.737587782382237,
  "fwhm_y": 4.718474929689244,
  "fwhm_z": 4.732812429475599,
  "icvs_csf": 0.21591911474717293,
  "icvs_gm": 0.45119600421964773,
  "icvs_wm": 0.3328848810331793,
  "inu_med": 0.48319630324840546,
  "inu_range": 0.1941637814044952,
  "provenance": {
    "md5sum": "9d6c31ad67130ad1ce81ea6f36594a0b",
    "settings": {
      "testing": false
    },
    "software": "mriqc",
    "version": "23.0.1",
    "warnings": {
      "large_rot_frame": true,
      "small_air_mask": false
    },
    "webapi_port": null,
    "webapi_url": "https://mriqc.nimh.nih.gov/api/v1"
  },
  "qi_1": 0.0,
  "qi_2": 0.002100879874874486,
  "rpve_csf": 20.07947961944132,
  "rpve_gm": 10.161238857034212,
  "rpve_wm": 15.120678511882733,
  "size_x": 208,
  "size_y": 300,
  "size_z": 320,
  "snr_csf": 2.095847484373625,
  "snr_gm": 14.303767392798965,
  "snr_total": 13.92318025517114,
  "snr_wm": 25.369925888340827,
  "snrd_csf": 37.86305710136823,
  "snrd_gm": 107.79526048502515,
  "snrd_total": 96.96294880686695,
  "snrd_wm": 145.23052883420746,
  "spacing_x": 0.7999999523162842,
  "spacing_y": 0.800000011920929,
  "spacing_z": 0.800000011920929,
  "summary_bg_k": 20.155045988516786,
  "summary_bg_mad": 0.0,
  "summary_bg_mean": 2.552373565108387,
  "summary_bg_median": 0.0,
  "summary_bg_n": 6811202.0,
  "summary_bg_p05": 0.0,
  "summary_bg_p95": 10.904111061245203,
  "summary_bg_stdv": 4.511126805067421,
  "summary_csf_k": 0.5607096779991192,
  "summary_csf_mad": 102.78343641795445,
  "summary_csf_mean": 267.0139772093728,
  "summary_csf_median": 260.71677869185805,
  "summary_csf_n": 164370.0,
  "summary_csf_p05": 56.89775487408042,
  "summary_csf_p95": 494.6525955130343,
  "summary_csf_stdv": 124.39644943420416,
  "summary_gm_k": 0.3404152940937779,
  "summary_gm_mad": 49.916816120981984,
  "summary_gm_mean": 741.3271546944793,
  "summary_gm_median": 742.2547259368002,
  "summary_gm_n": 189055.0,
  "summary_gm_p05": 655.0476765725762,
  "summary_gm_p95": 825.482549937442,
  "summary_gm_stdv": 51.89211642537634,
  "summary_wm_k": 0.29743433911656014,
  "summary_wm_mad": 38.309145142733676,
  "summary_wm_mean": 1000.1587079187791,
  "summary_wm_median": 1000.0258442945778,
  "summary_wm_n": 458955.0,
  "summary_wm_p05": 935.8672950882465,
  "summary_wm_p95": 1064.649497764185,
  "summary_wm_stdv": 39.41772472003874,
  "tpm_overlap_csf": 0.13828542381109035,
  "tpm_overlap_gm": 0.4588504599539375,
  "tpm_overlap_wm": 0.4926743198590864,
  "wm2max": 0.846148800804565
}