{
  "bids_meta": {
    "AcquisitionMatrixPE": 300,
    "AcquisitionNumber": 1,
    "AcquisitionTime": "14:01:2.262500",
    "BaseResolution": 320,
    "BodyPartExamined": "BRAIN",
    "ConsistencyInfo": "N4_VE11C_LATEST_20160120",
    "ConversionSoftware": "dcm2niix",
    "ConversionSoftwareVersion": "v1.0.20181125  GCC4.3.2",
    "DeviceSerialNumber": "67010",
    "DwellTime": 7.1e-06,
    "EchoTime": 0.00222,
    "FlipAngle": 8,
    "ImageOrientationPatientDICOM": [
      0.0254338,
      0.981031,
      0.192176,
      -0.0560928,
      0.193336,
      -0.979528
    ],
    "ImageType": [
      "ORIGINAL",
      "PRIMARY",
      "M",
      "ND",
      "NORM"
    ],
    "ImagingFrequency": 123.174,
    "InPlanePhaseEncodingDirectionDICOM": "ROW",
    "InstitutionAddress": "6th_SE_2021_Minneapolis_Minneapolis_US_55455",
    "InstitutionName": "CMRR_3T-B",
    "InstitutionalDepartmentName": "Research",
    "InversionTime": 1,
    "MRAcquisitionType": "3D",
    "MagneticFieldStrength": 3,
    "Manufacturer": "Siemens",
    "ManufacturersModelName": "Prisma_fit",
    "Modality": "MR",
    "PartialFourier": 1,
    "PatientPosition": "HFS",
    "PercentPhaseFOV": 93.75,
    "PhaseEncodingSteps": 299,
    "PhaseResolution": 1,
    "PixelBandwidth": 220,
    "ProcedureStepDescription": "Kay_New_Exam",
    "ProtocolName": "T1w_MPR",
    "PulseSequenceDetails": "%SiemensSeq%_tfl",
    "ReceiveCoilActiveElements": "HEA;HEP",
    "ReceiveCoilName": "Head_32",
    "ReconMatrixPE": 320,
    "RepetitionTime": 2.4,
    "SAR": 0.0448342,
    "ScanOptions": "IR_WE",
    "ScanningSequence": "GR_IR",
    "SequenceName": "_tfl3d1_16ns",
    "SequenceVariant": "SK_SP_MP",
    "SeriesDescription": "T1w_MPR",
    "SeriesNumber": 20,
    "ShimSetting": [
      -1075,
      -11721,
      -3613,
      673,
      91,
      -312,
      238,
      51
    ],
    "SliceThickness": 0.8,
    "SoftwareVersions": "syngo_MR_E11",
    "StationName": "TRIOB",
    "TxRefAmp": 238.64,
    "dataset": "ds002702",
    "modality": "T1w",
    "run_id": 4,
    "session_id": "anatomicals",
    "subject_id": "05"
  },
  "cjv": 0.3438109750888177,
  "cnr": 3.9344107032006823,
  "efc": 0.5340021159324257,
  "fber": 37178.85123966942,
  "fwhm_avg": 4.818704213465074,
  "fwhm_x": 4.775575284646469,
  "fwhm_y": 4.867349927470834,
  "fwhm_z": 4.813187428277918,
  "icvs_csf": 0.21864352052081912,
  "icvs_gm": 0.4485762368967716,
  "icvs_wm": 0.33278024258240924,
  "inu_med": 0.48813751339912415,
  "inu_range": 0.2017466202378273,
  "provenance": {
    "md5sum": "446ef2098de67576632158b2b5df4afb",
    "settings": {
      "testing": false
    },
    "software": "mriqc",
    "version": "23.0.1",
    "warnings": {
      "large_rot_frame": true,
      "small_air_mask": false
    },
    "webapi_port": null,
    "webapi_url": "https://mriqc.nimh.nih.gov/api/v1"
  },
  "qi_1": 0.0,
  "qi_2": 0.002185033162645121,
  "rpve_csf": 19.887630345547425,
  "rpve_gm": 10.213623588721301,
  "rpve_wm": 15.148048512925186,
  "size_x": 208,
  "size_y": 300,
  "size_z": 320,
  "snr_csf": 2.1911126782493264,
  "snr_gm": 14.304616908349699,
  "snr_total": 13.817651493469638,
  "snr_wm": 24.957224893809887,
  "snrd_csf": 39.83281902076521,
  "snrd_gm": 111.47726451272102,
  "snrd_total": 100.54125650908037,
  "snrd_wm": 150.3136859937549,
  "spacing_x": 0.7999999523162842,
  "spacing_y": 0.800000011920929,
  "spacing_z": 0.800000011920929,
  "summary_bg_k": 15.695614779394823,
  "summary_bg_mad": 0.0,
  "summary_bg_mean": 2.516166216935702,
  "summary_bg_median": 0.0,
  "summary_bg_n": 6824718.0,
  "summary_bg_p05": 0.0,
  "summary_bg_p95": 10.801126163452864,
  "summary_bg_stdv": 4.358684513526807,
  "summary_csf_k": 0.4101660486275489,
  "summary_csf_mad": 102.87521389319751,
  "summary_csf_mean": 271.83951986687816,
  "summary_csf_median": 265.01151729002595,
  "summary_csf_n": 168684.0,
  "summary_csf_p05": 64.80675698071718,
  "summary_csf_p95": 492.6798045504838,
  "summary_csf_stdv": 120.94801622619593,
  "summary_gm_k": 0.29965606048893445,
  "summary_gm_mad": 50.05252937112782,
  "summary_gm_mean": 740.6493087664534,
  "summary_gm_median": 741.6687981951982,
  "summary_gm_n": 183829.0,
  "summary_gm_p05": 654.1592002026737,
  "summary_gm_p95": 824.1873544771224,
  "summary_gm_stdv": 51.84807014862748,
  "summary_wm_k": 0.43185375753818045,
  "summary_wm_mad": 38.78217211318623,
  "summary_wm_mean": 1000.244731928514,
  "summary_wm_median": 1000.0511882901192,
  "summary_wm_n": 460146.0,
  "summary_wm_p05": 935.2188362237066,
  "summary_wm_p95": 1065.5170187274925,
  "summary_wm_stdv": 40.07056497176125,
  "tpm_overlap_csf": 0.1532643020644109,
  "tpm_overlap_gm": 0.4742333528273409,
  "tpm_overlap_wm": 0.49986031472244746,
  "wm2max": 0.8511861969805895
}