{
  "bids_meta": {
    "AcquisitionMatrixPE": 300,
    "AcquisitionNumber": 1,
    "AcquisitionTime": "13:41:38.412500",
    "BaseResolution": 320,
    "BodyPartExamined": "BRAIN",
    "ConsistencyInfo": "N4_VE11C_LATEST_20160120",
    "ConversionSoftware": "dcm2niix",
    "ConversionSoftwareVersion": "v1.0.20181125  GCC4.3.2",
    "DeviceSerialNumber": "67010",
    "DwellTime": 2.1e-06,
    "EchoTime": 0.563,
    "EchoTrainLength": 314,
    "FlipAngle": 120,
    "ImageOrientationPatientDICOM": [
      0.0254338,
      0.981031,
      0.192176,
      -0.0560928,
      0.193336,
      -0.979528
    ],
    "ImageType": [
      "ORIGINAL",
      "PRIMARY",
      "M",
      "ND",
      "NORM"
    ],
    "ImagingFrequency": 123.174,
    "InPlanePhaseEncodingDirectionDICOM": "ROW",
    "InstitutionAddress": "6th_SE_2021_Minneapolis_Minneapolis_US_55455",
    "InstitutionName": "CMRR_3T-B",
    "InstitutionalDepartmentName": "Research",
    "MRAcquisitionType": "3D",
    "MagneticFieldStrength": 3,
    "Manufacturer": "Siemens",
    "ManufacturersModelName": "Prisma_fit",
    "Modality": "MR",
    "PartialFourier": 1,
    "PatientPosition": "HFS",
    "PercentPhaseFOV": 93.75,
    "PhaseEncodingSteps": 297,
    "PhaseResolution": 1,
    "PixelBandwidth": 745,
    "ProcedureStepDescription": "Kay_New_Exam",
    "ProtocolName": "T2w_SPC",
    "PulseSequenceDetails": "%SiemensSeq%_tse_vfl",
    "ReceiveCoilActiveElements": "HEA;HEP",
    "ReceiveCoilName": "Head_32",
    "ReconMatrixPE": 320,
    "RepetitionTime": 3.2,
    "SAR": 0.150847,
    "ScanOptions": "PFP",
    "ScanningSequence": "SE",
    "SequenceName": "_spc_314ns",
    "SequenceVariant": "SK_SP",
    "SeriesDescription": "T2w_SPC",
    "SeriesNumber": 14,
    "ShimSetting": [
      -1075,
      -11721,
      -3613,
      673,
      91,
      -312,
      238,
      51
    ],
    "SliceThickness": 0.8,
    "SoftwareVersions": "syngo_MR_E11",
    "StationName": "TRIOB",
    "TxRefAmp": 238.64,
    "dataset": "ds002702",
    "modality": "T2w",
    "run_id": 2,
    "session_id": "anatomicals",
    "subject_id": "05"
  },
  "cjv": 1.1839878324633315,
  "cnr": 0.4137093401360916,
  "efc": 0.5433861529482527,
  "fber": 5898.389127156189,
  "fwhm_avg": 2.827254191990821,
  "fwhm_x": 2.7160376618884596,
  "fwhm_y": 3.1416624531855812,
  "fwhm_z": 2.6240624608984224,
  "icvs_csf": 0.28594881428221697,
  "icvs_gm": 0.5759622559495604,
  "icvs_wm": 0.13808892976822262,
  "inu_med": 0.9499081969261169,
  "inu_range": 0.21263453960418688,
  "provenance": {
    "md5sum": "1f4db16d2a0b9b20b76940bf69cea067",
    "settings": {
      "testing": false
    },
    "software": "mriqc",
    "version": "23.0.1",
    "warnings": {
      "large_rot_frame": true,
      "small_air_mask": false
    },
    "webapi_port": null,
    "webapi_url": "https://mriqc.nimh.nih.gov/api/v1"
  },
  "qi_1": 0.0,
  "qi_2": 0.007330963739871938,
  "rpve_csf": 12.902162978693488,
  "rpve_gm": 8.472268016397818,
  "rpve_wm": 36.5702544383149,
  "size_x": 208,
  "size_y": 300,
  "size_z": 320,
  "snr_csf": 5.146231782834782,
  "snr_gm": 8.662478370643335,
  "snr_total": 4.708794965663623,
  "snr_wm": 0.3176747435127516,
  "snrd_csf": 120.99672369788392,
  "snrd_gm": 69.54247179476819,
  "snrd_total": 73.56118018205018,
  "snrd_wm": 30.14434505349841,
  "spacing_x": 0.7999999523162842,
  "spacing_y": 0.800000011920929,
  "spacing_z": 0.800000011920929,
  "summary_bg_k": 9.919345717541784,
  "summary_bg_mad": 0.0,
  "summary_bg_mean": 12.795674662946956,
  "summary_bg_median": 0.0,
  "summary_bg_n": 5047079.0,
  "summary_bg_p05": 0.0,
  "summary_bg_p95": 57.88260817527771,
  "summary_bg_stdv": 22.024973132254953,
  "summary_csf_k": -0.3333367305731878,
  "summary_csf_mad": 615.3894535008717,
  "summary_csf_mean": 4310.355164608582,
  "summary_csf_median": 4067.7782344818115,
  "summary_csf_n": 79741.0,
  "summary_csf_p05": 3368.578016757965,
  "summary_csf_p95": 5765.894001722336,
  "summary_csf_stdv": 790.4332528860335,
  "summary_gm_k": 0.8605207812979629,
  "summary_gm_mad": 245.19109512444922,
  "summary_gm_mean": 2363.933078486668,
  "summary_gm_median": 2337.9422557353973,
  "summary_gm_n": 624650.0,
  "summary_gm_p05": 1972.2109282016754,
  "summary_gm_p95": 2864.5791006088257,
  "summary_gm_stdv": 269.89278175354656,
  "summary_wm_k": -1.6779313065905468,
  "summary_wm_mad": 1323.0270321346304,
  "summary_wm_mean": 3183.2930958943775,
  "summary_wm_median": 1013.420090675354,
  "summary_wm_n": 112485.0,
  "summary_wm_p05": 112.91853070259094,
  "summary_wm_p95": 7801.0031270980835,
  "summary_wm_stdv": 3190.1043651420973,
  "tpm_overlap_csf": 0.12088715639752715,
  "tpm_overlap_gm": 0.37209590546829197,
  "tpm_overlap_wm": 0.028449803676686133,
  "wm2max": 0.1301486705707589
}