{
  "aor": 0.0009290909090909091,
  "aqi": 0.035287269230769226,
  "bids_meta": {
    "AcquisitionMatrixPE": 162,
    "AcquisitionNumber": 1,
    "AcquisitionTime": "14:30:48.160000",
    "BandwidthPerPixelPhaseEncode": 18.519,
    "BaseResolution": 200,
    "CoilString": "C:H01-32",
    "ConversionSoftware": "dcm2niix",
    "ConversionSoftwareVersion": "v1.0.20181125  GCC4.3.2",
    "DerivedVendorReportedEchoSpacing": 0.000999974,
    "DeviceSerialNumber": "18912",
    "DwellTime": 2.2e-06,
    "EchoTime": 0.0224,
    "EffectiveEchoSpacing": 0.000333325,
    "FlipAngle": 80,
    "ImageComments": "Unaliased_MB2_PE2_SENSE1",
    "ImageOrientationPatientDICOM": [
      1,
      0,
      -1e-16,
      0,
      -0.66523,
      -0.746638
    ],
    "ImageType": [
      "ORIGINAL",
      "PRIMARY",
      "M",
      "MB",
      "ND",
      "MOSAIC"
    ],
    "ImagingFrequency": 297.286,
    "InPlanePhaseEncodingDirectionDICOM": "COL",
    "InstitutionAddress": "6th_Street_SE_2021_Minneapolis_667926_Chicago_US_55455",
    "InstitutionName": "CMRR_7T_PS",
    "InstitutionalDepartmentName": "CMRR",
    "MRAcquisitionType": "2D",
    "MagneticFieldStrength": 6.98,
    "Manufacturer": "Siemens",
    "ManufacturersModelName": "Investigational_Device_7T",
    "Modality": "MR",
    "MultibandAccelerationFactor": 2,
    "ParallelReductionFactorInPlane": 3,
    "PartialFourier": 0.75,
    "PatientPosition": "HFS",
    "PercentPhaseFOV": 81,
    "PhaseEncodingDirection": "j",
    "PhaseEncodingSteps": 123,
    "PhaseResolution": 1,
    "PixelBandwidth": 1136,
    "ProcedureStepDescription": "Luca_fmri",
    "ProtocolName": "eja_ep2d_bold_p8iso_MB2_2sTR_R3_USED",
    "PulseSequenceDetails": "%CustomerSeq%_eja_ep2d_bold",
    "ReceiveCoilName": "VM_8T_32R_Head",
    "ReconMatrixPE": 162,
    "RepetitionTime": 2.2,
    "SAR": 0.0101992,
    "ScanOptions": "PFP",
    "ScanningSequence": "EP",
    "SequenceName": "epfid2d1_162",
    "SequenceVariant": "SK_SS_OSP",
    "SeriesDescription": "eja_ep2d_bold_p8iso_MB2_2sTR_R3_USED",
    "SeriesNumber": 58,
    "ShimSetting": [
      -1139,
      -535,
      932,
      2398,
      337,
      1068,
      317,
      90
    ],
    "SliceThickness": 0.8,
    "SliceTiming": [
      0,
      1.63,
      1.05,
      0.4725,
      2.1025,
      1.5225,
      0.945,
      0.3675,
      1.9975,
      1.4175,
      0.84,
      0.2625,
      1.8925,
      1.3125,
      0.735,
      0.1575,
      1.7875,
      1.2075,
      0.63,
      0.0525,
      1.6825,
      1.1025,
      0.525,
      2.155,
      1.575,
      0.9975,
      0.42,
      2.05,
      1.47,
      0.8925,
      0.315,
      1.945,
      1.365,
      0.7875,
      0.21,
      1.84,
      1.26,
      0.6825,
      0.105,
      1.735,
      1.155,
      0.5775,
      0,
      1.63,
      1.05,
      0.4725,
      2.1025,
      1.5225,
      0.945,
      0.3675,
      1.9975,
      1.4175,
      0.84,
      0.2625,
      1.8925,
      1.3125,
      0.735,
      0.1575,
      1.7875,
      1.2075,
      0.63,
      0.0525,
      1.6825,
      1.1025,
      0.525,
      2.155,
      1.575,
      0.9975,
      0.42,
      2.05,
      1.47,
      0.8925,
      0.315,
      1.945,
      1.365,
      0.7875,
      0.21,
      1.84,
      1.26,
      0.6825,
      0.105,
      1.735,
      1.155,
      0.5775
    ],
    "SoftwareVersions": "syngo_MR_B17",
    "SpacingBetweenSlices": 0.8,
    "StationName": "SEPTET",
    "TotalReadoutTime": 0.0536653,
    "TxRefAmp": 75,
    "dataset": "ds002702",
    "modality": "bold",
    "run_id": 12,
    "session_id": "floc7T",
    "subject_id": "08",
    "task_id": "floc"
  },
  "dummy_trs": 0,
  "dvars_nstd": 123.74411591007029,
  "dvars_std": 1.0292601196478872,
  "dvars_vstd": 1.0166305285211263,
  "efc": 0.6045926598287334,
  "fber": 308.051025390625,
  "fd_mean": 0.11046700143098641,
  "fd_num": 11,
  "fd_perc": 7.6923076923076925,
  "fwhm_avg": 2.920116692804052,
  "fwhm_x": 2.937512456227654,
  "fwhm_y": 3.0183374550232673,
  "fwhm_z": 2.804500167161236,
  "gcor": 0.00160814,
  "gsr_x": 0.02905355952680111,
  "gsr_y": -0.015974070876836777,
  "provenance": {
    "md5sum": "60e2228ad7a7ceff40449f000ff68942",
    "settings": {
      "fd_thres": 0.2,
      "testing": false
    },
    "software": "mriqc",
    "version": "23.0.1",
    "webapi_port": null,
    "webapi_url": "https://mriqc.nimh.nih.gov/api/v1"
  },
  "size_t": 143,
  "size_x": 200,
  "size_y": 162,
  "size_z": 84,
  "snr": 2.5417693435784234,
  "spacing_tr": 2.200000047683716,
  "spacing_x": 0.800000011920929,
  "spacing_y": 0.800000011920929,
  "spacing_z": 0.7999999523162842,
  "summary_bg_k": 30.500288102305518,
  "summary_bg_mad": 10.398950661312576,
  "summary_bg_mean": 37.07229995727539,
  "summary_bg_median": 20.321678161621094,
  "summary_bg_n": 1685736.0,
  "summary_bg_p05": 11.202796936035156,
  "summary_bg_p95": 118.68531036376953,
  "summary_bg_stdv": 48.78871536254883,
  "summary_fg_k": 1.0283718773174773,
  "summary_fg_mad": 141.8632421123645,
  "summary_fg_mean": 381.33013916015625,
  "summary_fg_median": 368.0489501953125,
  "summary_fg_n": 775519.0,
  "summary_fg_p05": 170.94406127929688,
  "summary_fg_p95": 634.2657470703125,
  "summary_fg_stdv": 144.80020141601562,
  "tsnr": 11.122458431404084
}