{
  "aor": 0.000961958041958042,
  "aqi": 0.03371764335664335,
  "bids_meta": {
    "AcquisitionMatrixPE": 162,
    "AcquisitionNumber": 1,
    "AcquisitionTime": "13:42:30.230000",
    "BandwidthPerPixelPhaseEncode": 18.519,
    "BaseResolution": 200,
    "CoilString": "C:H01-32",
    "ConversionSoftware": "dcm2niix",
    "ConversionSoftwareVersion": "v1.0.20181125  GCC4.3.2",
    "DerivedVendorReportedEchoSpacing": 0.000999974,
    "DeviceSerialNumber": "18912",
    "DwellTime": 2.2e-06,
    "EchoTime": 0.0224,
    "EffectiveEchoSpacing": 0.000333325,
    "FlipAngle": 80,
    "ImageComments": "Unaliased_MB2_PE2_SENSE1",
    "ImageOrientationPatientDICOM": [
      1,
      0,
      -1e-16,
      0,
      -0.66523,
      -0.746638
    ],
    "ImageType": [
      "ORIGINAL",
      "PRIMARY",
      "M",
      "MB",
      "ND",
      "MOSAIC"
    ],
    "ImagingFrequency": 297.286,
    "InPlanePhaseEncodingDirectionDICOM": "COL",
    "InstitutionAddress": "6th_Street_SE_2021_Minneapolis_667926_Chicago_US_55455",
    "InstitutionName": "CMRR_7T_PS",
    "InstitutionalDepartmentName": "CMRR",
    "MRAcquisitionType": "2D",
    "MagneticFieldStrength": 6.98,
    "Manufacturer": "Siemens",
    "ManufacturersModelName": "Investigational_Device_7T",
    "Modality": "MR",
    "MultibandAccelerationFactor": 2,
    "ParallelReductionFactorInPlane": 3,
    "PartialFourier": 0.75,
    "PatientPosition": "HFS",
    "PercentPhaseFOV": 81,
    "PhaseEncodingDirection": "j",
    "PhaseEncodingSteps": 123,
    "PhaseResolution": 1,
    "PixelBandwidth": 1136,
    "ProcedureStepDescription": "Luca_fmri",
    "ProtocolName": "eja_ep2d_bold_p8iso_MB2_2sTR_R3_USED",
    "PulseSequenceDetails": "%CustomerSeq%_eja_ep2d_bold",
    "ReceiveCoilName": "VM_8T_32R_Head",
    "ReconMatrixPE": 162,
    "RepetitionTime": 2.2,
    "SAR": 0.0101482,
    "ScanOptions": "PFP",
    "ScanningSequence": "EP",
    "SequenceName": "epfid2d1_162",
    "SequenceVariant": "SK_SS_OSP",
    "SeriesDescription": "eja_ep2d_bold_p8iso_MB2_2sTR_R3_USED",
    "SeriesNumber": 33,
    "ShimSetting": [
      -1139,
      -535,
      932,
      2398,
      337,
      1068,
      317,
      90
    ],
    "SliceThickness": 0.8,
    "SliceTiming": [
      0,
      1.63,
      1.0525,
      0.475,
      2.105,
      1.525,
      0.9475,
      0.37,
      2,
      1.42,
      0.8425,
      0.265,
      1.895,
      1.315,
      0.7375,
      0.16,
      1.79,
      1.21,
      0.6325,
      0.055,
      1.685,
      1.105,
      0.5275,
      2.1575,
      1.5775,
      1,
      0.4225,
      2.0525,
      1.4725,
      0.895,
      0.3175,
      1.9475,
      1.3675,
      0.79,
      0.2125,
      1.8425,
      1.2625,
      0.685,
      0.1075,
      1.7375,
      1.1575,
      0.58,
      0,
      1.63,
      1.0525,
      0.475,
      2.105,
      1.525,
      0.9475,
      0.37,
      2,
      1.42,
      0.8425,
      0.265,
      1.895,
      1.315,
      0.7375,
      0.16,
      1.79,
      1.21,
      0.6325,
      0.055,
      1.685,
      1.105,
      0.5275,
      2.1575,
      1.5775,
      1,
      0.4225,
      2.0525,
      1.4725,
      0.895,
      0.3175,
      1.9475,
      1.3675,
      0.79,
      0.2125,
      1.8425,
      1.2625,
      0.685,
      0.1075,
      1.7375,
      1.1575,
      0.58
    ],
    "SoftwareVersions": "syngo_MR_B17",
    "SpacingBetweenSlices": 0.8,
    "StationName": "SEPTET",
    "TotalReadoutTime": 0.0536653,
    "TxRefAmp": 75,
    "dataset": "ds002702",
    "modality": "bold",
    "run_id": 5,
    "session_id": "floc7T",
    "subject_id": "08",
    "task_id": "floc"
  },
  "dummy_trs": 0,
  "dvars_nstd": 121.9893046097887,
  "dvars_std": 1.0307824640140846,
  "dvars_vstd": 1.0189555794366199,
  "efc": 0.595271683148968,
  "fber": 372.1551513671875,
  "fd_mean": 0.0970235463558574,
  "fd_num": 4,
  "fd_perc": 2.797202797202797,
  "fwhm_avg": 2.9364500253286874,
  "fwhm_x": 2.965699955807627,
  "fwhm_y": 3.061912454373949,
  "fwhm_z": 2.7817376658044854,
  "gcor": 0.00198963,
  "gsr_x": 0.0284330602735281,
  "gsr_y": -0.02119998261332512,
  "provenance": {
    "md5sum": "802c726edd7a51794f582a8b09b4c08a",
    "settings": {
      "fd_thres": 0.2,
      "testing": false
    },
    "software": "mriqc",
    "version": "23.0.1",
    "webapi_port": null,
    "webapi_url": "https://mriqc.nimh.nih.gov/api/v1"
  },
  "size_t": 143,
  "size_x": 200,
  "size_y": 162,
  "size_z": 84,
  "snr": 2.5079554434561784,
  "spacing_tr": 2.200000047683716,
  "spacing_x": 0.800000011920929,
  "spacing_y": 0.800000011920929,
  "spacing_z": 0.7999999523162842,
  "summary_bg_k": 29.775836973846495,
  "summary_bg_mad": 8.63641780122813,
  "summary_bg_mean": 36.048545837402344,
  "summary_bg_median": 18.538461685180664,
  "summary_bg_n": 1702029.0,
  "summary_bg_p05": 10.699300765991211,
  "summary_bg_p95": 121.53845977783203,
  "summary_bg_stdv": 50.922367095947266,
  "summary_fg_k": 0.9490731122450535,
  "summary_fg_mad": 145.28465621030077,
  "summary_fg_mean": 384.3921813964844,
  "summary_fg_median": 369.5664367675781,
  "summary_fg_n": 757224.0,
  "summary_fg_p05": 172.65733337402344,
  "summary_fg_p95": 642.0339202880858,
  "summary_fg_stdv": 147.35755920410156,
  "tsnr": 11.271561484434642
}