{
  "aor": 0.0006290140845070422,
  "aqi": 0.03271755704225351,
  "bids_meta": {
    "AcquisitionMatrixPE": 162,
    "AcquisitionNumber": 1,
    "AcquisitionTime": "14:24:23.830000",
    "BandwidthPerPixelPhaseEncode": 18.519,
    "BaseResolution": 200,
    "CoilString": "C:H01-32",
    "ConversionSoftware": "dcm2niix",
    "ConversionSoftwareVersion": "v1.0.20181125  GCC4.3.2",
    "DerivedVendorReportedEchoSpacing": 0.000999974,
    "DeviceSerialNumber": "18912",
    "DwellTime": 2.2e-06,
    "EchoTime": 0.0224,
    "EffectiveEchoSpacing": 0.000333325,
    "FlipAngle": 70,
    "ImageComments": "Unaliased_MB2_PE2_SENSE1",
    "ImageOrientationPatientDICOM": [
      1,
      0,
      -1e-16,
      0,
      -0.681998,
      -0.731354
    ],
    "ImageType": [
      "ORIGINAL",
      "PRIMARY",
      "M",
      "MB",
      "ND",
      "MOSAIC"
    ],
    "ImagingFrequency": 297.3,
    "InPlanePhaseEncodingDirectionDICOM": "COL",
    "InstitutionAddress": "6th_Street_SE_2021_Minneapolis_667926_Chicago_US_55455",
    "InstitutionName": "CMRR_7T_PS",
    "InstitutionalDepartmentName": "CMRR",
    "MRAcquisitionType": "2D",
    "MagneticFieldStrength": 6.98,
    "Manufacturer": "Siemens",
    "ManufacturersModelName": "Investigational_Device_7T",
    "Modality": "MR",
    "MultibandAccelerationFactor": 2,
    "ParallelReductionFactorInPlane": 3,
    "PartialFourier": 0.75,
    "PatientPosition": "HFS",
    "PercentPhaseFOV": 81,
    "PhaseEncodingDirection": "j",
    "PhaseEncodingSteps": 123,
    "PhaseResolution": 1,
    "PixelBandwidth": 1136,
    "ProcedureStepDescription": "Luca_fmri",
    "ProtocolName": "eja_ep2d_bold_p8iso_MB2_2sTR_R3_USED",
    "PulseSequenceDetails": "%CustomerSeq%_eja_ep2d_bold",
    "ReceiveCoilName": "VM_8T_32R_Head",
    "ReconMatrixPE": 162,
    "RepetitionTime": 2.2,
    "SAR": 0.0105224,
    "ScanOptions": "PFP",
    "ScanningSequence": "EP",
    "SequenceName": "epfid2d1_162",
    "SequenceVariant": "SK_SS_OSP",
    "SeriesDescription": "eja_ep2d_bold_p8iso_MB2_2sTR_R3_USED",
    "SeriesNumber": 54,
    "ShimSetting": [
      -774,
      -206,
      681,
      4184,
      216,
      723,
      -382,
      180
    ],
    "SliceThickness": 0.8,
    "SliceTiming": [
      0,
      1.63,
      1.05,
      0.4725,
      2.1025,
      1.525,
      0.945,
      0.3675,
      1.9975,
      1.42,
      0.84,
      0.2625,
      1.8925,
      1.315,
      0.735,
      0.1575,
      1.7875,
      1.21,
      0.63,
      0.0525,
      1.6825,
      1.1025,
      0.525,
      2.155,
      1.5775,
      0.9975,
      0.42,
      2.05,
      1.4725,
      0.8925,
      0.315,
      1.945,
      1.3675,
      0.7875,
      0.21,
      1.84,
      1.2625,
      0.6825,
      0.105,
      1.735,
      1.1575,
      0.5775,
      0,
      1.63,
      1.05,
      0.4725,
      2.1025,
      1.525,
      0.945,
      0.3675,
      1.9975,
      1.42,
      0.84,
      0.2625,
      1.8925,
      1.315,
      0.735,
      0.1575,
      1.7875,
      1.21,
      0.63,
      0.0525,
      1.6825,
      1.1025,
      0.525,
      2.155,
      1.5775,
      0.9975,
      0.42,
      2.05,
      1.4725,
      0.8925,
      0.315,
      1.945,
      1.3675,
      0.7875,
      0.21,
      1.84,
      1.2625,
      0.6825,
      0.105,
      1.735,
      1.1575,
      0.5775
    ],
    "SoftwareVersions": "syngo_MR_B17",
    "SpacingBetweenSlices": 0.8,
    "StationName": "SEPTET",
    "TotalReadoutTime": 0.0536653,
    "TxRefAmp": 85,
    "dataset": "ds002702",
    "modality": "bold",
    "run_id": 12,
    "session_id": "floc7T",
    "subject_id": "11",
    "task_id": "floc"
  },
  "dummy_trs": 1,
  "dvars_nstd": 130.56036268723403,
  "dvars_std": 1.040230426241135,
  "dvars_vstd": 1.0231013292907798,
  "efc": 0.5941720119741565,
  "fber": 364.501953125,
  "fd_mean": 0.09837573940336931,
  "fd_num": 2,
  "fd_perc": 1.408450704225352,
  "fwhm_avg": 2.9795791222674786,
  "fwhm_x": 2.893037456890383,
  "fwhm_y": 3.1659499528236696,
  "fwhm_z": 2.8797499570883813,
  "gcor": 0.00111814,
  "gsr_x": 0.010795471258461475,
  "gsr_y": 0.014058167114853859,
  "provenance": {
    "md5sum": "2e8d21a4684e0f2699d3b99abf72ba82",
    "settings": {
      "fd_thres": 0.2,
      "testing": false
    },
    "software": "mriqc",
    "version": "23.0.1",
    "webapi_port": null,
    "webapi_url": "https://mriqc.nimh.nih.gov/api/v1"
  },
  "size_t": 142,
  "size_x": 200,
  "size_y": 162,
  "size_z": 84,
  "snr": 2.4109514684790576,
  "spacing_tr": 2.200000047683716,
  "spacing_x": 0.800000011920929,
  "spacing_y": 0.800000011920929,
  "spacing_z": 0.800000011920929,
  "summary_bg_k": 61.40656402615056,
  "summary_bg_mad": 20.808638628502198,
  "summary_bg_mean": 91.99398040771484,
  "summary_bg_median": 52.25352096557617,
  "summary_bg_n": 1678271.0,
  "summary_bg_p05": 32.591548919677734,
  "summary_bg_p95": 298.0950622558594,
  "summary_bg_stdv": 116.37451171875,
  "summary_fg_k": 0.8872212267933919,
  "summary_fg_mad": 426.48830055766,
  "summary_fg_mean": 1068.313720703125,
  "summary_fg_median": 1024.4366455078125,
  "summary_fg_n": 792713.0,
  "summary_fg_p05": 475.042236328125,
  "summary_fg_p95": 1820.340844726562,
  "summary_fg_stdv": 424.909423828125,
  "tsnr": 10.87781510129571
}