{
  "aor": 0.0006943356643356643,
  "aqi": 0.03410464055944056,
  "bids_meta": {
    "AcquisitionMatrixPE": 162,
    "AcquisitionNumber": 1,
    "AcquisitionTime": "13:18:25.787500",
    "BandwidthPerPixelPhaseEncode": 18.519,
    "BaseResolution": 200,
    "CoilString": "C:H01-32",
    "ConversionSoftware": "dcm2niix",
    "ConversionSoftwareVersion": "v1.0.20181125  GCC4.3.2",
    "DerivedVendorReportedEchoSpacing": 0.000999974,
    "DeviceSerialNumber": "18912",
    "DwellTime": 2.2e-06,
    "EchoTime": 0.0224,
    "EffectiveEchoSpacing": 0.000333325,
    "FlipAngle": 70,
    "ImageComments": "Unaliased_MB2_PE2_SENSE1",
    "ImageOrientationPatientDICOM": [
      1,
      0,
      -1e-16,
      0,
      -0.681998,
      -0.731354
    ],
    "ImageType": [
      "ORIGINAL",
      "PRIMARY",
      "M",
      "MB",
      "ND",
      "MOSAIC"
    ],
    "ImagingFrequency": 297.3,
    "InPlanePhaseEncodingDirectionDICOM": "COL",
    "InstitutionAddress": "6th_Street_SE_2021_Minneapolis_667926_Chicago_US_55455",
    "InstitutionName": "CMRR_7T_PS",
    "InstitutionalDepartmentName": "CMRR",
    "MRAcquisitionType": "2D",
    "MagneticFieldStrength": 6.98,
    "Manufacturer": "Siemens",
    "ManufacturersModelName": "Investigational_Device_7T",
    "Modality": "MR",
    "MultibandAccelerationFactor": 2,
    "ParallelReductionFactorInPlane": 3,
    "PartialFourier": 0.75,
    "PatientPosition": "HFS",
    "PercentPhaseFOV": 81,
    "PhaseEncodingDirection": "j",
    "PhaseEncodingSteps": 123,
    "PhaseResolution": 1,
    "PixelBandwidth": 1136,
    "ProcedureStepDescription": "Luca_fmri",
    "ProtocolName": "eja_ep2d_bold_p8iso_MB2_2sTR_R3_USED",
    "PulseSequenceDetails": "%CustomerSeq%_eja_ep2d_bold",
    "ReceiveCoilName": "VM_8T_32R_Head",
    "ReconMatrixPE": 162,
    "RepetitionTime": 2.2,
    "SAR": 0.0106836,
    "ScanOptions": "PFP",
    "ScanningSequence": "EP",
    "SequenceName": "epfid2d1_162",
    "SequenceVariant": "SK_SS_OSP",
    "SeriesDescription": "eja_ep2d_bold_p8iso_MB2_2sTR_R3_USED",
    "SeriesNumber": 21,
    "ShimSetting": [
      -774,
      -206,
      681,
      4184,
      216,
      723,
      -382,
      180
    ],
    "SliceThickness": 0.8,
    "SliceTiming": [
      0,
      1.63,
      1.0525,
      0.475,
      2.105,
      1.525,
      0.9475,
      0.37,
      2,
      1.42,
      0.8425,
      0.265,
      1.895,
      1.315,
      0.7375,
      0.16,
      1.79,
      1.21,
      0.6325,
      0.0525,
      1.6825,
      1.105,
      0.5275,
      2.1575,
      1.5775,
      1,
      0.4225,
      2.0525,
      1.4725,
      0.895,
      0.3175,
      1.9475,
      1.3675,
      0.79,
      0.2125,
      1.8425,
      1.2625,
      0.685,
      0.1075,
      1.7375,
      1.1575,
      0.58,
      0,
      1.63,
      1.0525,
      0.475,
      2.105,
      1.525,
      0.9475,
      0.37,
      2,
      1.42,
      0.8425,
      0.265,
      1.895,
      1.315,
      0.7375,
      0.16,
      1.79,
      1.21,
      0.6325,
      0.0525,
      1.6825,
      1.105,
      0.5275,
      2.1575,
      1.5775,
      1,
      0.4225,
      2.0525,
      1.4725,
      0.895,
      0.3175,
      1.9475,
      1.3675,
      0.79,
      0.2125,
      1.8425,
      1.2625,
      0.685,
      0.1075,
      1.7375,
      1.1575,
      0.58
    ],
    "SoftwareVersions": "syngo_MR_B17",
    "SpacingBetweenSlices": 0.8,
    "StationName": "SEPTET",
    "TotalReadoutTime": 0.0536653,
    "TxRefAmp": 85,
    "dataset": "ds002702",
    "modality": "bold",
    "run_id": 3,
    "session_id": "floc7T",
    "subject_id": "11",
    "task_id": "floc"
  },
  "dummy_trs": 0,
  "dvars_nstd": 131.5980947252112,
  "dvars_std": 1.0317706808450702,
  "dvars_vstd": 1.0137883702112673,
  "efc": 0.5894569495806936,
  "fber": 398.0672302246094,
  "fd_mean": 0.12083382190625946,
  "fd_num": 16,
  "fd_perc": 11.188811188811188,
  "fwhm_avg": 3.0361374547580264,
  "fwhm_x": 2.9373624562298883,
  "fwhm_y": 3.246337451625802,
  "fwhm_z": 2.9247124564183884,
  "gcor": 0.0022807,
  "gsr_x": 0.01072155125439167,
  "gsr_y": 0.012834257446229458,
  "provenance": {
    "md5sum": "e93485fde818e5f380f05f46419a4893",
    "settings": {
      "fd_thres": 0.2,
      "testing": false
    },
    "software": "mriqc",
    "version": "23.0.1",
    "webapi_port": null,
    "webapi_url": "https://mriqc.nimh.nih.gov/api/v1"
  },
  "size_t": 143,
  "size_x": 200,
  "size_y": 162,
  "size_z": 84,
  "snr": 2.365890426936424,
  "spacing_tr": 2.200000047683716,
  "spacing_x": 0.800000011920929,
  "spacing_y": 0.800000011920929,
  "spacing_z": 0.800000011920929,
  "summary_bg_k": 65.29518081483157,
  "summary_bg_mad": 19.750749596637064,
  "summary_bg_mean": 89.69216918945312,
  "summary_bg_median": 49.720279693603516,
  "summary_bg_n": 1679021.0,
  "summary_bg_p05": 31.17482566833496,
  "summary_bg_p95": 294.8111877441406,
  "summary_bg_stdv": 115.34002685546875,
  "summary_fg_k": 1.0031620259519505,
  "summary_fg_mad": 434.92087214798477,
  "summary_fg_mean": 1068.9208984375,
  "summary_fg_median": 1023.5594482421875,
  "summary_fg_n": 785876.0,
  "summary_fg_p05": 468.097900390625,
  "summary_fg_p95": 1829.3671264648438,
  "summary_fg_stdv": 432.63153076171875,
  "tsnr": 10.51659831404686
}