{
  "aor": 0.0006669718309859155,
  "aqi": 0.03386455985915493,
  "bids_meta": {
    "AcquisitionMatrixPE": 162,
    "AcquisitionNumber": 1,
    "AcquisitionTime": "13:40:15.827500",
    "BandwidthPerPixelPhaseEncode": 18.519,
    "BaseResolution": 200,
    "CoilString": "C:H01-32",
    "ConversionSoftware": "dcm2niix",
    "ConversionSoftwareVersion": "v1.0.20181125  GCC4.3.2",
    "DerivedVendorReportedEchoSpacing": 0.000999974,
    "DeviceSerialNumber": "18912",
    "DwellTime": 2.2e-06,
    "EchoTime": 0.0224,
    "EffectiveEchoSpacing": 0.000333325,
    "FlipAngle": 70,
    "ImageComments": "Unaliased_MB2_PE2_SENSE1",
    "ImageOrientationPatientDICOM": [
      1,
      0,
      -1e-16,
      0,
      -0.681998,
      -0.731354
    ],
    "ImageType": [
      "ORIGINAL",
      "PRIMARY",
      "M",
      "MB",
      "ND",
      "MOSAIC"
    ],
    "ImagingFrequency": 297.3,
    "InPlanePhaseEncodingDirectionDICOM": "COL",
    "InstitutionAddress": "6th_Street_SE_2021_Minneapolis_667926_Chicago_US_55455",
    "InstitutionName": "CMRR_7T_PS",
    "InstitutionalDepartmentName": "CMRR",
    "MRAcquisitionType": "2D",
    "MagneticFieldStrength": 6.98,
    "Manufacturer": "Siemens",
    "ManufacturersModelName": "Investigational_Device_7T",
    "Modality": "MR",
    "MultibandAccelerationFactor": 2,
    "ParallelReductionFactorInPlane": 3,
    "PartialFourier": 0.75,
    "PatientPosition": "HFS",
    "PercentPhaseFOV": 81,
    "PhaseEncodingDirection": "j",
    "PhaseEncodingSteps": 123,
    "PhaseResolution": 1,
    "PixelBandwidth": 1136,
    "ProcedureStepDescription": "Luca_fmri",
    "ProtocolName": "eja_ep2d_bold_p8iso_MB2_2sTR_R3_USED",
    "PulseSequenceDetails": "%CustomerSeq%_eja_ep2d_bold",
    "ReceiveCoilName": "VM_8T_32R_Head",
    "ReconMatrixPE": 162,
    "RepetitionTime": 2.2,
    "SAR": 0.0105478,
    "ScanOptions": "PFP",
    "ScanningSequence": "EP",
    "SequenceName": "epfid2d1_162",
    "SequenceVariant": "SK_SS_OSP",
    "SeriesDescription": "eja_ep2d_bold_p8iso_MB2_2sTR_R3_USED",
    "SeriesNumber": 32,
    "ShimSetting": [
      -774,
      -206,
      681,
      4184,
      216,
      723,
      -382,
      180
    ],
    "SliceThickness": 0.8,
    "SliceTiming": [
      0,
      1.63,
      1.0525,
      0.4725,
      2.1025,
      1.525,
      0.9475,
      0.3675,
      1.9975,
      1.42,
      0.84,
      0.2625,
      1.8925,
      1.315,
      0.735,
      0.1575,
      1.7875,
      1.21,
      0.63,
      0.0525,
      1.6825,
      1.105,
      0.525,
      2.155,
      1.5775,
      1,
      0.42,
      2.05,
      1.4725,
      0.8925,
      0.315,
      1.945,
      1.3675,
      0.7875,
      0.21,
      1.84,
      1.2625,
      0.6825,
      0.105,
      1.735,
      1.1575,
      0.5775,
      0,
      1.63,
      1.0525,
      0.4725,
      2.1025,
      1.525,
      0.9475,
      0.3675,
      1.9975,
      1.42,
      0.84,
      0.2625,
      1.8925,
      1.315,
      0.735,
      0.1575,
      1.7875,
      1.21,
      0.63,
      0.0525,
      1.6825,
      1.105,
      0.525,
      2.155,
      1.5775,
      1,
      0.42,
      2.05,
      1.4725,
      0.8925,
      0.315,
      1.945,
      1.3675,
      0.7875,
      0.21,
      1.84,
      1.2625,
      0.6825,
      0.105,
      1.735,
      1.1575,
      0.5775
    ],
    "SoftwareVersions": "syngo_MR_B17",
    "SpacingBetweenSlices": 0.8,
    "StationName": "SEPTET",
    "TotalReadoutTime": 0.0536653,
    "TxRefAmp": 85,
    "dataset": "ds002702",
    "modality": "bold",
    "run_id": 6,
    "session_id": "floc7T",
    "subject_id": "11",
    "task_id": "floc"
  },
  "dummy_trs": 1,
  "dvars_nstd": 132.22901380801426,
  "dvars_std": 1.0408310025531913,
  "dvars_vstd": 1.02311500893617,
  "efc": 0.590612832829727,
  "fber": 417.2745361328125,
  "fd_mean": 0.1392046123153913,
  "fd_num": 21,
  "fd_perc": 14.788732394366198,
  "fwhm_avg": 3.0102832884766166,
  "fwhm_x": 2.91688745653499,
  "fwhm_y": 3.2092374521786353,
  "fwhm_z": 2.904724956716225,
  "gcor": 0.0020577,
  "gsr_x": 0.011802714318037033,
  "gsr_y": 0.013560288585722446,
  "provenance": {
    "md5sum": "9dd31036d782cf6cd85b1f286d40cea3",
    "settings": {
      "fd_thres": 0.2,
      "testing": false
    },
    "software": "mriqc",
    "version": "23.0.1",
    "webapi_port": null,
    "webapi_url": "https://mriqc.nimh.nih.gov/api/v1"
  },
  "size_t": 142,
  "size_x": 200,
  "size_y": 162,
  "size_z": 84,
  "snr": 2.3938594463145386,
  "spacing_tr": 2.200000047683716,
  "spacing_x": 0.800000011920929,
  "spacing_y": 0.800000011920929,
  "spacing_z": 0.800000011920929,
  "summary_bg_k": 64.10307609556367,
  "summary_bg_mad": 19.51396895515774,
  "summary_bg_mean": 88.9939956665039,
  "summary_bg_median": 48.86619567871094,
  "summary_bg_n": 1676317.0,
  "summary_bg_p05": 30.732393264770508,
  "summary_bg_p95": 296.5140686035156,
  "summary_bg_stdv": 116.44544982910156,
  "summary_fg_k": 0.9642204186635128,
  "summary_fg_mad": 427.55844544511405,
  "summary_fg_mean": 1070.0440673828125,
  "summary_fg_median": 1024.278076171875,
  "summary_fg_n": 795292.0,
  "summary_fg_p05": 474.39434814453125,
  "summary_fg_p95": 1825.1926086425772,
  "summary_fg_stdv": 427.87701416015625,
  "tsnr": 10.640484094619751
}