{
  "aor": 0.0005600704225352113,
  "aqi": 0.038661266197183096,
  "bids_meta": {
    "AcquisitionMatrixPE": 162,
    "AcquisitionNumber": 1,
    "AcquisitionTime": "14:36:15.550000",
    "BandwidthPerPixelPhaseEncode": 18.519,
    "BaseResolution": 200,
    "CoilString": "C:H01-32",
    "ConversionSoftware": "dcm2niix",
    "ConversionSoftwareVersion": "v1.0.20181125  GCC4.3.2",
    "DerivedVendorReportedEchoSpacing": 0.000999974,
    "DeviceSerialNumber": "18912",
    "DwellTime": 2.2e-06,
    "EchoTime": 0.0226,
    "EffectiveEchoSpacing": 0.000333325,
    "FlipAngle": 80,
    "ImageComments": "Unaliased_MB2_PE2",
    "ImageOrientationPatientDICOM": [
      1,
      0,
      0,
      0,
      -0.619779,
      -0.784776
    ],
    "ImageType": [
      "ORIGINAL",
      "PRIMARY",
      "M",
      "MB",
      "ND",
      "MOSAIC"
    ],
    "ImagingFrequency": 296.531,
    "InPlanePhaseEncodingDirectionDICOM": "COL",
    "InstitutionAddress": "6th_Street_SE_2021_Minneapolis_408126_Chicago_US_55455",
    "InstitutionName": "CMRR_7T_PS",
    "InstitutionalDepartmentName": "CMRR",
    "MRAcquisitionType": "2D",
    "MagneticFieldStrength": 6.98,
    "Manufacturer": "Siemens",
    "ManufacturersModelName": "Investigational_Device_7T",
    "Modality": "MR",
    "MultibandAccelerationFactor": 2,
    "ParallelReductionFactorInPlane": 3,
    "PartialFourier": 0.75,
    "PatientPosition": "HFS",
    "PercentPhaseFOV": 81,
    "PhaseEncodingDirection": "j",
    "PhaseEncodingSteps": 123,
    "PhaseResolution": 1,
    "PixelBandwidth": 1136,
    "ProcedureStepDescription": "Luca_fmri",
    "ProtocolName": "eja_ep2d_bold_p8iso_MB2_2sTR_R3_USED",
    "PulseSequenceDetails": "%CustomerSeq%_eja_ep2d_bold",
    "ReceiveCoilName": "VM_8T_32R_Head",
    "ReconMatrixPE": 162,
    "RepetitionTime": 2.2,
    "SAR": 0.0144393,
    "ScanOptions": "PFP",
    "ScanningSequence": "EP",
    "SequenceName": "epfid2d1_162",
    "SequenceVariant": "SK_SS_OSP",
    "SeriesDescription": "eja_ep2d_bold_p8iso_MB2_2sTR_R3_USED",
    "SeriesNumber": 25,
    "ShimSetting": [
      -463,
      -140,
      731,
      2069,
      40,
      405,
      405,
      137
    ],
    "SliceThickness": 0.8,
    "SliceTiming": [
      0,
      1.63,
      1.05,
      0.4725,
      2.1025,
      1.5225,
      0.945,
      0.3675,
      1.9975,
      1.4175,
      0.84,
      0.2625,
      1.8925,
      1.3125,
      0.735,
      0.1575,
      1.7875,
      1.2075,
      0.63,
      0.0525,
      1.6825,
      1.1025,
      0.525,
      2.155,
      1.5775,
      0.9975,
      0.42,
      2.05,
      1.47,
      0.8925,
      0.315,
      1.945,
      1.365,
      0.7875,
      0.21,
      1.84,
      1.26,
      0.6825,
      0.105,
      1.735,
      1.155,
      0.5775,
      0,
      1.63,
      1.05,
      0.4725,
      2.1025,
      1.5225,
      0.945,
      0.3675,
      1.9975,
      1.4175,
      0.84,
      0.2625,
      1.8925,
      1.3125,
      0.735,
      0.1575,
      1.7875,
      1.2075,
      0.63,
      0.0525,
      1.6825,
      1.1025,
      0.525,
      2.155,
      1.5775,
      0.9975,
      0.42,
      2.05,
      1.47,
      0.8925,
      0.315,
      1.945,
      1.365,
      0.7875,
      0.21,
      1.84,
      1.26,
      0.6825,
      0.105,
      1.735,
      1.155,
      0.5775
    ],
    "SoftwareVersions": "syngo_MR_B17",
    "SpacingBetweenSlices": 0.8,
    "StationName": "SEPTET",
    "TotalReadoutTime": 0.0536653,
    "TxRefAmp": 85,
    "dataset": "ds002702",
    "modality": "bold",
    "run_id": 8,
    "session_id": "floc7T",
    "subject_id": "01",
    "task_id": "floc"
  },
  "dummy_trs": 1,
  "dvars_nstd": 123.77420601276599,
  "dvars_std": 1.0331067979432622,
  "dvars_vstd": 1.0211423944680849,
  "efc": 0.6851338551270546,
  "fber": 70.3434829711914,
  "fd_mean": 0.09813433550554773,
  "fd_num": 5,
  "fd_perc": 3.5211267605633805,
  "fwhm_avg": 2.746000025600509,
  "fwhm_x": 2.659237460374274,
  "fwhm_y": 2.9003499567814175,
  "fwhm_z": 2.678412659645835,
  "gcor": 0.00188933,
  "gsr_x": 0.044104162603616714,
  "gsr_y": 0.013812854886054993,
  "provenance": {
    "md5sum": "159b4af1283a24b0dfea079ef0b284f2",
    "settings": {
      "fd_thres": 0.2,
      "testing": false
    },
    "software": "mriqc",
    "version": "23.0.1",
    "webapi_port": null,
    "webapi_url": "https://mriqc.nimh.nih.gov/api/v1"
  },
  "size_t": 142,
  "size_x": 200,
  "size_y": 162,
  "size_z": 84,
  "snr": 2.815048591362983,
  "spacing_tr": 2.200000047683716,
  "spacing_x": 0.800000011920929,
  "spacing_y": 0.800000011920929,
  "spacing_z": 0.7999999523162842,
  "summary_bg_k": 42.6523262783786,
  "summary_bg_mad": 13.343419966550417,
  "summary_bg_mean": 57.88478088378906,
  "summary_bg_median": 42.53520965576172,
  "summary_bg_n": 1616221.0,
  "summary_bg_p05": 30.697181701660156,
  "summary_bg_p95": 140.908447265625,
  "summary_bg_stdv": 45.705684661865234,
  "summary_fg_k": 1.044638728379737,
  "summary_fg_mad": 119.84021051297707,
  "summary_fg_mean": 373.59356689453125,
  "summary_fg_median": 366.1126708984375,
  "summary_fg_n": 849901.0,
  "summary_fg_p05": 180.0140838623047,
  "summary_fg_p95": 604.3309936523438,
  "summary_fg_stdv": 130.0554656982422,
  "tsnr": 11.460415571928024
}