{
  "aor": 0.0005503496503496503,
  "aqi": 0.038347242657342656,
  "bids_meta": {
    "AcquisitionMatrixPE": 162,
    "AcquisitionNumber": 1,
    "AcquisitionTime": "15:03:31.532500",
    "BandwidthPerPixelPhaseEncode": 18.519,
    "BaseResolution": 200,
    "CoilString": "C:H01-32",
    "ConversionSoftware": "dcm2niix",
    "ConversionSoftwareVersion": "v1.0.20181125  GCC4.3.2",
    "DerivedVendorReportedEchoSpacing": 0.000999974,
    "DeviceSerialNumber": "18912",
    "DwellTime": 2.2e-06,
    "EchoTime": 0.0226,
    "EffectiveEchoSpacing": 0.000333325,
    "FlipAngle": 80,
    "ImageComments": "Unaliased_MB2_PE2",
    "ImageOrientationPatientDICOM": [
      1,
      0,
      0,
      0,
      -0.619779,
      -0.784776
    ],
    "ImageType": [
      "ORIGINAL",
      "PRIMARY",
      "M",
      "MB",
      "ND",
      "MOSAIC"
    ],
    "ImagingFrequency": 296.531,
    "InPlanePhaseEncodingDirectionDICOM": "COL",
    "InstitutionAddress": "6th_Street_SE_2021_Minneapolis_408126_Chicago_US_55455",
    "InstitutionName": "CMRR_7T_PS",
    "InstitutionalDepartmentName": "CMRR",
    "MRAcquisitionType": "2D",
    "MagneticFieldStrength": 6.98,
    "Manufacturer": "Siemens",
    "ManufacturersModelName": "Investigational_Device_7T",
    "Modality": "MR",
    "MultibandAccelerationFactor": 2,
    "ParallelReductionFactorInPlane": 3,
    "PartialFourier": 0.75,
    "PatientPosition": "HFS",
    "PercentPhaseFOV": 81,
    "PhaseEncodingDirection": "j",
    "PhaseEncodingSteps": 123,
    "PhaseResolution": 1,
    "PixelBandwidth": 1136,
    "ProcedureStepDescription": "Luca_fmri",
    "ProtocolName": "eja_ep2d_bold_p8iso_MB2_2sTR_R3_USED",
    "PulseSequenceDetails": "%CustomerSeq%_eja_ep2d_bold",
    "ReceiveCoilName": "VM_8T_32R_Head",
    "ReconMatrixPE": 162,
    "RepetitionTime": 2.2,
    "SAR": 0.0143836,
    "ScanOptions": "PFP",
    "ScanningSequence": "EP",
    "SequenceName": "epfid2d1_162",
    "SequenceVariant": "SK_SS_OSP",
    "SeriesDescription": "eja_ep2d_bold_p8iso_MB2_2sTR_R3_USED",
    "SeriesNumber": 37,
    "ShimSetting": [
      -463,
      -140,
      731,
      2069,
      40,
      405,
      405,
      137
    ],
    "SliceThickness": 0.8,
    "SliceTiming": [
      0,
      1.63,
      1.0525,
      0.475,
      2.105,
      1.525,
      0.9475,
      0.37,
      2,
      1.42,
      0.8425,
      0.265,
      1.895,
      1.315,
      0.7375,
      0.16,
      1.79,
      1.21,
      0.6325,
      0.055,
      1.685,
      1.105,
      0.5275,
      2.1575,
      1.5775,
      1,
      0.4225,
      2.0525,
      1.4725,
      0.895,
      0.3175,
      1.9475,
      1.3675,
      0.79,
      0.2125,
      1.8425,
      1.2625,
      0.685,
      0.1075,
      1.7375,
      1.1575,
      0.58,
      0,
      1.63,
      1.0525,
      0.475,
      2.105,
      1.525,
      0.9475,
      0.37,
      2,
      1.42,
      0.8425,
      0.265,
      1.895,
      1.315,
      0.7375,
      0.16,
      1.79,
      1.21,
      0.6325,
      0.055,
      1.685,
      1.105,
      0.5275,
      2.1575,
      1.5775,
      1,
      0.4225,
      2.0525,
      1.4725,
      0.895,
      0.3175,
      1.9475,
      1.3675,
      0.79,
      0.2125,
      1.8425,
      1.2625,
      0.685,
      0.1075,
      1.7375,
      1.1575,
      0.58
    ],
    "SoftwareVersions": "syngo_MR_B17",
    "SpacingBetweenSlices": 0.8,
    "StationName": "SEPTET",
    "TotalReadoutTime": 0.0536653,
    "TxRefAmp": 85,
    "dataset": "ds002702",
    "modality": "bold",
    "run_id": 12,
    "session_id": "floc7T",
    "subject_id": "01",
    "task_id": "floc"
  },
  "dummy_trs": 0,
  "dvars_nstd": 122.74875683894368,
  "dvars_std": 1.0245290194366201,
  "dvars_vstd": 1.012668533309859,
  "efc": 0.6864074361519642,
  "fber": 68.30921173095703,
  "fd_mean": 0.0778133490304224,
  "fd_num": 4,
  "fd_perc": 2.797202797202797,
  "fwhm_avg": 2.756366692435559,
  "fwhm_x": 2.6679499602444476,
  "fwhm_y": 2.909737456641533,
  "fwhm_z": 2.6914126604206956,
  "gcor": 0.00168406,
  "gsr_x": 0.045133400708436966,
  "gsr_y": 0.01386628020554781,
  "provenance": {
    "md5sum": "7d6507e5bfc3e919a6130d0e1c357c49",
    "settings": {
      "fd_thres": 0.2,
      "testing": false
    },
    "software": "mriqc",
    "version": "23.0.1",
    "webapi_port": null,
    "webapi_url": "https://mriqc.nimh.nih.gov/api/v1"
  },
  "size_t": 143,
  "size_x": 200,
  "size_y": 162,
  "size_z": 84,
  "snr": 2.8157700820650793,
  "spacing_tr": 2.200000047683716,
  "spacing_x": 0.800000011920929,
  "spacing_y": 0.800000011920929,
  "spacing_z": 0.7999999523162842,
  "summary_bg_k": 43.68613222448422,
  "summary_bg_mad": 13.809973863687802,
  "summary_bg_mean": 58.56650161743164,
  "summary_bg_median": 43.06993103027344,
  "summary_bg_n": 1619092.0,
  "summary_bg_p05": 30.74825096130371,
  "summary_bg_p95": 142.55943298339844,
  "summary_bg_stdv": 46.581268310546875,
  "summary_fg_k": 1.041849703189854,
  "summary_fg_mad": 119.46870029519907,
  "summary_fg_mean": 372.068115234375,
  "summary_fg_median": 365.0559387207031,
  "summary_fg_n": 846578.0,
  "summary_fg_p05": 177.7552490234375,
  "summary_fg_p95": 601.9929809570312,
  "summary_fg_stdv": 129.6468505859375,
  "tsnr": 11.5715956572094
}