{
  "bids_meta": {
    "AcquisitionMatrixPE": 300,
    "AcquisitionNumber": 1,
    "AcquisitionTime": "11:46:4.640000",
    "BaseResolution": 320,
    "BodyPartExamined": "BRAIN",
    "ConsistencyInfo": "N4_VE11C_LATEST_20160120",
    "ConversionSoftware": "dcm2niix",
    "ConversionSoftwareVersion": "v1.0.20181125  GCC4.3.2",
    "DeviceSerialNumber": "67010",
    "DwellTime": 2.1e-06,
    "EchoTime": 0.563,
    "EchoTrainLength": 314,
    "FlipAngle": 120,
    "ImageOrientationPatientDICOM": [
      0.019517,
      0.96919,
      -0.245538,
      0.0439638,
      -0.24618,
      -0.968227
    ],
    "ImageType": [
      "ORIGINAL",
      "PRIMARY",
      "M",
      "ND",
      "NORM"
    ],
    "ImagingFrequency": 123.174,
    "InPlanePhaseEncodingDirectionDICOM": "ROW",
    "InstitutionAddress": "6th_SE_2021_Minneapolis_Minneapolis_US_55455",
    "InstitutionName": "CMRR_3T-B",
    "InstitutionalDepartmentName": "Research",
    "MRAcquisitionType": "3D",
    "MagneticFieldStrength": 3,
    "Manufacturer": "Siemens",
    "ManufacturersModelName": "Prisma_fit",
    "Modality": "MR",
    "PartialFourier": 1,
    "PatientPosition": "HFS",
    "PercentPhaseFOV": 93.75,
    "PhaseEncodingSteps": 297,
    "PhaseResolution": 1,
    "PixelBandwidth": 745,
    "ProcedureStepDescription": "Kay_New_Exam",
    "ProtocolName": "T2w_SPC",
    "PulseSequenceDetails": "%SiemensSeq%_tse_vfl",
    "ReceiveCoilActiveElements": "HEA;HEP",
    "ReceiveCoilName": "Head_32",
    "ReconMatrixPE": 320,
    "RepetitionTime": 3.2,
    "SAR": 0.133053,
    "ScanOptions": "PFP",
    "ScanningSequence": "SE",
    "SequenceName": "_spc_314ns",
    "SequenceVariant": "SK_SP",
    "SeriesDescription": "T2w_SPC",
    "SeriesNumber": 14,
    "ShimSetting": [
      -1055,
      -11665,
      -3761,
      530,
      89,
      -291,
      -60,
      68
    ],
    "SliceThickness": 0.8,
    "SoftwareVersions": "syngo_MR_E11",
    "StationName": "TRIOB",
    "TxRefAmp": 246.973,
    "dataset": "ds002702",
    "modality": "T2w",
    "run_id": 1,
    "session_id": "anatomicals",
    "subject_id": "07"
  },
  "cjv": 1.027732370990343,
  "cnr": 0.9620346590207154,
  "efc": 0.5779376187027302,
  "fber": 8046.345073111565,
  "fwhm_avg": 2.6147791910228046,
  "fwhm_x": 2.5495751519665215,
  "fwhm_y": 2.890699956925214,
  "fwhm_z": 2.4040624641766777,
  "icvs_csf": 0.3513573762253629,
  "icvs_gm": 0.5030414497139272,
  "icvs_wm": 0.14560117406070996,
  "inu_med": 0.8407022058963776,
  "inu_range": 0.18484145402908325,
  "provenance": {
    "md5sum": "e39958bc42441488e8f2862581f9fdfd",
    "settings": {
      "testing": false
    },
    "software": "mriqc",
    "version": "23.0.1",
    "warnings": {
      "large_rot_frame": true,
      "small_air_mask": false
    },
    "webapi_port": null,
    "webapi_url": "https://mriqc.nimh.nih.gov/api/v1"
  },
  "qi_1": 0.0,
  "qi_2": 0.005508772473248634,
  "rpve_csf": 12.654077455524023,
  "rpve_gm": 10.308486977325181,
  "rpve_wm": 38.02027052815584,
  "size_x": 208,
  "size_y": 300,
  "size_z": 320,
  "snr_csf": 10.906117746315319,
  "snr_gm": 9.857036491912892,
  "snr_total": 7.543497459391254,
  "snr_wm": 1.8673381399455529,
  "snrd_csf": 84.31970419074136,
  "snrd_gm": 54.12167282910283,
  "snrd_total": 83.52655046823183,
  "snrd_wm": 112.13827438485131,
  "spacing_x": 0.7999999523162842,
  "spacing_y": 0.800000011920929,
  "spacing_z": 0.800000011920929,
  "summary_bg_k": 8.496213540535415,
  "summary_bg_mad": 0.0,
  "summary_bg_mean": 3.53616785058164,
  "summary_bg_median": 0.0,
  "summary_bg_n": 5280646.0,
  "summary_bg_p05": 0.0,
  "summary_bg_p95": 14.542905362322927,
  "summary_bg_stdv": 5.856688331124214,
  "summary_csf_k": 1.0775538376396483,
  "summary_csf_mad": 64.14751259847952,
  "summary_csf_mean": 757.6817231364037,
  "summary_csf_median": 753.78841355443,
  "summary_csf_n": 81111.0,
  "summary_csf_p05": 653.7635318050161,
  "summary_csf_p95": 876.0347642283887,
  "summary_csf_stdv": 69.11568208105095,
  "summary_gm_k": 0.4666953090634043,
  "summary_gm_mad": 47.68309613959116,
  "summary_gm_mean": 485.84526682070174,
  "summary_gm_median": 483.82866486907005,
  "summary_gm_n": 416376.0,
  "summary_gm_p05": 409.44045999087393,
  "summary_gm_p95": 569.0788142266683,
  "summary_gm_stdv": 49.08453816377468,
  "summary_wm_k": -1.7994565461951828,
  "summary_wm_mad": 485.34819516486806,
  "summary_wm_mean": 729.6764252536935,
  "summary_wm_median": 1002.476618704386,
  "summary_wm_n": 80152.0,
  "summary_wm_p05": 32.22961141727865,
  "summary_wm_p95": 1330.6645320169628,
  "summary_wm_stdv": 536.8445830154134,
  "tpm_overlap_csf": 0.11585832294680293,
  "tpm_overlap_gm": 0.3177177464647601,
  "tpm_overlap_wm": 0.03235074835848806,
  "wm2max": 0.7541473125414732
}