{
  "bids_meta": {
    "AcquisitionMatrixPE": 300,
    "AcquisitionNumber": 1,
    "AcquisitionTime": "12:13:18.990000",
    "BaseResolution": 320,
    "BodyPartExamined": "BRAIN",
    "ConsistencyInfo": "N4_VE11C_LATEST_20160120",
    "ConversionSoftware": "dcm2niix",
    "ConversionSoftwareVersion": "v1.0.20181125  GCC4.3.2",
    "DeviceSerialNumber": "67010",
    "DwellTime": 7.1e-06,
    "EchoTime": 0.00222,
    "FlipAngle": 8,
    "ImageOrientationPatientDICOM": [
      0.019517,
      0.96919,
      -0.245538,
      0.0439638,
      -0.24618,
      -0.968227
    ],
    "ImageType": [
      "ORIGINAL",
      "PRIMARY",
      "M",
      "ND",
      "NORM"
    ],
    "ImagingFrequency": 123.174,
    "InPlanePhaseEncodingDirectionDICOM": "ROW",
    "InstitutionAddress": "6th_SE_2021_Minneapolis_Minneapolis_US_55455",
    "InstitutionName": "CMRR_3T-B",
    "InstitutionalDepartmentName": "Research",
    "InversionTime": 1,
    "MRAcquisitionType": "3D",
    "MagneticFieldStrength": 3,
    "Manufacturer": "Siemens",
    "ManufacturersModelName": "Prisma_fit",
    "Modality": "MR",
    "PartialFourier": 1,
    "PatientPosition": "HFS",
    "PercentPhaseFOV": 93.75,
    "PhaseEncodingSteps": 299,
    "PhaseResolution": 1,
    "PixelBandwidth": 220,
    "ProcedureStepDescription": "Kay_New_Exam",
    "ProtocolName": "T1w_MPR",
    "PulseSequenceDetails": "%SiemensSeq%_tfl",
    "ReceiveCoilActiveElements": "HEA;HEP",
    "ReceiveCoilName": "Head_32",
    "ReconMatrixPE": 320,
    "RepetitionTime": 2.4,
    "SAR": 0.0395457,
    "ScanOptions": "IR_WE",
    "ScanningSequence": "GR_IR",
    "SequenceName": "_tfl3d1_16ns",
    "SequenceVariant": "SK_SP_MP",
    "SeriesDescription": "T1w_MPR",
    "SeriesNumber": 22,
    "ShimSetting": [
      -1055,
      -11665,
      -3761,
      530,
      89,
      -291,
      -60,
      68
    ],
    "SliceThickness": 0.8,
    "SoftwareVersions": "syngo_MR_E11",
    "StationName": "TRIOB",
    "TxRefAmp": 246.973,
    "dataset": "ds002702",
    "modality": "T1w",
    "run_id": 3,
    "session_id": "anatomicals",
    "subject_id": "07"
  },
  "cjv": 0.34743667883049917,
  "cnr": 3.8206606937978336,
  "efc": 0.5659642527579491,
  "fber": 39262.688614540464,
  "fwhm_avg": 4.179200039657086,
  "fwhm_x": 4.104325244636848,
  "fwhm_y": 4.206224937322364,
  "fwhm_z": 4.227049937012048,
  "icvs_csf": 0.1784954387347008,
  "icvs_gm": 0.46542577994144213,
  "icvs_wm": 0.35607878132385706,
  "inu_med": 0.4124286472797394,
  "inu_range": 0.14260099530220033,
  "provenance": {
    "md5sum": "ca12bb6984f2215795557255058eebf1",
    "settings": {
      "testing": false
    },
    "software": "mriqc",
    "version": "23.0.1",
    "warnings": {
      "large_rot_frame": true,
      "small_air_mask": false
    },
    "webapi_port": null,
    "webapi_url": "https://mriqc.nimh.nih.gov/api/v1"
  },
  "qi_1": 1.7658652807793715e-05,
  "qi_2": 0.002012408996867957,
  "rpve_csf": 25.258734400354598,
  "rpve_gm": 10.871550409863232,
  "rpve_wm": 15.543991540872709,
  "size_x": 208,
  "size_y": 300,
  "size_z": 320,
  "snr_csf": 2.6250113068281022,
  "snr_gm": 15.144589299468295,
  "snr_total": 13.835626702200145,
  "snr_wm": 23.737279500304034,
  "snrd_csf": 35.83276430213217,
  "snrd_gm": 90.77024950298853,
  "snrd_total": 82.51036793163154,
  "snrd_wm": 120.92808998977388,
  "spacing_x": 0.7999999523162842,
  "spacing_y": 0.800000011920929,
  "spacing_z": 0.800000011920929,
  "summary_bg_k": 15.917869509427334,
  "summary_bg_mad": 0.0,
  "summary_bg_mean": 3.2334154177679775,
  "summary_bg_median": 0.0,
  "summary_bg_n": 7006604.0,
  "summary_bg_p05": 0.0,
  "summary_bg_p95": 13.66145952232182,
  "summary_bg_stdv": 5.41782550565627,
  "summary_csf_k": 1.4395016759424388,
  "summary_csf_mad": 87.17485217267786,
  "summary_csf_mean": 309.41223109297033,
  "summary_csf_median": 296.3286185506731,
  "summary_csf_n": 67349.0,
  "summary_csf_p05": 122.67943461202086,
  "summary_csf_p95": 515.8935196403413,
  "summary_csf_stdv": 112.88576846261259,
  "summary_gm_k": 0.3963531151262023,
  "summary_gm_mad": 47.68030638497589,
  "summary_gm_mean": 749.9820057719525,
  "summary_gm_median": 750.6488311626017,
  "summary_gm_n": 119945.0,
  "summary_gm_p05": 667.7362771704793,
  "summary_gm_p95": 829.4086789786816,
  "summary_gm_stdv": 49.56527292851597,
  "summary_wm_k": 0.6938689299646685,
  "summary_wm_mad": 38.96981754428697,
  "summary_wm_mean": 999.3706291151314,
  "summary_wm_median": 1000.047150939703,
  "summary_wm_n": 413791.0,
  "summary_wm_p05": 930.512917412445,
  "summary_wm_p95": 1068.4370307764038,
  "summary_wm_stdv": 42.12976228087612,
  "tpm_overlap_csf": 0.13987343975694608,
  "tpm_overlap_gm": 0.4533879661055112,
  "tpm_overlap_wm": 0.504803555479766,
  "wm2max": 0.8284273484226574
}