{
  "bids_meta": {
    "AcquisitionMatrixPE": 300,
    "AcquisitionNumber": 1,
    "AcquisitionTime": "12:19:58.000000",
    "BaseResolution": 320,
    "BodyPartExamined": "BRAIN",
    "ConsistencyInfo": "N4_VE11C_LATEST_20160120",
    "ConversionSoftware": "dcm2niix",
    "ConversionSoftwareVersion": "v1.0.20181125  GCC4.3.2",
    "DeviceSerialNumber": "67010",
    "DwellTime": 7.1e-06,
    "EchoTime": 0.00222,
    "FlipAngle": 8,
    "ImageOrientationPatientDICOM": [
      0.019517,
      0.96919,
      -0.245538,
      0.0439638,
      -0.24618,
      -0.968227
    ],
    "ImageType": [
      "ORIGINAL",
      "PRIMARY",
      "M",
      "ND",
      "NORM"
    ],
    "ImagingFrequency": 123.174,
    "InPlanePhaseEncodingDirectionDICOM": "ROW",
    "InstitutionAddress": "6th_SE_2021_Minneapolis_Minneapolis_US_55455",
    "InstitutionName": "CMRR_3T-B",
    "InstitutionalDepartmentName": "Research",
    "InversionTime": 1,
    "MRAcquisitionType": "3D",
    "MagneticFieldStrength": 3,
    "Manufacturer": "Siemens",
    "ManufacturersModelName": "Prisma_fit",
    "Modality": "MR",
    "PartialFourier": 1,
    "PatientPosition": "HFS",
    "PercentPhaseFOV": 93.75,
    "PhaseEncodingSteps": 299,
    "PhaseResolution": 1,
    "PixelBandwidth": 220,
    "ProcedureStepDescription": "Kay_New_Exam",
    "ProtocolName": "T1w_MPR",
    "PulseSequenceDetails": "%SiemensSeq%_tfl",
    "ReceiveCoilActiveElements": "HEA;HEP",
    "ReceiveCoilName": "Head_32",
    "ReconMatrixPE": 320,
    "RepetitionTime": 2.4,
    "SAR": 0.0395457,
    "ScanOptions": "IR_WE",
    "ScanningSequence": "GR_IR",
    "SequenceName": "_tfl3d1_16ns",
    "SequenceVariant": "SK_SP_MP",
    "SeriesDescription": "T1w_MPR",
    "SeriesNumber": 24,
    "ShimSetting": [
      -1055,
      -11665,
      -3761,
      530,
      89,
      -291,
      -60,
      68
    ],
    "SliceThickness": 0.8,
    "SoftwareVersions": "syngo_MR_E11",
    "StationName": "TRIOB",
    "TxRefAmp": 246.973,
    "dataset": "ds002702",
    "modality": "T1w",
    "run_id": 4,
    "session_id": "anatomicals",
    "subject_id": "07"
  },
  "cjv": 0.3480026502334012,
  "cnr": 3.8009886598634486,
  "efc": 0.5659389429433208,
  "fber": 39675.84736276782,
  "fwhm_avg": 4.151341706590484,
  "fwhm_x": 4.09835024428071,
  "fwhm_y": 4.164087437950262,
  "fwhm_z": 4.1915874375404805,
  "icvs_csf": 0.17819417352004244,
  "icvs_gm": 0.46555585629798646,
  "icvs_wm": 0.3562499701819711,
  "inu_med": 0.40846937894821167,
  "inu_range": 0.13979052007198328,
  "provenance": {
    "md5sum": "6934b20c93cf029ead77b322d77af39b",
    "settings": {
      "testing": false
    },
    "software": "mriqc",
    "version": "23.0.1",
    "warnings": {
      "large_rot_frame": true,
      "small_air_mask": false
    },
    "webapi_port": null,
    "webapi_url": "https://mriqc.nimh.nih.gov/api/v1"
  },
  "qi_1": 2.3107559262001985e-05,
  "qi_2": 0.002055354941574253,
  "rpve_csf": 25.335376502195405,
  "rpve_gm": 10.88058656978949,
  "rpve_wm": 15.553469258335465,
  "size_x": 208,
  "size_y": 300,
  "size_z": 320,
  "snr_csf": 2.618648980533146,
  "snr_gm": 15.205496828538601,
  "snr_total": 13.870194057944097,
  "snr_wm": 23.786436364760547,
  "snrd_csf": 37.02294098405286,
  "snrd_gm": 93.97834514693996,
  "snrd_total": 85.30208221440579,
  "snrd_wm": 124.9049605122245,
  "spacing_x": 0.7999999523162842,
  "spacing_y": 0.800000011920929,
  "spacing_z": 0.800000011920929,
  "summary_bg_k": 15.510810829154028,
  "summary_bg_mad": 0.0,
  "summary_bg_mean": 3.149090782292065,
  "summary_bg_median": 0.0,
  "summary_bg_n": 6957675.0,
  "summary_bg_p05": 0.0,
  "summary_bg_p95": 13.276964109390974,
  "summary_bg_stdv": 5.245203881089886,
  "summary_csf_k": 1.2590973273315589,
  "summary_csf_mad": 85.67492402018681,
  "summary_csf_mean": 308.61369274354604,
  "summary_csf_median": 296.4159429073334,
  "summary_csf_n": 67930.0,
  "summary_csf_p05": 116.67696303967386,
  "summary_csf_p95": 516.6508508725091,
  "summary_csf_stdv": 113.19339221403338,
  "summary_gm_k": 0.40445188712749225,
  "summary_gm_mad": 47.39763573003347,
  "summary_gm_mean": 751.465974225211,
  "summary_gm_median": 752.4167191796005,
  "summary_gm_n": 120390.0,
  "summary_gm_p05": 669.3691899189726,
  "summary_gm_p95": 831.1047014594078,
  "summary_gm_stdv": 49.48299965097109,
  "summary_wm_k": 0.7656013240244399,
  "summary_wm_mad": 38.770280043660364,
  "summary_wm_mean": 999.3935555345312,
  "summary_wm_median": 1000.0237868726254,
  "summary_wm_n": 412168.0,
  "summary_wm_p05": 930.9550719708204,
  "summary_wm_p95": 1068.47496856004,
  "summary_wm_stdv": 42.04171479957329,
  "tpm_overlap_csf": 0.1471066334906141,
  "tpm_overlap_gm": 0.4590768965362931,
  "tpm_overlap_wm": 0.506438692629122,
  "wm2max": 0.8237595787314013
}