{
  "bids_meta": {
    "AcquisitionMatrixPE": 300,
    "AcquisitionNumber": 1,
    "AcquisitionTime": "12:27:8.000000",
    "BaseResolution": 320,
    "BodyPartExamined": "BRAIN",
    "ConsistencyInfo": "N4_VE11C_LATEST_20160120",
    "ConversionSoftware": "dcm2niix",
    "ConversionSoftwareVersion": "v1.0.20181125  GCC4.3.2",
    "DeviceSerialNumber": "67010",
    "DwellTime": 7.1e-06,
    "EchoTime": 0.00222,
    "FlipAngle": 8,
    "ImageOrientationPatientDICOM": [
      0.019517,
      0.96919,
      -0.245538,
      0.0439638,
      -0.24618,
      -0.968227
    ],
    "ImageType": [
      "ORIGINAL",
      "PRIMARY",
      "M",
      "ND",
      "NORM"
    ],
    "ImagingFrequency": 123.174,
    "InPlanePhaseEncodingDirectionDICOM": "ROW",
    "InstitutionAddress": "6th_SE_2021_Minneapolis_Minneapolis_US_55455",
    "InstitutionName": "CMRR_3T-B",
    "InstitutionalDepartmentName": "Research",
    "InversionTime": 1,
    "MRAcquisitionType": "3D",
    "MagneticFieldStrength": 3,
    "Manufacturer": "Siemens",
    "ManufacturersModelName": "Prisma_fit",
    "Modality": "MR",
    "PartialFourier": 1,
    "PatientPosition": "HFS",
    "PercentPhaseFOV": 93.75,
    "PhaseEncodingSteps": 299,
    "PhaseResolution": 1,
    "PixelBandwidth": 220,
    "ProcedureStepDescription": "Kay_New_Exam",
    "ProtocolName": "T1w_MPR",
    "PulseSequenceDetails": "%SiemensSeq%_tfl",
    "ReceiveCoilActiveElements": "HEA;HEP",
    "ReceiveCoilName": "Head_32",
    "ReconMatrixPE": 320,
    "RepetitionTime": 2.4,
    "SAR": 0.0395457,
    "ScanOptions": "IR_WE",
    "ScanningSequence": "GR_IR",
    "SequenceName": "_tfl3d1_16ns",
    "SequenceVariant": "SK_SP_MP",
    "SeriesDescription": "T1w_MPR",
    "SeriesNumber": 26,
    "ShimSetting": [
      -1059,
      -11697,
      -3813,
      373,
      85,
      -504,
      42,
      35
    ],
    "SliceThickness": 0.8,
    "SoftwareVersions": "syngo_MR_E11",
    "StationName": "TRIOB",
    "TxRefAmp": 246.973,
    "dataset": "ds002702",
    "modality": "T1w",
    "run_id": 5,
    "session_id": "anatomicals",
    "subject_id": "07"
  },
  "cjv": 0.33865567017359544,
  "cnr": 3.9006930444909815,
  "efc": 0.5670060283646294,
  "fber": 39484.3792187235,
  "fwhm_avg": 4.152933372989426,
  "fwhm_x": 4.088525243695095,
  "fwhm_y": 4.172699937821926,
  "fwhm_z": 4.197574937451259,
  "icvs_csf": 0.178612540147155,
  "icvs_gm": 0.4652786839893035,
  "icvs_wm": 0.3561087758635415,
  "inu_med": 0.40491628646850586,
  "inu_range": 0.1328699678182601,
  "provenance": {
    "md5sum": "732dc7c338a514984d41e2493a529339",
    "settings": {
      "testing": false
    },
    "software": "mriqc",
    "version": "23.0.1",
    "warnings": {
      "large_rot_frame": true,
      "small_air_mask": false
    },
    "webapi_port": null,
    "webapi_url": "https://mriqc.nimh.nih.gov/api/v1"
  },
  "qi_1": 1.9396546130792003e-05,
  "qi_2": 0.0020546571283143354,
  "rpve_csf": 25.210665486923666,
  "rpve_gm": 10.858034526208009,
  "rpve_wm": 15.522333391559503,
  "size_x": 208,
  "size_y": 300,
  "size_z": 320,
  "snr_csf": 2.6563439342566464,
  "snr_gm": 15.333377480272809,
  "snr_total": 14.116060173979577,
  "snr_wm": 24.358459107409278,
  "snrd_csf": 37.32981550399069,
  "snrd_gm": 93.99681960017281,
  "snrd_total": 85.548344544057,
  "snrd_wm": 125.31839852800748,
  "spacing_x": 0.7999999523162842,
  "spacing_y": 0.800000011920929,
  "spacing_z": 0.800000011920929,
  "summary_bg_k": 15.848403202239354,
  "summary_bg_mad": 0.0,
  "summary_bg_mean": 3.130649804955739,
  "summary_bg_median": 0.0,
  "summary_bg_n": 6965974.0,
  "summary_bg_p05": 0.0,
  "summary_bg_p95": 13.150238739326596,
  "summary_bg_stdv": 5.228018492099736,
  "summary_csf_k": 1.1852482826442108,
  "summary_csf_mad": 85.92295060304737,
  "summary_csf_mean": 309.22016380689956,
  "summary_csf_median": 297.8936382737011,
  "summary_csf_n": 68093.0,
  "summary_csf_p05": 116.9835928346962,
  "summary_csf_p95": 512.4310552712525,
  "summary_csf_stdv": 112.14340395504102,
  "summary_gm_k": 0.43015230636254964,
  "summary_gm_mad": 46.653746672819295,
  "summary_gm_mean": 748.9633896261279,
  "summary_gm_median": 750.0989275947213,
  "summary_gm_n": 119275.0,
  "summary_gm_p05": 667.2175113987178,
  "summary_gm_p95": 827.3711269125342,
  "summary_gm_stdv": 48.91914936180855,
  "summary_wm_k": 0.7526094148984619,
  "summary_wm_mad": 37.9924371943595,
  "summary_wm_mean": 998.8063592951622,
  "summary_wm_median": 1000.0465626772493,
  "summary_wm_n": 413391.0,
  "summary_wm_p05": 931.176551297307,
  "summary_wm_p95": 1064.8900407794863,
  "summary_wm_stdv": 41.05536186430348,
  "tpm_overlap_csf": 0.1408640174339906,
  "tpm_overlap_gm": 0.4540475216590122,
  "tpm_overlap_wm": 0.5041081365530244,
  "wm2max": 0.8322421941582088
}