{
  "bids_meta": {
    "AcquisitionMatrixPE": 300,
    "AcquisitionNumber": 1,
    "AcquisitionTime": "12:33:47.007500",
    "BaseResolution": 320,
    "BodyPartExamined": "BRAIN",
    "ConsistencyInfo": "N4_VE11C_LATEST_20160120",
    "ConversionSoftware": "dcm2niix",
    "ConversionSoftwareVersion": "v1.0.20181125  GCC4.3.2",
    "DeviceSerialNumber": "67010",
    "DwellTime": 7.1e-06,
    "EchoTime": 0.00222,
    "FlipAngle": 8,
    "ImageOrientationPatientDICOM": [
      0.019517,
      0.96919,
      -0.245538,
      0.0439638,
      -0.24618,
      -0.968227
    ],
    "ImageType": [
      "ORIGINAL",
      "PRIMARY",
      "M",
      "ND",
      "NORM"
    ],
    "ImagingFrequency": 123.174,
    "InPlanePhaseEncodingDirectionDICOM": "ROW",
    "InstitutionAddress": "6th_SE_2021_Minneapolis_Minneapolis_US_55455",
    "InstitutionName": "CMRR_3T-B",
    "InstitutionalDepartmentName": "Research",
    "InversionTime": 1,
    "MRAcquisitionType": "3D",
    "MagneticFieldStrength": 3,
    "Manufacturer": "Siemens",
    "ManufacturersModelName": "Prisma_fit",
    "Modality": "MR",
    "PartialFourier": 1,
    "PatientPosition": "HFS",
    "PercentPhaseFOV": 93.75,
    "PhaseEncodingSteps": 299,
    "PhaseResolution": 1,
    "PixelBandwidth": 220,
    "ProcedureStepDescription": "Kay_New_Exam",
    "ProtocolName": "T1w_MPR",
    "PulseSequenceDetails": "%SiemensSeq%_tfl",
    "ReceiveCoilActiveElements": "HEA;HEP",
    "ReceiveCoilName": "Head_32",
    "ReconMatrixPE": 320,
    "RepetitionTime": 2.4,
    "SAR": 0.0395457,
    "ScanOptions": "IR_WE",
    "ScanningSequence": "GR_IR",
    "SequenceName": "_tfl3d1_16ns",
    "SequenceVariant": "SK_SP_MP",
    "SeriesDescription": "T1w_MPR",
    "SeriesNumber": 28,
    "ShimSetting": [
      -1055,
      -11665,
      -3761,
      530,
      89,
      -291,
      -60,
      68
    ],
    "SliceThickness": 0.8,
    "SoftwareVersions": "syngo_MR_E11",
    "StationName": "TRIOB",
    "TxRefAmp": 246.973,
    "dataset": "ds002702",
    "modality": "T1w",
    "run_id": 6,
    "session_id": "anatomicals",
    "subject_id": "07"
  },
  "cjv": 0.3438997333475606,
  "cnr": 3.848176130651673,
  "efc": 0.5659910279859951,
  "fber": 38800.372742287815,
  "fwhm_avg": 4.151437539709427,
  "fwhm_x": 4.0897752437696,
  "fwhm_y": 4.161387437990495,
  "fwhm_z": 4.2031499373681855,
  "icvs_csf": 0.17915727175161314,
  "icvs_gm": 0.4663409468634229,
  "icvs_wm": 0.3545017813849639,
  "inu_med": 0.40564581751823425,
  "inu_range": 0.13517925143241882,
  "provenance": {
    "md5sum": "7e0c4b7fb7d62eec4348fdacd9aeb1d1",
    "settings": {
      "testing": false
    },
    "software": "mriqc",
    "version": "23.0.1",
    "warnings": {
      "large_rot_frame": true,
      "small_air_mask": false
    },
    "webapi_port": null,
    "webapi_url": "https://mriqc.nimh.nih.gov/api/v1"
  },
  "qi_1": 1.3924715072343673e-05,
  "qi_2": 0.002045695011683167,
  "rpve_csf": 25.137671036652613,
  "rpve_gm": 10.843901087124808,
  "rpve_wm": 15.604346922255575,
  "size_x": 208,
  "size_y": 300,
  "size_z": 320,
  "snr_csf": 2.6085291395887973,
  "snr_gm": 15.098304090857185,
  "snr_total": 13.992575821798619,
  "snr_wm": 24.27089423494988,
  "snrd_csf": 36.54539344773995,
  "snrd_gm": 92.73271845772733,
  "snrd_total": 84.27000690086578,
  "snrd_wm": 123.53190879713006,
  "spacing_x": 0.7999999523162842,
  "spacing_y": 0.800000011920929,
  "spacing_z": 0.800000011920929,
  "summary_bg_k": 15.81897203592667,
  "summary_bg_mad": 0.0,
  "summary_bg_mean": 3.1804419951045264,
  "summary_bg_median": 0.0,
  "summary_bg_n": 6970492.0,
  "summary_bg_p05": 0.0,
  "summary_bg_p95": 13.380330737680197,
  "summary_bg_stdv": 5.3036239272293795,
  "summary_csf_k": 1.2373381600163427,
  "summary_csf_mad": 86.51922404272578,
  "summary_csf_mean": 307.86568723392406,
  "summary_csf_median": 295.8514030352235,
  "summary_csf_n": 68464.0,
  "summary_csf_p05": 112.9327741637826,
  "summary_csf_p95": 514.6905385144055,
  "summary_csf_stdv": 113.41611558119779,
  "summary_gm_k": 0.4234058603274695,
  "summary_gm_mad": 47.30794845332433,
  "summary_gm_mean": 750.0775290455134,
  "summary_gm_median": 750.7130796723068,
  "summary_gm_n": 120504.0,
  "summary_gm_p05": 667.5555995590985,
  "summary_gm_p95": 830.1602427698672,
  "summary_gm_stdv": 49.721476018740795,
  "summary_wm_k": 0.7294280769703958,
  "summary_wm_mad": 38.43770811832602,
  "summary_wm_mean": 999.0922815699729,
  "summary_wm_median": 1000.0463831238449,
  "summary_wm_n": 410552.0,
  "summary_wm_p05": 931.3823288530111,
  "summary_wm_p95": 1065.6726153381169,
  "summary_wm_stdv": 41.203474231865556,
  "tpm_overlap_csf": 0.14080703593563118,
  "tpm_overlap_gm": 0.45384371024075393,
  "tpm_overlap_wm": 0.5046824573331284,
  "wm2max": 0.8386814387525949
}