{
  "bids_meta": {
    "AcquisitionMatrixPE": 300,
    "AcquisitionNumber": 1,
    "AcquisitionTime": "11:52:45.672500",
    "BaseResolution": 320,
    "BodyPartExamined": "BRAIN",
    "ConsistencyInfo": "N4_VE11C_LATEST_20160120",
    "ConversionSoftware": "dcm2niix",
    "ConversionSoftwareVersion": "v1.0.20181125  GCC4.3.2",
    "DeviceSerialNumber": "67010",
    "DwellTime": 2.1e-06,
    "EchoTime": 0.563,
    "EchoTrainLength": 314,
    "FlipAngle": 120,
    "ImageOrientationPatientDICOM": [
      0.019517,
      0.96919,
      -0.245538,
      0.0439638,
      -0.24618,
      -0.968227
    ],
    "ImageType": [
      "ORIGINAL",
      "PRIMARY",
      "M",
      "ND",
      "NORM"
    ],
    "ImagingFrequency": 123.174,
    "InPlanePhaseEncodingDirectionDICOM": "ROW",
    "InstitutionAddress": "6th_SE_2021_Minneapolis_Minneapolis_US_55455",
    "InstitutionName": "CMRR_3T-B",
    "InstitutionalDepartmentName": "Research",
    "MRAcquisitionType": "3D",
    "MagneticFieldStrength": 3,
    "Manufacturer": "Siemens",
    "ManufacturersModelName": "Prisma_fit",
    "Modality": "MR",
    "PartialFourier": 1,
    "PatientPosition": "HFS",
    "PercentPhaseFOV": 93.75,
    "PhaseEncodingSteps": 297,
    "PhaseResolution": 1,
    "PixelBandwidth": 745,
    "ProcedureStepDescription": "Kay_New_Exam",
    "ProtocolName": "T2w_SPC",
    "PulseSequenceDetails": "%SiemensSeq%_tse_vfl",
    "ReceiveCoilActiveElements": "HEA;HEP",
    "ReceiveCoilName": "Head_32",
    "ReconMatrixPE": 320,
    "RepetitionTime": 3.2,
    "SAR": 0.133053,
    "ScanOptions": "PFP",
    "ScanningSequence": "SE",
    "SequenceName": "_spc_314ns",
    "SequenceVariant": "SK_SP",
    "SeriesDescription": "T2w_SPC",
    "SeriesNumber": 16,
    "ShimSetting": [
      -1055,
      -11665,
      -3761,
      530,
      89,
      -291,
      -60,
      68
    ],
    "SliceThickness": 0.8,
    "SoftwareVersions": "syngo_MR_E11",
    "StationName": "TRIOB",
    "TxRefAmp": 246.973,
    "dataset": "ds002702",
    "modality": "T2w",
    "run_id": 2,
    "session_id": "anatomicals",
    "subject_id": "07"
  },
  "cjv": 1.699995594533873,
  "cnr": 0.7584424707576704,
  "efc": 0.5849516031696396,
  "fber": 2598.6624165647245,
  "fwhm_avg": 2.571041690773024,
  "fwhm_x": 2.5132751498028725,
  "fwhm_y": 2.845487457598933,
  "fwhm_z": 2.3543624649172656,
  "icvs_csf": 0.3403720177171211,
  "icvs_gm": 0.5141350614968068,
  "icvs_wm": 0.14549292078607218,
  "inu_med": 0.8455434441566467,
  "inu_range": 0.1906228303909302,
  "provenance": {
    "md5sum": "845e911759c636c1adf7e8eb9831ed63",
    "settings": {
      "testing": false
    },
    "software": "mriqc",
    "version": "23.0.1",
    "warnings": {
      "large_rot_frame": true,
      "small_air_mask": false
    },
    "webapi_port": null,
    "webapi_url": "https://mriqc.nimh.nih.gov/api/v1"
  },
  "qi_1": 0.0,
  "qi_2": 0.0055477383517946385,
  "rpve_csf": 12.909163037838335,
  "rpve_gm": 10.05096974208378,
  "rpve_wm": 38.288611934161125,
  "size_x": 208,
  "size_y": 300,
  "size_z": 320,
  "snr_csf": 10.398191407689477,
  "snr_gm": 9.336252539311054,
  "snr_total": 7.128946453917561,
  "snr_wm": 1.6523954147521525,
  "snrd_csf": 79.69205417724667,
  "snrd_gm": 50.66838931826392,
  "snrd_total": 74.79451995709768,
  "snrd_wm": 94.02311637578244,
  "spacing_x": 0.7999999523162842,
  "spacing_y": 0.800000011920929,
  "spacing_z": 0.800000011920929,
  "summary_bg_k": 8.116701546557449,
  "summary_bg_mad": 6.98947274056774,
  "summary_bg_mean": 4.990600673012571,
  "summary_bg_median": 4.714327722787857,
  "summary_bg_n": 5275980.0,
  "summary_bg_p05": 0.0,
  "summary_bg_p95": 19.92874900996685,
  "summary_bg_stdv": 7.093914967183948,
  "summary_csf_k": 1.0099417588856339,
  "summary_csf_mad": 76.80477431964778,
  "summary_csf_mean": 855.2347367860157,
  "summary_csf_median": 850.2129332330078,
  "summary_csf_n": 75650.0,
  "summary_csf_p05": 732.2475963514298,
  "summary_csf_p95": 994.9253834531643,
  "summary_csf_stdv": 81.76492242687723,
  "summary_gm_k": 0.37884138878605533,
  "summary_gm_mad": 56.39233688412608,
  "summary_gm_mean": 543.3025358733315,
  "summary_gm_median": 540.5673168953508,
  "summary_gm_n": 418320.0,
  "summary_gm_p05": 453.56654164753854,
  "summary_gm_p95": 642.8628712892532,
  "summary_gm_stdv": 57.89974815932586,
  "summary_wm_k": -1.8315169329458934,
  "summary_wm_mad": 729.9233464297446,
  "summary_wm_mean": 792.7298740367838,
  "summary_wm_median": 1003.1071527879685,
  "summary_wm_n": 81593.0,
  "summary_wm_p05": 36.9806866709143,
  "summary_wm_p95": 1496.4776205495,
  "summary_wm_stdv": 607.0586959976329,
  "tpm_overlap_csf": 0.11557817737706244,
  "tpm_overlap_gm": 0.3256976697160433,
  "tpm_overlap_wm": 0.032611329018617075,
  "wm2max": 0.6691862335155999
}