{
  "bids_meta": {
    "AcquisitionMatrixPE": 300,
    "AcquisitionNumber": 1,
    "AcquisitionTime": "15:20:3.020000",
    "BaseResolution": 320,
    "BodyPartExamined": "BRAIN",
    "ConsistencyInfo": "N4_VE11B_LATEST_20150530",
    "ConversionSoftware": "dcm2niix",
    "ConversionSoftwareVersion": "v1.0.20181125  GCC4.3.2",
    "DeviceSerialNumber": "67055",
    "DwellTime": 7.1e-06,
    "EchoTime": 0.00222,
    "FlipAngle": 8,
    "ImageOrientationPatientDICOM": [
      0.00606838,
      0.999981,
      -0.00104575,
      0.0526085,
      -0.00136358,
      -0.998614
    ],
    "ImageType": [
      "ORIGINAL",
      "PRIMARY",
      "M",
      "ND",
      "NORM"
    ],
    "ImagingFrequency": 123.235,
    "InPlanePhaseEncodingDirectionDICOM": "ROW",
    "InstitutionAddress": "6th_SE_2021_Minneapolis_Minnesota_US_55455",
    "InstitutionName": "CMRR_3T-A",
    "InstitutionalDepartmentName": "Research",
    "InversionTime": 1,
    "MRAcquisitionType": "3D",
    "MagneticFieldStrength": 3,
    "Manufacturer": "Siemens",
    "ManufacturersModelName": "Prisma_fit",
    "Modality": "MR",
    "PartialFourier": 1,
    "PatientPosition": "HFS",
    "PercentPhaseFOV": 93.75,
    "PhaseEncodingSteps": 299,
    "PhaseResolution": 1,
    "PixelBandwidth": 220,
    "ProcedureStepDescription": "VisionPool_VisionPool",
    "ProtocolName": "T1w_MPR",
    "PulseSequenceDetails": "%SiemensSeq%_tfl",
    "ReceiveCoilActiveElements": "HEA;HEP",
    "ReceiveCoilName": "Head_32",
    "ReconMatrixPE": 320,
    "RepetitionTime": 2.4,
    "SAR": 0.0402344,
    "ScanOptions": "IR_WE",
    "ScanningSequence": "GR_IR",
    "SequenceName": "_tfl3d1_16ns",
    "SequenceVariant": "SK_SP_MP",
    "SeriesDescription": "T1w_MPR",
    "SeriesNumber": 30,
    "ShimSetting": [
      5237,
      -10039,
      -11165,
      536,
      -122,
      199,
      134,
      -42
    ],
    "SliceThickness": 0.8,
    "SoftwareVersions": "syngo_MR_E11",
    "StationName": "TRIO",
    "TxRefAmp": 221.185,
    "dataset": "ds002702",
    "modality": "T1w",
    "run_id": 7,
    "session_id": "anatomicals",
    "subject_id": "09"
  },
  "cjv": 0.3267545609733712,
  "cnr": 3.9703923175120073,
  "efc": 0.5140774880872753,
  "fber": 43617.162229938265,
  "fwhm_avg": 4.137637541090392,
  "fwhm_x": 4.137100246590391,
  "fwhm_y": 4.143812438252382,
  "fwhm_z": 4.131999938428403,
  "icvs_csf": 0.185832336151897,
  "icvs_gm": 0.4744991911186729,
  "icvs_wm": 0.3396684727294301,
  "inu_med": 0.3845349848270416,
  "inu_range": 0.11371202021837234,
  "provenance": {
    "md5sum": "140431ecbafcd8b90d0d2088fa68aa0a",
    "settings": {
      "testing": false
    },
    "software": "mriqc",
    "version": "23.0.1",
    "warnings": {
      "large_rot_frame": true,
      "small_air_mask": false
    },
    "webapi_port": null,
    "webapi_url": "https://mriqc.nimh.nih.gov/api/v1"
  },
  "qi_1": 0.0,
  "qi_2": 0.0024352357797300015,
  "rpve_csf": 27.25621256487381,
  "rpve_gm": 12.068913156882866,
  "rpve_wm": 18.56905870010566,
  "size_x": 208,
  "size_y": 300,
  "size_z": 320,
  "snr_csf": 2.3501790718398383,
  "snr_gm": 14.236426650317926,
  "snr_total": 14.478422309812288,
  "snr_wm": 26.848661207279097,
  "snrd_csf": 44.501856159778924,
  "snrd_gm": 110.81810572723872,
  "snrd_total": 101.39019082780827,
  "snrd_wm": 148.85061059640714,
  "spacing_x": 0.7999999523162842,
  "spacing_y": 0.800000011920929,
  "spacing_z": 0.800000011920929,
  "summary_bg_k": 12.862704876330234,
  "summary_bg_mad": 0.0,
  "summary_bg_mean": 2.8568755127718704,
  "summary_bg_median": 0.0,
  "summary_bg_n": 6452427.0,
  "summary_bg_p05": 0.0,
  "summary_bg_p95": 11.441125720739365,
  "summary_bg_stdv": 4.401483784655107,
  "summary_csf_k": 0.3128950319641781,
  "summary_csf_mad": 105.86284276182349,
  "summary_csf_mean": 304.52546703595164,
  "summary_csf_median": 298.9823161624372,
  "summary_csf_n": 56866.0,
  "summary_csf_p05": 74.09787038341165,
  "summary_csf_p95": 525.9031579596922,
  "summary_csf_stdv": 127.2157049228025,
  "summary_gm_k": 0.3558737470111697,
  "summary_gm_mad": 49.25925600789639,
  "summary_gm_mean": 743.1681048798463,
  "summary_gm_median": 744.522965606302,
  "summary_gm_n": 120261.0,
  "summary_gm_p05": 654.2997404932976,
  "summary_gm_p95": 828.528187610209,
  "summary_gm_stdv": 52.296821979328165,
  "summary_wm_k": 0.663582362284393,
  "summary_wm_mad": 34.23257092501346,
  "summary_wm_mean": 998.4007205601885,
  "summary_wm_median": 1000.0414400361478,
  "summary_wm_n": 354476.0,
  "summary_wm_p05": 936.0996413975954,
  "summary_wm_p95": 1058.22122246027,
  "summary_wm_stdv": 37.24729593492147,
  "tpm_overlap_csf": 0.13545775724276146,
  "tpm_overlap_gm": 0.4562950727280012,
  "tpm_overlap_wm": 0.4934975275681971,
  "wm2max": 0.9163754463268252
}