{
  "bids_meta": {
    "AcquisitionMatrixPE": 300,
    "AcquisitionNumber": 1,
    "AcquisitionTime": "14:46:33.917500",
    "BaseResolution": 320,
    "BodyPartExamined": "BRAIN",
    "ConsistencyInfo": "N4_VE11B_LATEST_20150530",
    "ConversionSoftware": "dcm2niix",
    "ConversionSoftwareVersion": "v1.0.20181125  GCC4.3.2",
    "DeviceSerialNumber": "67055",
    "DwellTime": 7.1e-06,
    "EchoTime": 0.00222,
    "FlipAngle": 8,
    "ImageOrientationPatientDICOM": [
      0.00606838,
      0.999981,
      -0.00104575,
      0.0526085,
      -0.00136358,
      -0.998614
    ],
    "ImageType": [
      "ORIGINAL",
      "PRIMARY",
      "M",
      "ND",
      "NORM"
    ],
    "ImagingFrequency": 123.235,
    "InPlanePhaseEncodingDirectionDICOM": "ROW",
    "InstitutionAddress": "6th_SE_2021_Minneapolis_Minnesota_US_55455",
    "InstitutionName": "CMRR_3T-A",
    "InstitutionalDepartmentName": "Research",
    "InversionTime": 1,
    "MRAcquisitionType": "3D",
    "MagneticFieldStrength": 3,
    "Manufacturer": "Siemens",
    "ManufacturersModelName": "Prisma_fit",
    "Modality": "MR",
    "PartialFourier": 1,
    "PatientPosition": "HFS",
    "PercentPhaseFOV": 93.75,
    "PhaseEncodingSteps": 299,
    "PhaseResolution": 1,
    "PixelBandwidth": 220,
    "ProcedureStepDescription": "VisionPool_VisionPool",
    "ProtocolName": "T1w_MPR",
    "PulseSequenceDetails": "%SiemensSeq%_tfl",
    "ReceiveCoilActiveElements": "HEA;HEP",
    "ReceiveCoilName": "Head_32",
    "ReconMatrixPE": 320,
    "RepetitionTime": 2.4,
    "SAR": 0.0402344,
    "ScanOptions": "IR_WE",
    "ScanningSequence": "GR_IR",
    "SequenceName": "_tfl3d1_16ns",
    "SequenceVariant": "SK_SP_MP",
    "SeriesDescription": "T1w_MPR",
    "SeriesNumber": 20,
    "ShimSetting": [
      5237,
      -10039,
      -11165,
      536,
      -122,
      199,
      134,
      -42
    ],
    "SliceThickness": 0.8,
    "SoftwareVersions": "syngo_MR_E11",
    "StationName": "TRIO",
    "TxRefAmp": 221.185,
    "dataset": "ds002702",
    "modality": "T1w",
    "run_id": 2,
    "session_id": "anatomicals",
    "subject_id": "09"
  },
  "cjv": 0.3288152545859809,
  "cnr": 3.964728227872266,
  "efc": 0.5124470625476498,
  "fber": 45107.96745867769,
  "fwhm_avg": 4.154483374597076,
  "fwhm_x": 4.154187747608885,
  "fwhm_y": 4.160212438008004,
  "fwhm_z": 4.149049938174338,
  "icvs_csf": 0.18457309485229856,
  "icvs_gm": 0.4754359914057907,
  "icvs_wm": 0.33999091374191076,
  "inu_med": 0.38529542088508606,
  "inu_range": 0.11930739879608154,
  "provenance": {
    "md5sum": "cade8aad5207b655418abf4746d67a7d",
    "settings": {
      "testing": false
    },
    "software": "mriqc",
    "version": "23.0.1",
    "warnings": {
      "large_rot_frame": true,
      "small_air_mask": false
    },
    "webapi_port": null,
    "webapi_url": "https://mriqc.nimh.nih.gov/api/v1"
  },
  "qi_1": 0.0,
  "qi_2": 0.002539533253826285,
  "rpve_csf": 27.403342561433174,
  "rpve_gm": 12.042155925973896,
  "rpve_wm": 18.51526728955217,
  "size_x": 208,
  "size_y": 300,
  "size_z": 320,
  "snr_csf": 2.3538496842681136,
  "snr_gm": 14.219883881722769,
  "snr_total": 14.426168875500949,
  "snr_wm": 26.70477306051196,
  "snrd_csf": 45.41394594606786,
  "snrd_gm": 113.26201292306833,
  "snrd_total": 103.61789642556448,
  "snrd_wm": 152.17773040755728,
  "spacing_x": 0.7999999523162842,
  "spacing_y": 0.800000011920929,
  "spacing_z": 0.800000011920929,
  "summary_bg_k": 11.654148266457343,
  "summary_bg_mad": 0.0,
  "summary_bg_mean": 2.8022359805537254,
  "summary_bg_median": 0.0,
  "summary_bg_n": 6522727.0,
  "summary_bg_p05": 0.0,
  "summary_bg_p95": 11.22013483196497,
  "summary_bg_stdv": 4.305168847858161,
  "summary_csf_k": 0.41377507114521883,
  "summary_csf_mad": 104.40906811169448,
  "summary_csf_mean": 302.90446102092136,
  "summary_csf_median": 298.4335862658918,
  "summary_csf_n": 56266.0,
  "summary_csf_p05": 71.54485975205898,
  "summary_csf_p95": 521.5822678357363,
  "summary_csf_stdv": 126.7841936806829,
  "summary_gm_k": 0.35077329904068133,
  "summary_gm_mad": 49.35049048828296,
  "summary_gm_mean": 743.2246802225459,
  "summary_gm_median": 744.2909441180527,
  "summary_gm_n": 121968.0,
  "summary_gm_p05": 654.7278678417206,
  "summary_gm_p95": 828.1482518283649,
  "summary_gm_stdv": 52.341348152316776,
  "summary_wm_k": 0.5837068926802313,
  "summary_wm_mad": 34.73778742235383,
  "summary_wm_mean": 998.9847896304292,
  "summary_wm_median": 1000.0220172293484,
  "summary_wm_n": 353997.0,
  "summary_wm_p05": 936.4412531815469,
  "summary_wm_p95": 1059.2687291949987,
  "summary_wm_stdv": 37.44726092559923,
  "tpm_overlap_csf": 0.1377555475140817,
  "tpm_overlap_gm": 0.4599793960769501,
  "tpm_overlap_wm": 0.49544945183205036,
  "wm2max": 0.9153242045912203
}