{
  "bids_meta": {
    "AcquisitionMatrixPE": 300,
    "AcquisitionNumber": 1,
    "AcquisitionTime": "15:26:41.940000",
    "BaseResolution": 320,
    "BodyPartExamined": "BRAIN",
    "ConsistencyInfo": "N4_VE11B_LATEST_20150530",
    "ConversionSoftware": "dcm2niix",
    "ConversionSoftwareVersion": "v1.0.20181125  GCC4.3.2",
    "DeviceSerialNumber": "67055",
    "DwellTime": 7.1e-06,
    "EchoTime": 0.00222,
    "FlipAngle": 8,
    "ImageOrientationPatientDICOM": [
      0.00606838,
      0.999981,
      -0.00104575,
      0.0526085,
      -0.00136358,
      -0.998614
    ],
    "ImageType": [
      "ORIGINAL",
      "PRIMARY",
      "M",
      "ND",
      "NORM"
    ],
    "ImagingFrequency": 123.235,
    "InPlanePhaseEncodingDirectionDICOM": "ROW",
    "InstitutionAddress": "6th_SE_2021_Minneapolis_Minnesota_US_55455",
    "InstitutionName": "CMRR_3T-A",
    "InstitutionalDepartmentName": "Research",
    "InversionTime": 1,
    "MRAcquisitionType": "3D",
    "MagneticFieldStrength": 3,
    "Manufacturer": "Siemens",
    "ManufacturersModelName": "Prisma_fit",
    "Modality": "MR",
    "PartialFourier": 1,
    "PatientPosition": "HFS",
    "PercentPhaseFOV": 93.75,
    "PhaseEncodingSteps": 299,
    "PhaseResolution": 1,
    "PixelBandwidth": 220,
    "ProcedureStepDescription": "VisionPool_VisionPool",
    "ProtocolName": "T1w_MPR",
    "PulseSequenceDetails": "%SiemensSeq%_tfl",
    "ReceiveCoilActiveElements": "HEA;HEP",
    "ReceiveCoilName": "Head_32",
    "ReconMatrixPE": 320,
    "RepetitionTime": 2.4,
    "SAR": 0.0402344,
    "ScanOptions": "IR_WE",
    "ScanningSequence": "GR_IR",
    "SequenceName": "_tfl3d1_16ns",
    "SequenceVariant": "SK_SP_MP",
    "SeriesDescription": "T1w_MPR",
    "SeriesNumber": 32,
    "ShimSetting": [
      5237,
      -10039,
      -11165,
      536,
      -122,
      199,
      134,
      -42
    ],
    "SliceThickness": 0.8,
    "SoftwareVersions": "syngo_MR_E11",
    "StationName": "TRIO",
    "TxRefAmp": 221.185,
    "dataset": "ds002702",
    "modality": "T1w",
    "run_id": 8,
    "session_id": "anatomicals",
    "subject_id": "09"
  },
  "cjv": 0.3317711258194354,
  "cnr": 3.9063779325864054,
  "efc": 0.5140459652190925,
  "fber": 43905.51291610017,
  "fwhm_avg": 4.131945874502329,
  "fwhm_x": 4.13685024657549,
  "fwhm_y": 4.12787493848987,
  "fwhm_z": 4.131112438441628,
  "icvs_csf": 0.1849731756830555,
  "icvs_gm": 0.4742251185256273,
  "icvs_wm": 0.3408017057913172,
  "inu_med": 0.38294872641563416,
  "inu_range": 0.11274519562721252,
  "provenance": {
    "md5sum": "163af9a82f12e2c5674f12991b96b62c",
    "settings": {
      "testing": false
    },
    "software": "mriqc",
    "version": "23.0.1",
    "warnings": {
      "large_rot_frame": true,
      "small_air_mask": false
    },
    "webapi_port": null,
    "webapi_url": "https://mriqc.nimh.nih.gov/api/v1"
  },
  "qi_1": 0.0,
  "qi_2": 0.0025102662627211362,
  "rpve_csf": 27.365340470146784,
  "rpve_gm": 12.070945482515016,
  "rpve_wm": 18.493909577641233,
  "size_x": 208,
  "size_y": 300,
  "size_z": 320,
  "snr_csf": 2.3426728376880823,
  "snr_gm": 14.06594456277062,
  "snr_total": 14.339765102891201,
  "snr_wm": 26.610677908214903,
  "snrd_csf": 44.36058965131562,
  "snrd_gm": 111.67539681337138,
  "snrd_total": 101.93824189609423,
  "snrd_wm": 149.77873922359572,
  "spacing_x": 0.7999999523162842,
  "spacing_y": 0.800000011920929,
  "spacing_z": 0.800000011920929,
  "summary_bg_k": 12.0106701337562,
  "summary_bg_mad": 0.0,
  "summary_bg_mean": 2.8617130138357063,
  "summary_bg_median": 0.0,
  "summary_bg_n": 6438575.0,
  "summary_bg_p05": 0.0,
  "summary_bg_p95": 11.473803970962763,
  "summary_bg_stdv": 4.374115372258463,
  "summary_csf_k": 0.45857207384779475,
  "summary_csf_mad": 105.1486715397657,
  "summary_csf_mean": 301.8444319371892,
  "summary_csf_median": 296.180058253929,
  "summary_csf_n": 55989.0,
  "summary_csf_p05": 73.64023315161467,
  "summary_csf_p95": 520.5029204890131,
  "summary_csf_stdv": 126.42713420882593,
  "summary_gm_k": 0.3656172898655803,
  "summary_gm_mad": 49.69963984559951,
  "summary_gm_mean": 744.7564594120173,
  "summary_gm_median": 745.6173552628607,
  "summary_gm_n": 121007.0,
  "summary_gm_p05": 656.2056389525533,
  "summary_gm_p95": 831.6309066340327,
  "summary_gm_stdv": 53.00847526050613,
  "summary_wm_k": 0.7340114094006638,
  "summary_wm_mad": 34.70380337459573,
  "summary_wm_mean": 998.7338647857366,
  "summary_wm_median": 1000.0199739709496,
  "summary_wm_n": 354989.0,
  "summary_wm_p05": 936.2943867594004,
  "summary_wm_p95": 1059.140048229694,
  "summary_wm_stdv": 37.579597517084075,
  "tpm_overlap_csf": 0.13749728302040543,
  "tpm_overlap_gm": 0.4590722054473813,
  "tpm_overlap_wm": 0.4960693876532375,
  "wm2max": 0.9148228065684088
}