{
  "bids_meta": {
    "AcquisitionMatrixPE": 300,
    "AcquisitionNumber": 1,
    "AcquisitionTime": "14:39:54.802500",
    "BaseResolution": 320,
    "BodyPartExamined": "BRAIN",
    "ConsistencyInfo": "N4_VE11B_LATEST_20150530",
    "ConversionSoftware": "dcm2niix",
    "ConversionSoftwareVersion": "v1.0.20181125  GCC4.3.2",
    "DeviceSerialNumber": "67055",
    "DwellTime": 7.1e-06,
    "EchoTime": 0.00222,
    "FlipAngle": 8,
    "ImageOrientationPatientDICOM": [
      0.00606838,
      0.999981,
      -0.00104575,
      0.0526085,
      -0.00136358,
      -0.998614
    ],
    "ImageType": [
      "ORIGINAL",
      "PRIMARY",
      "M",
      "ND",
      "NORM"
    ],
    "ImagingFrequency": 123.235,
    "InPlanePhaseEncodingDirectionDICOM": "ROW",
    "InstitutionAddress": "6th_SE_2021_Minneapolis_Minnesota_US_55455",
    "InstitutionName": "CMRR_3T-A",
    "InstitutionalDepartmentName": "Research",
    "InversionTime": 1,
    "MRAcquisitionType": "3D",
    "MagneticFieldStrength": 3,
    "Manufacturer": "Siemens",
    "ManufacturersModelName": "Prisma_fit",
    "Modality": "MR",
    "PartialFourier": 1,
    "PatientPosition": "HFS",
    "PercentPhaseFOV": 93.75,
    "PhaseEncodingSteps": 299,
    "PhaseResolution": 1,
    "PixelBandwidth": 220,
    "ProcedureStepDescription": "VisionPool_VisionPool",
    "ProtocolName": "T1w_MPR",
    "PulseSequenceDetails": "%SiemensSeq%_tfl",
    "ReceiveCoilActiveElements": "HEA;HEP",
    "ReceiveCoilName": "Head_32",
    "ReconMatrixPE": 320,
    "RepetitionTime": 2.4,
    "SAR": 0.0402344,
    "ScanOptions": "IR_WE",
    "ScanningSequence": "GR_IR",
    "SequenceName": "_tfl3d1_16ns",
    "SequenceVariant": "SK_SP_MP",
    "SeriesDescription": "T1w_MPR",
    "SeriesNumber": 18,
    "ShimSetting": [
      5237,
      -10039,
      -11165,
      536,
      -122,
      199,
      134,
      -42
    ],
    "SliceThickness": 0.8,
    "SoftwareVersions": "syngo_MR_E11",
    "StationName": "TRIO",
    "TxRefAmp": 221.185,
    "dataset": "ds002702",
    "modality": "T1w",
    "run_id": 1,
    "session_id": "anatomicals",
    "subject_id": "09"
  },
  "cjv": 0.3294392600015835,
  "cnr": 3.934160045649317,
  "efc": 0.512557078604001,
  "fber": 44803.81536548443,
  "fwhm_avg": 4.150679207915694,
  "fwhm_x": 4.1513127474375215,
  "fwhm_y": 4.149674938165025,
  "fwhm_z": 4.151049938144536,
  "icvs_csf": 0.1834945502336617,
  "icvs_gm": 0.4750395752150435,
  "icvs_wm": 0.34146587455129485,
  "inu_med": 0.39331114292144775,
  "inu_range": 0.12188813835382462,
  "provenance": {
    "md5sum": "a45f989f8f1c35429d85acf869ef55c4",
    "settings": {
      "testing": false
    },
    "software": "mriqc",
    "version": "23.0.1",
    "warnings": {
      "large_rot_frame": true,
      "small_air_mask": false
    },
    "webapi_port": null,
    "webapi_url": "https://mriqc.nimh.nih.gov/api/v1"
  },
  "qi_1": 0.0,
  "qi_2": 0.0025095750143231273,
  "rpve_csf": 27.49919874460747,
  "rpve_gm": 12.038531472418232,
  "rpve_wm": 18.430290024710626,
  "size_x": 208,
  "size_y": 300,
  "size_z": 320,
  "snr_csf": 2.362884414352969,
  "snr_gm": 14.15698088285243,
  "snr_total": 14.422820713052374,
  "snr_wm": 26.748596841951727,
  "snrd_csf": 44.91420245947613,
  "snrd_gm": 112.86007364635479,
  "snrd_total": 103.06195669754628,
  "snrd_wm": 151.41159398680787,
  "spacing_x": 0.7999999523162842,
  "spacing_y": 0.800000011920929,
  "spacing_z": 0.800000011920929,
  "summary_bg_k": 11.776813882631442,
  "summary_bg_mad": 0.0,
  "summary_bg_mean": 2.8171142495357993,
  "summary_bg_median": 0.0,
  "summary_bg_n": 6532941.0,
  "summary_bg_p05": 0.0,
  "summary_bg_p95": 11.27665556780994,
  "summary_bg_stdv": 4.3269509236950885,
  "summary_csf_k": 0.41445012048075736,
  "summary_csf_mad": 102.39062902981622,
  "summary_csf_mean": 301.146500354208,
  "summary_csf_median": 296.64288203045726,
  "summary_csf_n": 55648.0,
  "summary_csf_p05": 71.67791574923322,
  "summary_csf_p95": 518.1795725272036,
  "summary_csf_stdv": 125.54156896790812,
  "summary_gm_k": 0.38197707961442484,
  "summary_gm_mad": 49.35720612614307,
  "summary_gm_mean": 744.2931112561168,
  "summary_gm_median": 745.4020260702819,
  "summary_gm_n": 119614.0,
  "summary_gm_p05": 655.0809741131961,
  "summary_gm_p95": 830.0955309849232,
  "summary_gm_stdv": 52.652392227368004,
  "summary_wm_k": 0.5766747460649584,
  "summary_wm_mad": 34.524470606369505,
  "summary_wm_mean": 998.8651481973567,
  "summary_wm_median": 1000.0215778872371,
  "summary_wm_n": 355154.0,
  "summary_wm_p05": 936.673941064626,
  "summary_wm_p95": 1059.617516681552,
  "summary_wm_stdv": 37.38589264792708,
  "tpm_overlap_csf": 0.13792352160186735,
  "tpm_overlap_gm": 0.4589417854779704,
  "tpm_overlap_wm": 0.4950205319255177,
  "wm2max": 0.9132797731568998
}