{
  "bids_meta": {
    "AcquisitionMatrixPE": 300,
    "AcquisitionNumber": 1,
    "AcquisitionTime": "14:33:21.580000",
    "BaseResolution": 320,
    "BodyPartExamined": "BRAIN",
    "ConsistencyInfo": "N4_VE11B_LATEST_20150530",
    "ConversionSoftware": "dcm2niix",
    "ConversionSoftwareVersion": "v1.0.20181125  GCC4.3.2",
    "DeviceSerialNumber": "67055",
    "DwellTime": 2.1e-06,
    "EchoTime": 0.563,
    "EchoTrainLength": 314,
    "FlipAngle": 120,
    "ImageOrientationPatientDICOM": [
      0.00606838,
      0.999981,
      -0.00104575,
      0.0526085,
      -0.00136358,
      -0.998614
    ],
    "ImageType": [
      "ORIGINAL",
      "PRIMARY",
      "M",
      "ND",
      "NORM"
    ],
    "ImagingFrequency": 123.235,
    "InPlanePhaseEncodingDirectionDICOM": "ROW",
    "InstitutionAddress": "6th_SE_2021_Minneapolis_Minnesota_US_55455",
    "InstitutionName": "CMRR_3T-A",
    "InstitutionalDepartmentName": "Research",
    "MRAcquisitionType": "3D",
    "MagneticFieldStrength": 3,
    "Manufacturer": "Siemens",
    "ManufacturersModelName": "Prisma_fit",
    "Modality": "MR",
    "PartialFourier": 1,
    "PatientPosition": "HFS",
    "PercentPhaseFOV": 93.75,
    "PhaseEncodingSteps": 297,
    "PhaseResolution": 1,
    "PixelBandwidth": 745,
    "ProcedureStepDescription": "VisionPool_VisionPool",
    "ProtocolName": "T2w_SPC",
    "PulseSequenceDetails": "%SiemensSeq%_tse_vfl",
    "ReceiveCoilActiveElements": "HEA;HEP",
    "ReceiveCoilName": "Head_32",
    "ReconMatrixPE": 320,
    "RepetitionTime": 3.2,
    "SAR": 0.13537,
    "ScanOptions": "PFP",
    "ScanningSequence": "SE",
    "SequenceName": "_spc_314ns",
    "SequenceVariant": "SK_SP",
    "SeriesDescription": "T2w_SPC",
    "SeriesNumber": 16,
    "ShimSetting": [
      5237,
      -10039,
      -11165,
      536,
      -122,
      199,
      134,
      -42
    ],
    "SliceThickness": 0.8,
    "SoftwareVersions": "syngo_MR_E11",
    "StationName": "TRIO",
    "TxRefAmp": 221.185,
    "dataset": "ds002702",
    "modality": "T2w",
    "run_id": 2,
    "session_id": "anatomicals",
    "subject_id": "09"
  },
  "cjv": 0.7077506217314331,
  "cnr": 0.6335028732529285,
  "efc": 0.49379920509731,
  "fber": 10431.934515235458,
  "fwhm_avg": 2.525712522874776,
  "fwhm_x": 2.4364876452259807,
  "fwhm_y": 2.8470999575749047,
  "fwhm_z": 2.293549965823442,
  "icvs_csf": 0.3663593236583822,
  "icvs_gm": 0.4938751825304802,
  "icvs_wm": 0.1397654938111376,
  "inu_med": 0.8718788027763367,
  "inu_range": 0.19306014478206623,
  "provenance": {
    "md5sum": "7c478bf55cc63a370a465f05b9188f55",
    "settings": {
      "testing": false
    },
    "software": "mriqc",
    "version": "23.0.1",
    "warnings": {
      "large_rot_frame": true,
      "small_air_mask": false
    },
    "webapi_port": null,
    "webapi_url": "https://mriqc.nimh.nih.gov/api/v1"
  },
  "qi_1": 0.0,
  "qi_2": 0.006173999836973878,
  "rpve_csf": 13.957554091017725,
  "rpve_gm": 11.526823310968128,
  "rpve_wm": 45.581822504904004,
  "size_x": 208,
  "size_y": 300,
  "size_z": 320,
  "snr_csf": 10.238811173889921,
  "snr_gm": 10.679622618354118,
  "snr_total": 7.07325629637504,
  "snr_wm": 0.30133509688108256,
  "snrd_csf": 114.08586261941531,
  "snrd_gm": 73.33104368901144,
  "snrd_total": 70.33084430673368,
  "snrd_wm": 23.575626611774307,
  "spacing_x": 0.7999999523162842,
  "spacing_y": 0.800000011920929,
  "spacing_z": 0.800000011920929,
  "summary_bg_k": 8.54093231605965,
  "summary_bg_mad": 0.0,
  "summary_bg_mean": 20.581811770247032,
  "summary_bg_median": 0.0,
  "summary_bg_n": 6566242.0,
  "summary_bg_p05": 0.0,
  "summary_bg_p95": 77.91057872772217,
  "summary_bg_stdv": 27.98963770774841,
  "summary_csf_k": 1.0861552389768931,
  "summary_csf_mad": 439.9458486725133,
  "summary_csf_mean": 4914.658884612938,
  "summary_csf_median": 4874.133023738861,
  "summary_csf_n": 88444.0,
  "summary_csf_p05": 4220.3039056658745,
  "summary_csf_p95": 5750.479476511478,
  "summary_csf_stdv": 476.0421289123765,
  "summary_gm_k": 0.5989403321868623,
  "summary_gm_mad": 281.5565923627671,
  "summary_gm_mean": 3140.6161103546433,
  "summary_gm_median": 3132.9496355056763,
  "summary_gm_n": 362061.0,
  "summary_gm_p05": 2677.290796279907,
  "summary_gm_p95": 3630.3673644661903,
  "summary_gm_stdv": 293.35730492657405,
  "summary_wm_k": -1.344721421228266,
  "summary_wm_mad": 1222.9225728887864,
  "summary_wm_mean": 3056.3226047082026,
  "summary_wm_median": 1007.2303227186203,
  "summary_wm_n": 70940.0,
  "summary_wm_p05": 120.25970011949539,
  "summary_wm_p95": 8408.74267974794,
  "summary_wm_stdv": 3342.535383193355,
  "tpm_overlap_csf": 0.12065849299065591,
  "tpm_overlap_gm": 0.3171962014597223,
  "tpm_overlap_wm": 0.03103828603710974,
  "wm2max": 0.1208783424827342
}