{
  "bids_meta": {
    "AcquisitionMatrixPE": 300,
    "AcquisitionNumber": 1,
    "AcquisitionTime": "14:53:13.997500",
    "BaseResolution": 320,
    "BodyPartExamined": "BRAIN",
    "ConsistencyInfo": "N4_VE11B_LATEST_20150530",
    "ConversionSoftware": "dcm2niix",
    "ConversionSoftwareVersion": "v1.0.20181125  GCC4.3.2",
    "DeviceSerialNumber": "67055",
    "DwellTime": 7.1e-06,
    "EchoTime": 0.00222,
    "FlipAngle": 8,
    "ImageOrientationPatientDICOM": [
      0.00606838,
      0.999981,
      -0.00104575,
      0.0526085,
      -0.00136358,
      -0.998614
    ],
    "ImageType": [
      "ORIGINAL",
      "PRIMARY",
      "M",
      "ND",
      "NORM"
    ],
    "ImagingFrequency": 123.235,
    "InPlanePhaseEncodingDirectionDICOM": "ROW",
    "InstitutionAddress": "6th_SE_2021_Minneapolis_Minnesota_US_55455",
    "InstitutionName": "CMRR_3T-A",
    "InstitutionalDepartmentName": "Research",
    "InversionTime": 1,
    "MRAcquisitionType": "3D",
    "MagneticFieldStrength": 3,
    "Manufacturer": "Siemens",
    "ManufacturersModelName": "Prisma_fit",
    "Modality": "MR",
    "PartialFourier": 1,
    "PatientPosition": "HFS",
    "PercentPhaseFOV": 93.75,
    "PhaseEncodingSteps": 299,
    "PhaseResolution": 1,
    "PixelBandwidth": 220,
    "ProcedureStepDescription": "VisionPool_VisionPool",
    "ProtocolName": "T1w_MPR",
    "PulseSequenceDetails": "%SiemensSeq%_tfl",
    "ReceiveCoilActiveElements": "HEA;HEP",
    "ReceiveCoilName": "Head_32",
    "ReconMatrixPE": 320,
    "RepetitionTime": 2.4,
    "SAR": 0.0402344,
    "ScanOptions": "IR_WE",
    "ScanningSequence": "GR_IR",
    "SequenceName": "_tfl3d1_16ns",
    "SequenceVariant": "SK_SP_MP",
    "SeriesDescription": "T1w_MPR",
    "SeriesNumber": 22,
    "ShimSetting": [
      5237,
      -10039,
      -11165,
      536,
      -122,
      199,
      134,
      -42
    ],
    "SliceThickness": 0.8,
    "SoftwareVersions": "syngo_MR_E11",
    "StationName": "TRIO",
    "TxRefAmp": 221.185,
    "dataset": "ds002702",
    "modality": "T1w",
    "run_id": 3,
    "session_id": "anatomicals",
    "subject_id": "09"
  },
  "cjv": 0.33109642296580394,
  "cnr": 3.9452207892480957,
  "efc": 0.5125681951479474,
  "fber": 44199.76859375809,
  "fwhm_avg": 4.166216708069425,
  "fwhm_x": 4.166825248362139,
  "fwhm_y": 4.170862437849307,
  "fwhm_z": 4.160962437996828,
  "icvs_csf": 0.1841848939066088,
  "icvs_gm": 0.4748276815509433,
  "icvs_wm": 0.3409874245424479,
  "inu_med": 0.38475657999515533,
  "inu_range": 0.11857832074165348,
  "provenance": {
    "md5sum": "e719d1b092697385bc9b6e3f46917a15",
    "settings": {
      "testing": false
    },
    "software": "mriqc",
    "version": "23.0.1",
    "warnings": {
      "large_rot_frame": true,
      "small_air_mask": false
    },
    "webapi_port": null,
    "webapi_url": "https://mriqc.nimh.nih.gov/api/v1"
  },
  "qi_1": 0.0,
  "qi_2": 0.002459878217314442,
  "rpve_csf": 27.46667534352033,
  "rpve_gm": 12.053889238480153,
  "rpve_wm": 18.46728329962237,
  "size_x": 208,
  "size_y": 300,
  "size_z": 320,
  "snr_csf": 2.356554808590798,
  "snr_gm": 14.15403331449733,
  "snr_total": 14.452329381809122,
  "snr_wm": 26.84640002233924,
  "snrd_csf": 44.924362654356,
  "snrd_gm": 112.6658214387555,
  "snrd_total": 102.93811142432473,
  "snrd_wm": 151.2241501798627,
  "spacing_x": 0.7999999523162842,
  "spacing_y": 0.800000011920929,
  "spacing_z": 0.800000011920929,
  "summary_bg_k": 11.954500233036958,
  "summary_bg_mad": 0.0,
  "summary_bg_mean": 2.8225758309551874,
  "summary_bg_median": 0.0,
  "summary_bg_n": 6500793.0,
  "summary_bg_p05": 0.0,
  "summary_bg_p95": 11.337868114933372,
  "summary_bg_stdv": 4.332404220808014,
  "summary_csf_k": 0.3516321483365137,
  "summary_csf_mad": 104.58052694775498,
  "summary_csf_mean": 302.21575805757186,
  "summary_csf_median": 297.08393302652985,
  "summary_csf_n": 56480.0,
  "summary_csf_p05": 73.60077750124037,
  "summary_csf_p95": 520.4198022277094,
  "summary_csf_stdv": 126.06594251046339,
  "summary_gm_k": 0.3517070238826414,
  "summary_gm_mad": 49.73741149415537,
  "summary_gm_mean": 744.1944007790888,
  "summary_gm_median": 745.0568772275001,
  "summary_gm_n": 121377.0,
  "summary_gm_p05": 655.7059995710849,
  "summary_gm_p95": 830.3557915501297,
  "summary_gm_stdv": 52.63897515864216,
  "summary_wm_k": 0.6015693215522742,
  "summary_wm_mad": 34.68736720754739,
  "summary_wm_mean": 998.8329985088831,
  "summary_wm_median": 1000.042352290824,
  "summary_wm_n": 355814.0,
  "summary_wm_p05": 936.7622136157006,
  "summary_wm_p95": 1059.020458765328,
  "summary_wm_stdv": 37.2504673315454,
  "tpm_overlap_csf": 0.13986777231536726,
  "tpm_overlap_gm": 0.46209948948327334,
  "tpm_overlap_wm": 0.49695917888551855,
  "wm2max": 0.9163980269545966
}