{
  "bids_meta": {
    "AcquisitionMatrixPE": 300,
    "AcquisitionNumber": 1,
    "AcquisitionTime": "14:27:21.787500",
    "BaseResolution": 320,
    "BodyPartExamined": "BRAIN",
    "ConsistencyInfo": "N4_VE11B_LATEST_20150530",
    "ConversionSoftware": "dcm2niix",
    "ConversionSoftwareVersion": "v1.0.20181125  GCC4.3.2",
    "DeviceSerialNumber": "67055",
    "DwellTime": 2.1e-06,
    "EchoTime": 0.563,
    "EchoTrainLength": 314,
    "FlipAngle": 120,
    "ImageOrientationPatientDICOM": [
      0.00606838,
      0.999981,
      -0.00104575,
      0.0526085,
      -0.00136358,
      -0.998614
    ],
    "ImageType": [
      "ORIGINAL",
      "PRIMARY",
      "M",
      "ND",
      "NORM"
    ],
    "ImagingFrequency": 123.235,
    "InPlanePhaseEncodingDirectionDICOM": "ROW",
    "InstitutionAddress": "6th_SE_2021_Minneapolis_Minnesota_US_55455",
    "InstitutionName": "CMRR_3T-A",
    "InstitutionalDepartmentName": "Research",
    "MRAcquisitionType": "3D",
    "MagneticFieldStrength": 3,
    "Manufacturer": "Siemens",
    "ManufacturersModelName": "Prisma_fit",
    "Modality": "MR",
    "PartialFourier": 1,
    "PatientPosition": "HFS",
    "PercentPhaseFOV": 93.75,
    "PhaseEncodingSteps": 297,
    "PhaseResolution": 1,
    "PixelBandwidth": 745,
    "ProcedureStepDescription": "VisionPool_VisionPool",
    "ProtocolName": "T2w_SPC",
    "PulseSequenceDetails": "%SiemensSeq%_tse_vfl",
    "ReceiveCoilActiveElements": "HEA;HEP",
    "ReceiveCoilName": "Head_32",
    "ReconMatrixPE": 320,
    "RepetitionTime": 3.2,
    "SAR": 0.13537,
    "ScanOptions": "PFP",
    "ScanningSequence": "SE",
    "SequenceName": "_spc_314ns",
    "SequenceVariant": "SK_SP",
    "SeriesDescription": "T2w_SPC",
    "SeriesNumber": 14,
    "ShimSetting": [
      5237,
      -10039,
      -11165,
      536,
      -122,
      199,
      134,
      -42
    ],
    "SliceThickness": 0.8,
    "SoftwareVersions": "syngo_MR_E11",
    "StationName": "TRIO",
    "TxRefAmp": 221.185,
    "dataset": "ds002702",
    "modality": "T2w",
    "run_id": 1,
    "session_id": "anatomicals",
    "subject_id": "09"
  },
  "cjv": 0.8175853536676574,
  "cnr": 0.5802715004708991,
  "efc": 0.49249204429559046,
  "fber": 9696.578054329651,
  "fwhm_avg": 2.5681916910278333,
  "fwhm_x": 2.521825150312492,
  "fwhm_y": 2.8693999572426083,
  "fwhm_z": 2.3133499655283996,
  "icvs_csf": 0.36670825016693803,
  "icvs_gm": 0.49106237987429274,
  "icvs_wm": 0.14222936995876923,
  "inu_med": 0.8849706053733826,
  "inu_range": 0.21385381817817672,
  "provenance": {
    "md5sum": "cbf3f2f1051171a2a40cde74a94a7025",
    "settings": {
      "testing": false
    },
    "software": "mriqc",
    "version": "23.0.1",
    "warnings": {
      "large_rot_frame": true,
      "small_air_mask": false
    },
    "webapi_port": null,
    "webapi_url": "https://mriqc.nimh.nih.gov/api/v1"
  },
  "qi_1": 0.0,
  "qi_2": 0.009643719346205377,
  "rpve_csf": 13.937580734714228,
  "rpve_gm": 11.62831328255207,
  "rpve_wm": 44.8686356281044,
  "size_x": 208,
  "size_y": 300,
  "size_z": 320,
  "snr_csf": 10.294234181231515,
  "snr_gm": 10.492042104382403,
  "snr_total": 7.034253743777234,
  "snr_wm": 0.31648494571778324,
  "snrd_csf": 113.55923254341545,
  "snrd_gm": 72.50749885917523,
  "snrd_total": 70.53175624672066,
  "snrd_wm": 25.528537337571333,
  "spacing_x": 0.7999999523162842,
  "spacing_y": 0.800000011920929,
  "spacing_z": 0.800000011920929,
  "summary_bg_k": 8.275305393745349,
  "summary_bg_mad": 0.0,
  "summary_bg_mean": 19.16919856585303,
  "summary_bg_median": 0.0,
  "summary_bg_n": 6587196.0,
  "summary_bg_p05": 0.0,
  "summary_bg_p95": 66.70311570167542,
  "summary_bg_stdv": 25.811984157159415,
  "summary_csf_k": 1.1660131503188556,
  "summary_csf_mad": 397.40061749093974,
  "summary_csf_mean": 4510.519452346466,
  "summary_csf_median": 4474.16616037488,
  "summary_csf_n": 86104.0,
  "summary_csf_p05": 3875.0888024792075,
  "summary_csf_p95": 5267.201963312923,
  "summary_csf_stdv": 434.62584009229676,
  "summary_gm_k": 0.5886554863266711,
  "summary_gm_mad": 264.05558622676926,
  "summary_gm_mean": 2864.447347719209,
  "summary_gm_median": 2856.7522913217545,
  "summary_gm_n": 363764.0,
  "summary_gm_p05": 2435.75721681118,
  "summary_gm_p95": 3318.890066295862,
  "summary_gm_stdv": 272.27763063109336,
  "summary_wm_k": -1.4442428364928537,
  "summary_wm_mad": 1249.2483970030075,
  "summary_wm_mean": 2983.121429422787,
  "summary_wm_median": 1005.8091739565134,
  "summary_wm_n": 72482.0,
  "summary_wm_p05": 110.71623712778091,
  "summary_wm_p95": 7975.2596144378185,
  "summary_wm_stdv": 3178.0413229887527,
  "tpm_overlap_csf": 0.12066315560688137,
  "tpm_overlap_gm": 0.3143640625605896,
  "tpm_overlap_wm": 0.0307532924407971,
  "wm2max": 0.12760773322112207
}