{
  "bids_meta": {
    "AcquisitionMatrixPE": 300,
    "AcquisitionNumber": 1,
    "AcquisitionTime": "15:06:44.887500",
    "BaseResolution": 320,
    "BodyPartExamined": "BRAIN",
    "ConsistencyInfo": "N4_VE11B_LATEST_20150530",
    "ConversionSoftware": "dcm2niix",
    "ConversionSoftwareVersion": "v1.0.20181125  GCC4.3.2",
    "DeviceSerialNumber": "67055",
    "DwellTime": 7.1e-06,
    "EchoTime": 0.00222,
    "FlipAngle": 8,
    "ImageOrientationPatientDICOM": [
      0.00606838,
      0.999981,
      -0.00104575,
      0.0526085,
      -0.00136358,
      -0.998614
    ],
    "ImageType": [
      "ORIGINAL",
      "PRIMARY",
      "M",
      "ND",
      "NORM"
    ],
    "ImagingFrequency": 123.235,
    "InPlanePhaseEncodingDirectionDICOM": "ROW",
    "InstitutionAddress": "6th_SE_2021_Minneapolis_Minnesota_US_55455",
    "InstitutionName": "CMRR_3T-A",
    "InstitutionalDepartmentName": "Research",
    "InversionTime": 1,
    "MRAcquisitionType": "3D",
    "MagneticFieldStrength": 3,
    "Manufacturer": "Siemens",
    "ManufacturersModelName": "Prisma_fit",
    "Modality": "MR",
    "PartialFourier": 1,
    "PatientPosition": "HFS",
    "PercentPhaseFOV": 93.75,
    "PhaseEncodingSteps": 299,
    "PhaseResolution": 1,
    "PixelBandwidth": 220,
    "ProcedureStepDescription": "VisionPool_VisionPool",
    "ProtocolName": "T1w_MPR",
    "PulseSequenceDetails": "%SiemensSeq%_tfl",
    "ReceiveCoilActiveElements": "HEA;HEP",
    "ReceiveCoilName": "Head_32",
    "ReconMatrixPE": 320,
    "RepetitionTime": 2.4,
    "SAR": 0.0402344,
    "ScanOptions": "IR_WE",
    "ScanningSequence": "GR_IR",
    "SequenceName": "_tfl3d1_16ns",
    "SequenceVariant": "SK_SP_MP",
    "SeriesDescription": "T1w_MPR",
    "SeriesNumber": 26,
    "ShimSetting": [
      5237,
      -10039,
      -11165,
      536,
      -122,
      199,
      134,
      -42
    ],
    "SliceThickness": 0.8,
    "SoftwareVersions": "syngo_MR_E11",
    "StationName": "TRIO",
    "TxRefAmp": 221.185,
    "dataset": "ds002702",
    "modality": "T1w",
    "run_id": 5,
    "session_id": "anatomicals",
    "subject_id": "09"
  },
  "cjv": 0.33105010449042027,
  "cnr": 3.9354327692858737,
  "efc": 0.5133982257840531,
  "fber": 43429.977064893144,
  "fwhm_avg": 4.156741707809523,
  "fwhm_x": 4.150675247399524,
  "fwhm_y": 4.169899937863649,
  "fwhm_z": 4.149649938165397,
  "icvs_csf": 0.18514039705787713,
  "icvs_gm": 0.4738766180774652,
  "icvs_wm": 0.3409829848646577,
  "inu_med": 0.39029157161712646,
  "inu_range": 0.11803170442581179,
  "provenance": {
    "md5sum": "7c0c2f4da559625436ec94c643d9d6ea",
    "settings": {
      "testing": false
    },
    "software": "mriqc",
    "version": "23.0.1",
    "warnings": {
      "large_rot_frame": true,
      "small_air_mask": false
    },
    "webapi_port": null,
    "webapi_url": "https://mriqc.nimh.nih.gov/api/v1"
  },
  "qi_1": 0.0,
  "qi_2": 0.0024923778975032137,
  "rpve_csf": 27.316715118480868,
  "rpve_gm": 12.076585758881935,
  "rpve_wm": 18.491084901044314,
  "size_x": 208,
  "size_y": 300,
  "size_z": 320,
  "snr_csf": 2.3738968402616045,
  "snr_gm": 14.075127812925057,
  "snr_total": 14.392595091009122,
  "snr_wm": 26.72876061984071,
  "snrd_csf": 44.67438778053264,
  "snrd_gm": 111.63916057897143,
  "snrd_total": 102.09119081466322,
  "snrd_wm": 149.96002408448558,
  "spacing_x": 0.7999999523162842,
  "spacing_y": 0.800000011920929,
  "spacing_z": 0.800000011920929,
  "summary_bg_k": 12.381112554992152,
  "summary_bg_mad": 0.0,
  "summary_bg_mean": 2.847317063152556,
  "summary_bg_median": 0.0,
  "summary_bg_n": 6485690.0,
  "summary_bg_p05": 0.0,
  "summary_bg_p95": 11.404074266552925,
  "summary_bg_stdv": 4.368921972403651,
  "summary_csf_k": 0.35762551983020785,
  "summary_csf_mad": 103.6985387213932,
  "summary_csf_mean": 303.1089065291806,
  "summary_csf_median": 297.92103503644466,
  "summary_csf_n": 56148.0,
  "summary_csf_p05": 77.25531953182072,
  "summary_csf_p95": 520.6532187430184,
  "summary_csf_stdv": 125.49761092148131,
  "summary_gm_k": 0.337690561208674,
  "summary_gm_mad": 50.04434091225819,
  "summary_gm_mean": 743.2537367966771,
  "summary_gm_median": 744.4904322735965,
  "summary_gm_n": 120528.0,
  "summary_gm_p05": 653.8613384217024,
  "summary_gm_p95": 828.938850838691,
  "summary_gm_stdv": 52.893824745894364,
  "summary_wm_k": 0.6994376897711514,
  "summary_wm_mad": 34.55589508121404,
  "summary_wm_mean": 998.834374220697,
  "summary_wm_median": 1000.0415855459869,
  "summary_wm_n": 356344.0,
  "summary_wm_p05": 936.3619007728994,
  "summary_wm_p95": 1058.9765094928443,
  "summary_wm_stdv": 37.41438656926666,
  "tpm_overlap_csf": 0.13574925826556666,
  "tpm_overlap_gm": 0.45701765088713714,
  "tpm_overlap_wm": 0.49396446791323767,
  "wm2max": 0.9154553940525403
}