{
  "bids_meta": {
    "AcquisitionMatrixPE": 300,
    "AcquisitionNumber": 1,
    "AcquisitionTime": "15:33:25.995000",
    "BaseResolution": 320,
    "BodyPartExamined": "BRAIN",
    "ConsistencyInfo": "N4_VE11B_LATEST_20150530",
    "ConversionSoftware": "dcm2niix",
    "ConversionSoftwareVersion": "v1.0.20181125  GCC4.3.2",
    "DeviceSerialNumber": "67055",
    "DwellTime": 7.1e-06,
    "EchoTime": 0.00222,
    "FlipAngle": 8,
    "ImageOrientationPatientDICOM": [
      0.00606838,
      0.999981,
      -0.00104575,
      0.0526085,
      -0.00136358,
      -0.998614
    ],
    "ImageType": [
      "ORIGINAL",
      "PRIMARY",
      "M",
      "ND",
      "NORM"
    ],
    "ImagingFrequency": 123.235,
    "InPlanePhaseEncodingDirectionDICOM": "ROW",
    "InstitutionAddress": "6th_SE_2021_Minneapolis_Minnesota_US_55455",
    "InstitutionName": "CMRR_3T-A",
    "InstitutionalDepartmentName": "Research",
    "InversionTime": 1,
    "MRAcquisitionType": "3D",
    "MagneticFieldStrength": 3,
    "Manufacturer": "Siemens",
    "ManufacturersModelName": "Prisma_fit",
    "Modality": "MR",
    "PartialFourier": 1,
    "PatientPosition": "HFS",
    "PercentPhaseFOV": 93.75,
    "PhaseEncodingSteps": 299,
    "PhaseResolution": 1,
    "PixelBandwidth": 220,
    "ProcedureStepDescription": "VisionPool_VisionPool",
    "ProtocolName": "T1w_MPR",
    "PulseSequenceDetails": "%SiemensSeq%_tfl",
    "ReceiveCoilActiveElements": "HEA;HEP",
    "ReceiveCoilName": "Head_32",
    "ReconMatrixPE": 320,
    "RepetitionTime": 2.4,
    "SAR": 0.0402344,
    "ScanOptions": "IR_WE",
    "ScanningSequence": "GR_IR",
    "SequenceName": "_tfl3d1_16ns",
    "SequenceVariant": "SK_SP_MP",
    "SeriesDescription": "T1w_MPR",
    "SeriesNumber": 34,
    "ShimSetting": [
      5237,
      -10039,
      -11165,
      536,
      -122,
      199,
      134,
      -42
    ],
    "SliceThickness": 0.8,
    "SoftwareVersions": "syngo_MR_E11",
    "StationName": "TRIO",
    "TxRefAmp": 221.185,
    "dataset": "ds002702",
    "modality": "T1w",
    "run_id": 9,
    "session_id": "anatomicals",
    "subject_id": "09"
  },
  "cjv": 0.3320031312984295,
  "cnr": 3.93047785223727,
  "efc": 0.5145972120144146,
  "fber": 43106.35077288942,
  "fwhm_avg": 4.130979207723718,
  "fwhm_x": 4.131762746272251,
  "fwhm_y": 4.128924938474224,
  "fwhm_z": 4.132249938424677,
  "icvs_csf": 0.18513839115407943,
  "icvs_gm": 0.474276261893965,
  "icvs_wm": 0.3405853469519556,
  "inu_med": 0.3850165605545044,
  "inu_range": 0.11287904083728795,
  "provenance": {
    "md5sum": "fc56ae6e665878f5f30835b9a4fb5602",
    "settings": {
      "testing": false
    },
    "software": "mriqc",
    "version": "23.0.1",
    "warnings": {
      "large_rot_frame": true,
      "small_air_mask": false
    },
    "webapi_port": null,
    "webapi_url": "https://mriqc.nimh.nih.gov/api/v1"
  },
  "qi_1": 0.0,
  "qi_2": 0.002501582337737087,
  "rpve_csf": 27.347147087531226,
  "rpve_gm": 12.073349887846643,
  "rpve_wm": 18.52158814353448,
  "size_x": 208,
  "size_y": 300,
  "size_z": 320,
  "snr_csf": 2.3379408474881154,
  "snr_gm": 14.032159823550991,
  "snr_total": 14.374133803453688,
  "snr_wm": 26.752300739321957,
  "snrd_csf": 44.76578672259706,
  "snrd_gm": 112.36613610956285,
  "snrd_total": 102.69581977671096,
  "snrd_wm": 150.95553649797301,
  "spacing_x": 0.7999999523162842,
  "spacing_y": 0.800000011920929,
  "spacing_z": 0.800000011920929,
  "summary_bg_k": 12.77243285017446,
  "summary_bg_mad": 0.0,
  "summary_bg_mean": 2.833953584602663,
  "summary_bg_median": 0.0,
  "summary_bg_n": 6421947.0,
  "summary_bg_p05": 0.0,
  "summary_bg_p95": 11.359947919845581,
  "summary_bg_stdv": 4.340017573763384,
  "summary_csf_k": 0.45645617741725353,
  "summary_csf_mad": 103.91087710497473,
  "summary_csf_mean": 302.83416526122835,
  "summary_csf_median": 296.555497571826,
  "summary_csf_n": 56336.0,
  "summary_csf_p05": 74.34680201113224,
  "summary_csf_p95": 523.7696701847017,
  "summary_csf_stdv": 126.8436136243432,
  "summary_gm_k": 0.3579929419097314,
  "summary_gm_mad": 50.165945878754805,
  "summary_gm_mean": 743.2346266245725,
  "summary_gm_median": 744.3808730691671,
  "summary_gm_n": 120679.0,
  "summary_gm_p05": 654.4141426682472,
  "summary_gm_p95": 829.6007680892944,
  "summary_gm_stdv": 53.04798393740807,
  "summary_wm_k": 0.6451377076457372,
  "summary_wm_mad": 34.707135218275205,
  "summary_wm_mean": 998.4015677740207,
  "summary_wm_median": 1000.0202725082636,
  "summary_wm_n": 354519.0,
  "summary_wm_p05": 935.8974236249924,
  "summary_wm_p95": 1058.3008624613285,
  "summary_wm_stdv": 37.380667624117706,
  "tpm_overlap_csf": 0.1414209625075719,
  "tpm_overlap_gm": 0.46308297060803394,
  "tpm_overlap_wm": 0.49522709657575,
  "wm2max": 0.9156713784200456
}