{
  "bids_meta": {
    "AcquisitionMatrixPE": 300,
    "AcquisitionNumber": 1,
    "AcquisitionTime": "15:13:24.015000",
    "BaseResolution": 320,
    "BodyPartExamined": "BRAIN",
    "ConsistencyInfo": "N4_VE11B_LATEST_20150530",
    "ConversionSoftware": "dcm2niix",
    "ConversionSoftwareVersion": "v1.0.20181125  GCC4.3.2",
    "DeviceSerialNumber": "67055",
    "DwellTime": 7.1e-06,
    "EchoTime": 0.00222,
    "FlipAngle": 8,
    "ImageOrientationPatientDICOM": [
      0.00606838,
      0.999981,
      -0.00104575,
      0.0526085,
      -0.00136358,
      -0.998614
    ],
    "ImageType": [
      "ORIGINAL",
      "PRIMARY",
      "M",
      "ND",
      "NORM"
    ],
    "ImagingFrequency": 123.235,
    "InPlanePhaseEncodingDirectionDICOM": "ROW",
    "InstitutionAddress": "6th_SE_2021_Minneapolis_Minnesota_US_55455",
    "InstitutionName": "CMRR_3T-A",
    "InstitutionalDepartmentName": "Research",
    "InversionTime": 1,
    "MRAcquisitionType": "3D",
    "MagneticFieldStrength": 3,
    "Manufacturer": "Siemens",
    "ManufacturersModelName": "Prisma_fit",
    "Modality": "MR",
    "PartialFourier": 1,
    "PatientPosition": "HFS",
    "PercentPhaseFOV": 93.75,
    "PhaseEncodingSteps": 299,
    "PhaseResolution": 1,
    "PixelBandwidth": 220,
    "ProcedureStepDescription": "VisionPool_VisionPool",
    "ProtocolName": "T1w_MPR",
    "PulseSequenceDetails": "%SiemensSeq%_tfl",
    "ReceiveCoilActiveElements": "HEA;HEP",
    "ReceiveCoilName": "Head_32",
    "ReconMatrixPE": 320,
    "RepetitionTime": 2.4,
    "SAR": 0.0402344,
    "ScanOptions": "IR_WE",
    "ScanningSequence": "GR_IR",
    "SequenceName": "_tfl3d1_16ns",
    "SequenceVariant": "SK_SP_MP",
    "SeriesDescription": "T1w_MPR",
    "SeriesNumber": 28,
    "ShimSetting": [
      5237,
      -10039,
      -11165,
      536,
      -122,
      199,
      134,
      -42
    ],
    "SliceThickness": 0.8,
    "SoftwareVersions": "syngo_MR_E11",
    "StationName": "TRIO",
    "TxRefAmp": 221.185,
    "dataset": "ds002702",
    "modality": "T1w",
    "run_id": 6,
    "session_id": "anatomicals",
    "subject_id": "09"
  },
  "cjv": 0.33101273377296275,
  "cnr": 3.9331278306548128,
  "efc": 0.5139637811557531,
  "fber": 42723.997774442316,
  "fwhm_avg": 4.158112541149748,
  "fwhm_x": 4.151775247465088,
  "fwhm_y": 4.171237437843719,
  "fwhm_z": 4.151324938140438,
  "icvs_csf": 0.18541350215914043,
  "icvs_gm": 0.47367346551171835,
  "icvs_wm": 0.3409130323291413,
  "inu_med": 0.390690416097641,
  "inu_range": 0.11659895777702328,
  "provenance": {
    "md5sum": "fff3e2a4d76ba2dc2d474395585f1fa4",
    "settings": {
      "testing": false
    },
    "software": "mriqc",
    "version": "23.0.1",
    "warnings": {
      "large_rot_frame": true,
      "small_air_mask": false
    },
    "webapi_port": null,
    "webapi_url": "https://mriqc.nimh.nih.gov/api/v1"
  },
  "qi_1": 0.0,
  "qi_2": 0.002491304907350668,
  "rpve_csf": 27.32019579595131,
  "rpve_gm": 12.072886020572737,
  "rpve_wm": 18.484113023742886,
  "size_x": 208,
  "size_y": 300,
  "size_z": 320,
  "snr_csf": 2.3366147048693566,
  "snr_gm": 14.068666528082302,
  "snr_total": 14.354956655629946,
  "snr_wm": 26.659588733938175,
  "snrd_csf": 44.53029993958824,
  "snrd_gm": 111.49267885624145,
  "snrd_total": 101.9369205733585,
  "snrd_wm": 149.78778292424582,
  "spacing_x": 0.7999999523162842,
  "spacing_y": 0.800000011920929,
  "spacing_z": 0.800000011920929,
  "summary_bg_k": 12.247619493316547,
  "summary_bg_mad": 0.0,
  "summary_bg_mean": 2.852534518967534,
  "summary_bg_median": 0.0,
  "summary_bg_n": 6453189.0,
  "summary_bg_p05": 0.0,
  "summary_bg_p95": 11.463020704686642,
  "summary_bg_stdv": 4.373856594173689,
  "summary_csf_k": 0.3167613346240916,
  "summary_csf_mad": 105.99906769623779,
  "summary_csf_mean": 301.97601476345955,
  "summary_csf_median": 297.29556475766003,
  "summary_csf_n": 56805.0,
  "summary_csf_p05": 71.88163094483316,
  "summary_csf_p95": 521.7924569141118,
  "summary_csf_stdv": 127.23233630197326,
  "summary_gm_k": 0.3609645505147463,
  "summary_gm_mad": 49.88376552806915,
  "summary_gm_mean": 743.0896112776734,
  "summary_gm_median": 744.3533722404391,
  "summary_gm_n": 122242.0,
  "summary_gm_p05": 653.754114431981,
  "summary_gm_p95": 828.7551691327244,
  "summary_gm_stdv": 52.908378072585336,
  "summary_wm_k": 0.6514604310419316,
  "summary_wm_mad": 34.74553762964564,
  "summary_wm_mean": 998.706584068074,
  "summary_wm_median": 1000.0211895871907,
  "summary_wm_n": 354803.0,
  "summary_wm_p05": 936.3377412278205,
  "summary_wm_p95": 1059.1831131130457,
  "summary_wm_stdv": 37.51069794450966,
  "tpm_overlap_csf": 0.13796574626351144,
  "tpm_overlap_gm": 0.4598072672474586,
  "tpm_overlap_wm": 0.49508018732125253,
  "wm2max": 0.915644618943031
}