{
  "aor": 0.0004630357142857143,
  "aqi": 0.022394332142857146,
  "bids_meta": {
    "AcquisitionMatrixPE": 106,
    "AcquisitionNumber": 1,
    "AcquisitionTime": "15:12:1.397500",
    "BandwidthPerPixelPhaseEncode": 18.868,
    "BaseResolution": 122,
    "CoilString": "C:H01-32",
    "ConversionSoftware": "dcm2niix",
    "ConversionSoftwareVersion": "v1.0.20181125  GCC4.3.2",
    "DerivedVendorReportedEchoSpacing": 0.000999996,
    "DeviceSerialNumber": "18912",
    "DwellTime": 3.6e-06,
    "EchoTime": 0.039,
    "EffectiveEchoSpacing": 0.000499998,
    "FlipAngle": 90,
    "ImageComments": "Unaliased_MB2_PE4",
    "ImageOrientationPatientDICOM": [
      1,
      0,
      0,
      0,
      -0.608761,
      -0.793353
    ],
    "ImageType": [
      "ORIGINAL",
      "PRIMARY",
      "M",
      "MB",
      "ND",
      "MOSAIC"
    ],
    "ImagingFrequency": 297.281,
    "InPlanePhaseEncodingDirectionDICOM": "COL",
    "InstitutionAddress": "6th_Street_SE_2021_Minneapolis_0735BC_Chicago_US_55455",
    "InstitutionName": "CMRR_7T_PS",
    "InstitutionalDepartmentName": "CMRR",
    "MRAcquisitionType": "2D",
    "MagneticFieldStrength": 6.98,
    "Manufacturer": "Siemens",
    "ManufacturersModelName": "Investigational_Device_7T",
    "Modality": "MR",
    "MultibandAccelerationFactor": 2,
    "ParallelReductionFactorInPlane": 2,
    "PartialFourier": 0.75,
    "PatientPosition": "HFS",
    "PercentPhaseFOV": 86.8852,
    "PhaseEncodingDirection": "j",
    "PhaseEncodingSteps": 80,
    "PhaseResolution": 1,
    "PixelBandwidth": 1138,
    "ProcedureStepDescription": "Ruyuan_fmri",
    "ProtocolName": "eja_ep2d_se_1p05iso_2p2sTR_R2_MB2",
    "PulseSequenceDetails": "%CustomerSeq%_eja_ep2d_se",
    "ReceiveCoilName": "VM_8T_32R_Head",
    "ReconMatrixPE": 106,
    "RepetitionTime": 2.2,
    "SAR": 0.0151914,
    "ScanOptions": "PFP",
    "ScanningSequence": "EP",
    "SequenceName": "epse2d1_106",
    "SequenceVariant": "SK_SS",
    "SeriesDescription": "eja_ep2d_se_1p05iso_2p2sTR_R2_MB2",
    "SeriesNumber": 12,
    "ShimSetting": [
      -1149,
      -600,
      1136,
      1672,
      104,
      1104,
      713,
      280
    ],
    "SliceThickness": 1.05,
    "SliceTiming": [
      0,
      1.0125,
      2.0225,
      0.8275,
      1.84,
      0.6425,
      1.655,
      0.46,
      1.4725,
      0.275,
      1.2875,
      0.09,
      1.1025,
      2.115,
      0.92,
      1.9325,
      0.735,
      1.7475,
      0.5525,
      1.5625,
      0.3675,
      1.38,
      0.1825,
      1.195,
      0,
      1.0125,
      2.0225,
      0.8275,
      1.84,
      0.6425,
      1.655,
      0.46,
      1.4725,
      0.275,
      1.2875,
      0.09,
      1.1025,
      2.115,
      0.92,
      1.9325,
      0.735,
      1.7475,
      0.5525,
      1.5625,
      0.3675,
      1.38,
      0.1825,
      1.195
    ],
    "SoftwareVersions": "syngo_MR_B17",
    "SpacingBetweenSlices": 1.05,
    "StationName": "SEPTET",
    "TotalReadoutTime": 0.0524998,
    "TxRefAmp": 65,
    "dataset": "ds002702",
    "modality": "bold",
    "run_id": 5,
    "session_id": "ringSE",
    "subject_id": "01",
    "task_id": "ring"
  },
  "dummy_trs": 0,
  "dvars_nstd": 108.6933793846707,
  "dvars_std": 1.0250531823952094,
  "dvars_vstd": 1.003382484011976,
  "efc": 0.7773746377199492,
  "fber": 17.617916107177734,
  "fd_mean": 0.11649616160989316,
  "fd_num": 3,
  "fd_perc": 1.7857142857142858,
  "fwhm_avg": 2.817685518654328,
  "fwhm_x": 2.8605856285976783,
  "fwhm_y": 2.7505092161966793,
  "fwhm_z": 2.8419617111686266,
  "gcor": 0.00027392,
  "gsr_x": 0.031274497509002686,
  "gsr_y": 0.018366500735282898,
  "provenance": {
    "md5sum": "ab46c9558fbf7e8824b209b92c74d36b",
    "settings": {
      "fd_thres": 0.2,
      "testing": false
    },
    "software": "mriqc",
    "version": "23.0.1",
    "webapi_port": null,
    "webapi_url": "https://mriqc.nimh.nih.gov/api/v1"
  },
  "size_t": 168,
  "size_x": 122,
  "size_y": 106,
  "size_z": 48,
  "snr": 2.2070010095205053,
  "spacing_tr": 2.200000047683716,
  "spacing_x": 1.049180269241333,
  "spacing_y": 1.049180269241333,
  "spacing_z": 1.0500000715255737,
  "summary_bg_k": 14.041505889639907,
  "summary_bg_mad": 26.342669265815147,
  "summary_bg_mean": 110.382080078125,
  "summary_bg_median": 96.1964340209961,
  "summary_bg_n": 236898.0,
  "summary_bg_p05": 72.38095092773438,
  "summary_bg_p95": 190.35208892822263,
  "summary_bg_stdv": 42.90269088745117,
  "summary_fg_k": 9.644897577834726,
  "summary_fg_mad": 168.39887182164193,
  "summary_fg_mean": 467.6474304199219,
  "summary_fg_median": 438.952392578125,
  "summary_fg_n": 238774.0,
  "summary_fg_p05": 223.52381896972656,
  "summary_fg_p95": 807.4366027832029,
  "summary_fg_stdv": 198.89047241210938,
  "tsnr": 13.65806742303539
}