{
  "aor": 0.0004364880952380952,
  "aqi": 0.025042608928571426,
  "bids_meta": {
    "AcquisitionMatrixPE": 106,
    "AcquisitionNumber": 1,
    "AcquisitionTime": "15:42:0.382500",
    "BandwidthPerPixelPhaseEncode": 18.868,
    "BaseResolution": 122,
    "CoilString": "C:H01-32",
    "ConversionSoftware": "dcm2niix",
    "ConversionSoftwareVersion": "v1.0.20181125  GCC4.3.2",
    "DerivedVendorReportedEchoSpacing": 0.000999996,
    "DeviceSerialNumber": "18912",
    "DwellTime": 3.6e-06,
    "EchoTime": 0.039,
    "EffectiveEchoSpacing": 0.000499998,
    "FlipAngle": 90,
    "ImageComments": "Unaliased_MB2_PE4",
    "ImageOrientationPatientDICOM": [
      1,
      0,
      0,
      0,
      -0.608761,
      -0.793353
    ],
    "ImageType": [
      "ORIGINAL",
      "PRIMARY",
      "M",
      "MB",
      "ND",
      "MOSAIC"
    ],
    "ImagingFrequency": 297.281,
    "InPlanePhaseEncodingDirectionDICOM": "COL",
    "InstitutionAddress": "6th_Street_SE_2021_Minneapolis_0735BC_Chicago_US_55455",
    "InstitutionName": "CMRR_7T_PS",
    "InstitutionalDepartmentName": "CMRR",
    "MRAcquisitionType": "2D",
    "MagneticFieldStrength": 6.98,
    "Manufacturer": "Siemens",
    "ManufacturersModelName": "Investigational_Device_7T",
    "Modality": "MR",
    "MultibandAccelerationFactor": 2,
    "ParallelReductionFactorInPlane": 2,
    "PartialFourier": 0.75,
    "PatientPosition": "HFS",
    "PercentPhaseFOV": 86.8852,
    "PhaseEncodingDirection": "j",
    "PhaseEncodingSteps": 80,
    "PhaseResolution": 1,
    "PixelBandwidth": 1138,
    "ProcedureStepDescription": "Ruyuan_fmri",
    "ProtocolName": "eja_ep2d_se_1p05iso_2p2sTR_R2_MB2",
    "PulseSequenceDetails": "%CustomerSeq%_eja_ep2d_se",
    "ReceiveCoilName": "VM_8T_32R_Head",
    "ReconMatrixPE": 106,
    "RepetitionTime": 2.2,
    "SAR": 0.0148707,
    "ScanOptions": "PFP",
    "ScanningSequence": "EP",
    "SequenceName": "epse2d1_106",
    "SequenceVariant": "SK_SS",
    "SeriesDescription": "eja_ep2d_se_1p05iso_2p2sTR_R2_MB2",
    "SeriesNumber": 18,
    "ShimSetting": [
      -1149,
      -600,
      1136,
      1672,
      104,
      1104,
      713,
      280
    ],
    "SliceThickness": 1.05,
    "SliceTiming": [
      0,
      1.0125,
      2.025,
      0.8275,
      1.84,
      0.645,
      1.6575,
      0.46,
      1.4725,
      0.275,
      1.2875,
      0.0925,
      1.105,
      2.1175,
      0.92,
      1.9325,
      0.735,
      1.7475,
      0.5525,
      1.565,
      0.3675,
      1.38,
      0.185,
      1.195,
      0,
      1.0125,
      2.025,
      0.8275,
      1.84,
      0.645,
      1.6575,
      0.46,
      1.4725,
      0.275,
      1.2875,
      0.0925,
      1.105,
      2.1175,
      0.92,
      1.9325,
      0.735,
      1.7475,
      0.5525,
      1.565,
      0.3675,
      1.38,
      0.185,
      1.195
    ],
    "SoftwareVersions": "syngo_MR_B17",
    "SpacingBetweenSlices": 1.05,
    "StationName": "SEPTET",
    "TotalReadoutTime": 0.0524998,
    "TxRefAmp": 65,
    "dataset": "ds002702",
    "modality": "bold",
    "run_id": 9,
    "session_id": "ringSE",
    "subject_id": "01",
    "task_id": "ring"
  },
  "dummy_trs": 0,
  "dvars_nstd": 110.05679933479041,
  "dvars_std": 1.0210730534730532,
  "dvars_vstd": 0.9990056631736527,
  "efc": 0.778956274117202,
  "fber": 17.02565574645996,
  "fd_mean": 0.12825947313237931,
  "fd_num": 14,
  "fd_perc": 8.333333333333334,
  "fwhm_avg": 2.8270433150242966,
  "fwhm_x": 2.8832985986168644,
  "fwhm_y": 2.773002967453616,
  "fwhm_z": 2.824828379002409,
  "gcor": 0.000337663,
  "gsr_x": 0.030449625104665756,
  "gsr_y": 0.017489079385995865,
  "provenance": {
    "md5sum": "3fdd8d1baf2b389d304ecd4c62708f7b",
    "settings": {
      "fd_thres": 0.2,
      "testing": false
    },
    "software": "mriqc",
    "version": "23.0.1",
    "webapi_port": null,
    "webapi_url": "https://mriqc.nimh.nih.gov/api/v1"
  },
  "size_t": 168,
  "size_x": 122,
  "size_y": 106,
  "size_z": 48,
  "snr": 2.192065017325579,
  "spacing_tr": 2.200000047683716,
  "spacing_x": 1.049180269241333,
  "spacing_y": 1.049180269241333,
  "spacing_z": 1.0500000715255737,
  "summary_bg_k": 16.757271589832047,
  "summary_bg_mad": 26.430909163783912,
  "summary_bg_mean": 110.04602813720703,
  "summary_bg_median": 96.45833587646484,
  "summary_bg_n": 233132.0,
  "summary_bg_p05": 72.16667175292969,
  "summary_bg_p95": 188.1845245361328,
  "summary_bg_stdv": 42.32759094238281,
  "summary_fg_k": 9.97718823104547,
  "summary_fg_mad": 167.63110213640567,
  "summary_fg_mean": 465.4276428222656,
  "summary_fg_median": 436.11309814453125,
  "summary_fg_n": 242290.0,
  "summary_fg_p05": 221.1607208251953,
  "summary_fg_p95": 806.5899200439452,
  "summary_fg_stdv": 198.9503936767578,
  "tsnr": 12.921556628774852
}