{
  "aor": 0.0004435119047619047,
  "aqi": 0.02449092857142857,
  "bids_meta": {
    "AcquisitionMatrixPE": 106,
    "AcquisitionNumber": 1,
    "AcquisitionTime": "15:34:59.430000",
    "BandwidthPerPixelPhaseEncode": 18.868,
    "BaseResolution": 122,
    "CoilString": "C:H01-32",
    "ConversionSoftware": "dcm2niix",
    "ConversionSoftwareVersion": "v1.0.20181125  GCC4.3.2",
    "DerivedVendorReportedEchoSpacing": 0.000999996,
    "DeviceSerialNumber": "18912",
    "DwellTime": 3.6e-06,
    "EchoTime": 0.039,
    "EffectiveEchoSpacing": 0.000499998,
    "FlipAngle": 90,
    "ImageComments": "Unaliased_MB2_PE4",
    "ImageOrientationPatientDICOM": [
      1,
      0,
      0,
      0,
      -0.608761,
      -0.793353
    ],
    "ImageType": [
      "ORIGINAL",
      "PRIMARY",
      "M",
      "MB",
      "ND",
      "MOSAIC"
    ],
    "ImagingFrequency": 297.281,
    "InPlanePhaseEncodingDirectionDICOM": "COL",
    "InstitutionAddress": "6th_Street_SE_2021_Minneapolis_0735BC_Chicago_US_55455",
    "InstitutionName": "CMRR_7T_PS",
    "InstitutionalDepartmentName": "CMRR",
    "MRAcquisitionType": "2D",
    "MagneticFieldStrength": 6.98,
    "Manufacturer": "Siemens",
    "ManufacturersModelName": "Investigational_Device_7T",
    "Modality": "MR",
    "MultibandAccelerationFactor": 2,
    "ParallelReductionFactorInPlane": 2,
    "PartialFourier": 0.75,
    "PatientPosition": "HFS",
    "PercentPhaseFOV": 86.8852,
    "PhaseEncodingDirection": "j",
    "PhaseEncodingSteps": 80,
    "PhaseResolution": 1,
    "PixelBandwidth": 1138,
    "ProcedureStepDescription": "Ruyuan_fmri",
    "ProtocolName": "eja_ep2d_se_1p05iso_2p2sTR_R2_MB2",
    "PulseSequenceDetails": "%CustomerSeq%_eja_ep2d_se",
    "ReceiveCoilName": "VM_8T_32R_Head",
    "ReconMatrixPE": 106,
    "RepetitionTime": 2.2,
    "SAR": 0.0148004,
    "ScanOptions": "PFP",
    "ScanningSequence": "EP",
    "SequenceName": "epse2d1_106",
    "SequenceVariant": "SK_SS",
    "SeriesDescription": "eja_ep2d_se_1p05iso_2p2sTR_R2_MB2",
    "SeriesNumber": 17,
    "ShimSetting": [
      -1149,
      -600,
      1136,
      1672,
      104,
      1104,
      713,
      280
    ],
    "SliceThickness": 1.05,
    "SliceTiming": [
      0,
      1.0125,
      2.025,
      0.8275,
      1.84,
      0.645,
      1.655,
      0.46,
      1.4725,
      0.275,
      1.2875,
      0.0925,
      1.105,
      2.1175,
      0.92,
      1.9325,
      0.735,
      1.7475,
      0.5525,
      1.565,
      0.3675,
      1.38,
      0.185,
      1.195,
      0,
      1.0125,
      2.025,
      0.8275,
      1.84,
      0.645,
      1.655,
      0.46,
      1.4725,
      0.275,
      1.2875,
      0.0925,
      1.105,
      2.1175,
      0.92,
      1.9325,
      0.735,
      1.7475,
      0.5525,
      1.565,
      0.3675,
      1.38,
      0.185,
      1.195
    ],
    "SoftwareVersions": "syngo_MR_B17",
    "SpacingBetweenSlices": 1.05,
    "StationName": "SEPTET",
    "TotalReadoutTime": 0.0524998,
    "TxRefAmp": 65,
    "dataset": "ds002702",
    "modality": "bold",
    "run_id": 8,
    "session_id": "ringSE",
    "subject_id": "01",
    "task_id": "ring"
  },
  "dummy_trs": 0,
  "dvars_nstd": 109.43797813940121,
  "dvars_std": 1.0206111326347305,
  "dvars_vstd": 0.9996855389820353,
  "efc": 0.778926305682778,
  "fber": 17.18006134033203,
  "fd_mean": 0.11380384333151053,
  "fd_num": 9,
  "fd_perc": 5.357142857142857,
  "fwhm_avg": 2.827155899071771,
  "fwhm_x": 2.8781993795819236,
  "fwhm_y": 2.771563748623193,
  "fwhm_z": 2.831704569010196,
  "gcor": 0.000293586,
  "gsr_x": 0.031023772433400154,
  "gsr_y": 0.017674531787633896,
  "provenance": {
    "md5sum": "42a26012fc9b6c3c176ae68904621fc3",
    "settings": {
      "fd_thres": 0.2,
      "testing": false
    },
    "software": "mriqc",
    "version": "23.0.1",
    "webapi_port": null,
    "webapi_url": "https://mriqc.nimh.nih.gov/api/v1"
  },
  "size_t": 168,
  "size_x": 122,
  "size_y": 106,
  "size_z": 48,
  "snr": 2.201353529677341,
  "spacing_tr": 2.200000047683716,
  "spacing_x": 1.049180269241333,
  "spacing_y": 1.049180269241333,
  "spacing_z": 1.0500000715255737,
  "summary_bg_k": 15.489778095596677,
  "summary_bg_mad": 26.404440587800458,
  "summary_bg_mean": 110.3438491821289,
  "summary_bg_median": 96.63095092773438,
  "summary_bg_n": 233692.0,
  "summary_bg_p05": 72.41071319580078,
  "summary_bg_p95": 189.2169723510741,
  "summary_bg_stdv": 42.47004318237305,
  "summary_fg_k": 9.694608861386927,
  "summary_fg_mad": 167.76794693651158,
  "summary_fg_mean": 466.106201171875,
  "summary_fg_median": 437.235107421875,
  "summary_fg_n": 242124.0,
  "summary_fg_p05": 221.31726303100587,
  "summary_fg_p95": 806.7669860839842,
  "summary_fg_stdv": 198.62062072753906,
  "tsnr": 13.018213294446468
}