{
  "aor": 0.0005386309523809523,
  "aqi": 0.024705879761904765,
  "bids_meta": {
    "AcquisitionMatrixPE": 106,
    "AcquisitionNumber": 1,
    "AcquisitionTime": "14:49:19.410000",
    "BandwidthPerPixelPhaseEncode": 18.868,
    "BaseResolution": 122,
    "CoilString": "C:H01-32",
    "ConversionSoftware": "dcm2niix",
    "ConversionSoftwareVersion": "v1.0.20181125  GCC4.3.2",
    "DerivedVendorReportedEchoSpacing": 0.000999996,
    "DeviceSerialNumber": "18912",
    "DwellTime": 3.6e-06,
    "EchoTime": 0.039,
    "EffectiveEchoSpacing": 0.000499998,
    "FlipAngle": 90,
    "ImageComments": "Unaliased_MB2_PE4",
    "ImageOrientationPatientDICOM": [
      1,
      0,
      0,
      0,
      -0.608761,
      -0.793353
    ],
    "ImageType": [
      "ORIGINAL",
      "PRIMARY",
      "M",
      "MB",
      "ND",
      "MOSAIC"
    ],
    "ImagingFrequency": 297.281,
    "InPlanePhaseEncodingDirectionDICOM": "COL",
    "InstitutionAddress": "6th_Street_SE_2021_Minneapolis_0735BC_Chicago_US_55455",
    "InstitutionName": "CMRR_7T_PS",
    "InstitutionalDepartmentName": "CMRR",
    "MRAcquisitionType": "2D",
    "MagneticFieldStrength": 6.98,
    "Manufacturer": "Siemens",
    "ManufacturersModelName": "Investigational_Device_7T",
    "Modality": "MR",
    "MultibandAccelerationFactor": 2,
    "ParallelReductionFactorInPlane": 2,
    "PartialFourier": 0.75,
    "PatientPosition": "HFS",
    "PercentPhaseFOV": 86.8852,
    "PhaseEncodingDirection": "j",
    "PhaseEncodingSteps": 80,
    "PhaseResolution": 1,
    "PixelBandwidth": 1138,
    "ProcedureStepDescription": "Ruyuan_fmri",
    "ProtocolName": "eja_ep2d_se_1p05iso_2p2sTR_R2_MB2",
    "PulseSequenceDetails": "%CustomerSeq%_eja_ep2d_se",
    "ReceiveCoilName": "VM_8T_32R_Head",
    "ReconMatrixPE": 106,
    "RepetitionTime": 2.2,
    "SAR": 0.0157882,
    "ScanOptions": "PFP",
    "ScanningSequence": "EP",
    "SequenceName": "epse2d1_106",
    "SequenceVariant": "SK_SS",
    "SeriesDescription": "eja_ep2d_se_1p05iso_2p2sTR_R2_MB2",
    "SeriesNumber": 7,
    "ShimSetting": [
      -1149,
      -600,
      1136,
      1672,
      104,
      1104,
      713,
      280
    ],
    "SliceThickness": 1.05,
    "SliceTiming": [
      0,
      1.0125,
      2.025,
      0.83,
      1.84,
      0.645,
      1.6575,
      0.46,
      1.4725,
      0.2775,
      1.29,
      0.0925,
      1.105,
      2.1175,
      0.92,
      1.9325,
      0.7375,
      1.75,
      0.5525,
      1.565,
      0.37,
      1.38,
      0.185,
      1.1975,
      0,
      1.0125,
      2.025,
      0.83,
      1.84,
      0.645,
      1.6575,
      0.46,
      1.4725,
      0.2775,
      1.29,
      0.0925,
      1.105,
      2.1175,
      0.92,
      1.9325,
      0.7375,
      1.75,
      0.5525,
      1.565,
      0.37,
      1.38,
      0.185,
      1.1975
    ],
    "SoftwareVersions": "syngo_MR_B17",
    "SpacingBetweenSlices": 1.05,
    "StationName": "SEPTET",
    "TotalReadoutTime": 0.0524998,
    "TxRefAmp": 65,
    "dataset": "ds002702",
    "modality": "bold",
    "run_id": 2,
    "session_id": "ringSE",
    "subject_id": "01",
    "task_id": "ring"
  },
  "dummy_trs": 0,
  "dvars_nstd": 108.55037058736522,
  "dvars_std": 1.0253952025748503,
  "dvars_vstd": 1.0019120072455088,
  "efc": 0.7753195000587968,
  "fber": 17.70782470703125,
  "fd_mean": 0.12938397479345987,
  "fd_num": 12,
  "fd_perc": 7.142857142857143,
  "fwhm_avg": 2.8124954933102178,
  "fwhm_x": 2.8775512545457067,
  "fwhm_y": 2.771868748640236,
  "fwhm_z": 2.78806647674471,
  "gcor": 0.000256299,
  "gsr_x": 0.033356763422489166,
  "gsr_y": 0.01591598428785801,
  "provenance": {
    "md5sum": "8d0189e2026b022cdbb59286413f57f4",
    "settings": {
      "fd_thres": 0.2,
      "testing": false
    },
    "software": "mriqc",
    "version": "23.0.1",
    "webapi_port": null,
    "webapi_url": "https://mriqc.nimh.nih.gov/api/v1"
  },
  "size_t": 168,
  "size_x": 122,
  "size_y": 106,
  "size_z": 48,
  "snr": 2.2076088827761637,
  "spacing_tr": 2.200000047683716,
  "spacing_x": 1.049180269241333,
  "spacing_y": 1.049180269241333,
  "spacing_z": 1.0500000715255737,
  "summary_bg_k": 10.264423464944551,
  "summary_bg_mad": 27.789968738318887,
  "summary_bg_mean": 108.7352523803711,
  "summary_bg_median": 95.52381134033203,
  "summary_bg_n": 236849.0,
  "summary_bg_p05": 69.67262268066406,
  "summary_bg_p95": 188.2916717529297,
  "summary_bg_stdv": 42.41176223754883,
  "summary_fg_k": 9.560141630012655,
  "summary_fg_mad": 168.36803706175692,
  "summary_fg_mean": 467.53875732421875,
  "summary_fg_median": 439.30059814453125,
  "summary_fg_n": 240000.0,
  "summary_fg_p05": 221.83899688720703,
  "summary_fg_p95": 808.6258941650389,
  "summary_fg_stdv": 198.99343872070312,
  "tsnr": 13.201811405131593
}