{
  "aor": 0.0006036309523809524,
  "aqi": 0.02309344047619048,
  "bids_meta": {
    "AcquisitionMatrixPE": 106,
    "AcquisitionNumber": 1,
    "AcquisitionTime": "15:27:30.365000",
    "BandwidthPerPixelPhaseEncode": 18.868,
    "BaseResolution": 122,
    "CoilString": "C:H01-32",
    "ConversionSoftware": "dcm2niix",
    "ConversionSoftwareVersion": "v1.0.20181125  GCC4.3.2",
    "DerivedVendorReportedEchoSpacing": 0.000999996,
    "DeviceSerialNumber": "18912",
    "DwellTime": 3.6e-06,
    "EchoTime": 0.039,
    "EffectiveEchoSpacing": 0.000499998,
    "FlipAngle": 90,
    "ImageComments": "Unaliased_MB2_PE4",
    "ImageOrientationPatientDICOM": [
      1,
      0,
      0,
      0,
      -0.608761,
      -0.793353
    ],
    "ImageType": [
      "ORIGINAL",
      "PRIMARY",
      "M",
      "MB",
      "ND",
      "MOSAIC"
    ],
    "ImagingFrequency": 297.281,
    "InPlanePhaseEncodingDirectionDICOM": "COL",
    "InstitutionAddress": "6th_Street_SE_2021_Minneapolis_0735BC_Chicago_US_55455",
    "InstitutionName": "CMRR_7T_PS",
    "InstitutionalDepartmentName": "CMRR",
    "MRAcquisitionType": "2D",
    "MagneticFieldStrength": 6.98,
    "Manufacturer": "Siemens",
    "ManufacturersModelName": "Investigational_Device_7T",
    "Modality": "MR",
    "MultibandAccelerationFactor": 2,
    "ParallelReductionFactorInPlane": 2,
    "PartialFourier": 0.75,
    "PatientPosition": "HFS",
    "PercentPhaseFOV": 86.8852,
    "PhaseEncodingDirection": "j",
    "PhaseEncodingSteps": 80,
    "PhaseResolution": 1,
    "PixelBandwidth": 1138,
    "ProcedureStepDescription": "Ruyuan_fmri",
    "ProtocolName": "eja_ep2d_se_1p05iso_2p2sTR_R2_MB2",
    "PulseSequenceDetails": "%CustomerSeq%_eja_ep2d_se",
    "ReceiveCoilName": "VM_8T_32R_Head",
    "ReconMatrixPE": 106,
    "RepetitionTime": 2.2,
    "SAR": 0.0149078,
    "ScanOptions": "PFP",
    "ScanningSequence": "EP",
    "SequenceName": "epse2d1_106",
    "SequenceVariant": "SK_SS",
    "SeriesDescription": "eja_ep2d_se_1p05iso_2p2sTR_R2_MB2",
    "SeriesNumber": 16,
    "ShimSetting": [
      -1149,
      -600,
      1136,
      1672,
      104,
      1104,
      713,
      280
    ],
    "SliceThickness": 1.05,
    "SliceTiming": [
      0,
      1.0125,
      2.025,
      0.83,
      1.8425,
      0.645,
      1.6575,
      0.46,
      1.4725,
      0.2775,
      1.29,
      0.0925,
      1.105,
      2.1175,
      0.9225,
      1.9325,
      0.7375,
      1.75,
      0.5525,
      1.565,
      0.37,
      1.3825,
      0.185,
      1.1975,
      0,
      1.0125,
      2.025,
      0.83,
      1.8425,
      0.645,
      1.6575,
      0.46,
      1.4725,
      0.2775,
      1.29,
      0.0925,
      1.105,
      2.1175,
      0.9225,
      1.9325,
      0.7375,
      1.75,
      0.5525,
      1.565,
      0.37,
      1.3825,
      0.185,
      1.1975
    ],
    "SoftwareVersions": "syngo_MR_B17",
    "SpacingBetweenSlices": 1.05,
    "StationName": "SEPTET",
    "TotalReadoutTime": 0.0524998,
    "TxRefAmp": 65,
    "dataset": "ds002702",
    "modality": "bold",
    "run_id": 7,
    "session_id": "ringSE",
    "subject_id": "01",
    "task_id": "ring"
  },
  "dummy_trs": 0,
  "dvars_nstd": 110.13109159227551,
  "dvars_std": 1.02784917,
  "dvars_vstd": 1.0053171635329343,
  "efc": 0.7785078627053784,
  "fber": 17.142093658447266,
  "fd_mean": 0.14024647995033712,
  "fd_num": 20,
  "fd_perc": 11.904761904761905,
  "fwhm_avg": 2.8229571163006337,
  "fwhm_x": 2.866819066445999,
  "fwhm_y": 2.763223904407168,
  "fwhm_z": 2.838828378048735,
  "gcor": 0.000321224,
  "gsr_x": 0.031363796442747116,
  "gsr_y": 0.01551443338394165,
  "provenance": {
    "md5sum": "b5c790ab599dfc7991680feb38c249b6",
    "settings": {
      "fd_thres": 0.2,
      "testing": false
    },
    "software": "mriqc",
    "version": "23.0.1",
    "webapi_port": null,
    "webapi_url": "https://mriqc.nimh.nih.gov/api/v1"
  },
  "size_t": 168,
  "size_x": 122,
  "size_y": 106,
  "size_z": 48,
  "snr": 2.193840159140576,
  "spacing_tr": 2.200000047683716,
  "spacing_x": 1.049180269241333,
  "spacing_y": 1.049180269241333,
  "spacing_z": 1.0500000715255737,
  "summary_bg_k": 15.498499193743367,
  "summary_bg_mad": 26.483857627108076,
  "summary_bg_mean": 110.43795776367188,
  "summary_bg_median": 96.66667175292969,
  "summary_bg_n": 234775.0,
  "summary_bg_p05": 72.31547546386719,
  "summary_bg_p95": 189.39465332031244,
  "summary_bg_stdv": 42.85416793823242,
  "summary_fg_k": 9.79191769900696,
  "summary_fg_mad": 168.22241464841892,
  "summary_fg_mean": 466.09539794921875,
  "summary_fg_median": 437.0,
  "summary_fg_n": 241227.0,
  "summary_fg_p05": 220.91845703125,
  "summary_fg_p95": 806.450616455078,
  "summary_fg_stdv": 199.1936798095703,
  "tsnr": 13.379111396498047
}