{
  "aor": 0.0004316666666666667,
  "aqi": 0.024455060714285715,
  "bids_meta": {
    "AcquisitionMatrixPE": 106,
    "AcquisitionNumber": 1,
    "AcquisitionTime": "15:04:58.357500",
    "BandwidthPerPixelPhaseEncode": 18.868,
    "BaseResolution": 122,
    "CoilString": "C:H01-32",
    "ConversionSoftware": "dcm2niix",
    "ConversionSoftwareVersion": "v1.0.20181125  GCC4.3.2",
    "DerivedVendorReportedEchoSpacing": 0.000999996,
    "DeviceSerialNumber": "18912",
    "DwellTime": 3.6e-06,
    "EchoTime": 0.039,
    "EffectiveEchoSpacing": 0.000499998,
    "FlipAngle": 90,
    "ImageComments": "Unaliased_MB2_PE4",
    "ImageOrientationPatientDICOM": [
      1,
      0,
      0,
      0,
      -0.608761,
      -0.793353
    ],
    "ImageType": [
      "ORIGINAL",
      "PRIMARY",
      "M",
      "MB",
      "ND",
      "MOSAIC"
    ],
    "ImagingFrequency": 297.281,
    "InPlanePhaseEncodingDirectionDICOM": "COL",
    "InstitutionAddress": "6th_Street_SE_2021_Minneapolis_0735BC_Chicago_US_55455",
    "InstitutionName": "CMRR_7T_PS",
    "InstitutionalDepartmentName": "CMRR",
    "MRAcquisitionType": "2D",
    "MagneticFieldStrength": 6.98,
    "Manufacturer": "Siemens",
    "ManufacturersModelName": "Investigational_Device_7T",
    "Modality": "MR",
    "MultibandAccelerationFactor": 2,
    "ParallelReductionFactorInPlane": 2,
    "PartialFourier": 0.75,
    "PatientPosition": "HFS",
    "PercentPhaseFOV": 86.8852,
    "PhaseEncodingDirection": "j",
    "PhaseEncodingSteps": 80,
    "PhaseResolution": 1,
    "PixelBandwidth": 1138,
    "ProcedureStepDescription": "Ruyuan_fmri",
    "ProtocolName": "eja_ep2d_se_1p05iso_2p2sTR_R2_MB2",
    "PulseSequenceDetails": "%CustomerSeq%_eja_ep2d_se",
    "ReceiveCoilName": "VM_8T_32R_Head",
    "ReconMatrixPE": 106,
    "RepetitionTime": 2.2,
    "SAR": 0.0151396,
    "ScanOptions": "PFP",
    "ScanningSequence": "EP",
    "SequenceName": "epse2d1_106",
    "SequenceVariant": "SK_SS",
    "SeriesDescription": "eja_ep2d_se_1p05iso_2p2sTR_R2_MB2",
    "SeriesNumber": 11,
    "ShimSetting": [
      -1149,
      -600,
      1136,
      1672,
      104,
      1104,
      713,
      280
    ],
    "SliceThickness": 1.05,
    "SliceTiming": [
      0,
      1.0125,
      2.025,
      0.83,
      1.8425,
      0.645,
      1.6575,
      0.46,
      1.4725,
      0.2775,
      1.29,
      0.0925,
      1.105,
      2.1175,
      0.92,
      1.9325,
      0.7375,
      1.75,
      0.5525,
      1.565,
      0.37,
      1.38,
      0.185,
      1.1975,
      0,
      1.0125,
      2.025,
      0.83,
      1.8425,
      0.645,
      1.6575,
      0.46,
      1.4725,
      0.2775,
      1.29,
      0.0925,
      1.105,
      2.1175,
      0.92,
      1.9325,
      0.7375,
      1.75,
      0.5525,
      1.565,
      0.37,
      1.38,
      0.185,
      1.1975
    ],
    "SoftwareVersions": "syngo_MR_B17",
    "SpacingBetweenSlices": 1.05,
    "StationName": "SEPTET",
    "TotalReadoutTime": 0.0524998,
    "TxRefAmp": 65,
    "dataset": "ds002702",
    "modality": "bold",
    "run_id": 4,
    "session_id": "ringSE",
    "subject_id": "01",
    "task_id": "ring"
  },
  "dummy_trs": 0,
  "dvars_nstd": 109.25544391580834,
  "dvars_std": 1.0211952741916166,
  "dvars_vstd": 0.9991130629940121,
  "efc": 0.7775400448928941,
  "fber": 17.5249080657959,
  "fd_mean": 0.12339142052740223,
  "fd_num": 9,
  "fd_perc": 5.357142857142857,
  "fwhm_avg": 2.8213458884611717,
  "fwhm_x": 2.863511722511187,
  "fwhm_y": 2.7599832792260837,
  "fwhm_z": 2.840542663646244,
  "gcor": 0.000318504,
  "gsr_x": 0.030934439972043037,
  "gsr_y": 0.018283547833561897,
  "provenance": {
    "md5sum": "fbd1853dea75456673f9ef49f6077e7e",
    "settings": {
      "fd_thres": 0.2,
      "testing": false
    },
    "software": "mriqc",
    "version": "23.0.1",
    "webapi_port": null,
    "webapi_url": "https://mriqc.nimh.nih.gov/api/v1"
  },
  "size_t": 168,
  "size_x": 122,
  "size_y": 106,
  "size_z": 48,
  "snr": 2.2066583700337548,
  "spacing_tr": 2.200000047683716,
  "spacing_x": 1.049180269241333,
  "spacing_y": 1.049180269241333,
  "spacing_z": 1.0500000715255737,
  "summary_bg_k": 12.323350300909027,
  "summary_bg_mad": 26.757445425104557,
  "summary_bg_mean": 109.92591094970703,
  "summary_bg_median": 96.125,
  "summary_bg_n": 235759.0,
  "summary_bg_p05": 71.78571319580078,
  "summary_bg_p95": 189.53036499023423,
  "summary_bg_stdv": 42.44639587402344,
  "summary_fg_k": 9.798429989498578,
  "summary_fg_mad": 167.58698784309993,
  "summary_fg_mean": 467.342529296875,
  "summary_fg_median": 438.3988037109375,
  "summary_fg_n": 240375.0,
  "summary_fg_p05": 222.9744110107422,
  "summary_fg_p95": 807.5732482910156,
  "summary_fg_stdv": 198.6704864501953,
  "tsnr": 13.074485898483545
}