{
  "aor": 0.00042678571428571434,
  "aqi": 0.025846195833333332,
  "bids_meta": {
    "AcquisitionMatrixPE": 106,
    "AcquisitionNumber": 1,
    "AcquisitionTime": "15:19:19.400000",
    "BandwidthPerPixelPhaseEncode": 18.868,
    "BaseResolution": 122,
    "CoilString": "C:H01-32",
    "ConversionSoftware": "dcm2niix",
    "ConversionSoftwareVersion": "v1.0.20181125  GCC4.3.2",
    "DerivedVendorReportedEchoSpacing": 0.000999996,
    "DeviceSerialNumber": "18912",
    "DwellTime": 3.6e-06,
    "EchoTime": 0.039,
    "EffectiveEchoSpacing": 0.000499998,
    "FlipAngle": 90,
    "ImageComments": "Unaliased_MB2_PE4",
    "ImageOrientationPatientDICOM": [
      1,
      0,
      0,
      0,
      -0.608761,
      -0.793353
    ],
    "ImageType": [
      "ORIGINAL",
      "PRIMARY",
      "M",
      "MB",
      "ND",
      "MOSAIC"
    ],
    "ImagingFrequency": 297.281,
    "InPlanePhaseEncodingDirectionDICOM": "COL",
    "InstitutionAddress": "6th_Street_SE_2021_Minneapolis_0735BC_Chicago_US_55455",
    "InstitutionName": "CMRR_7T_PS",
    "InstitutionalDepartmentName": "CMRR",
    "MRAcquisitionType": "2D",
    "MagneticFieldStrength": 6.98,
    "Manufacturer": "Siemens",
    "ManufacturersModelName": "Investigational_Device_7T",
    "Modality": "MR",
    "MultibandAccelerationFactor": 2,
    "ParallelReductionFactorInPlane": 2,
    "PartialFourier": 0.75,
    "PatientPosition": "HFS",
    "PercentPhaseFOV": 86.8852,
    "PhaseEncodingDirection": "j",
    "PhaseEncodingSteps": 80,
    "PhaseResolution": 1,
    "PixelBandwidth": 1138,
    "ProcedureStepDescription": "Ruyuan_fmri",
    "ProtocolName": "eja_ep2d_se_1p05iso_2p2sTR_R2_MB2",
    "PulseSequenceDetails": "%CustomerSeq%_eja_ep2d_se",
    "ReceiveCoilName": "VM_8T_32R_Head",
    "ReconMatrixPE": 106,
    "RepetitionTime": 2.2,
    "SAR": 0.014857,
    "ScanOptions": "PFP",
    "ScanningSequence": "EP",
    "SequenceName": "epse2d1_106",
    "SequenceVariant": "SK_SS",
    "SeriesDescription": "eja_ep2d_se_1p05iso_2p2sTR_R2_MB2",
    "SeriesNumber": 13,
    "ShimSetting": [
      -1149,
      -600,
      1136,
      1672,
      104,
      1104,
      713,
      280
    ],
    "SliceThickness": 1.05,
    "SliceTiming": [
      0,
      1.0125,
      2.025,
      0.8275,
      1.84,
      0.645,
      1.6575,
      0.46,
      1.4725,
      0.2775,
      1.2875,
      0.0925,
      1.105,
      2.1175,
      0.92,
      1.9325,
      0.7375,
      1.7475,
      0.5525,
      1.565,
      0.3675,
      1.38,
      0.185,
      1.1975,
      0,
      1.0125,
      2.025,
      0.8275,
      1.84,
      0.645,
      1.6575,
      0.46,
      1.4725,
      0.2775,
      1.2875,
      0.0925,
      1.105,
      2.1175,
      0.92,
      1.9325,
      0.7375,
      1.7475,
      0.5525,
      1.565,
      0.3675,
      1.38,
      0.185,
      1.1975
    ],
    "SoftwareVersions": "syngo_MR_B17",
    "SpacingBetweenSlices": 1.05,
    "StationName": "SEPTET",
    "TotalReadoutTime": 0.0524998,
    "TxRefAmp": 65,
    "dataset": "ds002702",
    "modality": "bold",
    "run_id": 6,
    "session_id": "ringSE",
    "subject_id": "01",
    "task_id": "ring"
  },
  "dummy_trs": 0,
  "dvars_nstd": 109.0376884324551,
  "dvars_std": 1.0169933955089814,
  "dvars_vstd": 0.9952777228742513,
  "efc": 0.7777490340681488,
  "fber": 17.393901824951172,
  "fd_mean": 0.1322321291849823,
  "fd_num": 24,
  "fd_perc": 14.285714285714286,
  "fwhm_avg": 2.817536739474581,
  "fwhm_x": 2.8658278163906084,
  "fwhm_y": 2.7591064041770847,
  "fwhm_z": 2.827675997856049,
  "gcor": 0.00031562,
  "gsr_x": 0.031643547117710114,
  "gsr_y": 0.017112161964178085,
  "provenance": {
    "md5sum": "f87a58e552e9c608c52d595278bb869a",
    "settings": {
      "fd_thres": 0.2,
      "testing": false
    },
    "software": "mriqc",
    "version": "23.0.1",
    "webapi_port": null,
    "webapi_url": "https://mriqc.nimh.nih.gov/api/v1"
  },
  "size_t": 168,
  "size_x": 122,
  "size_y": 106,
  "size_z": 48,
  "snr": 2.2061247639348345,
  "spacing_tr": 2.200000047683716,
  "spacing_x": 1.049180269241333,
  "spacing_y": 1.049180269241333,
  "spacing_z": 1.0500000715255737,
  "summary_bg_k": 14.40053682512087,
  "summary_bg_mad": 27.075147516406794,
  "summary_bg_mean": 109.69691467285156,
  "summary_bg_median": 96.0714340209961,
  "summary_bg_n": 235568.0,
  "summary_bg_p05": 71.04762268066406,
  "summary_bg_p95": 189.05744171142575,
  "summary_bg_stdv": 42.89167404174805,
  "summary_fg_k": 10.020991278055817,
  "summary_fg_mad": 167.18109109925794,
  "summary_fg_mean": 467.34136962890625,
  "summary_fg_median": 438.6964416503906,
  "summary_fg_n": 240755.0,
  "summary_fg_p05": 222.14881896972656,
  "summary_fg_p95": 807.3232482910156,
  "summary_fg_stdv": 198.85345458984375,
  "tsnr": 12.788274398830254
}