{
  "aor": 0.0005938690476190476,
  "aqi": 0.02524541845238095,
  "bids_meta": {
    "AcquisitionMatrixPE": 106,
    "AcquisitionNumber": 1,
    "AcquisitionTime": "14:41:19.352500",
    "BandwidthPerPixelPhaseEncode": 18.868,
    "BaseResolution": 122,
    "CoilString": "C:H01-32",
    "ConversionSoftware": "dcm2niix",
    "ConversionSoftwareVersion": "v1.0.20181125  GCC4.3.2",
    "DerivedVendorReportedEchoSpacing": 0.000999996,
    "DeviceSerialNumber": "18912",
    "DwellTime": 3.6e-06,
    "EchoTime": 0.039,
    "EffectiveEchoSpacing": 0.000499998,
    "FlipAngle": 90,
    "ImageComments": "Unaliased_MB2_PE4",
    "ImageOrientationPatientDICOM": [
      1,
      0,
      0,
      0,
      -0.608761,
      -0.793353
    ],
    "ImageType": [
      "ORIGINAL",
      "PRIMARY",
      "M",
      "MB",
      "ND",
      "MOSAIC"
    ],
    "ImagingFrequency": 297.281,
    "InPlanePhaseEncodingDirectionDICOM": "COL",
    "InstitutionAddress": "6th_Street_SE_2021_Minneapolis_0735BC_Chicago_US_55455",
    "InstitutionName": "CMRR_7T_PS",
    "InstitutionalDepartmentName": "CMRR",
    "MRAcquisitionType": "2D",
    "MagneticFieldStrength": 6.98,
    "Manufacturer": "Siemens",
    "ManufacturersModelName": "Investigational_Device_7T",
    "Modality": "MR",
    "MultibandAccelerationFactor": 2,
    "ParallelReductionFactorInPlane": 2,
    "PartialFourier": 0.75,
    "PatientPosition": "HFS",
    "PercentPhaseFOV": 86.8852,
    "PhaseEncodingDirection": "j",
    "PhaseEncodingSteps": 80,
    "PhaseResolution": 1,
    "PixelBandwidth": 1138,
    "ProcedureStepDescription": "Ruyuan_fmri",
    "ProtocolName": "eja_ep2d_se_1p05iso_2p2sTR_R2_MB2",
    "PulseSequenceDetails": "%CustomerSeq%_eja_ep2d_se",
    "ReceiveCoilName": "VM_8T_32R_Head",
    "ReconMatrixPE": 106,
    "RepetitionTime": 2.2,
    "SAR": 0.0153857,
    "ScanOptions": "PFP",
    "ScanningSequence": "EP",
    "SequenceName": "epse2d1_106",
    "SequenceVariant": "SK_SS",
    "SeriesDescription": "eja_ep2d_se_1p05iso_2p2sTR_R2_MB2",
    "SeriesNumber": 6,
    "ShimSetting": [
      -1149,
      -600,
      1136,
      1672,
      104,
      1104,
      713,
      280
    ],
    "SliceThickness": 1.05,
    "SliceTiming": [
      0,
      1.0125,
      2.025,
      0.8275,
      1.84,
      0.6425,
      1.655,
      0.46,
      1.4725,
      0.275,
      1.2875,
      0.0925,
      1.1025,
      2.115,
      0.92,
      1.9325,
      0.735,
      1.7475,
      0.5525,
      1.565,
      0.3675,
      1.38,
      0.1825,
      1.195,
      0,
      1.0125,
      2.025,
      0.8275,
      1.84,
      0.6425,
      1.655,
      0.46,
      1.4725,
      0.275,
      1.2875,
      0.0925,
      1.1025,
      2.115,
      0.92,
      1.9325,
      0.735,
      1.7475,
      0.5525,
      1.565,
      0.3675,
      1.38,
      0.1825,
      1.195
    ],
    "SoftwareVersions": "syngo_MR_B17",
    "SpacingBetweenSlices": 1.05,
    "StationName": "SEPTET",
    "TotalReadoutTime": 0.0524998,
    "TxRefAmp": 65,
    "dataset": "ds002702",
    "modality": "bold",
    "run_id": 1,
    "session_id": "ringSE",
    "subject_id": "01",
    "task_id": "ring"
  },
  "dummy_trs": 0,
  "dvars_nstd": 108.14788822940113,
  "dvars_std": 1.0263365508383238,
  "dvars_vstd": 1.0024465761077852,
  "efc": 0.7755012620982801,
  "fber": 17.71247673034668,
  "fd_mean": 0.14034876026090393,
  "fd_num": 16,
  "fd_perc": 9.523809523809524,
  "fwhm_avg": 2.795830383548808,
  "fwhm_x": 2.854056721982847,
  "fwhm_y": 2.7525489038106556,
  "fwhm_z": 2.780885524852921,
  "gcor": 0.000847827,
  "gsr_x": 0.03375716134905815,
  "gsr_y": 0.014502927660942078,
  "provenance": {
    "md5sum": "c5602d9d94ac2d64efd2c4949d061f72",
    "settings": {
      "fd_thres": 0.2,
      "testing": false
    },
    "software": "mriqc",
    "version": "23.0.1",
    "webapi_port": null,
    "webapi_url": "https://mriqc.nimh.nih.gov/api/v1"
  },
  "size_t": 168,
  "size_x": 122,
  "size_y": 106,
  "size_z": 48,
  "snr": 2.22757279948225,
  "spacing_tr": 2.200000047683716,
  "spacing_x": 1.049180269241333,
  "spacing_y": 1.049180269241333,
  "spacing_z": 1.0500000715255737,
  "summary_bg_k": 9.05810064231826,
  "summary_bg_mad": 28.001773902972797,
  "summary_bg_mean": 108.87301635742188,
  "summary_bg_median": 95.63095092773438,
  "summary_bg_n": 238349.0,
  "summary_bg_p05": 69.51428985595705,
  "summary_bg_p95": 189.32499694824205,
  "summary_bg_stdv": 42.445316314697266,
  "summary_fg_k": 10.02301655222642,
  "summary_fg_mad": 166.30740186465886,
  "summary_fg_mean": 468.7296447753906,
  "summary_fg_median": 440.452392578125,
  "summary_fg_n": 238197.0,
  "summary_fg_p05": 224.8976287841797,
  "summary_fg_p95": 807.1797729492187,
  "summary_fg_stdv": 197.72708129882812,
  "tsnr": 13.212157162604854
}