{
  "bids_meta": {
    "AcquisitionMatrixPE": 300,
    "AcquisitionNumber": 1,
    "AcquisitionTime": "12:47:5.030000",
    "BaseResolution": 320,
    "BodyPartExamined": "BRAIN",
    "ConsistencyInfo": "N4_VE11C_LATEST_20160120",
    "ConversionSoftware": "dcm2niix",
    "ConversionSoftwareVersion": "v1.0.20181125  GCC4.3.2",
    "DeviceSerialNumber": "67010",
    "DwellTime": 7.1e-06,
    "EchoTime": 0.00222,
    "FlipAngle": 8,
    "ImageOrientationPatientDICOM": [
      0.019517,
      0.96919,
      -0.245538,
      0.0439638,
      -0.24618,
      -0.968227
    ],
    "ImageType": [
      "ORIGINAL",
      "PRIMARY",
      "M",
      "ND",
      "NORM"
    ],
    "ImagingFrequency": 123.174,
    "InPlanePhaseEncodingDirectionDICOM": "ROW",
    "InstitutionAddress": "6th_SE_2021_Minneapolis_Minneapolis_US_55455",
    "InstitutionName": "CMRR_3T-B",
    "InstitutionalDepartmentName": "Research",
    "InversionTime": 1,
    "MRAcquisitionType": "3D",
    "MagneticFieldStrength": 3,
    "Manufacturer": "Siemens",
    "ManufacturersModelName": "Prisma_fit",
    "Modality": "MR",
    "PartialFourier": 1,
    "PatientPosition": "HFS",
    "PercentPhaseFOV": 93.75,
    "PhaseEncodingSteps": 299,
    "PhaseResolution": 1,
    "PixelBandwidth": 220,
    "ProcedureStepDescription": "Kay_New_Exam",
    "ProtocolName": "T1w_MPR",
    "PulseSequenceDetails": "%SiemensSeq%_tfl",
    "ReceiveCoilActiveElements": "HEA;HEP",
    "ReceiveCoilName": "Head_32",
    "ReconMatrixPE": 320,
    "RepetitionTime": 2.4,
    "SAR": 0.0395457,
    "ScanOptions": "IR_WE",
    "ScanningSequence": "GR_IR",
    "SequenceName": "_tfl3d1_16ns",
    "SequenceVariant": "SK_SP_MP",
    "SeriesDescription": "T1w_MPR",
    "SeriesNumber": 32,
    "ShimSetting": [
      -1055,
      -11665,
      -3761,
      530,
      89,
      -291,
      -60,
      68
    ],
    "SliceThickness": 0.8,
    "SoftwareVersions": "syngo_MR_E11",
    "StationName": "TRIOB",
    "TxRefAmp": 246.973,
    "dataset": "ds002702",
    "modality": "T1w",
    "run_id": 8,
    "session_id": "anatomicals",
    "subject_id": "07"
  },
  "cjv": 0.3487818225626751,
  "cnr": 3.803353382803053,
  "efc": 0.5670480183634635,
  "fber": 39694.70242214533,
  "fwhm_avg": 4.133250039642992,
  "fwhm_x": 4.076187742959722,
  "fwhm_y": 4.149937438161113,
  "fwhm_z": 4.1736249378081425,
  "icvs_csf": 0.17821706225168596,
  "icvs_gm": 0.46564752159847134,
  "icvs_wm": 0.3561354161498427,
  "inu_med": 0.40366068482398987,
  "inu_range": 0.1341162919998169,
  "provenance": {
    "md5sum": "150b6d57c55af357c8bebcd6c8cc7105",
    "settings": {
      "testing": false
    },
    "software": "mriqc",
    "version": "23.0.1",
    "warnings": {
      "large_rot_frame": true,
      "small_air_mask": false
    },
    "webapi_port": null,
    "webapi_url": "https://mriqc.nimh.nih.gov/api/v1"
  },
  "qi_1": 1.4049466795187148e-05,
  "qi_2": 0.0020167513554180433,
  "rpve_csf": 25.25648356994665,
  "rpve_gm": 10.863335528236705,
  "rpve_wm": 15.54827021560223,
  "size_x": 208,
  "size_y": 300,
  "size_z": 320,
  "snr_csf": 2.5962528197156565,
  "snr_gm": 15.292254857114958,
  "snr_total": 13.986858014846087,
  "snr_wm": 24.072066367707645,
  "snrd_csf": 36.692019448029235,
  "snrd_gm": 93.20346252603301,
  "snrd_total": 84.50439624856274,
  "snrd_wm": 123.61770677162599,
  "spacing_x": 0.7999999523162842,
  "spacing_y": 0.800000011920929,
  "spacing_z": 0.800000011920929,
  "summary_bg_k": 16.13988989665628,
  "summary_bg_mad": 0.0,
  "summary_bg_mean": 3.168648862658521,
  "summary_bg_median": 0.0,
  "summary_bg_n": 6906631.0,
  "summary_bg_p05": 0.0,
  "summary_bg_p95": 13.334261300042272,
  "summary_bg_stdv": 5.299943028728516,
  "summary_csf_k": 1.4776573553984491,
  "summary_csf_mad": 87.05414684570191,
  "summary_csf_mean": 308.9414162751067,
  "summary_csf_median": 296.8322515487671,
  "summary_csf_n": 68039.0,
  "summary_csf_p05": 114.16214774604887,
  "summary_csf_p95": 517.4620985202491,
  "summary_csf_stdv": 114.330186932349,
  "summary_gm_k": 0.4252433951512691,
  "summary_gm_mad": 47.20590190329728,
  "summary_gm_mean": 752.8986702973403,
  "summary_gm_median": 754.0002989731729,
  "summary_gm_n": 116918.0,
  "summary_gm_p05": 670.6785583626479,
  "summary_gm_p95": 831.5245346706361,
  "summary_gm_stdv": 49.305814056066104,
  "summary_wm_k": 0.7636289773552338,
  "summary_wm_mad": 38.61050825739464,
  "summary_wm_mean": 999.4296669279084,
  "summary_wm_median": 1000.0464074835181,
  "summary_wm_n": 410541.0,
  "summary_wm_p05": 931.8677497059107,
  "summary_wm_p95": 1067.1815143767744,
  "summary_wm_stdv": 41.54380327160652,
  "tpm_overlap_csf": 0.1424913139120912,
  "tpm_overlap_gm": 0.4546589109322558,
  "tpm_overlap_wm": 0.5047955976353499,
  "wm2max": 0.828176896388036
}