{
  "bids_meta": {
    "AcquisitionMatrixPE": 300,
    "AcquisitionNumber": 1,
    "AcquisitionTime": "11:59:59.862500",
    "BaseResolution": 320,
    "BodyPartExamined": "BRAIN",
    "ConsistencyInfo": "N4_VE11C_LATEST_20160120",
    "ConversionSoftware": "dcm2niix",
    "ConversionSoftwareVersion": "v1.0.20181125  GCC4.3.2",
    "DeviceSerialNumber": "67010",
    "DwellTime": 7.1e-06,
    "EchoTime": 0.00222,
    "FlipAngle": 8,
    "ImageOrientationPatientDICOM": [
      0.019517,
      0.96919,
      -0.245538,
      0.0439638,
      -0.24618,
      -0.968227
    ],
    "ImageType": [
      "ORIGINAL",
      "PRIMARY",
      "M",
      "ND",
      "NORM"
    ],
    "ImagingFrequency": 123.174,
    "InPlanePhaseEncodingDirectionDICOM": "ROW",
    "InstitutionAddress": "6th_SE_2021_Minneapolis_Minneapolis_US_55455",
    "InstitutionName": "CMRR_3T-B",
    "InstitutionalDepartmentName": "Research",
    "InversionTime": 1,
    "MRAcquisitionType": "3D",
    "MagneticFieldStrength": 3,
    "Manufacturer": "Siemens",
    "ManufacturersModelName": "Prisma_fit",
    "Modality": "MR",
    "PartialFourier": 1,
    "PatientPosition": "HFS",
    "PercentPhaseFOV": 93.75,
    "PhaseEncodingSteps": 299,
    "PhaseResolution": 1,
    "PixelBandwidth": 220,
    "ProcedureStepDescription": "Kay_New_Exam",
    "ProtocolName": "T1w_MPR",
    "PulseSequenceDetails": "%SiemensSeq%_tfl",
    "ReceiveCoilActiveElements": "HEA;HEP",
    "ReceiveCoilName": "Head_32",
    "ReconMatrixPE": 320,
    "RepetitionTime": 2.4,
    "SAR": 0.0395457,
    "ScanOptions": "IR_WE",
    "ScanningSequence": "GR_IR",
    "SequenceName": "_tfl3d1_16ns",
    "SequenceVariant": "SK_SP_MP",
    "SeriesDescription": "T1w_MPR",
    "SeriesNumber": 18,
    "ShimSetting": [
      -1055,
      -11665,
      -3761,
      530,
      89,
      -291,
      -60,
      68
    ],
    "SliceThickness": 0.8,
    "SoftwareVersions": "syngo_MR_E11",
    "StationName": "TRIOB",
    "TxRefAmp": 246.973,
    "dataset": "ds002702",
    "modality": "T1w",
    "run_id": 1,
    "session_id": "anatomicals",
    "subject_id": "07"
  },
  "cjv": 0.341184610953172,
  "cnr": 3.8758374928109984,
  "efc": 0.5649082550844129,
  "fber": 39147.44897959184,
  "fwhm_avg": 4.1901292064822035,
  "fwhm_x": 4.1172627454079835,
  "fwhm_y": 4.222149937085064,
  "fwhm_z": 4.230974936953561,
  "icvs_csf": 0.17858062133530017,
  "icvs_gm": 0.46573051601681575,
  "icvs_wm": 0.355688862647884,
  "inu_med": 0.41320788860321045,
  "inu_range": 0.14477438330650327,
  "provenance": {
    "md5sum": "46d837e174ff4a54f1a7007b444229b8",
    "settings": {
      "testing": false
    },
    "software": "mriqc",
    "version": "23.0.1",
    "warnings": {
      "large_rot_frame": true,
      "small_air_mask": false
    },
    "webapi_port": null,
    "webapi_url": "https://mriqc.nimh.nih.gov/api/v1"
  },
  "qi_1": 1.6124182764766195e-05,
  "qi_2": 0.0019851796639120635,
  "rpve_csf": 25.178553108064868,
  "rpve_gm": 10.842035208575052,
  "rpve_wm": 15.550404618108308,
  "size_x": 208,
  "size_y": 300,
  "size_z": 320,
  "snr_csf": 2.602629990118474,
  "snr_gm": 15.119479548106511,
  "snr_total": 13.973940647946982,
  "snr_wm": 24.199712405615962,
  "snrd_csf": 36.70076538559924,
  "snrd_gm": 93.48617125884773,
  "snrd_total": 84.99401449173564,
  "snrd_wm": 124.79510683075993,
  "spacing_x": 0.7999999523162842,
  "spacing_y": 0.800000011920929,
  "spacing_z": 0.800000011920929,
  "summary_bg_k": 15.800038358165082,
  "summary_bg_mad": 0.0,
  "summary_bg_mean": 3.142638092516057,
  "summary_bg_median": 0.0,
  "summary_bg_n": 7024229.0,
  "summary_bg_p05": 0.0,
  "summary_bg_p95": 13.312973722815514,
  "summary_bg_stdv": 5.249946531265212,
  "summary_csf_k": 1.2430877849248212,
  "summary_csf_mad": 88.82029969358878,
  "summary_csf_mean": 307.47216693231564,
  "summary_csf_median": 294.1021990701556,
  "summary_csf_n": 67064.0,
  "summary_csf_p05": 121.46299143880606,
  "summary_csf_p95": 515.1464725393802,
  "summary_csf_stdv": 113.0010825513392,
  "summary_gm_k": 0.418596825520718,
  "summary_gm_mad": 47.2930070451327,
  "summary_gm_mean": 748.6195832519473,
  "summary_gm_median": 749.1530016064644,
  "summary_gm_n": 121530.0,
  "summary_gm_p05": 666.8416049331427,
  "summary_gm_p95": 829.3171444535255,
  "summary_gm_stdv": 49.548657878293916,
  "summary_wm_k": 0.6978537499267801,
  "summary_wm_mad": 38.30839688098632,
  "summary_wm_mean": 999.3346425311896,
  "summary_wm_median": 1000.0476820170879,
  "summary_wm_n": 412152.0,
  "summary_wm_p05": 931.4787098318338,
  "summary_wm_p95": 1066.432419893517,
  "summary_wm_stdv": 41.32472535424693,
  "tpm_overlap_csf": 0.1417705415499857,
  "tpm_overlap_gm": 0.45527673915266514,
  "tpm_overlap_wm": 0.5055101395938225,
  "wm2max": 0.8331875563211691
}