{
  "bids_meta": {
    "AcquisitionMatrixPE": 300,
    "AcquisitionNumber": 1,
    "AcquisitionTime": "12:40:26.005000",
    "BaseResolution": 320,
    "BodyPartExamined": "BRAIN",
    "ConsistencyInfo": "N4_VE11C_LATEST_20160120",
    "ConversionSoftware": "dcm2niix",
    "ConversionSoftwareVersion": "v1.0.20181125  GCC4.3.2",
    "DeviceSerialNumber": "67010",
    "DwellTime": 7.1e-06,
    "EchoTime": 0.00222,
    "FlipAngle": 8,
    "ImageOrientationPatientDICOM": [
      0.019517,
      0.96919,
      -0.245538,
      0.0439638,
      -0.24618,
      -0.968227
    ],
    "ImageType": [
      "ORIGINAL",
      "PRIMARY",
      "M",
      "ND",
      "NORM"
    ],
    "ImagingFrequency": 123.174,
    "InPlanePhaseEncodingDirectionDICOM": "ROW",
    "InstitutionAddress": "6th_SE_2021_Minneapolis_Minneapolis_US_55455",
    "InstitutionName": "CMRR_3T-B",
    "InstitutionalDepartmentName": "Research",
    "InversionTime": 1,
    "MRAcquisitionType": "3D",
    "MagneticFieldStrength": 3,
    "Manufacturer": "Siemens",
    "ManufacturersModelName": "Prisma_fit",
    "Modality": "MR",
    "PartialFourier": 1,
    "PatientPosition": "HFS",
    "PercentPhaseFOV": 93.75,
    "PhaseEncodingSteps": 299,
    "PhaseResolution": 1,
    "PixelBandwidth": 220,
    "ProcedureStepDescription": "Kay_New_Exam",
    "ProtocolName": "T1w_MPR",
    "PulseSequenceDetails": "%SiemensSeq%_tfl",
    "ReceiveCoilActiveElements": "HEA;HEP",
    "ReceiveCoilName": "Head_32",
    "ReconMatrixPE": 320,
    "RepetitionTime": 2.4,
    "SAR": 0.0395457,
    "ScanOptions": "IR_WE",
    "ScanningSequence": "GR_IR",
    "SequenceName": "_tfl3d1_16ns",
    "SequenceVariant": "SK_SP_MP",
    "SeriesDescription": "T1w_MPR",
    "SeriesNumber": 30,
    "ShimSetting": [
      -1055,
      -11665,
      -3761,
      530,
      89,
      -291,
      -60,
      68
    ],
    "SliceThickness": 0.8,
    "SoftwareVersions": "syngo_MR_E11",
    "StationName": "TRIOB",
    "TxRefAmp": 246.973,
    "dataset": "ds002702",
    "modality": "T1w",
    "run_id": 7,
    "session_id": "anatomicals",
    "subject_id": "07"
  },
  "cjv": 0.3445611583840197,
  "cnr": 3.841557854663477,
  "efc": 0.5673081369339545,
  "fber": 39253.515625,
  "fwhm_avg": 4.186120873020781,
  "fwhm_x": 4.1097002449572235,
  "fwhm_y": 4.227599937003852,
  "fwhm_z": 4.221062437101268,
  "icvs_csf": 0.18011949220858814,
  "icvs_gm": 0.4650627751119336,
  "icvs_wm": 0.35481773267947825,
  "inu_med": 0.4088344871997833,
  "inu_range": 0.13757990300655365,
  "provenance": {
    "md5sum": "d513a20b2972c2d2829e7ac1619c4cc6",
    "settings": {
      "testing": false
    },
    "software": "mriqc",
    "version": "23.0.1",
    "warnings": {
      "large_rot_frame": true,
      "small_air_mask": false
    },
    "webapi_port": null,
    "webapi_url": "https://mriqc.nimh.nih.gov/api/v1"
  },
  "qi_1": 1.3316974048512501e-05,
  "qi_2": 0.0020570921793351487,
  "rpve_csf": 24.934354243635237,
  "rpve_gm": 10.851089803995736,
  "rpve_wm": 15.583808319492677,
  "size_x": 208,
  "size_y": 300,
  "size_z": 320,
  "snr_csf": 2.601255354265459,
  "snr_gm": 15.343600601946406,
  "snr_total": 13.983680357669025,
  "snr_wm": 24.00618511679521,
  "snrd_csf": 36.92332071233924,
  "snrd_gm": 94.05365129999987,
  "snrd_total": 85.34535759453813,
  "snrd_wm": 125.05910077127527,
  "spacing_x": 0.7999999523162842,
  "spacing_y": 0.800000011920929,
  "spacing_z": 0.800000011920929,
  "summary_bg_k": 15.456109254519962,
  "summary_bg_mad": 0.0,
  "summary_bg_mean": 3.152118171900111,
  "summary_bg_median": 0.0,
  "summary_bg_n": 6929795.0,
  "summary_bg_p05": 0.0,
  "summary_bg_p95": 13.234540447592735,
  "summary_bg_stdv": 5.238858536743847,
  "summary_csf_k": 1.2639746219022099,
  "summary_csf_mad": 86.74249070523119,
  "summary_csf_mean": 308.1425190553875,
  "summary_csf_median": 295.2607333660126,
  "summary_csf_n": 69527.0,
  "summary_csf_p05": 117.06044226884842,
  "summary_csf_p95": 517.3050997452809,
  "summary_csf_stdv": 113.50619981278784,
  "summary_gm_k": 0.3853464383933667,
  "summary_gm_mad": 47.015742672170305,
  "summary_gm_mean": 751.2050172774948,
  "summary_gm_median": 752.1086815278977,
  "summary_gm_n": 119203.0,
  "summary_gm_p05": 669.0456300461665,
  "summary_gm_p95": 829.8126761382445,
  "summary_gm_stdv": 49.017538079489384,
  "summary_wm_k": 0.7394565021022332,
  "summary_wm_mad": 38.414038098055386,
  "summary_wm_mean": 999.1105355878726,
  "summary_wm_median": 1000.0466126948595,
  "summary_wm_n": 411992.0,
  "summary_wm_p05": 930.8681785594672,
  "summary_wm_p95": 1066.6387193836272,
  "summary_wm_stdv": 41.657822521834305,
  "tpm_overlap_csf": 0.14355690394725282,
  "tpm_overlap_gm": 0.4562848068138132,
  "tpm_overlap_wm": 0.5058697243293108,
  "wm2max": 0.8338838077143435
}