{
  "bids_meta": {
    "AcquisitionMatrixPE": 300,
    "AcquisitionNumber": 1,
    "AcquisitionTime": "12:06:39.190000",
    "BaseResolution": 320,
    "BodyPartExamined": "BRAIN",
    "ConsistencyInfo": "N4_VE11C_LATEST_20160120",
    "ConversionSoftware": "dcm2niix",
    "ConversionSoftwareVersion": "v1.0.20181125  GCC4.3.2",
    "DeviceSerialNumber": "67010",
    "DwellTime": 7.1e-06,
    "EchoTime": 0.00222,
    "FlipAngle": 8,
    "ImageOrientationPatientDICOM": [
      0.019517,
      0.96919,
      -0.245538,
      0.0439638,
      -0.24618,
      -0.968227
    ],
    "ImageType": [
      "ORIGINAL",
      "PRIMARY",
      "M",
      "ND",
      "NORM"
    ],
    "ImagingFrequency": 123.174,
    "InPlanePhaseEncodingDirectionDICOM": "ROW",
    "InstitutionAddress": "6th_SE_2021_Minneapolis_Minneapolis_US_55455",
    "InstitutionName": "CMRR_3T-B",
    "InstitutionalDepartmentName": "Research",
    "InversionTime": 1,
    "MRAcquisitionType": "3D",
    "MagneticFieldStrength": 3,
    "Manufacturer": "Siemens",
    "ManufacturersModelName": "Prisma_fit",
    "Modality": "MR",
    "PartialFourier": 1,
    "PatientPosition": "HFS",
    "PercentPhaseFOV": 93.75,
    "PhaseEncodingSteps": 299,
    "PhaseResolution": 1,
    "PixelBandwidth": 220,
    "ProcedureStepDescription": "Kay_New_Exam",
    "ProtocolName": "T1w_MPR",
    "PulseSequenceDetails": "%SiemensSeq%_tfl",
    "ReceiveCoilActiveElements": "HEA;HEP",
    "ReceiveCoilName": "Head_32",
    "ReconMatrixPE": 320,
    "RepetitionTime": 2.4,
    "SAR": 0.0395457,
    "ScanOptions": "IR_WE",
    "ScanningSequence": "GR_IR",
    "SequenceName": "_tfl3d1_16ns",
    "SequenceVariant": "SK_SP_MP",
    "SeriesDescription": "T1w_MPR",
    "SeriesNumber": 20,
    "ShimSetting": [
      -1055,
      -11665,
      -3761,
      530,
      89,
      -291,
      -60,
      68
    ],
    "SliceThickness": 0.8,
    "SoftwareVersions": "syngo_MR_E11",
    "StationName": "TRIOB",
    "TxRefAmp": 246.973,
    "dataset": "ds002702",
    "modality": "T1w",
    "run_id": 2,
    "session_id": "anatomicals",
    "subject_id": "07"
  },
  "cjv": 0.3416230726836488,
  "cnr": 3.8790886769953166,
  "efc": 0.5647637375582536,
  "fber": 39645.564769436394,
  "fwhm_avg": 4.152150039494851,
  "fwhm_x": 4.081562743280098,
  "fwhm_y": 4.181274937694148,
  "fwhm_z": 4.193612437510305,
  "icvs_csf": 0.1785529822778943,
  "icvs_gm": 0.46713768709641784,
  "icvs_wm": 0.3543093306256879,
  "inu_med": 0.41215819120407104,
  "inu_range": 0.13903025686740877,
  "provenance": {
    "md5sum": "9f76fdfaeaab8ef1a81bbdd187544678",
    "settings": {
      "testing": false
    },
    "software": "mriqc",
    "version": "23.0.1",
    "warnings": {
      "large_rot_frame": true,
      "small_air_mask": false
    },
    "webapi_port": null,
    "webapi_url": "https://mriqc.nimh.nih.gov/api/v1"
  },
  "qi_1": 1.7546811560709996e-05,
  "qi_2": 0.0020368919650434734,
  "rpve_csf": 25.206300057326402,
  "rpve_gm": 10.834016052806268,
  "rpve_wm": 15.63265566911749,
  "size_x": 208,
  "size_y": 300,
  "size_z": 320,
  "snr_csf": 2.5982100032656468,
  "snr_gm": 15.203311275153874,
  "snr_total": 14.01724358414783,
  "snr_wm": 24.250209474023972,
  "snrd_csf": 37.287238967711026,
  "snrd_gm": 94.49131296614696,
  "snrd_total": 85.9328878082329,
  "snrd_wm": 126.0201114908407,
  "spacing_x": 0.7999999523162842,
  "spacing_y": 0.800000011920929,
  "spacing_z": 0.800000011920929,
  "summary_bg_k": 16.062648961110845,
  "summary_bg_mad": 0.0,
  "summary_bg_mean": 3.1174722376570534,
  "summary_bg_median": 0.0,
  "summary_bg_n": 6995726.0,
  "summary_bg_p05": 0.0,
  "summary_bg_p95": 13.180543098598719,
  "summary_bg_stdv": 5.198788155508109,
  "summary_csf_k": 1.3148572617901966,
  "summary_csf_mad": 86.73071118315772,
  "summary_csf_mean": 308.46926845473206,
  "summary_csf_median": 295.8902242295444,
  "summary_csf_n": 67515.0,
  "summary_csf_p05": 115.26255256384613,
  "summary_csf_p95": 516.8541303832083,
  "summary_csf_stdv": 113.88149247252863,
  "summary_gm_k": 0.4295824298905617,
  "summary_gm_mad": 47.01846293484367,
  "summary_gm_mean": 748.9459439277224,
  "summary_gm_median": 749.8290716968477,
  "summary_gm_n": 122041.0,
  "summary_gm_p05": 666.8317341171205,
  "summary_gm_p95": 828.2285454049706,
  "summary_gm_stdv": 49.319913674227244,
  "summary_wm_k": 0.6895253781943156,
  "summary_wm_mad": 38.45376150805058,
  "summary_wm_mean": 999.196150152826,
  "summary_wm_median": 1000.0236026793718,
  "summary_wm_n": 411749.0,
  "summary_wm_p05": 931.5036415979266,
  "summary_wm_p95": 1065.9970545396209,
  "summary_wm_stdv": 41.23768041629215,
  "tpm_overlap_csf": 0.14447026680194758,
  "tpm_overlap_gm": 0.457838382963465,
  "tpm_overlap_wm": 0.5064446027752267,
  "wm2max": 0.8357538294307493
}