{
  "bids_meta": {
    "AcquisitionMatrixPE": 300,
    "AcquisitionNumber": 1,
    "AcquisitionTime": "13:36:53.290000",
    "BaseResolution": 320,
    "BodyPartExamined": "BRAIN",
    "ConsistencyInfo": "N4_VD13D_LATEST_20130810",
    "ConversionSoftware": "dcm2niix",
    "ConversionSoftwareVersion": "v1.0.20181125  GCC4.3.2",
    "DeviceSerialNumber": "67010",
    "DwellTime": 7.1e-06,
    "EchoTime": 0.00222,
    "FlipAngle": 8,
    "ImageOrientationPatientDICOM": [
      -0.0229028,
      0.991729,
      -0.126292,
      0.103659,
      -0.123289,
      -0.986942
    ],
    "ImageType": [
      "ORIGINAL",
      "PRIMARY",
      "M",
      "ND",
      "NORM"
    ],
    "ImagingFrequency": 123.174,
    "InPlanePhaseEncodingDirectionDICOM": "ROW",
    "InstitutionAddress": "6th_SE_2021_Minneapolis_Minneapolis_US_55455",
    "InstitutionName": "CMRR_3T-B",
    "InstitutionalDepartmentName": "Research",
    "InversionTime": 1,
    "MRAcquisitionType": "3D",
    "MagneticFieldStrength": 3,
    "Manufacturer": "Siemens",
    "ManufacturersModelName": "Prisma_fit",
    "Modality": "MR",
    "PartialFourier": 1,
    "PatientPosition": "HFS",
    "PercentPhaseFOV": 93.75,
    "PhaseEncodingSteps": 299,
    "PhaseResolution": 1,
    "PixelBandwidth": 220,
    "ProcedureStepDescription": "VisionPool_VisionPool",
    "ProtocolName": "T1w_MPR",
    "PulseSequenceDetails": "%SiemensSeq%_tfl",
    "ReceiveCoilActiveElements": "HEA;HEP",
    "ReceiveCoilName": "Head_32",
    "ReconMatrixPE": 320,
    "RepetitionTime": 2.4,
    "SAR": 0.0344424,
    "ScanOptions": "IR_WE",
    "ScanningSequence": "GR_IR",
    "SequenceName": "_tfl3d1_16ns",
    "SequenceVariant": "SK_SP_MP",
    "SeriesDescription": "T1w_MPR",
    "SeriesNumber": 24,
    "ShimSetting": [
      -1031,
      -11632,
      -3815,
      375,
      201,
      -16,
      -55,
      17
    ],
    "SliceThickness": 0.8,
    "SoftwareVersions": "syngo_MR_D13D",
    "StationName": "MRC35460",
    "TxRefAmp": 229.474,
    "dataset": "ds002702",
    "modality": "T1w",
    "run_id": 4,
    "session_id": "anatomicals",
    "subject_id": "11"
  },
  "cjv": 0.37022598354435426,
  "cnr": 3.5618578994056107,
  "efc": 0.5213575721891504,
  "fber": 63800.34492315445,
  "fwhm_avg": 4.459779210922687,
  "fwhm_x": 4.457850265708581,
  "fwhm_y": 4.374687434812078,
  "fwhm_z": 4.546799932247401,
  "icvs_csf": 0.20118438709599037,
  "icvs_gm": 0.41705694512972724,
  "icvs_wm": 0.38175866777428236,
  "inu_med": 0.3466212749481201,
  "inu_range": 0.08115780353546137,
  "provenance": {
    "md5sum": "89bb60ff0e82ccb5b37dbd2db320bd9a",
    "settings": {
      "testing": false
    },
    "software": "mriqc",
    "version": "23.0.1",
    "warnings": {
      "large_rot_frame": true,
      "small_air_mask": false
    },
    "webapi_port": null,
    "webapi_url": "https://mriqc.nimh.nih.gov/api/v1"
  },
  "qi_1": 0.0,
  "qi_2": 0.0016610834680163764,
  "rpve_csf": 25.189343214178233,
  "rpve_gm": 12.742019326632503,
  "rpve_wm": 16.170323131746855,
  "size_x": 208,
  "size_y": 300,
  "size_z": 320,
  "snr_csf": 2.5807481668167003,
  "snr_gm": 12.70077484853026,
  "snr_total": 13.666287959800195,
  "snr_wm": 25.717340864053625,
  "snrd_csf": 40.66773271969019,
  "snrd_gm": 107.34768682260335,
  "snrd_total": 97.17063179771935,
  "snrd_wm": 143.4964758508645,
  "spacing_x": 0.7999999523162842,
  "spacing_y": 0.800000011920929,
  "spacing_z": 0.800000011920929,
  "summary_bg_k": 22.517095994518762,
  "summary_bg_mad": 0.0,
  "summary_bg_mean": 2.5852105696307497,
  "summary_bg_median": 0.0,
  "summary_bg_n": 6774088.0,
  "summary_bg_p05": 0.0,
  "summary_bg_p95": 10.965755973011255,
  "summary_bg_stdv": 4.565698203844591,
  "summary_csf_k": 1.145726992334331,
  "summary_csf_mad": 74.70056135928418,
  "summary_csf_mean": 289.12440319818745,
  "summary_csf_median": 283.4166964814067,
  "summary_csf_n": 92520.0,
  "summary_csf_p05": 75.64255422856658,
  "summary_csf_p95": 483.9168872721493,
  "summary_csf_stdv": 109.81899298445667,
  "summary_gm_k": 0.2856882681027795,
  "summary_gm_mad": 56.13238058612878,
  "summary_gm_mean": 747.3210552908438,
  "summary_gm_median": 748.1146535482258,
  "summary_gm_n": 91093.0,
  "summary_gm_p05": 648.6340848878026,
  "summary_gm_p95": 843.5936831869185,
  "summary_gm_stdv": 58.90274854372572,
  "summary_wm_k": 0.42199753792524053,
  "summary_wm_mad": 37.13636154631081,
  "summary_wm_mean": 998.9927469335611,
  "summary_wm_median": 1000.0384684018791,
  "summary_wm_n": 481298.0,
  "summary_wm_p05": 934.4940287526697,
  "summary_wm_p95": 1061.7352743763477,
  "summary_wm_stdv": 38.885724414134664,
  "tpm_overlap_csf": 0.1313828532817425,
  "tpm_overlap_gm": 0.44789552431758745,
  "tpm_overlap_wm": 0.5217470026807166,
  "wm2max": 0.9050736497545008
}