{
  "bids_meta": {
    "AcquisitionMatrixPE": 300,
    "AcquisitionNumber": 1,
    "AcquisitionTime": "14:03:32.765000",
    "BaseResolution": 320,
    "BodyPartExamined": "BRAIN",
    "ConsistencyInfo": "N4_VD13D_LATEST_20130810",
    "ConversionSoftware": "dcm2niix",
    "ConversionSoftwareVersion": "v1.0.20181125  GCC4.3.2",
    "DeviceSerialNumber": "67010",
    "DwellTime": 7.1e-06,
    "EchoTime": 0.00222,
    "FlipAngle": 8,
    "ImageOrientationPatientDICOM": [
      -0.0229028,
      0.991729,
      -0.126292,
      0.103659,
      -0.123289,
      -0.986942
    ],
    "ImageType": [
      "ORIGINAL",
      "PRIMARY",
      "M",
      "ND",
      "NORM"
    ],
    "ImagingFrequency": 123.174,
    "InPlanePhaseEncodingDirectionDICOM": "ROW",
    "InstitutionAddress": "6th_SE_2021_Minneapolis_Minneapolis_US_55455",
    "InstitutionName": "CMRR_3T-B",
    "InstitutionalDepartmentName": "Research",
    "InversionTime": 1,
    "MRAcquisitionType": "3D",
    "MagneticFieldStrength": 3,
    "Manufacturer": "Siemens",
    "ManufacturersModelName": "Prisma_fit",
    "Modality": "MR",
    "PartialFourier": 1,
    "PatientPosition": "HFS",
    "PercentPhaseFOV": 93.75,
    "PhaseEncodingSteps": 299,
    "PhaseResolution": 1,
    "PixelBandwidth": 220,
    "ProcedureStepDescription": "VisionPool_VisionPool",
    "ProtocolName": "T1w_MPR",
    "PulseSequenceDetails": "%SiemensSeq%_tfl",
    "ReceiveCoilActiveElements": "HEA;HEP",
    "ReceiveCoilName": "Head_32",
    "ReconMatrixPE": 320,
    "RepetitionTime": 2.4,
    "SAR": 0.0344424,
    "ScanOptions": "IR_WE",
    "ScanningSequence": "GR_IR",
    "SequenceName": "_tfl3d1_16ns",
    "SequenceVariant": "SK_SP_MP",
    "SeriesDescription": "T1w_MPR",
    "SeriesNumber": 32,
    "ShimSetting": [
      -1031,
      -11632,
      -3815,
      375,
      201,
      -16,
      -55,
      17
    ],
    "SliceThickness": 0.8,
    "SoftwareVersions": "syngo_MR_D13D",
    "StationName": "MRC35460",
    "TxRefAmp": 229.474,
    "dataset": "ds002702",
    "modality": "T1w",
    "run_id": 8,
    "session_id": "anatomicals",
    "subject_id": "11"
  },
  "cjv": 0.3691376952197621,
  "cnr": 3.578105159141346,
  "efc": 0.5206429193239112,
  "fber": 73375.03221172023,
  "fwhm_avg": 4.496554211274044,
  "fwhm_x": 4.494062767867015,
  "fwhm_y": 4.433712433932536,
  "fwhm_z": 4.56188743202258,
  "icvs_csf": 0.2041232402327496,
  "icvs_gm": 0.41605563104498583,
  "icvs_wm": 0.37982112872226453,
  "inu_med": 0.3298650085926056,
  "inu_range": 0.07702815234661103,
  "provenance": {
    "md5sum": "ac47e159f64953eb2e9c2b0679d9aa95",
    "settings": {
      "testing": false
    },
    "software": "mriqc",
    "version": "23.0.1",
    "warnings": {
      "large_rot_frame": true,
      "small_air_mask": false
    },
    "webapi_port": null,
    "webapi_url": "https://mriqc.nimh.nih.gov/api/v1"
  },
  "qi_1": 0.0,
  "qi_2": 0.0014752433438202557,
  "rpve_csf": 24.82180398438282,
  "rpve_gm": 12.745435296750173,
  "rpve_wm": 16.26969865197415,
  "size_x": 208,
  "size_y": 300,
  "size_z": 320,
  "snr_csf": 2.5207258244505972,
  "snr_gm": 12.742014988342786,
  "snr_total": 14.005245800826005,
  "snr_wm": 26.752996589684635,
  "snrd_csf": 43.01894910028371,
  "snrd_gm": 114.62224627145365,
  "snrd_total": 103.48795355109026,
  "snrd_wm": 152.82266528153343,
  "spacing_x": 0.7999999523162842,
  "spacing_y": 0.800000011920929,
  "spacing_z": 0.800000011920929,
  "summary_bg_k": 33.54286332040035,
  "summary_bg_mad": 0.0,
  "summary_bg_mean": 2.275538457178787,
  "summary_bg_median": 0.0,
  "summary_bg_n": 6770265.0,
  "summary_bg_p05": 0.0,
  "summary_bg_p95": 10.046110153198242,
  "summary_bg_stdv": 4.2870742577652186,
  "summary_csf_k": 1.0162589429834439,
  "summary_csf_mad": 77.00280786265522,
  "summary_csf_mean": 285.8568230930741,
  "summary_csf_median": 281.5069186873734,
  "summary_csf_n": 94965.0,
  "summary_csf_p05": 67.71313698962331,
  "summary_csf_p95": 480.4434452913702,
  "summary_csf_stdv": 111.67634091399283,
  "summary_gm_k": 0.2582506143208718,
  "summary_gm_mad": 56.26121284713834,
  "summary_gm_mean": 749.1875967632172,
  "summary_gm_median": 750.0637750513852,
  "summary_gm_n": 94304.0,
  "summary_gm_p05": 650.2138772914186,
  "summary_gm_p95": 845.8942476846278,
  "summary_gm_stdv": 58.86508522297163,
  "summary_wm_k": 0.3310414059014364,
  "summary_wm_mad": 36.01415796523126,
  "summary_wm_mean": 999.0732309329779,
  "summary_wm_median": 1000.0392503477633,
  "summary_wm_n": 480206.0,
  "summary_wm_p05": 936.839014403522,
  "summary_wm_p95": 1059.1778753511608,
  "summary_wm_stdv": 37.380418516262054,
  "tpm_overlap_csf": 0.13381151057836982,
  "tpm_overlap_gm": 0.4511788956073511,
  "tpm_overlap_wm": 0.5229895078312646,
  "wm2max": 0.9082436381780598
}