{
  "bids_meta": {
    "AcquisitionMatrixPE": 300,
    "AcquisitionNumber": 1,
    "AcquisitionTime": "13:30:13.260000",
    "BaseResolution": 320,
    "BodyPartExamined": "BRAIN",
    "ConsistencyInfo": "N4_VD13D_LATEST_20130810",
    "ConversionSoftware": "dcm2niix",
    "ConversionSoftwareVersion": "v1.0.20181125  GCC4.3.2",
    "DeviceSerialNumber": "67010",
    "DwellTime": 7.1e-06,
    "EchoTime": 0.00222,
    "FlipAngle": 8,
    "ImageOrientationPatientDICOM": [
      -0.0229028,
      0.991729,
      -0.126292,
      0.103659,
      -0.123289,
      -0.986942
    ],
    "ImageType": [
      "ORIGINAL",
      "PRIMARY",
      "M",
      "ND",
      "NORM"
    ],
    "ImagingFrequency": 123.174,
    "InPlanePhaseEncodingDirectionDICOM": "ROW",
    "InstitutionAddress": "6th_SE_2021_Minneapolis_Minneapolis_US_55455",
    "InstitutionName": "CMRR_3T-B",
    "InstitutionalDepartmentName": "Research",
    "InversionTime": 1,
    "MRAcquisitionType": "3D",
    "MagneticFieldStrength": 3,
    "Manufacturer": "Siemens",
    "ManufacturersModelName": "Prisma_fit",
    "Modality": "MR",
    "PartialFourier": 1,
    "PatientPosition": "HFS",
    "PercentPhaseFOV": 93.75,
    "PhaseEncodingSteps": 299,
    "PhaseResolution": 1,
    "PixelBandwidth": 220,
    "ProcedureStepDescription": "VisionPool_VisionPool",
    "ProtocolName": "T1w_MPR",
    "PulseSequenceDetails": "%SiemensSeq%_tfl",
    "ReceiveCoilActiveElements": "HEA;HEP",
    "ReceiveCoilName": "Head_32",
    "ReconMatrixPE": 320,
    "RepetitionTime": 2.4,
    "SAR": 0.0344424,
    "ScanOptions": "IR_WE",
    "ScanningSequence": "GR_IR",
    "SequenceName": "_tfl3d1_16ns",
    "SequenceVariant": "SK_SP_MP",
    "SeriesDescription": "T1w_MPR",
    "SeriesNumber": 22,
    "ShimSetting": [
      -1031,
      -11632,
      -3815,
      375,
      201,
      -16,
      -55,
      17
    ],
    "SliceThickness": 0.8,
    "SoftwareVersions": "syngo_MR_D13D",
    "StationName": "MRC35460",
    "TxRefAmp": 229.474,
    "dataset": "ds002702",
    "modality": "T1w",
    "run_id": 3,
    "session_id": "anatomicals",
    "subject_id": "11"
  },
  "cjv": 0.3737254393553964,
  "cnr": 3.555121330279157,
  "efc": 0.5216648442919647,
  "fber": 60425.89615989744,
  "fwhm_avg": 4.472758377652372,
  "fwhm_x": 4.468175266324,
  "fwhm_y": 4.379787434736081,
  "fwhm_z": 4.570312431897038,
  "icvs_csf": 0.20132779959119915,
  "icvs_gm": 0.41635111494637794,
  "icvs_wm": 0.38232108546242294,
  "inu_med": 0.3454625606536865,
  "inu_range": 0.0820696920156479,
  "provenance": {
    "md5sum": "4e53db5b45d66aabac9ba50ddb04a91f",
    "settings": {
      "testing": false
    },
    "software": "mriqc",
    "version": "23.0.1",
    "warnings": {
      "large_rot_frame": true,
      "small_air_mask": false
    },
    "webapi_port": null,
    "webapi_url": "https://mriqc.nimh.nih.gov/api/v1"
  },
  "qi_1": 0.00027241192506394934,
  "qi_2": 0.0012038244323979048,
  "rpve_csf": 25.200429380827764,
  "rpve_gm": 12.767464413635572,
  "rpve_wm": 16.15077599906216,
  "size_x": 208,
  "size_y": 300,
  "size_z": 320,
  "snr_csf": 2.581500363507429,
  "snr_gm": 12.773336772363317,
  "snr_total": 13.663002401192353,
  "snr_wm": 25.634170067706314,
  "snrd_csf": 36.56793191691838,
  "snrd_gm": 96.50841975272884,
  "snrd_total": 87.31022512823402,
  "snrd_wm": 128.85432371505485,
  "spacing_x": 0.7999999523162842,
  "spacing_y": 0.800000011920929,
  "spacing_z": 0.800000011920929,
  "summary_bg_k": 16.96720384411233,
  "summary_bg_mad": 0.0,
  "summary_bg_mean": 2.918599215526086,
  "summary_bg_median": 0.0,
  "summary_bg_n": 6758318.0,
  "summary_bg_p05": 0.0,
  "summary_bg_p95": 12.170656496658921,
  "summary_bg_stdv": 5.08451253760232,
  "summary_csf_k": 1.2673728597487877,
  "summary_csf_mad": 75.03798730394057,
  "summary_csf_mean": 290.5425236997249,
  "summary_csf_median": 283.8036602847278,
  "summary_csf_n": 93815.0,
  "summary_csf_p05": 78.52843840960412,
  "summary_csf_p95": 485.4754507387058,
  "summary_csf_stdv": 109.93690015379094,
  "summary_gm_k": 0.1959049155428958,
  "summary_gm_mad": 56.48386058288315,
  "summary_gm_mean": 748.2046054327056,
  "summary_gm_median": 749.0016891397536,
  "summary_gm_n": 91442.0,
  "summary_gm_p05": 650.2798961754888,
  "summary_gm_p95": 844.4563199989498,
  "summary_gm_stdv": 58.63758287870747,
  "summary_wm_k": 0.38482535361159886,
  "summary_wm_mad": 37.33486873031093,
  "summary_wm_mean": 998.9197929704332,
  "summary_wm_median": 1000.038197318092,
  "summary_wm_n": 480907.0,
  "summary_wm_p05": 934.0453440379351,
  "summary_wm_p95": 1061.9232152029872,
  "summary_wm_stdv": 39.011879648704216,
  "tpm_overlap_csf": 0.13533779866945106,
  "tpm_overlap_gm": 0.45243523728123314,
  "tpm_overlap_wm": 0.5232413742973382,
  "wm2max": 0.9048335234934135
}